{
  "bids_meta": {
    "AcquisitionMatrixPE": 256,
    "AcquisitionNumber": 1,
    "AcquisitionTime": "14:03:33.660000",
    "BaseResolution": 256,
    "CoilString": "C:HEA;HEP",
    "ConversionSoftware": "dcm2niix",
    "ConversionSoftwareVersion": "v1.0.20181114  GCC7.3.0",
    "DeviceSerialNumber": "35383",
    "DwellTime": 1.03e-05,
    "EchoNumber": 1,
    "EchoTime": 0.00227,
    "FlipAngle": 9,
    "ImageOrientationPatientDICOM": [
      -0.00698131,
      0.999976,
      4.31e-08,
      0.0104715,
      7.315e-05,
      -0.999945
    ],
    "ImageType": [
      "ORIGINAL",
      "PRIMARY",
      "M",
      "ND",
      "NORM"
    ],
    "ImagingFrequency": 123.22,
    "InPlanePhaseEncodingDirectionDICOM": "ROW",
    "InstitutionAddress": "Rue_Michel-Servet_1_Geneve_District_CH_1211",
    "InstitutionName": "BBL_-_University_of_Geneva",
    "InstitutionalDepartmentName": "Department",
    "InversionTime": 0.9,
    "MRAcquisitionType": "3D",
    "MagneticFieldStrength": 3,
    "Manufacturer": "Siemens",
    "ManufacturersModelName": "TrioTim",
    "Modality": "MR",
    "PartialFourier": 1,
    "PatientPosition": "HFS",
    "PercentPhaseFOV": 100,
    "PhaseEncodingSteps": 294,
    "PhaseOversampling": 0.15,
    "PhaseResolution": 1,
    "PixelBandwidth": 190,
    "ProcedureStepDescription": "CISA_fMRI",
    "ProtocolName": "T1",
    "PulseSequenceDetails": "%SiemensSeq%_tfl",
    "ReceiveCoilName": "32Ch_Head",
    "ReconMatrixPE": 256,
    "RepetitionTime": 1.9,
    "SAR": 0.157028,
    "ScanOptions": "IR",
    "ScanningSequence": "GR_IR",
    "SequenceName": "_tfl3d1_ns",
    "SequenceVariant": "SP_MP_OSP",
    "SeriesDescription": "T1",
    "SeriesNumber": 8,
    "ShimSetting": [
      -13883,
      8934,
      19219,
      8,
      9,
      -4,
      -1,
      6
    ],
    "SliceThickness": 1,
    "SoftwareVersions": "syngo_MR_B17",
    "StationName": "MRC35383",
    "TxRefAmp": 375.549,
    "dataset": "ds003487",
    "modality": "T1w",
    "run_id": 1,
    "session_id": "second",
    "subject_id": "22"
  },
  "cjv": 0.4210488228114016,
  "cnr": 3.1533708627628263,
  "efc": 0.599877302160489,
  "fber": 7008.08163265306,
  "fwhm_avg": 3.9390699999999996,
  "fwhm_x": 3.93553,
  "fwhm_y": 3.93388,
  "fwhm_z": 3.9478,
  "icvs_csf": 0.20716701823115566,
  "icvs_gm": 0.44884321971471003,
  "icvs_wm": 0.34398976205413434,
  "inu_med": 1.6463806629180908,
  "inu_range": 0.5373665392398834,
  "provenance": {
    "md5sum": "87faa7061416654eb62045c5e84dd822",
    "settings": {
      "testing": false
    },
    "software": "mriqc",
    "version": "21.0.0rc2",
    "warnings": {
      "large_rot_frame": true,
      "small_air_mask": false
    },
    "webapi_port": null,
    "webapi_url": "https://mriqc.nimh.nih.gov/api/v1"
  },
  "qi_1": 0.0,
  "qi_2": 0.011250612919394372,
  "rpve_csf": 30.644598611516134,
  "rpve_gm": 15.315893347065542,
  "rpve_wm": 22.605058752516545,
  "size_x": 192,
  "size_y": 256,
  "size_z": 256,
  "snr_csf": 3.7058478283498846,
  "snr_gm": 14.444651525338372,
  "snr_total": 12.81665635356608,
  "snr_wm": 20.299469707009983,
  "snrd_csf": 41.904259721563896,
  "snrd_gm": 78.13290825925671,
  "snrd_total": 73.83650693840248,
  "snrd_wm": 101.47235283438685,
  "spacing_x": 1.0,
  "spacing_y": 1.0,
  "spacing_z": 1.0,
  "summary_bg_k": 7.409984742142752,
  "summary_bg_mad": 6.4566692733644135,
  "summary_bg_mean": 7.395363825706755,
  "summary_bg_median": 4.354957245290279,
  "summary_bg_n": 1714874.0,
  "summary_bg_p05": 0.0,
  "summary_bg_p95": 21.718228340148926,
  "summary_bg_stdv": 7.215187745178815,
  "summary_csf_k": 7.349508509570427,
  "summary_csf_mad": 122.42515765080576,
  "summary_csf_mean": 421.892354496248,
  "summary_csf_median": 412.9856857806444,
  "summary_csf_n": 24636.0,
  "summary_csf_p05": 262.81035817600787,
  "summary_csf_p95": 603.6988783925772,
  "summary_csf_stdv": 111.43935829859736,
  "summary_gm_k": 0.20544913143435828,
  "summary_gm_mad": 52.40802981626959,
  "summary_gm_mean": 770.2121688050112,
  "summary_gm_median": 770.0356220081449,
  "summary_gm_n": 29056.0,
  "summary_gm_p05": 683.7141480389982,
  "summary_gm_p95": 858.03969309479,
  "summary_gm_stdv": 53.308476819607726,
  "summary_wm_k": 0.5997522539222633,
  "summary_wm_mad": 44.44200928419661,
  "summary_wm_mean": 998.6965737493372,
  "summary_wm_median": 1000.0565456002951,
  "summary_wm_n": 167139.0,
  "summary_wm_p05": 913.2401901260018,
  "summary_wm_p95": 1077.1449446305633,
  "summary_wm_stdv": 49.2650088075596,
  "tpm_overlap_csf": 0.16578678786754608,
  "tpm_overlap_gm": 0.4601040184497833,
  "tpm_overlap_wm": 0.5002681612968445,
  "wm2max": 0.4262982786055258
}