{
  "aor": 0.001547837837837838,
  "aqi": 0.03357007346437346,
  "bids_meta": {
    "AcquisitionMatrixPE": 100,
    "AcquisitionNumber": 1,
    "AcquisitionTime": "15:58:49.987500",
    "BandwidthPerPixelPhaseEncode": 14.493,
    "BaseResolution": 100,
    "CoilString": "C:HEA;HEP",
    "ConversionSoftware": "dcm2niix",
    "ConversionSoftwareVersion": "v1.0.20181114  GCC7.3.0",
    "DerivedVendorReportedEchoSpacing": 0.000689988,
    "DeviceSerialNumber": "35383",
    "DwellTime": 2.6e-06,
    "EchoNumber": 1,
    "EchoTime": 0.041,
    "EffectiveEchoSpacing": 0.000689988,
    "FlipAngle": 70,
    "ImageOrientationPatientDICOM": [
      0.999274,
      -0.00477684,
      -0.0377844,
      4.25322e-08,
      0.992103,
      -0.125424
    ],
    "ImageType": [
      "ORIGINAL",
      "PRIMARY",
      "M",
      "ND",
      "MOSAIC"
    ],
    "ImagingFrequency": 123.228,
    "InPlanePhaseEncodingDirectionDICOM": "COL",
    "InstitutionAddress": "Rue_Michel-Servet_1_Geneve_District_CH_1211",
    "InstitutionName": "BBL_-_University_of_Geneva",
    "InstitutionalDepartmentName": "Department",
    "MRAcquisitionType": "2D",
    "MagneticFieldStrength": 3,
    "Manufacturer": "Siemens",
    "ManufacturersModelName": "TrioTim",
    "Modality": "MR",
    "PartialFourier": 1,
    "PatientPosition": "HFS",
    "PercentPhaseFOV": 100,
    "PhaseEncodingDirection": "j-",
    "PhaseEncodingSteps": 100,
    "PhaseResolution": 1,
    "PixelBandwidth": 1923,
    "ProcedureStepDescription": "CISA_fMRI",
    "ProtocolName": "RUN_2_TR2400_TE41_1800um",
    "PulseSequenceDetails": "%CustomerSeq%_cmrr_mbep2d_bold",
    "ReceiveCoilName": "32Ch_Head",
    "ReconMatrixPE": 100,
    "RepetitionTime": 2.4,
    "SAR": 0.0821994,
    "ScanOptions": "FS",
    "ScanningSequence": "EP",
    "SequenceName": "epfid2d1_100",
    "SequenceVariant": "SK_SS",
    "SeriesDescription": "RUN_2_TR2400_TE41_1800um",
    "SeriesNumber": 9,
    "ShimSetting": [
      -13892,
      8956,
      19785,
      529,
      -31,
      -86,
      416,
      13
    ],
    "SliceThickness": 1.8,
    "SliceTiming": [
      1.205,
      0,
      1.2975,
      0.0925,
      1.39,
      0.185,
      1.4825,
      0.28,
      1.575,
      0.3725,
      1.6675,
      0.465,
      1.7625,
      0.5575,
      1.855,
      0.65,
      1.9475,
      0.7425,
      2.04,
      0.835,
      2.1325,
      0.9275,
      2.225,
      1.02,
      2.3175,
      1.1125
    ],
    "SoftwareVersions": "syngo_MR_B17",
    "SpacingBetweenSlices": 1.8,
    "StationName": "MRC35383",
    "TaskName": "hedonic",
    "TotalReadoutTime": 0.0683088,
    "TxRefAmp": 346.416,
    "dataset": "ds003487",
    "modality": "bold",
    "run_id": 1,
    "session_id": "second",
    "subject_id": "15",
    "task_id": "hedonic"
  },
  "dummy_trs": 0,
  "dvars_nstd": 79.07940842009863,
  "dvars_std": 1.2244110487684727,
  "dvars_vstd": 0.9779449536945815,
  "efc": 0.7766441582543303,
  "fber": 27.082012176513672,
  "fd_mean": 0.18498712737887466,
  "fd_num": 123,
  "fd_perc": 30.22113022113022,
  "fwhm_avg": 2.617416678477955,
  "fwhm_x": 2.4531389538748782,
  "fwhm_y": 2.7932445184401544,
  "fwhm_z": 2.6058665631188327,
  "gcor": 0.0110626,
  "gsr_x": -0.02784990519285202,
  "gsr_y": 0.08324718475341797,
  "provenance": {
    "md5sum": "7934a1be2e0474f231a798cfb24bf14a",
    "settings": {
      "fd_thres": 0.2,
      "testing": false
    },
    "software": "mriqc",
    "version": "21.0.0rc2",
    "webapi_port": null,
    "webapi_url": "https://mriqc.nimh.nih.gov/api/v1"
  },
  "size_t": 407,
  "size_x": 100,
  "size_y": 100,
  "size_z": 26,
  "snr": 2.843688429074735,
  "spacing_tr": 2.4000000953674316,
  "spacing_x": 1.7999999523162842,
  "spacing_y": 1.7999999523162842,
  "spacing_z": 1.8000000715255737,
  "summary_bg_k": 9.75055362872255,
  "summary_bg_mad": 15.26680315468131,
  "summary_bg_mean": 120.21105194091797,
  "summary_bg_median": 93.60933685302734,
  "summary_bg_n": 104870.0,
  "summary_bg_p05": 81.77014846801758,
  "summary_bg_p95": 258.6071334838867,
  "summary_bg_stdv": 62.81809997558594,
  "summary_fg_k": 4.299627252952604,
  "summary_fg_mad": 146.59912641452516,
  "summary_fg_mean": 525.4918823242188,
  "summary_fg_median": 503.6388244628906,
  "summary_fg_n": 99237.0,
  "summary_fg_p05": 274.6943420410156,
  "summary_fg_p95": 833.0083374023436,
  "summary_fg_stdv": 177.10670471191406,
  "tsnr": 19.16926899604732
}