{
  "aor": 0.0008970704845814977,
  "aqi": 0.03155022268722467,
  "bids_meta": {
    "AcquisitionMatrixPE": 100,
    "AcquisitionNumber": 1,
    "AcquisitionTime": "15:32:47.915000",
    "BandwidthPerPixelPhaseEncode": 14.493,
    "BaseResolution": 100,
    "CoilString": "C:HEA;HEP",
    "ConversionSoftware": "dcm2niix",
    "ConversionSoftwareVersion": "v1.0.20181114  GCC7.3.0",
    "DerivedVendorReportedEchoSpacing": 0.000689988,
    "DeviceSerialNumber": "35383",
    "DwellTime": 2.6e-06,
    "EchoNumber": 1,
    "EchoTime": 0.041,
    "EffectiveEchoSpacing": 0.000689988,
    "FlipAngle": 70,
    "ImageOrientationPatientDICOM": [
      0.999274,
      -0.00477684,
      -0.0377844,
      4.25322e-08,
      0.992103,
      -0.125424
    ],
    "ImageType": [
      "ORIGINAL",
      "PRIMARY",
      "M",
      "ND",
      "MOSAIC"
    ],
    "ImagingFrequency": 123.228,
    "InPlanePhaseEncodingDirectionDICOM": "COL",
    "InstitutionAddress": "Rue_Michel-Servet_1_Geneve_District_CH_1211",
    "InstitutionName": "BBL_-_University_of_Geneva",
    "InstitutionalDepartmentName": "Department",
    "MRAcquisitionType": "2D",
    "MagneticFieldStrength": 3,
    "Manufacturer": "Siemens",
    "ManufacturersModelName": "TrioTim",
    "Modality": "MR",
    "PartialFourier": 1,
    "PatientPosition": "HFS",
    "PercentPhaseFOV": 100,
    "PhaseEncodingDirection": "j-",
    "PhaseEncodingSteps": 100,
    "PhaseResolution": 1,
    "PixelBandwidth": 1923,
    "ProcedureStepDescription": "CISA_fMRI",
    "ProtocolName": "RUN_1_TR2400_TE41_1800um",
    "PulseSequenceDetails": "%CustomerSeq%_cmrr_mbep2d_bold",
    "ReceiveCoilName": "32Ch_Head",
    "ReconMatrixPE": 100,
    "RepetitionTime": 2.4,
    "SAR": 0.0821992,
    "ScanOptions": "FS",
    "ScanningSequence": "EP",
    "SequenceName": "epfid2d1_100",
    "SequenceVariant": "SK_SS",
    "SeriesDescription": "RUN_1_TR2400_TE41_1800um",
    "SeriesNumber": 7,
    "ShimSetting": [
      -13892,
      8956,
      19785,
      529,
      -31,
      -86,
      416,
      13
    ],
    "SliceThickness": 1.8,
    "SliceTiming": [
      1.205,
      0,
      1.2975,
      0.0925,
      1.39,
      0.185,
      1.4825,
      0.2775,
      1.575,
      0.37,
      1.6675,
      0.4625,
      1.76,
      0.555,
      1.8525,
      0.6475,
      1.945,
      0.74,
      2.0375,
      0.8325,
      2.13,
      0.925,
      2.2225,
      1.02,
      2.315,
      1.1125
    ],
    "SoftwareVersions": "syngo_MR_B17",
    "SpacingBetweenSlices": 1.8,
    "StationName": "MRC35383",
    "TaskName": "PIT",
    "TotalReadoutTime": 0.0683088,
    "TxRefAmp": 346.416,
    "dataset": "ds003487",
    "modality": "bold",
    "run_id": 1,
    "session_id": "second",
    "subject_id": "15",
    "task_id": "PIT"
  },
  "dummy_trs": 0,
  "dvars_nstd": 72.02117020582784,
  "dvars_std": 1.1258865075275941,
  "dvars_vstd": 0.9713999641280351,
  "efc": 0.7747900861588505,
  "fber": 27.44461441040039,
  "fd_mean": 0.21512820319902162,
  "fd_num": 187,
  "fd_perc": 41.18942731277533,
  "fwhm_avg": 2.6147796418088967,
  "fwhm_x": 2.438455620152569,
  "fwhm_y": 2.8198500747005166,
  "fwhm_z": 2.5860332305736056,
  "gcor": 0.00895332,
  "gsr_x": -0.03913968428969383,
  "gsr_y": 0.09068936854600906,
  "provenance": {
    "md5sum": "0500ef57f62456fe90535425f3eafb8d",
    "settings": {
      "fd_thres": 0.2,
      "testing": false
    },
    "software": "mriqc",
    "version": "21.0.0rc2",
    "webapi_port": null,
    "webapi_url": "https://mriqc.nimh.nih.gov/api/v1"
  },
  "size_t": 454,
  "size_x": 100,
  "size_y": 100,
  "size_z": 26,
  "snr": 2.8894239691869297,
  "spacing_tr": 2.4000000953674316,
  "spacing_x": 1.7999999523162842,
  "spacing_y": 1.7999999523162842,
  "spacing_z": 1.8000000715255737,
  "summary_bg_k": 44.20500966454284,
  "summary_bg_mad": 14.15330183485778,
  "summary_bg_mean": 122.72833251953125,
  "summary_bg_median": 92.98898315429688,
  "summary_bg_n": 105717.0,
  "summary_bg_p05": 81.60352325439453,
  "summary_bg_p95": 266.82774658203124,
  "summary_bg_stdv": 85.34774780273438,
  "summary_fg_k": 3.9703029402804697,
  "summary_fg_mad": 143.93815224232205,
  "summary_fg_mean": 521.5996704101562,
  "summary_fg_median": 501.9515075683594,
  "summary_fg_n": 98978.0,
  "summary_fg_p05": 269.1714660644531,
  "summary_fg_p95": 819.8729705810546,
  "summary_fg_stdv": 173.71939086914062,
  "tsnr": 19.548859818431083
}