{
  "bids_meta": {
    "AcquisitionMatrixPE": 256,
    "AcquisitionNumber": 1,
    "AcquisitionTime": "19:02:13.227500",
    "BaseResolution": 256,
    "CoilString": "C:HEA;HEP",
    "ConversionSoftware": "dcm2niix",
    "ConversionSoftwareVersion": "v1.0.20181114  GCC7.3.0",
    "DeviceSerialNumber": "35383",
    "DwellTime": 1.03e-05,
    "EchoNumber": 1,
    "EchoTime": 0.00227,
    "FlipAngle": 9,
    "ImageOrientationPatientDICOM": [
      0,
      1,
      0,
      0.0174524,
      0,
      -0.999848
    ],
    "ImageType": [
      "ORIGINAL",
      "PRIMARY",
      "M",
      "ND",
      "NORM"
    ],
    "ImagingFrequency": 123.228,
    "InPlanePhaseEncodingDirectionDICOM": "ROW",
    "InstitutionAddress": "Rue_Michel-Servet_1_Geneve_District_CH_1211",
    "InstitutionName": "BBL_-_University_of_Geneva",
    "InstitutionalDepartmentName": "Department",
    "InversionTime": 0.9,
    "MRAcquisitionType": "3D",
    "MagneticFieldStrength": 3,
    "Manufacturer": "Siemens",
    "ManufacturersModelName": "TrioTim",
    "Modality": "MR",
    "PartialFourier": 1,
    "PatientPosition": "HFS",
    "PercentPhaseFOV": 100,
    "PhaseEncodingSteps": 294,
    "PhaseOversampling": 0.15,
    "PhaseResolution": 1,
    "PixelBandwidth": 190,
    "ProcedureStepDescription": "CISA_fMRI",
    "ProtocolName": "T1",
    "PulseSequenceDetails": "%SiemensSeq%_tfl",
    "ReceiveCoilName": "32Ch_Head",
    "ReconMatrixPE": 256,
    "RepetitionTime": 1.9,
    "SAR": 0.133089,
    "ScanOptions": "IR",
    "ScanningSequence": "GR_IR",
    "SequenceName": "_tfl3d1_ns",
    "SequenceVariant": "SP_MP_OSP",
    "SeriesDescription": "T1",
    "SeriesNumber": 8,
    "ShimSetting": [
      -13868,
      8977,
      19243,
      44,
      61,
      23,
      -27,
      -27
    ],
    "SliceThickness": 1,
    "SoftwareVersions": "syngo_MR_B17",
    "StationName": "MRC35383",
    "TxRefAmp": 321.01,
    "dataset": "ds003487",
    "modality": "T1w",
    "run_id": 1,
    "session_id": "second",
    "subject_id": "14"
  },
  "cjv": 0.41988579724507374,
  "cnr": 3.1076430382730056,
  "efc": 0.5738175553027839,
  "fber": 9272.720097303452,
  "fwhm_avg": 3.8556000000000004,
  "fwhm_x": 3.81494,
  "fwhm_y": 3.83662,
  "fwhm_z": 3.91524,
  "icvs_csf": 0.19932629313266767,
  "icvs_gm": 0.4369320929364178,
  "icvs_wm": 0.3637416139309145,
  "inu_med": 1.2045025825500488,
  "inu_range": 0.33635812997817993,
  "provenance": {
    "md5sum": "6697be0e04df7bfe915e4d3720eea98c",
    "settings": {
      "testing": false
    },
    "software": "mriqc",
    "version": "21.0.0rc2",
    "warnings": {
      "large_rot_frame": true,
      "small_air_mask": false
    },
    "webapi_port": null,
    "webapi_url": "https://mriqc.nimh.nih.gov/api/v1"
  },
  "qi_1": 0.0,
  "qi_2": 0.012919893286023923,
  "rpve_csf": 32.527757336211046,
  "rpve_gm": 16.043531926034934,
  "rpve_wm": 22.469879409889646,
  "size_x": 192,
  "size_y": 256,
  "size_z": 256,
  "snr_csf": 3.5682350637649622,
  "snr_gm": 14.101588365088702,
  "snr_total": 13.536794740096047,
  "snr_wm": 22.94056079143447,
  "snrd_csf": 42.45862174417456,
  "snrd_gm": 86.62164846469868,
  "snrd_total": 80.05863720391562,
  "snrd_wm": 111.09564140287364,
  "spacing_x": 1.0,
  "spacing_y": 1.0,
  "spacing_z": 1.0,
  "summary_bg_k": 68.99718988699505,
  "summary_bg_mad": 5.897048356548459,
  "summary_bg_mean": 7.2775321181609645,
  "summary_bg_median": 3.977498672902584,
  "summary_bg_n": 1844964.0,
  "summary_bg_p05": 0.0,
  "summary_bg_p95": 19.773850545287132,
  "summary_bg_stdv": 8.248800415186821,
  "summary_csf_k": 0.08331959376890108,
  "summary_csf_mad": 95.61642692403572,
  "summary_csf_mean": 408.0242268380683,
  "summary_csf_median": 382.18080105632544,
  "summary_csf_n": 15258.0,
  "summary_csf_p05": 269.4471243843436,
  "summary_csf_p95": 611.3500692365691,
  "summary_csf_stdv": 107.10288702217672,
  "summary_gm_k": 0.26539705771283995,
  "summary_gm_mad": 53.4104094007389,
  "summary_gm_mean": 778.3090573684901,
  "summary_gm_median": 779.7033827081323,
  "summary_gm_n": 15930.0,
  "summary_gm_p05": 685.6071283891797,
  "summary_gm_p95": 866.5577483719214,
  "summary_gm_stdv": 55.29014812651156,
  "summary_wm_k": 0.875364437640239,
  "summary_wm_mad": 39.08900624912121,
  "summary_wm_mean": 1000.5365204564208,
  "summary_wm_median": 999.9999877773225,
  "summary_wm_n": 175222.0,
  "summary_wm_p05": 929.3709756284952,
  "summary_wm_p95": 1072.6177492626011,
  "summary_wm_stdv": 43.59078853136428,
  "tpm_overlap_csf": 0.1716376096010208,
  "tpm_overlap_gm": 0.45474788546562195,
  "tpm_overlap_wm": 0.5147181749343872,
  "wm2max": 0.3852417748396559
}