{
  "aor": 0.0014448458149779733,
  "aqi": 0.0279365872246696,
  "bids_meta": {
    "AcquisitionMatrixPE": 100,
    "AcquisitionNumber": 1,
    "AcquisitionTime": "16:46:3.820000",
    "BandwidthPerPixelPhaseEncode": 14.493,
    "BaseResolution": 100,
    "CoilString": "C:HEA;HEP",
    "ConversionSoftware": "dcm2niix",
    "ConversionSoftwareVersion": "v1.0.20181114  GCC7.3.0",
    "DerivedVendorReportedEchoSpacing": 0.000689988,
    "DeviceSerialNumber": "35383",
    "DwellTime": 2.6e-06,
    "EchoNumber": 1,
    "EchoTime": 0.041,
    "EffectiveEchoSpacing": 0.000689988,
    "FlipAngle": 70,
    "ImageOrientationPatientDICOM": [
      0.999852,
      0.00298497,
      0.0169261,
      1.08097e-08,
      0.984803,
      -0.173674
    ],
    "ImageType": [
      "ORIGINAL",
      "PRIMARY",
      "M",
      "ND",
      "MOSAIC"
    ],
    "ImagingFrequency": 123.228,
    "InPlanePhaseEncodingDirectionDICOM": "COL",
    "InstitutionAddress": "Rue_Michel-Servet_1_Geneve_District_CH_1211",
    "InstitutionName": "BBL_-_University_of_Geneva",
    "InstitutionalDepartmentName": "Department",
    "MRAcquisitionType": "2D",
    "MagneticFieldStrength": 3,
    "Manufacturer": "Siemens",
    "ManufacturersModelName": "TrioTim",
    "Modality": "MR",
    "PartialFourier": 1,
    "PatientPosition": "HFS",
    "PercentPhaseFOV": 100,
    "PhaseEncodingDirection": "j-",
    "PhaseEncodingSteps": 100,
    "PhaseResolution": 1,
    "PixelBandwidth": 1923,
    "ProcedureStepDescription": "CISA_fMRI",
    "ProtocolName": "RUN_1_TR2400_TE41_1800um",
    "PulseSequenceDetails": "%CustomerSeq%_cmrr_mbep2d_bold",
    "ReceiveCoilName": "32Ch_Head",
    "ReconMatrixPE": 100,
    "RepetitionTime": 2.4,
    "SAR": 0.0667613,
    "ScanOptions": "FS",
    "ScanningSequence": "EP",
    "SequenceName": "epfid2d1_100",
    "SequenceVariant": "SK_SS",
    "SeriesDescription": "RUN_1_TR2400_TE41_1800um",
    "SeriesNumber": 7,
    "ShimSetting": [
      -13844,
      9000,
      19800,
      1316,
      42,
      -268,
      31,
      -114
    ],
    "SliceThickness": 1.8,
    "SliceTiming": [
      1.205,
      0,
      1.2975,
      0.0925,
      1.39,
      0.185,
      1.4825,
      0.2775,
      1.575,
      0.37,
      1.6675,
      0.465,
      1.76,
      0.5575,
      1.8525,
      0.65,
      1.9475,
      0.7425,
      2.04,
      0.835,
      2.1325,
      0.9275,
      2.225,
      1.02,
      2.3175,
      1.1125
    ],
    "SoftwareVersions": "syngo_MR_B17",
    "SpacingBetweenSlices": 1.8,
    "StationName": "MRC35383",
    "TaskName": "PIT",
    "TotalReadoutTime": 0.0683088,
    "TxRefAmp": 341.777,
    "dataset": "ds003487",
    "modality": "bold",
    "run_id": 1,
    "session_id": "second",
    "subject_id": "13",
    "task_id": "PIT"
  },
  "dummy_trs": 0,
  "dvars_nstd": 62.21040980026485,
  "dvars_std": 1.0818016798675494,
  "dvars_vstd": 0.9937966949448117,
  "efc": 0.7661913573651007,
  "fber": 30.886686325073242,
  "fd_mean": 0.20210473618021718,
  "fd_num": 165,
  "fd_perc": 36.34361233480176,
  "fwhm_avg": 2.601805624479866,
  "fwhm_x": 2.348005617756462,
  "fwhm_y": 2.914605632766237,
  "fwhm_z": 2.5428056229169003,
  "gcor": 0.00588816,
  "gsr_x": -0.03797869384288788,
  "gsr_y": 0.08258506655693054,
  "provenance": {
    "md5sum": "43f627c7b69c4dadc87bd01976e52430",
    "settings": {
      "fd_thres": 0.2,
      "testing": false
    },
    "software": "mriqc",
    "version": "21.0.0rc2",
    "webapi_port": null,
    "webapi_url": "https://mriqc.nimh.nih.gov/api/v1"
  },
  "size_t": 454,
  "size_x": 100,
  "size_y": 100,
  "size_z": 26,
  "snr": 2.9596579820428666,
  "spacing_tr": 2.4000000953674316,
  "spacing_x": 1.7999999523162842,
  "spacing_y": 1.7999999523162842,
  "spacing_z": 1.7999999523162842,
  "summary_bg_k": 35.69682009476405,
  "summary_bg_mad": 10.074505587164982,
  "summary_bg_mean": 105.0061264038086,
  "summary_bg_median": 85.42070007324219,
  "summary_bg_n": 105486.0,
  "summary_bg_p05": 75.87444305419922,
  "summary_bg_p95": 196.20924758911133,
  "summary_bg_stdv": 57.10019302368164,
  "summary_fg_k": 1.0366588831585997,
  "summary_fg_mad": 139.92307287006292,
  "summary_fg_mean": 506.6208190917969,
  "summary_fg_median": 487.6255187988281,
  "summary_fg_n": 99633.0,
  "summary_fg_p05": 259.22731323242186,
  "summary_fg_p95": 806.9017211914062,
  "summary_fg_stdv": 164.75656127929688,
  "tsnr": 20.67424725042656
}