{
  "aor": 0.0058283783783783785,
  "aqi": 0.04303450687960688,
  "bids_meta": {
    "AcquisitionMatrixPE": 100,
    "AcquisitionNumber": 1,
    "AcquisitionTime": "17:12:26.595000",
    "BandwidthPerPixelPhaseEncode": 14.493,
    "BaseResolution": 100,
    "CoilString": "C:HEA;HEP",
    "ConversionSoftware": "dcm2niix",
    "ConversionSoftwareVersion": "v1.0.20181114  GCC7.3.0",
    "DerivedVendorReportedEchoSpacing": 0.000689988,
    "DeviceSerialNumber": "35383",
    "DwellTime": 2.6e-06,
    "EchoNumber": 1,
    "EchoTime": 0.041,
    "EffectiveEchoSpacing": 0.000689988,
    "FlipAngle": 70,
    "ImageOrientationPatientDICOM": [
      0.999852,
      0.00298497,
      0.0169261,
      1.08097e-08,
      0.984803,
      -0.173674
    ],
    "ImageType": [
      "ORIGINAL",
      "PRIMARY",
      "M",
      "ND",
      "MOSAIC"
    ],
    "ImagingFrequency": 123.228,
    "InPlanePhaseEncodingDirectionDICOM": "COL",
    "InstitutionAddress": "Rue_Michel-Servet_1_Geneve_District_CH_1211",
    "InstitutionName": "BBL_-_University_of_Geneva",
    "InstitutionalDepartmentName": "Department",
    "MRAcquisitionType": "2D",
    "MagneticFieldStrength": 3,
    "Manufacturer": "Siemens",
    "ManufacturersModelName": "TrioTim",
    "Modality": "MR",
    "PartialFourier": 1,
    "PatientPosition": "HFS",
    "PercentPhaseFOV": 100,
    "PhaseEncodingDirection": "j-",
    "PhaseEncodingSteps": 100,
    "PhaseResolution": 1,
    "PixelBandwidth": 1923,
    "ProcedureStepDescription": "CISA_fMRI",
    "ProtocolName": "RUN_2_TR2400_TE41_1800um",
    "PulseSequenceDetails": "%CustomerSeq%_cmrr_mbep2d_bold",
    "ReceiveCoilName": "32Ch_Head",
    "ReconMatrixPE": 100,
    "RepetitionTime": 2.4,
    "SAR": 0.0667615,
    "ScanOptions": "FS",
    "ScanningSequence": "EP",
    "SequenceName": "epfid2d1_100",
    "SequenceVariant": "SK_SS",
    "SeriesDescription": "RUN_2_TR2400_TE41_1800um",
    "SeriesNumber": 9,
    "ShimSetting": [
      -13844,
      9000,
      19800,
      1316,
      42,
      -268,
      31,
      -114
    ],
    "SliceThickness": 1.8,
    "SliceTiming": [
      1.205,
      0,
      1.2975,
      0.0925,
      1.39,
      0.185,
      1.4825,
      0.2775,
      1.575,
      0.37,
      1.6675,
      0.4625,
      1.76,
      0.5575,
      1.8525,
      0.65,
      1.945,
      0.7425,
      2.04,
      0.835,
      2.1325,
      0.9275,
      2.225,
      1.02,
      2.3175,
      1.1125
    ],
    "SoftwareVersions": "syngo_MR_B17",
    "SpacingBetweenSlices": 1.8,
    "StationName": "MRC35383",
    "TaskName": "hedonic",
    "TotalReadoutTime": 0.0683088,
    "TxRefAmp": 341.777,
    "dataset": "ds003487",
    "modality": "bold",
    "run_id": 1,
    "session_id": "second",
    "subject_id": "13",
    "task_id": "hedonic"
  },
  "dummy_trs": 0,
  "dvars_nstd": 67.39645476869461,
  "dvars_std": 1.045507426970442,
  "dvars_vstd": 0.992886491453202,
  "efc": 0.7688578388316083,
  "fber": 30.259231567382812,
  "fd_mean": 0.3235122595453408,
  "fd_num": 239,
  "fd_perc": 58.72235872235872,
  "fwhm_avg": 2.6201630323735796,
  "fwhm_x": 2.340644506450349,
  "fwhm_y": 2.928244522016433,
  "fwhm_z": 2.5916000686539564,
  "gcor": 0.0101074,
  "gsr_x": -0.038248684257268906,
  "gsr_y": 0.08962079882621765,
  "provenance": {
    "md5sum": "c4e2443835578af9adf67ae7337104c9",
    "settings": {
      "fd_thres": 0.2,
      "testing": false
    },
    "software": "mriqc",
    "version": "21.0.0rc2",
    "webapi_port": null,
    "webapi_url": "https://mriqc.nimh.nih.gov/api/v1"
  },
  "size_t": 407,
  "size_x": 100,
  "size_y": 100,
  "size_z": 26,
  "snr": 2.963250318626255,
  "spacing_tr": 2.4000000953674316,
  "spacing_x": 1.7999999523162842,
  "spacing_y": 1.7999999523162842,
  "spacing_z": 1.7999999523162842,
  "summary_bg_k": 34.742584920130795,
  "summary_bg_mad": 8.16341784437341,
  "summary_bg_mean": 105.5782241821289,
  "summary_bg_median": 84.32923889160156,
  "summary_bg_n": 106128.0,
  "summary_bg_p05": 77.1891860961914,
  "summary_bg_p95": 194.67911376953103,
  "summary_bg_stdv": 57.285125732421875,
  "summary_fg_k": 1.078114243539022,
  "summary_fg_mad": 136.55242414350005,
  "summary_fg_mean": 494.4981994628906,
  "summary_fg_median": 477.95330810546875,
  "summary_fg_n": 99175.0,
  "summary_fg_p05": 242.42924041748046,
  "summary_fg_p95": 783.3324157714843,
  "summary_fg_stdv": 161.29278564453125,
  "tsnr": 18.35215298156254
}