{
  "bids_meta": {
    "AcquisitionMatrixPE": 256,
    "AcquisitionNumber": 1,
    "AcquisitionTime": "16:02:14.760000",
    "BaseResolution": 256,
    "CoilString": "C:HEA;HEP",
    "ConversionSoftware": "dcm2niix",
    "ConversionSoftwareVersion": "v1.0.20181114  GCC7.3.0",
    "DeviceSerialNumber": "35383",
    "DwellTime": 1.03e-05,
    "EchoNumber": 1,
    "EchoTime": 0.00227,
    "FlipAngle": 9,
    "ImageOrientationPatientDICOM": [
      -0.0593064,
      0.99824,
      -6.88551e-08,
      0.0330968,
      0.00196624,
      -0.99945
    ],
    "ImageType": [
      "ORIGINAL",
      "PRIMARY",
      "M",
      "ND",
      "NORM"
    ],
    "ImagingFrequency": 123.22,
    "InPlanePhaseEncodingDirectionDICOM": "ROW",
    "InstitutionAddress": "Rue_Michel-Servet_1_Geneve_District_CH_1211",
    "InstitutionName": "BBL_-_University_of_Geneva",
    "InstitutionalDepartmentName": "Department",
    "InversionTime": 0.9,
    "MRAcquisitionType": "3D",
    "MagneticFieldStrength": 3,
    "Manufacturer": "Siemens",
    "ManufacturersModelName": "TrioTim",
    "Modality": "MR",
    "PartialFourier": 1,
    "PatientPosition": "HFS",
    "PercentPhaseFOV": 100,
    "PhaseEncodingSteps": 294,
    "PhaseOversampling": 0.15,
    "PhaseResolution": 1,
    "PixelBandwidth": 190,
    "ProcedureStepDescription": "CISA_fMRI",
    "ProtocolName": "T1",
    "PulseSequenceDetails": "%SiemensSeq%_tfl",
    "ReceiveCoilName": "32Ch_Head",
    "ReconMatrixPE": 256,
    "RepetitionTime": 1.9,
    "SAR": 0.151116,
    "ScanOptions": "IR",
    "ScanningSequence": "GR_IR",
    "SequenceName": "_tfl3d1_ns",
    "SequenceVariant": "SP_MP_OSP",
    "SeriesDescription": "T1",
    "SeriesNumber": 8,
    "ShimSetting": [
      -13883,
      8934,
      19219,
      8,
      9,
      -4,
      -1,
      6
    ],
    "SliceThickness": 1,
    "SoftwareVersions": "syngo_MR_B17",
    "StationName": "MRC35383",
    "TxRefAmp": 362.375,
    "dataset": "ds003487",
    "modality": "T1w",
    "run_id": 1,
    "session_id": "second",
    "subject_id": "26"
  },
  "cjv": 0.44128440792996565,
  "cnr": 2.9736717594262383,
  "efc": 0.5903625090711909,
  "fber": 10061.633136094673,
  "fwhm_avg": 3.76455,
  "fwhm_x": 3.79654,
  "fwhm_y": 3.66704,
  "fwhm_z": 3.83007,
  "icvs_csf": 0.21786949254133206,
  "icvs_gm": 0.40304068687685507,
  "icvs_wm": 0.37908982058181284,
  "inu_med": 1.3177604675292969,
  "inu_range": 0.38327858448028573,
  "provenance": {
    "md5sum": "e85bd37a68f4c1932532f7a7049c5cdb",
    "settings": {
      "testing": false
    },
    "software": "mriqc",
    "version": "21.0.0rc2",
    "warnings": {
      "large_rot_frame": true,
      "small_air_mask": false
    },
    "webapi_port": null,
    "webapi_url": "https://mriqc.nimh.nih.gov/api/v1"
  },
  "qi_1": 0.0,
  "qi_2": 0.013949071826427318,
  "rpve_csf": 28.000598221467413,
  "rpve_gm": 15.490529315981219,
  "rpve_wm": 20.16572494385935,
  "size_x": 192,
  "size_y": 256,
  "size_z": 256,
  "snr_csf": 3.2235207634336955,
  "snr_gm": 12.682797085304548,
  "snr_total": 12.977075895363273,
  "snr_wm": 23.024909837351572,
  "snrd_csf": 46.37503036789289,
  "snrd_gm": 92.31384312787864,
  "snrd_total": 85.88954744779183,
  "snrd_wm": 118.979768847604,
  "spacing_x": 1.0,
  "spacing_y": 1.0,
  "spacing_z": 1.0,
  "summary_bg_k": 15.381741060928832,
  "summary_bg_mad": 5.506283623895664,
  "summary_bg_mean": 6.580561037001709,
  "summary_bg_median": 3.713931865990162,
  "summary_bg_n": 1837948.0,
  "summary_bg_p05": 0.0,
  "summary_bg_p95": 18.56965932995081,
  "summary_bg_stdv": 7.213165578960956,
  "summary_csf_k": 19.33023169068525,
  "summary_csf_mad": 117.1850104572667,
  "summary_csf_mean": 407.7604605235282,
  "summary_csf_median": 389.77238788455725,
  "summary_csf_n": 20878.0,
  "summary_csf_p05": 253.86628884486856,
  "summary_csf_p95": 597.7525723800063,
  "summary_csf_stdv": 120.91222047334189,
  "summary_gm_k": 0.30048682646523917,
  "summary_gm_mad": 58.66309860842688,
  "summary_gm_mean": 776.5374141147229,
  "summary_gm_median": 775.8784584142268,
  "summary_gm_n": 11506.0,
  "summary_gm_p05": 676.5069737434387,
  "summary_gm_p95": 878.8448386732489,
  "summary_gm_stdv": 61.17299963157588,
  "summary_wm_k": 0.7405248725163376,
  "summary_wm_mad": 40.23822648231447,
  "summary_wm_mean": 1001.7640158552259,
  "summary_wm_median": 999.9999621734023,
  "summary_wm_n": 199602.0,
  "summary_wm_p05": 933.7205627188087,
  "summary_wm_p95": 1075.6118058040738,
  "summary_wm_stdv": 43.43111283603027,
  "tpm_overlap_csf": 0.17052018642425537,
  "tpm_overlap_gm": 0.4213406443595886,
  "tpm_overlap_wm": 0.4964888095855713,
  "wm2max": 0.38858052101835405
}