{
  "aor": 0.0005777973568281938,
  "aqi": 0.03153870330396476,
  "bids_meta": {
    "AcquisitionMatrixPE": 100,
    "AcquisitionNumber": 1,
    "AcquisitionTime": "10:45:3.417500",
    "BandwidthPerPixelPhaseEncode": 14.493,
    "BaseResolution": 100,
    "CoilString": "C:HEA;HEP",
    "ConversionSoftware": "dcm2niix",
    "ConversionSoftwareVersion": "v1.0.20181114  GCC7.3.0",
    "DerivedVendorReportedEchoSpacing": 0.000689988,
    "DeviceSerialNumber": "35383",
    "DwellTime": 2.6e-06,
    "EchoNumber": 1,
    "EchoTime": 0.041,
    "EffectiveEchoSpacing": 0.000689988,
    "FlipAngle": 70,
    "ImageOrientationPatientDICOM": [
      0.99815,
      -0.00552049,
      -0.0605461,
      6.45415e-08,
      0.995869,
      -0.0908005
    ],
    "ImageType": [
      "ORIGINAL",
      "PRIMARY",
      "M",
      "ND",
      "MOSAIC"
    ],
    "ImagingFrequency": 123.22,
    "InPlanePhaseEncodingDirectionDICOM": "COL",
    "InstitutionAddress": "Rue_Michel-Servet_1_Geneve_District_CH_1211",
    "InstitutionName": "BBL_-_University_of_Geneva",
    "InstitutionalDepartmentName": "Department",
    "MRAcquisitionType": "2D",
    "MagneticFieldStrength": 3,
    "Manufacturer": "Siemens",
    "ManufacturersModelName": "TrioTim",
    "Modality": "MR",
    "PartialFourier": 1,
    "PatientPosition": "HFS",
    "PercentPhaseFOV": 100,
    "PhaseEncodingDirection": "j-",
    "PhaseEncodingSteps": 100,
    "PhaseResolution": 1,
    "PixelBandwidth": 1923,
    "ProcedureStepDescription": "CISA_fMRI",
    "ProtocolName": "RUN_1_TR2400_TE41_1800um",
    "PulseSequenceDetails": "%CustomerSeq%_cmrr_mbep2d_bold",
    "ReceiveCoilName": "32Ch_Head",
    "ReconMatrixPE": 100,
    "RepetitionTime": 2.4,
    "SAR": 0.0792679,
    "ScanOptions": "FS",
    "ScanningSequence": "EP",
    "SequenceName": "epfid2d1_100",
    "SequenceVariant": "SK_SS",
    "SeriesDescription": "RUN_1_TR2400_TE41_1800um",
    "SeriesNumber": 7,
    "ShimSetting": [
      -13918,
      8923,
      19745,
      -46,
      80,
      -210,
      -214,
      -91
    ],
    "SliceThickness": 1.8,
    "SliceTiming": [
      1.2025,
      0,
      1.295,
      0.0925,
      1.3875,
      0.185,
      1.4825,
      0.2775,
      1.575,
      0.37,
      1.6675,
      0.4625,
      1.76,
      0.555,
      1.8525,
      0.6475,
      1.945,
      0.74,
      2.0375,
      0.8325,
      2.13,
      0.925,
      2.2225,
      1.0175,
      2.315,
      1.11
    ],
    "SoftwareVersions": "syngo_MR_B17",
    "SpacingBetweenSlices": 1.8,
    "StationName": "MRC35383",
    "TaskName": "PIT",
    "TotalReadoutTime": 0.0683088,
    "TxRefAmp": 413.854,
    "dataset": "ds003487",
    "modality": "bold",
    "run_id": 1,
    "session_id": "second",
    "subject_id": "24",
    "task_id": "PIT"
  },
  "dummy_trs": 0,
  "dvars_nstd": 67.53954121507726,
  "dvars_std": 0.9951581464679911,
  "dvars_vstd": 0.9572024429359823,
  "efc": 0.7940808534284013,
  "fber": 19.461166381835938,
  "fd_mean": 0.19363959435149938,
  "fd_num": 161,
  "fd_perc": 35.4625550660793,
  "fwhm_avg": 2.5013093255213277,
  "fwhm_x": 2.244150059449674,
  "fwhm_y": 2.703505627173997,
  "fwhm_z": 2.5562722899403116,
  "gcor": 0.002847,
  "gsr_x": -0.08443361520767212,
  "gsr_y": 0.13020889461040497,
  "provenance": {
    "md5sum": "12b812bb85a94a9b821c9764e964bef0",
    "settings": {
      "fd_thres": 0.2,
      "testing": false
    },
    "software": "mriqc",
    "version": "21.0.0rc2",
    "webapi_port": null,
    "webapi_url": "https://mriqc.nimh.nih.gov/api/v1"
  },
  "size_t": 454,
  "size_x": 100,
  "size_y": 100,
  "size_z": 26,
  "snr": 2.656302615018056,
  "spacing_tr": 2.4000000953674316,
  "spacing_x": 1.7999999523162842,
  "spacing_y": 1.7999999523162842,
  "spacing_z": 1.7999999523162842,
  "summary_bg_k": 46.32443076859798,
  "summary_bg_mad": 17.30137698465722,
  "summary_bg_mean": 139.02236938476562,
  "summary_bg_median": 100.93171691894531,
  "summary_bg_n": 97427.0,
  "summary_bg_p05": 85.03964233398438,
  "summary_bg_p95": 301.6559326171875,
  "summary_bg_stdv": 130.6237030029297,
  "summary_fg_k": 2.632026078106227,
  "summary_fg_mad": 148.70435098193383,
  "summary_fg_mean": 484.5421447753906,
  "summary_fg_median": 467.35791015625,
  "summary_fg_n": 106948.0,
  "summary_fg_p05": 216.89866638183594,
  "summary_fg_p95": 788.3170288085937,
  "summary_fg_stdv": 175.94219970703125,
  "tsnr": 17.45981041714549
}