{
  "aor": 0.0025381938325991188,
  "aqi": 0.027039578193832597,
  "bids_meta": {
    "AcquisitionMatrixPE": 100,
    "AcquisitionNumber": 1,
    "AcquisitionTime": "15:41:8.827500",
    "BandwidthPerPixelPhaseEncode": 14.493,
    "BaseResolution": 100,
    "CoilString": "C:HEA;HEP",
    "ConversionSoftware": "dcm2niix",
    "ConversionSoftwareVersion": "v1.0.20181114  GCC7.3.0",
    "DerivedVendorReportedEchoSpacing": 0.000689988,
    "DeviceSerialNumber": "35383",
    "DwellTime": 2.6e-06,
    "EchoNumber": 1,
    "EchoTime": 0.041,
    "EffectiveEchoSpacing": 0.000689988,
    "FlipAngle": 70,
    "ImageOrientationPatientDICOM": [
      0.999962,
      -0.000652565,
      -0.00867747,
      7.70682e-08,
      0.997185,
      -0.0749816
    ],
    "ImageType": [
      "ORIGINAL",
      "PRIMARY",
      "M",
      "ND",
      "MOSAIC"
    ],
    "ImagingFrequency": 123.228,
    "InPlanePhaseEncodingDirectionDICOM": "COL",
    "InstitutionAddress": "Rue_Michel-Servet_1_Geneve_District_CH_1211",
    "InstitutionName": "BBL_-_University_of_Geneva",
    "InstitutionalDepartmentName": "Department",
    "MRAcquisitionType": "2D",
    "MagneticFieldStrength": 3,
    "Manufacturer": "Siemens",
    "ManufacturersModelName": "TrioTim",
    "Modality": "MR",
    "PartialFourier": 1,
    "PatientPosition": "HFS",
    "PercentPhaseFOV": 100,
    "PhaseEncodingDirection": "j-",
    "PhaseEncodingSteps": 100,
    "PhaseResolution": 1,
    "PixelBandwidth": 1923,
    "ProcedureStepDescription": "CISA_fMRI",
    "ProtocolName": "RUN_1_TR2400_TE41_1800um",
    "PulseSequenceDetails": "%CustomerSeq%_cmrr_mbep2d_bold",
    "ReceiveCoilName": "32Ch_Head",
    "ReconMatrixPE": 100,
    "RepetitionTime": 2.4,
    "SAR": 0.0917672,
    "ScanOptions": "FS",
    "ScanningSequence": "EP",
    "SequenceName": "epfid2d1_100",
    "SequenceVariant": "SK_SS",
    "SeriesDescription": "RUN_1_TR2400_TE41_1800um",
    "SeriesNumber": 7,
    "ShimSetting": [
      -13883,
      8991,
      19706,
      358,
      239,
      117,
      499,
      -15
    ],
    "SliceThickness": 1.8,
    "SliceTiming": [
      1.205,
      0,
      1.2975,
      0.0925,
      1.39,
      0.185,
      1.4825,
      0.2775,
      1.575,
      0.37,
      1.6675,
      0.4625,
      1.76,
      0.555,
      1.8525,
      0.6475,
      1.945,
      0.74,
      2.0375,
      0.8325,
      2.13,
      0.9275,
      2.2225,
      1.02,
      2.3175,
      1.1125
    ],
    "SoftwareVersions": "syngo_MR_B17",
    "SpacingBetweenSlices": 1.8,
    "StationName": "MRC35383",
    "TaskName": "PIT",
    "TotalReadoutTime": 0.0683088,
    "TxRefAmp": 383.46,
    "dataset": "ds003487",
    "modality": "bold",
    "run_id": 1,
    "session_id": "second",
    "subject_id": "18",
    "task_id": "PIT"
  },
  "dummy_trs": 0,
  "dvars_nstd": 71.82535724754962,
  "dvars_std": 1.1534027090949224,
  "dvars_vstd": 0.9860874752538629,
  "efc": 0.7900734126483989,
  "fber": 25.221961975097656,
  "fd_mean": 0.28359174632922785,
  "fd_num": 281,
  "fd_perc": 61.8942731277533,
  "fwhm_avg": 2.8729297057362757,
  "fwhm_x": 2.72056118318137,
  "fwhm_y": 3.008533413032251,
  "fwhm_z": 2.889694520995207,
  "gcor": 0.0127209,
  "gsr_x": -0.015277335420250893,
  "gsr_y": 0.10278184711933136,
  "provenance": {
    "md5sum": "a75cd3bebfd019734ccf85f6a096bc95",
    "settings": {
      "fd_thres": 0.2,
      "testing": false
    },
    "software": "mriqc",
    "version": "21.0.0rc2",
    "webapi_port": null,
    "webapi_url": "https://mriqc.nimh.nih.gov/api/v1"
  },
  "size_t": 454,
  "size_x": 100,
  "size_y": 100,
  "size_z": 26,
  "snr": 2.6144070746122696,
  "spacing_tr": 2.4000000953674316,
  "spacing_x": 1.7999999523162842,
  "spacing_y": 1.7999999523162842,
  "spacing_z": 1.7999999523162842,
  "summary_bg_k": 19.746875548617496,
  "summary_bg_mad": 27.74490429100347,
  "summary_bg_mean": 152.01531982421875,
  "summary_bg_median": 109.62113952636719,
  "summary_bg_n": 89388.0,
  "summary_bg_p05": 87.23567962646484,
  "summary_bg_p95": 365.2018676757812,
  "summary_bg_stdv": 109.07733917236328,
  "summary_fg_k": 2.3376812348089135,
  "summary_fg_mad": 190.11595382991808,
  "summary_fg_mean": 603.9622802734375,
  "summary_fg_median": 567.0616455078125,
  "summary_fg_n": 112892.0,
  "summary_fg_p05": 334.16320037841797,
  "summary_fg_p95": 1015.7746368408202,
  "summary_fg_stdv": 216.89779663085938,
  "tsnr": 19.680737365037203
}