{
  "aor": 0.0014038820638820639,
  "aqi": 0.032823833169533176,
  "bids_meta": {
    "AcquisitionMatrixPE": 100,
    "AcquisitionNumber": 1,
    "AcquisitionTime": "16:07:54.892500",
    "BandwidthPerPixelPhaseEncode": 14.493,
    "BaseResolution": 100,
    "CoilString": "C:HEA;HEP",
    "ConversionSoftware": "dcm2niix",
    "ConversionSoftwareVersion": "v1.0.20181114  GCC7.3.0",
    "DerivedVendorReportedEchoSpacing": 0.000689988,
    "DeviceSerialNumber": "35383",
    "DwellTime": 2.6e-06,
    "EchoNumber": 1,
    "EchoTime": 0.041,
    "EffectiveEchoSpacing": 0.000689988,
    "FlipAngle": 70,
    "ImageOrientationPatientDICOM": [
      0.999962,
      -0.000652565,
      -0.00867747,
      7.70682e-08,
      0.997185,
      -0.0749816
    ],
    "ImageType": [
      "ORIGINAL",
      "PRIMARY",
      "M",
      "ND",
      "MOSAIC"
    ],
    "ImagingFrequency": 123.228,
    "InPlanePhaseEncodingDirectionDICOM": "COL",
    "InstitutionAddress": "Rue_Michel-Servet_1_Geneve_District_CH_1211",
    "InstitutionName": "BBL_-_University_of_Geneva",
    "InstitutionalDepartmentName": "Department",
    "MRAcquisitionType": "2D",
    "MagneticFieldStrength": 3,
    "Manufacturer": "Siemens",
    "ManufacturersModelName": "TrioTim",
    "Modality": "MR",
    "PartialFourier": 1,
    "PatientPosition": "HFS",
    "PercentPhaseFOV": 100,
    "PhaseEncodingDirection": "j-",
    "PhaseEncodingSteps": 100,
    "PhaseResolution": 1,
    "PixelBandwidth": 1923,
    "ProcedureStepDescription": "CISA_fMRI",
    "ProtocolName": "RUN_2_TR2400_TE41_1800um",
    "PulseSequenceDetails": "%CustomerSeq%_cmrr_mbep2d_bold",
    "ReceiveCoilName": "32Ch_Head",
    "ReconMatrixPE": 100,
    "RepetitionTime": 2.4,
    "SAR": 0.0917674,
    "ScanOptions": "FS",
    "ScanningSequence": "EP",
    "SequenceName": "epfid2d1_100",
    "SequenceVariant": "SK_SS",
    "SeriesDescription": "RUN_2_TR2400_TE41_1800um",
    "SeriesNumber": 9,
    "ShimSetting": [
      -13883,
      8991,
      19706,
      358,
      239,
      117,
      499,
      -15
    ],
    "SliceThickness": 1.8,
    "SliceTiming": [
      1.205,
      0,
      1.2975,
      0.0925,
      1.39,
      0.185,
      1.4825,
      0.2775,
      1.575,
      0.37,
      1.6675,
      0.4625,
      1.76,
      0.555,
      1.8525,
      0.6475,
      1.945,
      0.7425,
      2.0375,
      0.835,
      2.13,
      0.9275,
      2.225,
      1.02,
      2.3175,
      1.1125
    ],
    "SoftwareVersions": "syngo_MR_B17",
    "SpacingBetweenSlices": 1.8,
    "StationName": "MRC35383",
    "TaskName": "hedonic",
    "TotalReadoutTime": 0.0683088,
    "TxRefAmp": 383.46,
    "dataset": "ds003487",
    "modality": "bold",
    "run_id": 1,
    "session_id": "second",
    "subject_id": "18",
    "task_id": "hedonic"
  },
  "dummy_trs": 0,
  "dvars_nstd": 70.99939955155172,
  "dvars_std": 1.0761107182019711,
  "dvars_vstd": 0.9679981242364532,
  "efc": 0.7964313723166893,
  "fber": 23.646772384643555,
  "fd_mean": 0.3245297068846179,
  "fd_num": 291,
  "fd_perc": 71.4987714987715,
  "fwhm_avg": 2.7586241471526574,
  "fwhm_x": 2.6701945151804427,
  "fwhm_y": 3.018138968842267,
  "fwhm_z": 2.587538957435262,
  "gcor": 0.0100821,
  "gsr_x": 0.005559615325182676,
  "gsr_y": 0.0829169824719429,
  "provenance": {
    "md5sum": "4b99621aa73cfa6553757d018e66305b",
    "settings": {
      "fd_thres": 0.2,
      "testing": false
    },
    "software": "mriqc",
    "version": "21.0.0rc2",
    "webapi_port": null,
    "webapi_url": "https://mriqc.nimh.nih.gov/api/v1"
  },
  "size_t": 407,
  "size_x": 100,
  "size_y": 100,
  "size_z": 26,
  "snr": 2.5151326016421454,
  "spacing_tr": 2.4000000953674316,
  "spacing_x": 1.7999999523162842,
  "spacing_y": 1.7999999523162842,
  "spacing_z": 1.7999999523162842,
  "summary_bg_k": 6.598772230895225,
  "summary_bg_mad": 26.38084509656051,
  "summary_bg_mean": 144.9003448486328,
  "summary_bg_median": 109.79115295410156,
  "summary_bg_n": 83735.0,
  "summary_bg_p05": 89.74373168945313,
  "summary_bg_p95": 333.8569915771485,
  "summary_bg_stdv": 82.3985366821289,
  "summary_fg_k": 2.8679595741025308,
  "summary_fg_mad": 193.19544822066297,
  "summary_fg_mean": 600.230224609375,
  "summary_fg_median": 561.7088623046875,
  "summary_fg_n": 116380.0,
  "summary_fg_p05": 323.7560073852539,
  "summary_fg_p95": 1023.1511932373044,
  "summary_fg_stdv": 223.33074951171875,
  "tsnr": 19.441853652591817
}