{
  "aor": 0.0009527139364303178,
  "aqi": 0.036329440097799516,
  "bids_meta": {
    "AcquisitionMatrixPE": 100,
    "AcquisitionNumber": 1,
    "AcquisitionTime": "17:34:41.672500",
    "BandwidthPerPixelPhaseEncode": 14.493,
    "BaseResolution": 100,
    "CoilString": "C:HEA;HEP",
    "ConversionSoftware": "dcm2niix",
    "ConversionSoftwareVersion": "v1.0.20181114  GCC7.3.0",
    "DerivedVendorReportedEchoSpacing": 0.000689988,
    "DeviceSerialNumber": "35383",
    "DwellTime": 2.6e-06,
    "EchoNumber": 1,
    "EchoTime": 0.041,
    "EffectiveEchoSpacing": 0.000689988,
    "FlipAngle": 70,
    "ImageOrientationPatientDICOM": [
      0.999303,
      -0.00866017,
      -0.0363247,
      3.34423e-08,
      0.972737,
      -0.23191
    ],
    "ImageType": [
      "ORIGINAL",
      "PRIMARY",
      "M",
      "ND",
      "MOSAIC"
    ],
    "ImagingFrequency": 123.255,
    "InPlanePhaseEncodingDirectionDICOM": "COL",
    "InstitutionAddress": "Rue_Michel-Servet_1_Geneve_District_CH_1211",
    "InstitutionName": "BBL_-_University_of_Geneva",
    "InstitutionalDepartmentName": "Department",
    "MRAcquisitionType": "2D",
    "MagneticFieldStrength": 3,
    "Manufacturer": "Siemens",
    "ManufacturersModelName": "TrioTim",
    "Modality": "MR",
    "PartialFourier": 1,
    "PatientPosition": "HFS",
    "PercentPhaseFOV": 100,
    "PhaseEncodingDirection": "j-",
    "PhaseEncodingSteps": 100,
    "PhaseResolution": 1,
    "PixelBandwidth": 1923,
    "ProcedureStepDescription": "CISA_fMRI",
    "ProtocolName": "RUN_2_TR2400_TE41_1800um",
    "PulseSequenceDetails": "%CustomerSeq%_cmrr_mbep2d_bold",
    "ReceiveCoilName": "32Ch_Head",
    "ReconMatrixPE": 100,
    "RepetitionTime": 2.4,
    "SAR": 0.0765461,
    "ScanOptions": "FS",
    "ScanningSequence": "EP",
    "SequenceName": "epfid2d1_100",
    "SequenceVariant": "SK_SS",
    "SeriesDescription": "RUN_2_TR2400_TE41_1800um",
    "SeriesNumber": 9,
    "ShimSetting": [
      -13936,
      9107,
      19699,
      757,
      466,
      -51,
      207,
      38
    ],
    "SliceThickness": 1.8,
    "SliceTiming": [
      1.205,
      0,
      1.2975,
      0.095,
      1.39,
      0.1875,
      1.485,
      0.28,
      1.5775,
      0.3725,
      1.67,
      0.465,
      1.7625,
      0.5575,
      1.855,
      0.65,
      1.9475,
      0.7425,
      2.04,
      0.835,
      2.1325,
      0.9275,
      2.225,
      1.02,
      2.3175,
      1.1125
    ],
    "SoftwareVersions": "syngo_MR_B17",
    "SpacingBetweenSlices": 1.8,
    "StationName": "MRC35383",
    "TaskName": "hedonic",
    "TotalReadoutTime": 0.0683088,
    "TxRefAmp": 425.451,
    "dataset": "ds003487",
    "modality": "bold",
    "run_id": 1,
    "session_id": "second",
    "subject_id": "01",
    "task_id": "hedonic"
  },
  "dummy_trs": 0,
  "dvars_nstd": 71.22487296311269,
  "dvars_std": 1.0312881634558826,
  "dvars_vstd": 0.9580090630882356,
  "efc": 0.7548257671608146,
  "fber": 31.353435516357422,
  "fd_mean": 0.2992201188049447,
  "fd_num": 266,
  "fd_perc": 65.03667481662592,
  "fwhm_avg": 2.774025940291826,
  "fwhm_x": 2.6834722933099613,
  "fwhm_y": 2.960527856204983,
  "fwhm_z": 2.6780776713605325,
  "gcor": 0.00906203,
  "gsr_x": -0.05487753450870514,
  "gsr_y": 0.12836876511573792,
  "provenance": {
    "md5sum": "de17c2f73275ec8046131d9f7e93ff2a",
    "settings": {
      "fd_thres": 0.2,
      "testing": false
    },
    "software": "mriqc",
    "version": "21.0.0rc2",
    "webapi_port": null,
    "webapi_url": "https://mriqc.nimh.nih.gov/api/v1"
  },
  "size_t": 409,
  "size_x": 100,
  "size_y": 100,
  "size_z": 26,
  "snr": 2.563501987060409,
  "spacing_tr": 2.4000000953674316,
  "spacing_x": 1.7999999523162842,
  "spacing_y": 1.7999999523162842,
  "spacing_z": 1.8000000715255737,
  "summary_bg_k": 39.108539558889376,
  "summary_bg_mad": 7.264379858159391,
  "summary_bg_mean": 111.4605712890625,
  "summary_bg_median": 86.32762908935547,
  "summary_bg_n": 108967.0,
  "summary_bg_p05": 80.42372131347656,
  "summary_bg_p95": 220.09243316650387,
  "summary_bg_stdv": 62.95427322387695,
  "summary_fg_k": 3.0764314153330234,
  "summary_fg_mad": 161.20851348537815,
  "summary_fg_mean": 533.2725219726562,
  "summary_fg_median": 502.6699523925781,
  "summary_fg_n": 96779.0,
  "summary_fg_p05": 272.2995269775391,
  "summary_fg_p95": 911.0315612792967,
  "summary_fg_stdv": 196.08619689941406,
  "tsnr": 18.594847323722206
}