{
  "bids_meta": {
    "AcquisitionMatrixPE": 256,
    "AcquisitionNumber": 1,
    "AcquisitionTime": "10:18:52.632500",
    "BaseResolution": 256,
    "CoilString": "C:HEA;HEP",
    "ConversionSoftware": "dcm2niix",
    "ConversionSoftwareVersion": "v1.0.20181114  GCC7.3.0",
    "DeviceSerialNumber": "35383",
    "DwellTime": 1.03e-05,
    "EchoNumber": 1,
    "EchoTime": 0.00227,
    "FlipAngle": 9,
    "ImageOrientationPatientDICOM": [
      0.0244322,
      0.999701,
      -7.38902e-09,
      0.0401198,
      -0.000980516,
      -0.999194
    ],
    "ImageType": [
      "ORIGINAL",
      "PRIMARY",
      "M",
      "ND",
      "NORM"
    ],
    "ImagingFrequency": 123.255,
    "InPlanePhaseEncodingDirectionDICOM": "ROW",
    "InstitutionAddress": "Rue_Michel-Servet_1_Geneve_District_CH_1211",
    "InstitutionName": "BBL_-_University_of_Geneva",
    "InstitutionalDepartmentName": "Department",
    "InversionTime": 0.9,
    "MRAcquisitionType": "3D",
    "MagneticFieldStrength": 3,
    "Manufacturer": "Siemens",
    "ManufacturersModelName": "TrioTim",
    "Modality": "MR",
    "PartialFourier": 1,
    "PatientPosition": "HFS",
    "PercentPhaseFOV": 100,
    "PhaseEncodingSteps": 294,
    "PhaseOversampling": 0.15,
    "PhaseResolution": 1,
    "PixelBandwidth": 190,
    "ProcedureStepDescription": "CISA_fMRI",
    "ProtocolName": "T1",
    "PulseSequenceDetails": "%SiemensSeq%_tfl",
    "ReceiveCoilName": "32Ch_Head",
    "ReconMatrixPE": 256,
    "RepetitionTime": 1.9,
    "SAR": 0.180135,
    "ScanOptions": "IR",
    "ScanningSequence": "GR_IR",
    "SequenceName": "_tfl3d1_ns",
    "SequenceVariant": "SP_MP_OSP",
    "SeriesDescription": "T1",
    "SeriesNumber": 9,
    "ShimSetting": [
      -13850,
      9050,
      19176,
      -140,
      270,
      -85,
      30,
      50
    ],
    "SliceThickness": 1,
    "SoftwareVersions": "syngo_MR_B17",
    "StationName": "MRC35383",
    "TxRefAmp": 539.395,
    "dataset": "ds003487",
    "modality": "T1w",
    "run_id": 1,
    "session_id": "second",
    "subject_id": "06"
  },
  "cjv": 0.49692510962040026,
  "cnr": 2.761762359514316,
  "efc": 0.5860217490256544,
  "fber": 8913.382971938776,
  "fwhm_avg": 3.8141433333333334,
  "fwhm_x": 3.76052,
  "fwhm_y": 3.83748,
  "fwhm_z": 3.84443,
  "icvs_csf": 0.19675157299791324,
  "icvs_gm": 0.4245787808337361,
  "icvs_wm": 0.37866964616835064,
  "inu_med": 0.8704655766487122,
  "inu_range": 0.2607779145240785,
  "provenance": {
    "md5sum": "af8d39398feac43a381fb9ebcef0c1a6",
    "settings": {
      "testing": false
    },
    "software": "mriqc",
    "version": "21.0.0rc2",
    "warnings": {
      "large_rot_frame": true,
      "small_air_mask": false
    },
    "webapi_port": null,
    "webapi_url": "https://mriqc.nimh.nih.gov/api/v1"
  },
  "qi_1": 0.0,
  "qi_2": 0.00800704835472429,
  "rpve_csf": 27.89156951893739,
  "rpve_gm": 13.875683463208109,
  "rpve_wm": 18.376191092203253,
  "size_x": 192,
  "size_y": 256,
  "size_z": 256,
  "snr_csf": 3.682158907019268,
  "snr_gm": 13.889647915063401,
  "snr_total": 13.101085308783167,
  "snr_wm": 21.73144910426683,
  "snrd_csf": 42.60049500209292,
  "snrd_gm": 79.59132566583008,
  "snrd_total": 74.05406019966493,
  "snrd_wm": 99.9703599310718,
  "spacing_x": 1.0,
  "spacing_y": 1.0,
  "spacing_z": 1.0,
  "summary_bg_k": 11.764182324725857,
  "summary_bg_mad": 6.553797059252316,
  "summary_bg_mean": 6.220766373987829,
  "summary_bg_median": 4.42046894133091,
  "summary_bg_n": 2170929.0,
  "summary_bg_p05": 0.0,
  "summary_bg_p95": 17.981568574905396,
  "summary_bg_stdv": 6.731760543576423,
  "summary_csf_k": 4.696669563522316,
  "summary_csf_mad": 120.96754233094529,
  "summary_csf_mean": 439.63713520158745,
  "summary_csf_median": 426.1631752252579,
  "summary_csf_n": 21631.0,
  "summary_csf_p05": 282.16078022122383,
  "summary_csf_p95": 625.9833560138941,
  "summary_csf_stdv": 115.7346369675597,
  "summary_gm_k": -0.049431452651669705,
  "summary_gm_mad": 57.09579132975747,
  "summary_gm_mean": 796.3902506279338,
  "summary_gm_median": 796.2088718563318,
  "summary_gm_n": 22423.0,
  "summary_gm_p05": 701.8805600404739,
  "summary_gm_p95": 891.8108781129122,
  "summary_gm_stdv": 57.322627775560555,
  "summary_wm_k": 0.3682791346268992,
  "summary_wm_mad": 44.21035982343088,
  "summary_wm_mean": 1001.0368305665411,
  "summary_wm_median": 1000.0749055743217,
  "summary_wm_n": 222394.0,
  "summary_wm_p05": 927.4743224531412,
  "summary_wm_p95": 1078.8941144943237,
  "summary_wm_stdv": 46.01960285036563,
  "tpm_overlap_csf": 0.16145063936710358,
  "tpm_overlap_gm": 0.4447290301322937,
  "tpm_overlap_wm": 0.5000280141830444,
  "wm2max": 0.333320477138218
}