{
  "bids_meta": {
    "AcquisitionMatrixPE": 256,
    "AcquisitionNumber": 1,
    "AcquisitionTime": "14:00:8.290000",
    "BaseResolution": 256,
    "CoilString": "C:HEA;HEP",
    "ConversionSoftware": "dcm2niix",
    "ConversionSoftwareVersion": "v1.0.20181114  GCC7.3.0",
    "DeviceSerialNumber": "35383",
    "DwellTime": 1.03e-05,
    "EchoNumber": 1,
    "EchoTime": 0.00227,
    "FlipAngle": 9,
    "ImageOrientationPatientDICOM": [
      0.0122212,
      0.999925,
      -1.77669e-08,
      -0.0523315,
      0.000639583,
      -0.99863
    ],
    "ImageType": [
      "ORIGINAL",
      "PRIMARY",
      "M",
      "ND",
      "NORM"
    ],
    "ImagingFrequency": 123.228,
    "InPlanePhaseEncodingDirectionDICOM": "ROW",
    "InstitutionAddress": "Rue_Michel-Servet_1_Geneve_District_CH_1211",
    "InstitutionName": "BBL_-_University_of_Geneva",
    "InstitutionalDepartmentName": "Department",
    "InversionTime": 0.9,
    "MRAcquisitionType": "3D",
    "MagneticFieldStrength": 3,
    "Manufacturer": "Siemens",
    "ManufacturersModelName": "TrioTim",
    "Modality": "MR",
    "PartialFourier": 1,
    "PatientPosition": "HFS",
    "PercentPhaseFOV": 100,
    "PhaseEncodingSteps": 294,
    "PhaseOversampling": 0.15,
    "PhaseResolution": 1,
    "PixelBandwidth": 190,
    "ProcedureStepDescription": "CISA_fMRI",
    "ProtocolName": "T1",
    "PulseSequenceDetails": "%SiemensSeq%_tfl",
    "ReceiveCoilName": "32Ch_Head",
    "ReconMatrixPE": 256,
    "RepetitionTime": 1.9,
    "SAR": 0.145328,
    "ScanOptions": "IR",
    "ScanningSequence": "GR_IR",
    "SequenceName": "_tfl3d1_ns",
    "SequenceVariant": "SP_MP_OSP",
    "SeriesDescription": "T1",
    "SeriesNumber": 8,
    "ShimSetting": [
      -13868,
      8977,
      19243,
      44,
      61,
      23,
      -27,
      -27
    ],
    "SliceThickness": 1,
    "SoftwareVersions": "syngo_MR_B17",
    "StationName": "MRC35383",
    "TxRefAmp": 355.847,
    "dataset": "ds003487",
    "modality": "T1w",
    "run_id": 1,
    "session_id": "second",
    "subject_id": "17"
  },
  "cjv": 0.492999035576027,
  "cnr": 2.7503135074222413,
  "efc": 0.5829029839761325,
  "fber": 8479.86950059453,
  "fwhm_avg": 4.031993333333333,
  "fwhm_x": 4.03462,
  "fwhm_y": 4.00807,
  "fwhm_z": 4.05329,
  "icvs_csf": 0.19873660321979061,
  "icvs_gm": 0.43518376779505225,
  "icvs_wm": 0.3660796289851571,
  "inu_med": 0.9094760417938232,
  "inu_range": 0.28897899687290196,
  "provenance": {
    "md5sum": "9c82c849e4dad3e6342cb57e2e13459c",
    "settings": {
      "testing": false
    },
    "software": "mriqc",
    "version": "21.0.0rc2",
    "warnings": {
      "large_rot_frame": true,
      "small_air_mask": false
    },
    "webapi_port": null,
    "webapi_url": "https://mriqc.nimh.nih.gov/api/v1"
  },
  "qi_1": 0.0,
  "qi_2": 0.010608818995963654,
  "rpve_csf": 29.92392131706313,
  "rpve_gm": 14.492043632221364,
  "rpve_wm": 19.925427533713222,
  "size_x": 192,
  "size_y": 256,
  "size_z": 256,
  "snr_csf": 3.4052243430487956,
  "snr_gm": 11.851163838708498,
  "snr_total": 12.037941257299599,
  "snr_wm": 20.8574355901415,
  "snrd_csf": 40.42465493714898,
  "snrd_gm": 86.60902324265165,
  "snrd_total": 79.56937357021935,
  "snrd_wm": 111.67444253085748,
  "spacing_x": 1.0,
  "spacing_y": 1.0,
  "spacing_z": 1.0,
  "summary_bg_k": 23.97110363088097,
  "summary_bg_mad": 5.866484130306629,
  "summary_bg_mean": 6.966813647396817,
  "summary_bg_median": 3.956883415579796,
  "summary_bg_n": 2130771.0,
  "summary_bg_p05": 0.0,
  "summary_bg_p95": 23.46841198205948,
  "summary_bg_stdv": 8.894081735671659,
  "summary_csf_k": 1.1117424740169888,
  "summary_csf_mad": 95.88667164708076,
  "summary_csf_mean": 388.8795050888942,
  "summary_csf_median": 361.9866103976965,
  "summary_csf_n": 23410.0,
  "summary_csf_p05": 255.83297945559025,
  "summary_csf_p95": 586.8467438071966,
  "summary_csf_stdv": 106.30103699377588,
  "summary_gm_k": 0.007422482370969874,
  "summary_gm_mad": 65.74508077067775,
  "summary_gm_mean": 779.2845085081159,
  "summary_gm_median": 775.54914945364,
  "summary_gm_n": 20720.0,
  "summary_gm_p05": 678.9466164112091,
  "summary_gm_p95": 891.9360995739698,
  "summary_gm_stdv": 65.4391792058132,
  "summary_wm_k": 0.5411588142268857,
  "summary_wm_mad": 44.908947480278336,
  "summary_wm_mean": 1000.4833647263371,
  "summary_wm_median": 999.9999500960112,
  "summary_wm_n": 186490.0,
  "summary_wm_p05": 921.9538358300924,
  "summary_wm_p95": 1079.546951174736,
  "summary_wm_stdv": 47.94440163374178,
  "tpm_overlap_csf": 0.18716073036193848,
  "tpm_overlap_gm": 0.4505612552165985,
  "tpm_overlap_wm": 0.4978317618370056,
  "wm2max": 0.3555429295529318
}