{
  "aor": 0.0034760837438423645,
  "aqi": 0.02257037539408867,
  "bids_meta": {
    "AcquisitionMatrixPE": 100,
    "AcquisitionNumber": 1,
    "AcquisitionTime": "18:41:33.942500",
    "BandwidthPerPixelPhaseEncode": 14.493,
    "BaseResolution": 100,
    "CoilString": "C:HEA;HEP",
    "ConversionSoftware": "dcm2niix",
    "ConversionSoftwareVersion": "v1.0.20181114  GCC7.3.0",
    "DerivedVendorReportedEchoSpacing": 0.000689988,
    "DeviceSerialNumber": "35383",
    "DwellTime": 2.6e-06,
    "EchoNumber": 1,
    "EchoTime": 0.041,
    "EffectiveEchoSpacing": 0.000689988,
    "FlipAngle": 70,
    "ImageOrientationPatientDICOM": [
      0.994862,
      0.0253085,
      0.0980302,
      -1.89412e-08,
      0.968252,
      -0.249974
    ],
    "ImageType": [
      "ORIGINAL",
      "PRIMARY",
      "M",
      "ND",
      "MOSAIC"
    ],
    "ImagingFrequency": 123.228,
    "InPlanePhaseEncodingDirectionDICOM": "COL",
    "InstitutionAddress": "Rue_Michel-Servet_1_Geneve_District_CH_1211",
    "InstitutionName": "BBL_-_University_of_Geneva",
    "InstitutionalDepartmentName": "Department",
    "MRAcquisitionType": "2D",
    "MagneticFieldStrength": 3,
    "Manufacturer": "Siemens",
    "ManufacturersModelName": "TrioTim",
    "Modality": "MR",
    "PartialFourier": 1,
    "PatientPosition": "HFS",
    "PercentPhaseFOV": 100,
    "PhaseEncodingDirection": "j-",
    "PhaseEncodingSteps": 100,
    "PhaseResolution": 1,
    "PixelBandwidth": 1923,
    "ProcedureStepDescription": "CISA_fMRI",
    "ProtocolName": "RUN_2_TR2400_TE41_1800um",
    "PulseSequenceDetails": "%CustomerSeq%_cmrr_mbep2d_bold",
    "ReceiveCoilName": "32Ch_Head",
    "ReconMatrixPE": 100,
    "RepetitionTime": 2.4,
    "SAR": 0.0838798,
    "ScanOptions": "FS",
    "ScanningSequence": "EP",
    "SequenceName": "epfid2d1_100",
    "SequenceVariant": "SK_SS",
    "SeriesDescription": "RUN_2_TR2400_TE41_1800um",
    "SeriesNumber": 9,
    "ShimSetting": [
      -13799,
      9201,
      19672,
      517,
      -123,
      13,
      -480,
      -129
    ],
    "SliceThickness": 1.8,
    "SliceTiming": [
      1.205,
      0,
      1.2975,
      0.095,
      1.39,
      0.1875,
      1.485,
      0.28,
      1.5775,
      0.3725,
      1.67,
      0.465,
      1.7625,
      0.5575,
      1.855,
      0.65,
      1.9475,
      0.7425,
      2.04,
      0.835,
      2.1325,
      0.9275,
      2.225,
      1.02,
      2.3175,
      1.1125
    ],
    "SoftwareVersions": "syngo_MR_B17",
    "SpacingBetweenSlices": 1.8,
    "StationName": "MRC35383",
    "TaskName": "hedonic",
    "TotalReadoutTime": 0.0683088,
    "TxRefAmp": 375.007,
    "dataset": "ds003487",
    "modality": "bold",
    "run_id": 1,
    "session_id": "second",
    "subject_id": "16",
    "task_id": "hedonic"
  },
  "dummy_trs": 1,
  "dvars_nstd": 74.13228220064187,
  "dvars_std": 1.1836925613827165,
  "dvars_vstd": 1.032479768567902,
  "efc": 0.7831020370558884,
  "fber": 22.23008918762207,
  "fd_mean": 0.2314808451768886,
  "fd_num": 178,
  "fd_perc": 43.8423645320197,
  "fwhm_avg": 2.5682315495163834,
  "fwhm_x": 2.385655618753847,
  "fwhm_y": 2.7575111841602107,
  "fwhm_z": 2.5615278456350925,
  "gcor": 0.0124344,
  "gsr_x": -0.03557354211807251,
  "gsr_y": 0.1124679371714592,
  "provenance": {
    "md5sum": "37ab39e2ae84021f74e52de177381571",
    "settings": {
      "fd_thres": 0.2,
      "testing": false
    },
    "software": "mriqc",
    "version": "21.0.0rc2",
    "webapi_port": null,
    "webapi_url": "https://mriqc.nimh.nih.gov/api/v1"
  },
  "size_t": 406,
  "size_x": 100,
  "size_y": 100,
  "size_z": 26,
  "snr": 2.696081543872767,
  "spacing_tr": 2.4000000953674316,
  "spacing_x": 1.7999999523162842,
  "spacing_y": 1.7999999523162842,
  "spacing_z": 1.7999999523162842,
  "summary_bg_k": 41.41138868744493,
  "summary_bg_mad": 18.901345846070647,
  "summary_bg_mean": 128.90090942382812,
  "summary_bg_median": 95.21674346923828,
  "summary_bg_n": 98834.0,
  "summary_bg_p05": 80.82672080993652,
  "summary_bg_p95": 277.6825042724604,
  "summary_bg_stdv": 101.63304901123047,
  "summary_fg_k": 1.5785494463284433,
  "summary_fg_mad": 154.08471117521975,
  "summary_fg_mean": 491.83367919921875,
  "summary_fg_median": 465.197021484375,
  "summary_fg_n": 103216.0,
  "summary_fg_p05": 256.17549896240234,
  "summary_fg_p95": 805.6576385498047,
  "summary_fg_stdv": 172.54476928710938,
  "tsnr": 20.1528377213981
}