{
  "aor": 0.0024858810572687224,
  "aqi": 0.048775480837004406,
  "bids_meta": {
    "AcquisitionMatrixPE": 100,
    "AcquisitionNumber": 1,
    "AcquisitionTime": "18:15:7.117500",
    "BandwidthPerPixelPhaseEncode": 14.493,
    "BaseResolution": 100,
    "CoilString": "C:HEA;HEP",
    "ConversionSoftware": "dcm2niix",
    "ConversionSoftwareVersion": "v1.0.20181114  GCC7.3.0",
    "DerivedVendorReportedEchoSpacing": 0.000689988,
    "DeviceSerialNumber": "35383",
    "DwellTime": 2.6e-06,
    "EchoNumber": 1,
    "EchoTime": 0.041,
    "EffectiveEchoSpacing": 0.000689988,
    "FlipAngle": 70,
    "ImageOrientationPatientDICOM": [
      0.994862,
      0.0253085,
      0.0980302,
      -1.89412e-08,
      0.968252,
      -0.249974
    ],
    "ImageType": [
      "ORIGINAL",
      "PRIMARY",
      "M",
      "ND",
      "MOSAIC"
    ],
    "ImagingFrequency": 123.228,
    "InPlanePhaseEncodingDirectionDICOM": "COL",
    "InstitutionAddress": "Rue_Michel-Servet_1_Geneve_District_CH_1211",
    "InstitutionName": "BBL_-_University_of_Geneva",
    "InstitutionalDepartmentName": "Department",
    "MRAcquisitionType": "2D",
    "MagneticFieldStrength": 3,
    "Manufacturer": "Siemens",
    "ManufacturersModelName": "TrioTim",
    "Modality": "MR",
    "PartialFourier": 1,
    "PatientPosition": "HFS",
    "PercentPhaseFOV": 100,
    "PhaseEncodingDirection": "j-",
    "PhaseEncodingSteps": 100,
    "PhaseResolution": 1,
    "PixelBandwidth": 1923,
    "ProcedureStepDescription": "CISA_fMRI",
    "ProtocolName": "RUN_1_TR2400_TE41_1800um",
    "PulseSequenceDetails": "%CustomerSeq%_cmrr_mbep2d_bold",
    "ReceiveCoilName": "32Ch_Head",
    "ReconMatrixPE": 100,
    "RepetitionTime": 2.4,
    "SAR": 0.0838796,
    "ScanOptions": "FS",
    "ScanningSequence": "EP",
    "SequenceName": "epfid2d1_100",
    "SequenceVariant": "SK_SS",
    "SeriesDescription": "RUN_1_TR2400_TE41_1800um",
    "SeriesNumber": 7,
    "ShimSetting": [
      -13799,
      9201,
      19672,
      517,
      -123,
      13,
      -480,
      -129
    ],
    "SliceThickness": 1.8,
    "SliceTiming": [
      1.205,
      0,
      1.2975,
      0.0925,
      1.39,
      0.185,
      1.4825,
      0.2775,
      1.575,
      0.37,
      1.6675,
      0.4625,
      1.76,
      0.555,
      1.8525,
      0.6475,
      1.945,
      0.74,
      2.0375,
      0.8325,
      2.13,
      0.925,
      2.2225,
      1.0175,
      2.315,
      1.11
    ],
    "SoftwareVersions": "syngo_MR_B17",
    "SpacingBetweenSlices": 1.8,
    "StationName": "MRC35383",
    "TaskName": "PIT",
    "TotalReadoutTime": 0.0683088,
    "TxRefAmp": 375.007,
    "dataset": "ds003487",
    "modality": "bold",
    "run_id": 1,
    "session_id": "second",
    "subject_id": "16",
    "task_id": "PIT"
  },
  "dummy_trs": 0,
  "dvars_nstd": 95.52640761642387,
  "dvars_std": 1.1624566915452534,
  "dvars_vstd": 0.9767538546578368,
  "efc": 0.7802927042535789,
  "fber": 23.11639404296875,
  "fd_mean": 0.3879668003347741,
  "fd_num": 328,
  "fd_perc": 72.2466960352423,
  "fwhm_avg": 2.6631482186974833,
  "fwhm_x": 2.4612111763109414,
  "fwhm_y": 2.887383409822872,
  "fwhm_z": 2.6408500699586357,
  "gcor": 0.0145017,
  "gsr_x": -0.027281636372208595,
  "gsr_y": 0.10531950742006302,
  "provenance": {
    "md5sum": "f73fb258231d4c51f2053676eb2502e6",
    "settings": {
      "fd_thres": 0.2,
      "testing": false
    },
    "software": "mriqc",
    "version": "21.0.0rc2",
    "webapi_port": null,
    "webapi_url": "https://mriqc.nimh.nih.gov/api/v1"
  },
  "size_t": 454,
  "size_x": 100,
  "size_y": 100,
  "size_z": 26,
  "snr": 2.6515134877825544,
  "spacing_tr": 2.4000000953674316,
  "spacing_x": 1.7999999523162842,
  "spacing_y": 1.7999999523162842,
  "spacing_z": 1.7999999523162842,
  "summary_bg_k": 27.353618467631694,
  "summary_bg_mad": 18.96686122730832,
  "summary_bg_mean": 127.86180877685547,
  "summary_bg_median": 94.8414077758789,
  "summary_bg_n": 101633.0,
  "summary_bg_p05": 78.81409301757813,
  "summary_bg_p95": 290.7237731933593,
  "summary_bg_stdv": 91.8967056274414,
  "summary_fg_k": 1.8229955312568125,
  "summary_fg_mad": 155.33850725911284,
  "summary_fg_mean": 498.6517639160156,
  "summary_fg_median": 468.9228820800781,
  "summary_fg_n": 101896.0,
  "summary_fg_p05": 263.75108337402344,
  "summary_fg_p95": 823.0946807861328,
  "summary_fg_stdv": 176.85015869140625,
  "tsnr": 15.507026311417576
}