{
  "aor": 0.0021040308370044052,
  "aqi": 0.01880487511013216,
  "bids_meta": {
    "AcquisitionMatrixPE": 100,
    "AcquisitionNumber": 1,
    "AcquisitionTime": "11:38:18.725000",
    "BandwidthPerPixelPhaseEncode": 14.493,
    "BaseResolution": 100,
    "CoilString": "C:HEA;HEP",
    "ConversionSoftware": "dcm2niix",
    "ConversionSoftwareVersion": "v1.0.20181114  GCC7.3.0",
    "DerivedVendorReportedEchoSpacing": 0.000689988,
    "DeviceSerialNumber": "35383",
    "DwellTime": 2.6e-06,
    "EchoNumber": 1,
    "EchoTime": 0.041,
    "EffectiveEchoSpacing": 0.000689988,
    "FlipAngle": 70,
    "ImageOrientationPatientDICOM": [
      0.999962,
      -9.13766e-05,
      0.00872558,
      -4.31112e-09,
      0.999945,
      0.0104722
    ],
    "ImageType": [
      "ORIGINAL",
      "PRIMARY",
      "M",
      "ND",
      "MOSAIC"
    ],
    "ImagingFrequency": 123.228,
    "InPlanePhaseEncodingDirectionDICOM": "COL",
    "InstitutionAddress": "Rue_Michel-Servet_1_Geneve_District_CH_1211",
    "InstitutionName": "BBL_-_University_of_Geneva",
    "InstitutionalDepartmentName": "Department",
    "MRAcquisitionType": "2D",
    "MagneticFieldStrength": 3,
    "Manufacturer": "Siemens",
    "ManufacturersModelName": "TrioTim",
    "Modality": "MR",
    "PartialFourier": 1,
    "PatientPosition": "HFS",
    "PercentPhaseFOV": 100,
    "PhaseEncodingDirection": "j-",
    "PhaseEncodingSteps": 100,
    "PhaseResolution": 1,
    "PixelBandwidth": 1923,
    "ProcedureStepDescription": "CISA_fMRI",
    "ProtocolName": "RUN_1_TR2400_TE41_1800um",
    "PulseSequenceDetails": "%CustomerSeq%_cmrr_mbep2d_bold",
    "ReceiveCoilName": "32Ch_Head",
    "ReconMatrixPE": 100,
    "RepetitionTime": 2.4,
    "SAR": 0.0726687,
    "ScanOptions": "FS",
    "ScanningSequence": "EP",
    "SequenceName": "epfid2d1_100",
    "SequenceVariant": "SK_SS",
    "SeriesDescription": "RUN_1_TR2400_TE41_1800um",
    "SeriesNumber": 7,
    "ShimSetting": [
      -13833,
      8980,
      19560,
      782,
      151,
      328,
      109,
      -246
    ],
    "SliceThickness": 1.8,
    "SliceTiming": [
      1.205,
      0,
      1.2975,
      0.0925,
      1.39,
      0.185,
      1.4825,
      0.2775,
      1.575,
      0.37,
      1.6675,
      0.4625,
      1.76,
      0.555,
      1.8525,
      0.6475,
      1.945,
      0.7425,
      2.0375,
      0.835,
      2.1325,
      0.9275,
      2.225,
      1.02,
      2.3175,
      1.1125
    ],
    "SoftwareVersions": "syngo_MR_B17",
    "SpacingBetweenSlices": 1.8,
    "StationName": "MRC35383",
    "TaskName": "PIT",
    "TotalReadoutTime": 0.0683088,
    "TxRefAmp": 332.476,
    "dataset": "ds003487",
    "modality": "bold",
    "run_id": 1,
    "session_id": "second",
    "subject_id": "12",
    "task_id": "PIT"
  },
  "dummy_trs": 0,
  "dvars_nstd": 54.554757781236205,
  "dvars_std": 1.1314136803311252,
  "dvars_vstd": 1.0148304939072847,
  "efc": 0.7591046254788406,
  "fber": 34.450618743896484,
  "fd_mean": 0.10256770781273121,
  "fd_num": 25,
  "fd_perc": 5.506607929515418,
  "fwhm_avg": 2.6327778475225725,
  "fwhm_x": 2.451761176060602,
  "fwhm_y": 2.7484445172533594,
  "fwhm_z": 2.6981278492537566,
  "gcor": 0.00760222,
  "gsr_x": -0.017344782128930092,
  "gsr_y": 0.07176733762025833,
  "provenance": {
    "md5sum": "d2e329530ef21a8e762359ff2a62f47c",
    "settings": {
      "fd_thres": 0.2,
      "testing": false
    },
    "software": "mriqc",
    "version": "21.0.0rc2",
    "webapi_port": null,
    "webapi_url": "https://mriqc.nimh.nih.gov/api/v1"
  },
  "size_t": 454,
  "size_x": 100,
  "size_y": 100,
  "size_z": 26,
  "snr": 2.85784880077097,
  "spacing_tr": 2.4000000953674316,
  "spacing_x": 1.7999999523162842,
  "spacing_y": 1.7999999523162842,
  "spacing_z": 1.7999999523162842,
  "summary_bg_k": 11.071359455915976,
  "summary_bg_mad": 13.098506459202675,
  "summary_bg_mean": 107.95269775390625,
  "summary_bg_median": 85.67180633544922,
  "summary_bg_n": 104596.0,
  "summary_bg_p05": 74.13655853271484,
  "summary_bg_p95": 227.6189308166504,
  "summary_bg_stdv": 54.93739700317383,
  "summary_fg_k": 2.1812868840203645,
  "summary_fg_mad": 156.29531234684288,
  "summary_fg_mean": 544.2448120117188,
  "summary_fg_median": 513.9713134765625,
  "summary_fg_n": 101216.0,
  "summary_fg_p05": 318.1018524169922,
  "summary_fg_p95": 872.5990753173828,
  "summary_fg_stdv": 179.84463500976562,
  "tsnr": 23.799955605063587
}