{
  "aor": 0.0008301541850220263,
  "aqi": 0.027234368722466963,
  "bids_meta": {
    "AcquisitionMatrixPE": 100,
    "AcquisitionNumber": 1,
    "AcquisitionTime": "09:43:4.857500",
    "BandwidthPerPixelPhaseEncode": 14.493,
    "BaseResolution": 100,
    "CoilString": "C:HEA;HEP",
    "ConversionSoftware": "dcm2niix",
    "ConversionSoftwareVersion": "v1.0.20181114  GCC7.3.0",
    "DerivedVendorReportedEchoSpacing": 0.000689988,
    "DeviceSerialNumber": "35383",
    "DwellTime": 2.6e-06,
    "EchoNumber": 1,
    "EchoTime": 0.041,
    "EffectiveEchoSpacing": 0.000689988,
    "FlipAngle": 70,
    "ImageOrientationPatientDICOM": [
      0.999945,
      -0.000419983,
      -0.0104549,
      4.67766e-08,
      0.999194,
      -0.040134
    ],
    "ImageType": [
      "ORIGINAL",
      "PRIMARY",
      "M",
      "ND",
      "MOSAIC"
    ],
    "ImagingFrequency": 123.228,
    "InPlanePhaseEncodingDirectionDICOM": "COL",
    "InstitutionAddress": "Rue_Michel-Servet_1_Geneve_District_CH_1211",
    "InstitutionName": "BBL_-_University_of_Geneva",
    "InstitutionalDepartmentName": "Department",
    "MRAcquisitionType": "2D",
    "MagneticFieldStrength": 3,
    "Manufacturer": "Siemens",
    "ManufacturersModelName": "TrioTim",
    "Modality": "MR",
    "PartialFourier": 1,
    "PatientPosition": "HFS",
    "PercentPhaseFOV": 100,
    "PhaseEncodingDirection": "j-",
    "PhaseEncodingSteps": 100,
    "PhaseResolution": 1,
    "PixelBandwidth": 1923,
    "ProcedureStepDescription": "CISA_fMRI",
    "ProtocolName": "RUN_1_TR2400_TE41_1800um",
    "PulseSequenceDetails": "%CustomerSeq%_cmrr_mbep2d_bold",
    "ReceiveCoilName": "32Ch_Head",
    "ReconMatrixPE": 100,
    "RepetitionTime": 2.4,
    "SAR": 0.0712968,
    "ScanOptions": "FS",
    "ScanningSequence": "EP",
    "SequenceName": "epfid2d1_100",
    "SequenceVariant": "SK_SS",
    "SeriesDescription": "RUN_1_TR2400_TE41_1800um",
    "SeriesNumber": 7,
    "ShimSetting": [
      -13904,
      8969,
      19794,
      690,
      -163,
      280,
      575,
      -9
    ],
    "SliceThickness": 1.8,
    "SliceTiming": [
      1.205,
      0,
      1.2975,
      0.0925,
      1.39,
      0.185,
      1.4825,
      0.2775,
      1.575,
      0.37,
      1.6675,
      0.4625,
      1.76,
      0.555,
      1.8525,
      0.6475,
      1.945,
      0.74,
      2.0375,
      0.8325,
      2.13,
      0.925,
      2.2225,
      1.0175,
      2.315,
      1.1125
    ],
    "SoftwareVersions": "syngo_MR_B17",
    "SpacingBetweenSlices": 1.8,
    "StationName": "MRC35383",
    "TaskName": "PIT",
    "TotalReadoutTime": 0.0683088,
    "TxRefAmp": 311.614,
    "dataset": "ds003487",
    "modality": "bold",
    "run_id": 1,
    "session_id": "second",
    "subject_id": "20",
    "task_id": "PIT"
  },
  "dummy_trs": 0,
  "dvars_nstd": 55.89491540611476,
  "dvars_std": 1.0414336039735101,
  "dvars_vstd": 0.9701493168432674,
  "efc": 0.7629019365519861,
  "fber": 32.615943908691406,
  "fd_mean": 0.16806980888182774,
  "fd_num": 135,
  "fd_perc": 29.73568281938326,
  "fwhm_avg": 2.478161122312102,
  "fwhm_x": 2.3143445057536365,
  "fwhm_y": 2.653733403633261,
  "fwhm_z": 2.4664054575494085,
  "gcor": 0.00573887,
  "gsr_x": -0.059325460344552994,
  "gsr_y": 0.11858978867530823,
  "provenance": {
    "md5sum": "d88595ebe73cf259de0022e274771796",
    "settings": {
      "fd_thres": 0.2,
      "testing": false
    },
    "software": "mriqc",
    "version": "21.0.0rc2",
    "webapi_port": null,
    "webapi_url": "https://mriqc.nimh.nih.gov/api/v1"
  },
  "size_t": 454,
  "size_x": 100,
  "size_y": 100,
  "size_z": 26,
  "snr": 3.081990949033037,
  "spacing_tr": 2.4000000953674316,
  "spacing_x": 1.7999999523162842,
  "spacing_y": 1.7999999523162842,
  "spacing_z": 1.8000000715255737,
  "summary_bg_k": 19.699165900049607,
  "summary_bg_mad": 14.035731587519315,
  "summary_bg_mean": 119.60887145996094,
  "summary_bg_median": 88.80615997314453,
  "summary_bg_n": 115044.0,
  "summary_bg_p05": 76.11453247070312,
  "summary_bg_p95": 271.9770736694333,
  "summary_bg_stdv": 80.7685317993164,
  "summary_fg_k": 2.0477750950444076,
  "summary_fg_mad": 152.42067478629767,
  "summary_fg_mean": 548.7882690429688,
  "summary_fg_median": 527.6982421875,
  "summary_fg_n": 91015.0,
  "summary_fg_p05": 316.4889831542969,
  "summary_fg_p95": 856.5012756347656,
  "summary_fg_stdv": 171.21897888183594,
  "tsnr": 21.373232365818694
}