{
  "aor": 0.0038301101321585908,
  "aqi": 0.03350731872246696,
  "bids_meta": {
    "AcquisitionMatrixPE": 100,
    "AcquisitionNumber": 1,
    "AcquisitionTime": "11:43:39.697500",
    "BandwidthPerPixelPhaseEncode": 14.493,
    "BaseResolution": 100,
    "CoilString": "C:HEA;HEP",
    "ConversionSoftware": "dcm2niix",
    "ConversionSoftwareVersion": "v1.0.20181114  GCC7.3.0",
    "DerivedVendorReportedEchoSpacing": 0.000689988,
    "DeviceSerialNumber": "35383",
    "DwellTime": 2.6e-06,
    "EchoNumber": 1,
    "EchoTime": 0.041,
    "EffectiveEchoSpacing": 0.000689988,
    "FlipAngle": 70,
    "ImageOrientationPatientDICOM": [
      1,
      2e-16,
      0,
      -2e-16,
      0.973579,
      -0.228351
    ],
    "ImageType": [
      "ORIGINAL",
      "PRIMARY",
      "M",
      "ND",
      "MOSAIC"
    ],
    "ImagingFrequency": 123.255,
    "InPlanePhaseEncodingDirectionDICOM": "COL",
    "InstitutionAddress": "Rue_Michel-Servet_1_Geneve_District_CH_1211",
    "InstitutionName": "BBL_-_University_of_Geneva",
    "InstitutionalDepartmentName": "Department",
    "MRAcquisitionType": "2D",
    "MagneticFieldStrength": 3,
    "Manufacturer": "Siemens",
    "ManufacturersModelName": "TrioTim",
    "Modality": "MR",
    "PartialFourier": 1,
    "PatientPosition": "HFS",
    "PercentPhaseFOV": 100,
    "PhaseEncodingDirection": "j-",
    "PhaseEncodingSteps": 100,
    "PhaseResolution": 1,
    "PixelBandwidth": 1923,
    "ProcedureStepDescription": "CISA_fMRI",
    "ProtocolName": "RUN_1_TR2400_TE41_1800um",
    "PulseSequenceDetails": "%CustomerSeq%_cmrr_mbep2d_bold",
    "ReceiveCoilName": "32Ch_Head",
    "ReconMatrixPE": 100,
    "RepetitionTime": 2.4,
    "SAR": 0.0808766,
    "ScanOptions": "FS",
    "ScanningSequence": "EP",
    "SequenceName": "epfid2d1_100",
    "SequenceVariant": "SK_SS",
    "SeriesDescription": "RUN_1_TR2400_TE41_1800um",
    "SeriesNumber": 7,
    "ShimSetting": [
      -13854,
      9142,
      19555,
      652,
      636,
      -399,
      -461,
      52
    ],
    "SliceThickness": 1.8,
    "SliceTiming": [
      1.205,
      0,
      1.2975,
      0.0925,
      1.39,
      0.185,
      1.4825,
      0.2775,
      1.575,
      0.37,
      1.6675,
      0.4625,
      1.76,
      0.555,
      1.8525,
      0.6475,
      1.945,
      0.74,
      2.0375,
      0.8325,
      2.13,
      0.9275,
      2.2225,
      1.02,
      2.3175,
      1.1125
    ],
    "SoftwareVersions": "syngo_MR_B17",
    "SpacingBetweenSlices": 1.8,
    "StationName": "MRC35383",
    "TaskName": "PIT",
    "TotalReadoutTime": 0.0683088,
    "TxRefAmp": 549.432,
    "dataset": "ds003487",
    "modality": "bold",
    "run_id": 1,
    "session_id": "second",
    "subject_id": "09",
    "task_id": "PIT"
  },
  "dummy_trs": 0,
  "dvars_nstd": 71.10612573673284,
  "dvars_std": 1.0395907010816785,
  "dvars_vstd": 0.9710183554525385,
  "efc": 0.8052319362236042,
  "fber": 20.933242797851562,
  "fd_mean": 0.22562354341344937,
  "fd_num": 144,
  "fd_perc": 31.718061674008812,
  "fwhm_avg": 2.705379764133039,
  "fwhm_x": 2.5009445106968484,
  "fwhm_y": 2.8463447083527904,
  "fwhm_z": 2.7688500733494776,
  "gcor": 0.0142709,
  "gsr_x": -0.020243339240550995,
  "gsr_y": 0.1183854267001152,
  "provenance": {
    "md5sum": "02bfd52e12a37ee48d22bdef52576f89",
    "settings": {
      "fd_thres": 0.2,
      "testing": false
    },
    "software": "mriqc",
    "version": "21.0.0rc2",
    "webapi_port": null,
    "webapi_url": "https://mriqc.nimh.nih.gov/api/v1"
  },
  "size_t": 454,
  "size_x": 100,
  "size_y": 100,
  "size_z": 26,
  "snr": 2.5568448164109814,
  "spacing_tr": 2.4000000953674316,
  "spacing_x": 1.7999999523162842,
  "spacing_y": 1.7999998331069946,
  "spacing_z": 1.7999999523162842,
  "summary_bg_k": 5.2851494288234075,
  "summary_bg_mad": 36.54254993682653,
  "summary_bg_mean": 137.46060180664062,
  "summary_bg_median": 111.28413391113281,
  "summary_bg_n": 80259.0,
  "summary_bg_p05": 82.700439453125,
  "summary_bg_p95": 287.3663024902339,
  "summary_bg_stdv": 70.12420654296875,
  "summary_fg_k": 4.8345710612036985,
  "summary_fg_mad": 169.4803733117829,
  "summary_fg_mean": 545.856201171875,
  "summary_fg_median": 513.7962646484375,
  "summary_fg_n": 125196.0,
  "summary_fg_p05": 297.6453552246094,
  "summary_fg_p95": 904.4107513427734,
  "summary_fg_stdv": 200.9485321044922,
  "tsnr": 17.111841213540174
}