{
  "aor": 0.0020291169977924945,
  "aqi": 0.0406384821192053,
  "bids_meta": {
    "AcquisitionMatrixPE": 100,
    "AcquisitionNumber": 1,
    "AcquisitionTime": "13:44:57.132500",
    "BandwidthPerPixelPhaseEncode": 14.493,
    "BaseResolution": 100,
    "CoilString": "C:HEA;HEP",
    "ConversionSoftware": "dcm2niix",
    "ConversionSoftwareVersion": "v1.0.20181114  GCC7.3.0",
    "DerivedVendorReportedEchoSpacing": 0.000689988,
    "DeviceSerialNumber": "35383",
    "DwellTime": 2.6e-06,
    "EchoNumber": 1,
    "EchoTime": 0.041,
    "EffectiveEchoSpacing": 0.000689988,
    "FlipAngle": 70,
    "ImageOrientationPatientDICOM": [
      0.996352,
      0.00373586,
      0.0852538,
      5.60726e-08,
      0.999041,
      -0.0437791
    ],
    "ImageType": [
      "ORIGINAL",
      "PRIMARY",
      "M",
      "ND",
      "MOSAIC"
    ],
    "ImagingFrequency": 123.22,
    "InPlanePhaseEncodingDirectionDICOM": "COL",
    "InstitutionAddress": "Rue_Michel-Servet_1_Geneve_District_CH_1211",
    "InstitutionName": "BBL_-_University_of_Geneva",
    "InstitutionalDepartmentName": "Department",
    "MRAcquisitionType": "2D",
    "MagneticFieldStrength": 3,
    "Manufacturer": "Siemens",
    "ManufacturersModelName": "TrioTim",
    "Modality": "MR",
    "PartialFourier": 1,
    "PatientPosition": "HFS",
    "PercentPhaseFOV": 100,
    "PhaseEncodingDirection": "j-",
    "PhaseEncodingSteps": 100,
    "PhaseResolution": 1,
    "PixelBandwidth": 1923,
    "ProcedureStepDescription": "CISA_fMRI",
    "ProtocolName": "RUN_1_TR2400_TE41_1800um",
    "PulseSequenceDetails": "%CustomerSeq%_cmrr_mbep2d_bold",
    "ReceiveCoilName": "32Ch_Head",
    "ReconMatrixPE": 100,
    "RepetitionTime": 2.4,
    "SAR": 0.0949471,
    "ScanOptions": "FS",
    "ScanningSequence": "EP",
    "SequenceName": "epfid2d1_100",
    "SequenceVariant": "SK_SS",
    "SeriesDescription": "RUN_1_TR2400_TE41_1800um",
    "SeriesNumber": 8,
    "ShimSetting": [
      -13858,
      8959,
      19758,
      320,
      -396,
      -438,
      -46,
      111
    ],
    "SliceThickness": 1.8,
    "SliceTiming": [
      1.205,
      0,
      1.2975,
      0.095,
      1.39,
      0.1875,
      1.4825,
      0.28,
      1.5775,
      0.3725,
      1.67,
      0.465,
      1.7625,
      0.5575,
      1.855,
      0.65,
      1.9475,
      0.7425,
      2.04,
      0.835,
      2.1325,
      0.9275,
      2.225,
      1.02,
      2.3175,
      1.1125
    ],
    "SoftwareVersions": "syngo_MR_B17",
    "SpacingBetweenSlices": 1.8,
    "StationName": "MRC35383",
    "TaskName": "PIT",
    "TotalReadoutTime": 0.0683088,
    "TxRefAmp": 401.312,
    "dataset": "ds003487",
    "modality": "bold",
    "run_id": 1,
    "session_id": "second",
    "subject_id": "25",
    "task_id": "PIT"
  },
  "dummy_trs": 1,
  "dvars_nstd": 55.23475938995576,
  "dvars_std": 1.0008062571238936,
  "dvars_vstd": 0.9442396073893814,
  "efc": 0.7783568382480835,
  "fber": 26.494766235351562,
  "fd_mean": 0.14309918572114766,
  "fd_num": 88,
  "fd_perc": 19.426048565121413,
  "fwhm_avg": 2.562583401218611,
  "fwhm_x": 2.3607945069841416,
  "fwhm_y": 2.7114556273846,
  "fwhm_z": 2.6155000692870902,
  "gcor": 0.00506977,
  "gsr_x": -0.02979269064962864,
  "gsr_y": 0.09654161334037781,
  "provenance": {
    "md5sum": "ee11bb6b3c0e5005d45bbd84d4c22e05",
    "settings": {
      "fd_thres": 0.2,
      "testing": false
    },
    "software": "mriqc",
    "version": "21.0.0rc2",
    "webapi_port": null,
    "webapi_url": "https://mriqc.nimh.nih.gov/api/v1"
  },
  "size_t": 453,
  "size_x": 100,
  "size_y": 100,
  "size_z": 26,
  "snr": 2.892897574339788,
  "spacing_tr": 2.4000000953674316,
  "spacing_x": 1.7999999523162842,
  "spacing_y": 1.7999999523162842,
  "spacing_z": 1.7999999523162842,
  "summary_bg_k": 18.518693831682,
  "summary_bg_mad": 16.53444433985805,
  "summary_bg_mean": 121.7541732788086,
  "summary_bg_median": 92.98233795166016,
  "summary_bg_n": 104127.0,
  "summary_bg_p05": 78.07726287841797,
  "summary_bg_p95": 274.7278167724609,
  "summary_bg_stdv": 77.68348693847656,
  "summary_fg_k": 1.8410937404495735,
  "summary_fg_mad": 144.7059219275583,
  "summary_fg_mean": 518.7562255859375,
  "summary_fg_median": 495.94482421875,
  "summary_fg_n": 99965.0,
  "summary_fg_p05": 274.4158935546875,
  "summary_fg_p95": 830.8904907226558,
  "summary_fg_stdv": 171.43446350097656,
  "tsnr": 19.389305384480394
}