{
  "aor": 0.0009736363636363637,
  "aqi": 0.01708795221130221,
  "bids_meta": {
    "AcquisitionMatrixPE": 100,
    "AcquisitionNumber": 1,
    "AcquisitionTime": "14:12:1.905000",
    "BandwidthPerPixelPhaseEncode": 14.493,
    "BaseResolution": 100,
    "CoilString": "C:HEA;HEP",
    "ConversionSoftware": "dcm2niix",
    "ConversionSoftwareVersion": "v1.0.20181114  GCC7.3.0",
    "DerivedVendorReportedEchoSpacing": 0.000689988,
    "DeviceSerialNumber": "35383",
    "DwellTime": 2.6e-06,
    "EchoNumber": 1,
    "EchoTime": 0.041,
    "EffectiveEchoSpacing": 0.000689988,
    "FlipAngle": 70,
    "ImageOrientationPatientDICOM": [
      0.996352,
      0.00373586,
      0.0852538,
      5.60726e-08,
      0.999041,
      -0.0437791
    ],
    "ImageType": [
      "ORIGINAL",
      "PRIMARY",
      "M",
      "ND",
      "MOSAIC"
    ],
    "ImagingFrequency": 123.22,
    "InPlanePhaseEncodingDirectionDICOM": "COL",
    "InstitutionAddress": "Rue_Michel-Servet_1_Geneve_District_CH_1211",
    "InstitutionName": "BBL_-_University_of_Geneva",
    "InstitutionalDepartmentName": "Department",
    "MRAcquisitionType": "2D",
    "MagneticFieldStrength": 3,
    "Manufacturer": "Siemens",
    "ManufacturersModelName": "TrioTim",
    "Modality": "MR",
    "PartialFourier": 1,
    "PatientPosition": "HFS",
    "PercentPhaseFOV": 100,
    "PhaseEncodingDirection": "j-",
    "PhaseEncodingSteps": 100,
    "PhaseResolution": 1,
    "PixelBandwidth": 1923,
    "ProcedureStepDescription": "CISA_fMRI",
    "ProtocolName": "RUN_2_TR2400_TE41_1800um",
    "PulseSequenceDetails": "%CustomerSeq%_cmrr_mbep2d_bold",
    "ReceiveCoilName": "32Ch_Head",
    "ReconMatrixPE": 100,
    "RepetitionTime": 2.4,
    "SAR": 0.0921584,
    "ScanOptions": "FS",
    "ScanningSequence": "EP",
    "SequenceName": "epfid2d1_100",
    "SequenceVariant": "SK_SS",
    "SeriesDescription": "RUN_2_TR2400_TE41_1800um",
    "SeriesNumber": 10,
    "ShimSetting": [
      -13858,
      8959,
      19758,
      320,
      -396,
      -438,
      -46,
      111
    ],
    "SliceThickness": 1.8,
    "SliceTiming": [
      1.205,
      0,
      1.2975,
      0.0925,
      1.39,
      0.185,
      1.4825,
      0.2775,
      1.575,
      0.3725,
      1.6675,
      0.465,
      1.76,
      0.5575,
      1.855,
      0.65,
      1.9475,
      0.7425,
      2.04,
      0.835,
      2.1325,
      0.9275,
      2.225,
      1.02,
      2.3175,
      1.1125
    ],
    "SoftwareVersions": "syngo_MR_B17",
    "SpacingBetweenSlices": 1.8,
    "StationName": "MRC35383",
    "TaskName": "hedonic",
    "TotalReadoutTime": 0.0683088,
    "TxRefAmp": 401.312,
    "dataset": "ds003487",
    "modality": "bold",
    "run_id": 1,
    "session_id": "second",
    "subject_id": "25",
    "task_id": "hedonic"
  },
  "dummy_trs": 1,
  "dvars_nstd": 60.5100901281281,
  "dvars_std": 1.071393371034483,
  "dvars_vstd": 0.9964876900246307,
  "efc": 0.7815066334007208,
  "fber": 25.261232376098633,
  "fd_mean": 0.29266212749733705,
  "fd_num": 243,
  "fd_perc": 59.70515970515971,
  "fwhm_avg": 2.474677843334353,
  "fwhm_x": 2.291283394031615,
  "fwhm_y": 2.564116734592563,
  "fwhm_z": 2.568633401378881,
  "gcor": 0.00507602,
  "gsr_x": -0.04717518761754036,
  "gsr_y": 0.1231323778629303,
  "provenance": {
    "md5sum": "58f20a521cfdc25e42645939ef4d683c",
    "settings": {
      "fd_thres": 0.2,
      "testing": false
    },
    "software": "mriqc",
    "version": "21.0.0rc2",
    "webapi_port": null,
    "webapi_url": "https://mriqc.nimh.nih.gov/api/v1"
  },
  "size_t": 407,
  "size_x": 100,
  "size_y": 100,
  "size_z": 26,
  "snr": 2.9967263579470673,
  "spacing_tr": 2.4000000953674316,
  "spacing_x": 1.7999999523162842,
  "spacing_y": 1.7999999523162842,
  "spacing_z": 1.7999999523162842,
  "summary_bg_k": 17.46899133473289,
  "summary_bg_mad": 20.060663818467248,
  "summary_bg_mean": 134.25013732910156,
  "summary_bg_median": 95.52579498291016,
  "summary_bg_n": 111586.0,
  "summary_bg_p05": 79.15786361694336,
  "summary_bg_p95": 345.3304672241211,
  "summary_bg_stdv": 99.27713012695312,
  "summary_fg_k": 1.8595700007447986,
  "summary_fg_mad": 138.93839659804945,
  "summary_fg_mean": 517.4851684570312,
  "summary_fg_median": 491.9385681152344,
  "summary_fg_n": 96731.0,
  "summary_fg_p05": 297.62652587890625,
  "summary_fg_p95": 821.0921325683594,
  "summary_fg_stdv": 164.15780639648438,
  "tsnr": 23.52115188539028
}