{
  "aor": 0.00045859030837004406,
  "aqi": 0.02308442004405286,
  "bids_meta": {
    "AcquisitionMatrixPE": 100,
    "AcquisitionNumber": 1,
    "AcquisitionTime": "09:59:49.705000",
    "BandwidthPerPixelPhaseEncode": 14.493,
    "BaseResolution": 100,
    "CoilString": "C:HEA;HEP",
    "ConversionSoftware": "dcm2niix",
    "ConversionSoftwareVersion": "v1.0.20181114  GCC7.3.0",
    "DerivedVendorReportedEchoSpacing": 0.000689988,
    "DeviceSerialNumber": "35383",
    "DwellTime": 2.6e-06,
    "EchoNumber": 1,
    "EchoTime": 0.041,
    "EffectiveEchoSpacing": 0.000689988,
    "FlipAngle": 70,
    "ImageOrientationPatientDICOM": [
      0.999521,
      0.00537412,
      0.0304632,
      9.47335e-09,
      0.984793,
      -0.173731
    ],
    "ImageType": [
      "ORIGINAL",
      "PRIMARY",
      "M",
      "ND",
      "MOSAIC"
    ],
    "ImagingFrequency": 123.255,
    "InPlanePhaseEncodingDirectionDICOM": "COL",
    "InstitutionAddress": "Rue_Michel-Servet_1_Geneve_District_CH_1211",
    "InstitutionName": "BBL_-_University_of_Geneva",
    "InstitutionalDepartmentName": "Department",
    "MRAcquisitionType": "2D",
    "MagneticFieldStrength": 3,
    "Manufacturer": "Siemens",
    "ManufacturersModelName": "TrioTim",
    "Modality": "MR",
    "PartialFourier": 1,
    "PatientPosition": "HFS",
    "PercentPhaseFOV": 100,
    "PhaseEncodingDirection": "j-",
    "PhaseEncodingSteps": 100,
    "PhaseResolution": 1,
    "PixelBandwidth": 1923,
    "ProcedureStepDescription": "CISA_fMRI",
    "ProtocolName": "RUN_1_TR2400_TE41_1800um",
    "PulseSequenceDetails": "%CustomerSeq%_cmrr_mbep2d_bold",
    "ReceiveCoilName": "32Ch_Head",
    "ReconMatrixPE": 100,
    "RepetitionTime": 2.4,
    "SAR": 0.0999811,
    "ScanOptions": "FS",
    "ScanningSequence": "EP",
    "SequenceName": "epfid2d1_100",
    "SequenceVariant": "SK_SS",
    "SeriesDescription": "RUN_1_TR2400_TE41_1800um",
    "SeriesNumber": 8,
    "ShimSetting": [
      -13808,
      9042,
      19727,
      451,
      405,
      -572,
      -156,
      -73
    ],
    "SliceThickness": 1.8,
    "SliceTiming": [
      1.205,
      0,
      1.2975,
      0.0925,
      1.39,
      0.185,
      1.4825,
      0.2775,
      1.575,
      0.3725,
      1.6675,
      0.465,
      1.7625,
      0.5575,
      1.855,
      0.65,
      1.9475,
      0.7425,
      2.04,
      0.835,
      2.1325,
      0.9275,
      2.225,
      1.02,
      2.3175,
      1.1125
    ],
    "SoftwareVersions": "syngo_MR_B17",
    "SpacingBetweenSlices": 1.8,
    "StationName": "MRC35383",
    "TaskName": "PIT",
    "TotalReadoutTime": 0.0683088,
    "TxRefAmp": 539.395,
    "dataset": "ds003487",
    "modality": "bold",
    "run_id": 1,
    "session_id": "second",
    "subject_id": "06",
    "task_id": "PIT"
  },
  "dummy_trs": 0,
  "dvars_nstd": 59.16503389220754,
  "dvars_std": 1.0226192697130243,
  "dvars_vstd": 0.9649801502649009,
  "efc": 0.7985176930355371,
  "fber": 20.7261905670166,
  "fd_mean": 0.19759647217713144,
  "fd_num": 198,
  "fd_perc": 43.61233480176212,
  "fwhm_avg": 2.750150011769026,
  "fwhm_x": 2.519138955623281,
  "fwhm_y": 2.96425007852581,
  "fwhm_z": 2.7670610011579857,
  "gcor": 0.00578462,
  "gsr_x": -0.051945846527814865,
  "gsr_y": 0.1278735250234604,
  "provenance": {
    "md5sum": "e720c52d07f03c6a21c7b43eff9459c6",
    "settings": {
      "fd_thres": 0.2,
      "testing": false
    },
    "software": "mriqc",
    "version": "21.0.0rc2",
    "webapi_port": null,
    "webapi_url": "https://mriqc.nimh.nih.gov/api/v1"
  },
  "size_t": 454,
  "size_x": 100,
  "size_y": 100,
  "size_z": 26,
  "snr": 2.8332235681995357,
  "spacing_tr": 2.4000000953674316,
  "spacing_x": 1.7999999523162842,
  "spacing_y": 1.7999999523162842,
  "spacing_z": 1.8000000715255737,
  "summary_bg_k": 22.5806503600918,
  "summary_bg_mad": 23.192603317138314,
  "summary_bg_mean": 124.06425476074219,
  "summary_bg_median": 97.34580993652344,
  "summary_bg_n": 93546.0,
  "summary_bg_p05": 79.19438171386719,
  "summary_bg_p95": 256.09358978271484,
  "summary_bg_stdv": 72.50988006591797,
  "summary_fg_k": 0.6679930740557056,
  "summary_fg_mad": 146.13427487665507,
  "summary_fg_mean": 470.21746826171875,
  "summary_fg_median": 456.5946960449219,
  "summary_fg_n": 108583.0,
  "summary_fg_p05": 213.43391876220704,
  "summary_fg_p95": 752.2352172851562,
  "summary_fg_stdv": 161.1565704345703,
  "tsnr": 19.45623155735666
}