{
  "aor": 0.0020140640394088667,
  "aqi": 0.02168882192118227,
  "bids_meta": {
    "AcquisitionMatrixPE": 100,
    "AcquisitionNumber": 1,
    "AcquisitionTime": "10:26:23.312500",
    "BandwidthPerPixelPhaseEncode": 14.493,
    "BaseResolution": 100,
    "CoilString": "C:HEA;HEP",
    "ConversionSoftware": "dcm2niix",
    "ConversionSoftwareVersion": "v1.0.20181114  GCC7.3.0",
    "DerivedVendorReportedEchoSpacing": 0.000689988,
    "DeviceSerialNumber": "35383",
    "DwellTime": 2.6e-06,
    "EchoNumber": 1,
    "EchoTime": 0.041,
    "EffectiveEchoSpacing": 0.000689988,
    "FlipAngle": 70,
    "ImageOrientationPatientDICOM": [
      0.999521,
      0.00537412,
      0.0304632,
      9.47335e-09,
      0.984793,
      -0.173731
    ],
    "ImageType": [
      "ORIGINAL",
      "PRIMARY",
      "M",
      "ND",
      "MOSAIC"
    ],
    "ImagingFrequency": 123.255,
    "InPlanePhaseEncodingDirectionDICOM": "COL",
    "InstitutionAddress": "Rue_Michel-Servet_1_Geneve_District_CH_1211",
    "InstitutionName": "BBL_-_University_of_Geneva",
    "InstitutionalDepartmentName": "Department",
    "MRAcquisitionType": "2D",
    "MagneticFieldStrength": 3,
    "Manufacturer": "Siemens",
    "ManufacturersModelName": "TrioTim",
    "Modality": "MR",
    "PartialFourier": 1,
    "PatientPosition": "HFS",
    "PercentPhaseFOV": 100,
    "PhaseEncodingDirection": "j-",
    "PhaseEncodingSteps": 100,
    "PhaseResolution": 1,
    "PixelBandwidth": 1923,
    "ProcedureStepDescription": "CISA_fMRI",
    "ProtocolName": "RUN_2_TR2400_TE41_1800um",
    "PulseSequenceDetails": "%CustomerSeq%_cmrr_mbep2d_bold",
    "ReceiveCoilName": "32Ch_Head",
    "ReconMatrixPE": 100,
    "RepetitionTime": 2.4,
    "SAR": 0.0999813,
    "ScanOptions": "FS",
    "ScanningSequence": "EP",
    "SequenceName": "epfid2d1_100",
    "SequenceVariant": "SK_SS",
    "SeriesDescription": "RUN_2_TR2400_TE41_1800um",
    "SeriesNumber": 10,
    "ShimSetting": [
      -13808,
      9042,
      19727,
      451,
      405,
      -572,
      -156,
      -73
    ],
    "SliceThickness": 1.8,
    "SliceTiming": [
      1.205,
      0,
      1.2975,
      0.0925,
      1.39,
      0.185,
      1.4825,
      0.2775,
      1.575,
      0.37,
      1.6675,
      0.4625,
      1.76,
      0.555,
      1.8525,
      0.6475,
      1.945,
      0.74,
      2.0375,
      0.8325,
      2.13,
      0.9275,
      2.2225,
      1.02,
      2.315,
      1.1125
    ],
    "SoftwareVersions": "syngo_MR_B17",
    "SpacingBetweenSlices": 1.8,
    "StationName": "MRC35383",
    "TaskName": "hedonic",
    "TotalReadoutTime": 0.0683088,
    "TxRefAmp": 539.395,
    "dataset": "ds003487",
    "modality": "bold",
    "run_id": 1,
    "session_id": "second",
    "subject_id": "06",
    "task_id": "hedonic"
  },
  "dummy_trs": 1,
  "dvars_nstd": 62.0098334418024,
  "dvars_std": 1.0952754045432103,
  "dvars_vstd": 1.011094060395061,
  "efc": 0.7989017788045398,
  "fber": 20.02565574645996,
  "fd_mean": 0.22569109199384468,
  "fd_num": 185,
  "fd_perc": 45.566502463054185,
  "fwhm_avg": 2.739846308669389,
  "fwhm_x": 2.541200067318812,
  "fwhm_y": 2.951005633730508,
  "fwhm_z": 2.7273332249588482,
  "gcor": 0.00408566,
  "gsr_x": -0.033238716423511505,
  "gsr_y": 0.1280708760023117,
  "provenance": {
    "md5sum": "e4d56a47d15181db832f2181319d599b",
    "settings": {
      "fd_thres": 0.2,
      "testing": false
    },
    "software": "mriqc",
    "version": "21.0.0rc2",
    "webapi_port": null,
    "webapi_url": "https://mriqc.nimh.nih.gov/api/v1"
  },
  "size_t": 406,
  "size_x": 100,
  "size_y": 100,
  "size_z": 26,
  "snr": 2.8466118105734735,
  "spacing_tr": 2.4000000953674316,
  "spacing_x": 1.7999999523162842,
  "spacing_y": 1.7999999523162842,
  "spacing_z": 1.8000000715255737,
  "summary_bg_k": 6.643914651192377,
  "summary_bg_mad": 27.324065244223828,
  "summary_bg_mean": 123.59524536132812,
  "summary_bg_median": 99.97413635253906,
  "summary_bg_n": 92238.0,
  "summary_bg_p05": 79.05171966552734,
  "summary_bg_p95": 250.56415557861317,
  "summary_bg_stdv": 60.38217544555664,
  "summary_fg_k": 0.6130542720791334,
  "summary_fg_mad": 147.06243960780816,
  "summary_fg_mean": 470.794677734375,
  "summary_fg_median": 457.06524658203125,
  "summary_fg_n": 108918.0,
  "summary_fg_p05": 215.390877532959,
  "summary_fg_p95": 752.7284118652343,
  "summary_fg_stdv": 160.5639190673828,
  "tsnr": 19.86387981660664
}