{
  "aor": 0.0008304625550660793,
  "aqi": 0.032550799779735684,
  "bids_meta": {
    "AcquisitionMatrixPE": 100,
    "AcquisitionNumber": 1,
    "AcquisitionTime": "18:43:11.440000",
    "BandwidthPerPixelPhaseEncode": 14.493,
    "BaseResolution": 100,
    "CoilString": "C:HEA;HEP",
    "ConversionSoftware": "dcm2niix",
    "ConversionSoftwareVersion": "v1.0.20181114  GCC7.3.0",
    "DerivedVendorReportedEchoSpacing": 0.000689988,
    "DeviceSerialNumber": "35383",
    "DwellTime": 2.6e-06,
    "EchoNumber": 1,
    "EchoTime": 0.041,
    "EffectiveEchoSpacing": 0.000689988,
    "FlipAngle": 70,
    "ImageOrientationPatientDICOM": [
      0.999339,
      0.00462143,
      0.0360517,
      9.17928e-10,
      0.991884,
      -0.127149
    ],
    "ImageType": [
      "ORIGINAL",
      "PRIMARY",
      "M",
      "ND",
      "MOSAIC"
    ],
    "ImagingFrequency": 123.228,
    "InPlanePhaseEncodingDirectionDICOM": "COL",
    "InstitutionAddress": "Rue_Michel-Servet_1_Geneve_District_CH_1211",
    "InstitutionName": "BBL_-_University_of_Geneva",
    "InstitutionalDepartmentName": "Department",
    "MRAcquisitionType": "2D",
    "MagneticFieldStrength": 3,
    "Manufacturer": "Siemens",
    "ManufacturersModelName": "TrioTim",
    "Modality": "MR",
    "PartialFourier": 1,
    "PatientPosition": "HFS",
    "PercentPhaseFOV": 100,
    "PhaseEncodingDirection": "j-",
    "PhaseEncodingSteps": 100,
    "PhaseResolution": 1,
    "PixelBandwidth": 1923,
    "ProcedureStepDescription": "CISA_fMRI",
    "ProtocolName": "RUN_1_TR2400_TE41_1800um",
    "PulseSequenceDetails": "%CustomerSeq%_cmrr_mbep2d_bold",
    "ReceiveCoilName": "32Ch_Head",
    "ReconMatrixPE": 100,
    "RepetitionTime": 2.4,
    "SAR": 0.0738687,
    "ScanOptions": "FS",
    "ScanningSequence": "EP",
    "SequenceName": "epfid2d1_100",
    "SequenceVariant": "SK_SS",
    "SeriesDescription": "RUN_1_TR2400_TE41_1800um",
    "SeriesNumber": 7,
    "ShimSetting": [
      -13808,
      8943,
      19721,
      626,
      54,
      -757,
      55,
      -44
    ],
    "SliceThickness": 1.8,
    "SliceTiming": [
      1.205,
      0,
      1.2975,
      0.0925,
      1.39,
      0.185,
      1.4825,
      0.2775,
      1.575,
      0.37,
      1.6675,
      0.4625,
      1.76,
      0.555,
      1.8525,
      0.6475,
      1.945,
      0.7425,
      2.0375,
      0.835,
      2.13,
      0.9275,
      2.225,
      1.02,
      2.3175,
      1.1125
    ],
    "SoftwareVersions": "syngo_MR_B17",
    "SpacingBetweenSlices": 1.8,
    "StationName": "MRC35383",
    "TaskName": "PIT",
    "TotalReadoutTime": 0.0683088,
    "TxRefAmp": 321.01,
    "dataset": "ds003487",
    "modality": "bold",
    "run_id": 1,
    "session_id": "second",
    "subject_id": "14",
    "task_id": "PIT"
  },
  "dummy_trs": 0,
  "dvars_nstd": 52.31113907935983,
  "dvars_std": 1.0237593133995586,
  "dvars_vstd": 0.9573390307947023,
  "efc": 0.7570410380908514,
  "fber": 33.454612731933594,
  "fd_mean": 0.12995442105950794,
  "fd_num": 86,
  "fd_perc": 18.94273127753304,
  "fwhm_avg": 2.454424139094109,
  "fwhm_x": 2.32950561726638,
  "fwhm_y": 2.592038957554472,
  "fwhm_z": 2.441727842461476,
  "gcor": 0.00510433,
  "gsr_x": -0.04179627075791359,
  "gsr_y": 0.09670903533697128,
  "provenance": {
    "md5sum": "60b9a1a2c0655c529f5ad4962fdfdf6c",
    "settings": {
      "fd_thres": 0.2,
      "testing": false
    },
    "software": "mriqc",
    "version": "21.0.0rc2",
    "webapi_port": null,
    "webapi_url": "https://mriqc.nimh.nih.gov/api/v1"
  },
  "size_t": 454,
  "size_x": 100,
  "size_y": 100,
  "size_z": 26,
  "snr": 3.1854054211797784,
  "spacing_tr": 2.4000000953674316,
  "spacing_x": 1.7999999523162842,
  "spacing_y": 1.7999999523162842,
  "spacing_z": 1.7999999523162842,
  "summary_bg_k": 33.78023565933664,
  "summary_bg_mad": 11.746527794311138,
  "summary_bg_mean": 111.22357940673828,
  "summary_bg_median": 84.0506591796875,
  "summary_bg_n": 116807.0,
  "summary_bg_p05": 73.09911346435547,
  "summary_bg_p95": 244.18500976562493,
  "summary_bg_stdv": 73.06471252441406,
  "summary_fg_k": 1.8718556314009973,
  "summary_fg_mad": 140.0634694363478,
  "summary_fg_mean": 515.0971069335938,
  "summary_fg_median": 495.28192138671875,
  "summary_fg_n": 91525.0,
  "summary_fg_p05": 300.4118957519531,
  "summary_fg_p95": 790.6783813476563,
  "summary_fg_stdv": 155.48388671875,
  "tsnr": 19.898941374849528
}