{
  "bids_meta": {
    "AcquisitionMatrixPE": 256,
    "AcquisitionNumber": 1,
    "AcquisitionTime": "15:44:38.885000",
    "BaseResolution": 256,
    "CoilString": "C:HEA;HEP",
    "ConversionSoftware": "dcm2niix",
    "ConversionSoftwareVersion": "v1.0.20181114  GCC7.3.0",
    "DeviceSerialNumber": "35383",
    "DwellTime": 1.03e-05,
    "EchoNumber": 1,
    "EchoTime": 0.00227,
    "FlipAngle": 9,
    "ImageOrientationPatientDICOM": [
      -0.0348995,
      0.999391,
      -3.8373e-09,
      0.00348849,
      0.000121817,
      -0.999994
    ],
    "ImageType": [
      "ORIGINAL",
      "PRIMARY",
      "M",
      "ND",
      "NORM"
    ],
    "ImagingFrequency": 123.255,
    "InPlanePhaseEncodingDirectionDICOM": "ROW",
    "InstitutionAddress": "Rue_Michel-Servet_1_Geneve_District_CH_1211",
    "InstitutionName": "BBL_-_University_of_Geneva",
    "InstitutionalDepartmentName": "Department",
    "InversionTime": 0.9,
    "MRAcquisitionType": "3D",
    "MagneticFieldStrength": 3,
    "Manufacturer": "Siemens",
    "ManufacturersModelName": "TrioTim",
    "Modality": "MR",
    "PartialFourier": 1,
    "PatientPosition": "HFS",
    "PercentPhaseFOV": 100,
    "PhaseEncodingSteps": 294,
    "PhaseOversampling": 0.15,
    "PhaseResolution": 1,
    "PixelBandwidth": 190,
    "ProcedureStepDescription": "CISA_fMRI",
    "ProtocolName": "T1",
    "PulseSequenceDetails": "%SiemensSeq%_tfl",
    "ReceiveCoilName": "32Ch_Head",
    "ReconMatrixPE": 256,
    "RepetitionTime": 1.9,
    "SAR": 0.149852,
    "ScanOptions": "IR",
    "ScanningSequence": "GR_IR",
    "SequenceName": "_tfl3d1_ns",
    "SequenceVariant": "SP_MP_OSP",
    "SeriesDescription": "T1",
    "SeriesNumber": 8,
    "ShimSetting": [
      -13850,
      9050,
      19176,
      -140,
      270,
      -85,
      30,
      50
    ],
    "SliceThickness": 1,
    "SoftwareVersions": "syngo_MR_B17",
    "StationName": "MRC35383",
    "TxRefAmp": 547.086,
    "dataset": "ds003487",
    "modality": "T1w",
    "run_id": 1,
    "session_id": "second",
    "subject_id": "04"
  },
  "cjv": 0.5133972369974155,
  "cnr": 2.4219379505296406,
  "efc": 0.595772896869824,
  "fber": 9190.571781100305,
  "fwhm_avg": 3.8964,
  "fwhm_x": 3.86467,
  "fwhm_y": 3.89153,
  "fwhm_z": 3.933,
  "icvs_csf": 0.2182924574234266,
  "icvs_gm": 0.40473622942967186,
  "icvs_wm": 0.3769713131469016,
  "inu_med": 1.0086426734924316,
  "inu_range": 0.2917892575263976,
  "provenance": {
    "md5sum": "fe93958dd6cbf7a956b909d5dfbd0114",
    "settings": {
      "testing": false
    },
    "software": "mriqc",
    "version": "21.0.0rc2",
    "warnings": {
      "large_rot_frame": true,
      "small_air_mask": false
    },
    "webapi_port": null,
    "webapi_url": "https://mriqc.nimh.nih.gov/api/v1"
  },
  "qi_1": 0.0,
  "qi_2": 0.02051141705381148,
  "rpve_csf": 23.275246856495084,
  "rpve_gm": 12.803829387215405,
  "rpve_wm": 16.600258068631373,
  "size_x": 192,
  "size_y": 256,
  "size_z": 256,
  "snr_csf": 3.8377045293588696,
  "snr_gm": 10.466660029853843,
  "snr_total": 12.150280792674183,
  "snr_wm": 22.146477818809835,
  "snrd_csf": 40.29755324841644,
  "snrd_gm": 90.26802814445357,
  "snrd_total": 81.75010902597312,
  "snrd_wm": 114.68474568504932,
  "spacing_x": 1.0,
  "spacing_y": 1.0,
  "spacing_z": 1.0,
  "summary_bg_k": 9.168337923674818,
  "summary_bg_mad": 5.71249812813237,
  "summary_bg_mean": 5.778434775249942,
  "summary_bg_median": 3.8530214354395866,
  "summary_bg_n": 1963185.0,
  "summary_bg_p05": 0.0,
  "summary_bg_p95": 15.600038006901741,
  "summary_bg_stdv": 5.810264897714732,
  "summary_csf_k": 0.8194975469964478,
  "summary_csf_mad": 77.32771856374306,
  "summary_csf_mean": 372.94536706087626,
  "summary_csf_median": 351.37675968557596,
  "summary_csf_n": 31399.0,
  "summary_csf_p05": 259.46810203045607,
  "summary_csf_p95": 557.5603945478797,
  "summary_csf_stdv": 91.55763858407225,
  "summary_gm_k": 0.3783895252666496,
  "summary_gm_mad": 69.316288262094,
  "summary_gm_mean": 792.2959120480499,
  "summary_gm_median": 787.0970983542502,
  "summary_gm_n": 21842.0,
  "summary_gm_p05": 677.4739397093654,
  "summary_gm_p95": 930.3590136531741,
  "summary_gm_stdv": 75.19868591612102,
  "summary_wm_k": 1.0313771234738223,
  "summary_wm_mad": 39.98748689692659,
  "summary_wm_mean": 1001.9888405580083,
  "summary_wm_median": 1000.0000266954303,
  "summary_wm_n": 241557.0,
  "summary_wm_p05": 931.3034737855196,
  "summary_wm_p95": 1080.5375723093748,
  "summary_wm_stdv": 45.15381474967866,
  "tpm_overlap_csf": 0.1679607629776001,
  "tpm_overlap_gm": 0.4289199709892273,
  "tpm_overlap_wm": 0.49015551805496216,
  "wm2max": 0.36831539233671384
}