{
  "bids_meta": {
    "AcquisitionMatrixPE": 256,
    "AcquisitionNumber": 1,
    "AcquisitionTime": "09:57:48.902500",
    "BaseResolution": 256,
    "CoilString": "C:HEA;HEP",
    "ConversionSoftware": "dcm2niix",
    "ConversionSoftwareVersion": "v1.0.20181114  GCC7.3.0",
    "DeviceSerialNumber": "35383",
    "DwellTime": 1.03e-05,
    "EchoNumber": 1,
    "EchoTime": 0.00227,
    "FlipAngle": 9,
    "ImageOrientationPatientDICOM": [
      1e-16,
      1,
      0,
      0.0627905,
      -1e-16,
      -0.998027
    ],
    "ImageType": [
      "ORIGINAL",
      "PRIMARY",
      "M",
      "ND",
      "NORM"
    ],
    "ImagingFrequency": 123.228,
    "InPlanePhaseEncodingDirectionDICOM": "ROW",
    "InstitutionAddress": "Rue_Michel-Servet_1_Geneve_District_CH_1211",
    "InstitutionName": "BBL_-_University_of_Geneva",
    "InstitutionalDepartmentName": "Department",
    "InversionTime": 0.9,
    "MRAcquisitionType": "3D",
    "MagneticFieldStrength": 3,
    "Manufacturer": "Siemens",
    "ManufacturersModelName": "TrioTim",
    "Modality": "MR",
    "PartialFourier": 1,
    "PatientPosition": "HFS",
    "PercentPhaseFOV": 100,
    "PhaseEncodingSteps": 294,
    "PhaseOversampling": 0.15,
    "PhaseResolution": 1,
    "PixelBandwidth": 190,
    "ProcedureStepDescription": "CISA_fMRI",
    "ProtocolName": "T1",
    "PulseSequenceDetails": "%SiemensSeq%_tfl",
    "ReceiveCoilName": "32Ch_Head",
    "ReconMatrixPE": 256,
    "RepetitionTime": 1.9,
    "SAR": 0.130018,
    "ScanOptions": "IR",
    "ScanningSequence": "GR_IR",
    "SequenceName": "_tfl3d1_ns",
    "SequenceVariant": "SP_MP_OSP",
    "SeriesDescription": "T1",
    "SeriesNumber": 8,
    "ShimSetting": [
      -13868,
      8977,
      19243,
      44,
      61,
      23,
      -27,
      -27
    ],
    "SliceThickness": 1,
    "SoftwareVersions": "syngo_MR_B17",
    "StationName": "MRC35383",
    "TxRefAmp": 321.537,
    "dataset": "ds003487",
    "modality": "T1w",
    "run_id": 1,
    "session_id": "second",
    "subject_id": "11"
  },
  "cjv": 0.4835115662036528,
  "cnr": 2.7751000044276366,
  "efc": 0.6093572267054365,
  "fber": 13164.243494296838,
  "fwhm_avg": 3.8547,
  "fwhm_x": 3.85729,
  "fwhm_y": 3.803,
  "fwhm_z": 3.90381,
  "icvs_csf": 0.1857365880899096,
  "icvs_gm": 0.42480346963590837,
  "icvs_wm": 0.38945994227418207,
  "inu_med": 1.1722540855407715,
  "inu_range": 0.33621978759765625,
  "provenance": {
    "md5sum": "93f2f1130e1f1a8ffbc8acdfb1b411fd",
    "settings": {
      "testing": false
    },
    "software": "mriqc",
    "version": "21.0.0rc2",
    "warnings": {
      "large_rot_frame": true,
      "small_air_mask": false
    },
    "webapi_port": null,
    "webapi_url": "https://mriqc.nimh.nih.gov/api/v1"
  },
  "qi_1": 0.0,
  "qi_2": 0.010887687216002534,
  "rpve_csf": 30.80635336039093,
  "rpve_gm": 14.61607276260975,
  "rpve_wm": 19.023798041449943,
  "size_x": 192,
  "size_y": 256,
  "size_z": 256,
  "snr_csf": 3.3986811548839575,
  "snr_gm": 13.15630765814498,
  "snr_total": 14.014315299772832,
  "snr_wm": 25.48795708628956,
  "snrd_csf": 54.517286951847694,
  "snrd_gm": 104.10021628697969,
  "snrd_total": 96.31203243671574,
  "snrd_wm": 130.3185940713198,
  "spacing_x": 1.0,
  "spacing_y": 1.0,
  "spacing_z": 1.0,
  "summary_bg_k": 8.564864051727254,
  "summary_bg_mad": 5.027474567082941,
  "summary_bg_mean": 5.613668987746221,
  "summary_bg_median": 3.390980064868927,
  "summary_bg_n": 1348669.0,
  "summary_bg_p05": 0.0,
  "summary_bg_p95": 16.78535132110119,
  "summary_bg_stdv": 5.486293332470193,
  "summary_csf_k": 0.15991894841547794,
  "summary_csf_mad": 135.69991768984704,
  "summary_csf_mean": 437.4842704505738,
  "summary_csf_median": 418.36216550320387,
  "summary_csf_n": 15852.0,
  "summary_csf_p05": 268.514756436646,
  "summary_csf_p95": 648.5503697566687,
  "summary_csf_stdv": 123.09156121172322,
  "summary_gm_k": 0.01882078965498435,
  "summary_gm_mad": 60.24590356221058,
  "summary_gm_mean": 799.9291239067506,
  "summary_gm_median": 798.8583869487047,
  "summary_gm_n": 24825.0,
  "summary_gm_p05": 701.8876603603363,
  "summary_gm_p95": 901.1529522389174,
  "summary_gm_stdv": 60.71933841527325,
  "summary_wm_k": 0.712269802368223,
  "summary_wm_mad": 37.03572931084433,
  "summary_wm_mean": 1001.4245366297702,
  "summary_wm_median": 1000.056537464261,
  "summary_wm_n": 204288.0,
  "summary_wm_p05": 940.2057393193245,
  "summary_wm_p95": 1067.3109754174948,
  "summary_wm_stdv": 39.236337632401835,
  "tpm_overlap_csf": 0.17202594876289368,
  "tpm_overlap_gm": 0.44106945395469666,
  "tpm_overlap_wm": 0.5009734630584717,
  "wm2max": 0.38721607072519587
}