{
  "aor": 0.0035594376528117356,
  "aqi": 0.04898713838630807,
  "bids_meta": {
    "AcquisitionMatrixPE": 100,
    "AcquisitionNumber": 1,
    "AcquisitionTime": "11:11:55.522500",
    "BandwidthPerPixelPhaseEncode": 14.493,
    "BaseResolution": 100,
    "CoilString": "C:HEA;HEP",
    "ConversionSoftware": "dcm2niix",
    "ConversionSoftwareVersion": "v1.0.20181114  GCC7.3.0",
    "DerivedVendorReportedEchoSpacing": 0.000689988,
    "DeviceSerialNumber": "35383",
    "DwellTime": 2.6e-06,
    "EchoNumber": 1,
    "EchoTime": 0.041,
    "EffectiveEchoSpacing": 0.000689988,
    "FlipAngle": 70,
    "ImageOrientationPatientDICOM": [
      0.99815,
      -0.00552049,
      -0.0605461,
      6.45415e-08,
      0.995869,
      -0.0908005
    ],
    "ImageType": [
      "ORIGINAL",
      "PRIMARY",
      "M",
      "ND",
      "MOSAIC"
    ],
    "ImagingFrequency": 123.22,
    "InPlanePhaseEncodingDirectionDICOM": "COL",
    "InstitutionAddress": "Rue_Michel-Servet_1_Geneve_District_CH_1211",
    "InstitutionName": "BBL_-_University_of_Geneva",
    "InstitutionalDepartmentName": "Department",
    "MRAcquisitionType": "2D",
    "MagneticFieldStrength": 3,
    "Manufacturer": "Siemens",
    "ManufacturersModelName": "TrioTim",
    "Modality": "MR",
    "PartialFourier": 1,
    "PatientPosition": "HFS",
    "PercentPhaseFOV": 100,
    "PhaseEncodingDirection": "j-",
    "PhaseEncodingSteps": 100,
    "PhaseResolution": 1,
    "PixelBandwidth": 1923,
    "ProcedureStepDescription": "CISA_fMRI",
    "ProtocolName": "RUN_2_TR2400_TE41_1800um",
    "PulseSequenceDetails": "%CustomerSeq%_cmrr_mbep2d_bold",
    "ReceiveCoilName": "32Ch_Head",
    "ReconMatrixPE": 100,
    "RepetitionTime": 2.4,
    "SAR": 0.0792681,
    "ScanOptions": "FS",
    "ScanningSequence": "EP",
    "SequenceName": "epfid2d1_100",
    "SequenceVariant": "SK_SS",
    "SeriesDescription": "RUN_2_TR2400_TE41_1800um",
    "SeriesNumber": 9,
    "ShimSetting": [
      -13918,
      8923,
      19745,
      -46,
      80,
      -210,
      -214,
      -91
    ],
    "SliceThickness": 1.8,
    "SliceTiming": [
      1.205,
      0,
      1.2975,
      0.0925,
      1.39,
      0.185,
      1.4825,
      0.2775,
      1.575,
      0.3725,
      1.6675,
      0.465,
      1.76,
      0.5575,
      1.855,
      0.65,
      1.9475,
      0.7425,
      2.04,
      0.835,
      2.1325,
      0.9275,
      2.225,
      1.02,
      2.3175,
      1.1125
    ],
    "SoftwareVersions": "syngo_MR_B17",
    "SpacingBetweenSlices": 1.8,
    "StationName": "MRC35383",
    "TaskName": "hedonic",
    "TotalReadoutTime": 0.0683088,
    "TxRefAmp": 413.854,
    "dataset": "ds003487",
    "modality": "bold",
    "run_id": 1,
    "session_id": "second",
    "subject_id": "24",
    "task_id": "hedonic"
  },
  "dummy_trs": 0,
  "dvars_nstd": 87.83868651301479,
  "dvars_std": 1.1199790792156863,
  "dvars_vstd": 1.0041084818137267,
  "efc": 0.7958048232857906,
  "fber": 18.498022079467773,
  "fd_mean": 0.32599073931444655,
  "fd_num": 263,
  "fd_perc": 64.30317848410758,
  "fwhm_avg": 2.5191945111803085,
  "fwhm_x": 2.327033394978666,
  "fwhm_y": 2.8173834079685056,
  "fwhm_z": 2.413166730593754,
  "gcor": 0.0135047,
  "gsr_x": -0.04145333543419838,
  "gsr_y": 0.09978300333023071,
  "provenance": {
    "md5sum": "c01827c0b205e8cf8172957b0f7172fe",
    "settings": {
      "fd_thres": 0.2,
      "testing": false
    },
    "software": "mriqc",
    "version": "21.0.0rc2",
    "webapi_port": null,
    "webapi_url": "https://mriqc.nimh.nih.gov/api/v1"
  },
  "size_t": 409,
  "size_x": 100,
  "size_y": 100,
  "size_z": 26,
  "snr": 2.555391844585845,
  "spacing_tr": 2.4000000953674316,
  "spacing_x": 1.7999999523162842,
  "spacing_y": 1.7999999523162842,
  "spacing_z": 1.7999999523162842,
  "summary_bg_k": 47.759758462115336,
  "summary_bg_mad": 17.50667246320922,
  "summary_bg_mean": 128.8310089111328,
  "summary_bg_median": 101.31663513183594,
  "summary_bg_n": 93190.0,
  "summary_bg_p05": 85.38741302490234,
  "summary_bg_p95": 256.6418319702149,
  "summary_bg_stdv": 90.65145874023438,
  "summary_fg_k": 3.4176928303783596,
  "summary_fg_mad": 149.5253745371402,
  "summary_fg_mean": 480.6673278808594,
  "summary_fg_median": 461.2885437011719,
  "summary_fg_n": 107657.0,
  "summary_fg_p05": 212.48655700683594,
  "summary_fg_p95": 789.454296875,
  "summary_fg_stdv": 180.5149383544922,
  "tsnr": 15.542087361391168
}