{
  "bids_meta": {
    "AcquisitionMatrixPE": 256,
    "AcquisitionNumber": 1,
    "AcquisitionTime": "17:01:4.650000",
    "BaseResolution": 256,
    "CoilString": "C:HEA;HEP",
    "ConversionSoftware": "dcm2niix",
    "ConversionSoftwareVersion": "v1.0.20181114  GCC7.3.0",
    "DeviceSerialNumber": "35383",
    "DwellTime": 1.03e-05,
    "EchoNumber": 1,
    "EchoTime": 0.00227,
    "FlipAngle": 9,
    "ImageOrientationPatientDICOM": [
      0,
      1,
      0,
      0,
      0,
      -1
    ],
    "ImageType": [
      "ORIGINAL",
      "PRIMARY",
      "M",
      "ND",
      "NORM"
    ],
    "ImagingFrequency": 123.255,
    "InPlanePhaseEncodingDirectionDICOM": "ROW",
    "InstitutionAddress": "Rue_Michel-Servet_1_Geneve_District_CH_1211",
    "InstitutionName": "BBL_-_University_of_Geneva",
    "InstitutionalDepartmentName": "Department",
    "InversionTime": 0.9,
    "MRAcquisitionType": "3D",
    "MagneticFieldStrength": 3,
    "Manufacturer": "Siemens",
    "ManufacturersModelName": "TrioTim",
    "Modality": "MR",
    "PartialFourier": 1,
    "PatientPosition": "HFS",
    "PercentPhaseFOV": 100,
    "PhaseEncodingSteps": 294,
    "PhaseOversampling": 0.15,
    "PhaseResolution": 1,
    "PixelBandwidth": 190,
    "ProcedureStepDescription": "CISA_fMRI",
    "ProtocolName": "T1",
    "PulseSequenceDetails": "%SiemensSeq%_tfl",
    "ReceiveCoilName": "32Ch_Head",
    "ReconMatrixPE": 256,
    "RepetitionTime": 1.9,
    "SAR": 0.160458,
    "ScanOptions": "IR",
    "ScanningSequence": "GR_IR",
    "SequenceName": "_tfl3d1_ns",
    "SequenceVariant": "SP_MP_OSP",
    "SeriesDescription": "T1",
    "SeriesNumber": 8,
    "ShimSetting": [
      -13850,
      9050,
      19176,
      -140,
      270,
      -85,
      30,
      50
    ],
    "SliceThickness": 1,
    "SoftwareVersions": "syngo_MR_B17",
    "StationName": "MRC35383",
    "TxRefAmp": 544.242,
    "dataset": "ds003487",
    "modality": "T1w",
    "run_id": 1,
    "session_id": "second",
    "subject_id": "02"
  },
  "cjv": 0.538922305380454,
  "cnr": 2.3488778802715857,
  "efc": 0.6059286622491712,
  "fber": 17519.896289888504,
  "fwhm_avg": 3.739606666666667,
  "fwhm_x": 3.70514,
  "fwhm_y": 3.73721,
  "fwhm_z": 3.77647,
  "icvs_csf": 0.19627205946116819,
  "icvs_gm": 0.4202924312385445,
  "icvs_wm": 0.3834355093002873,
  "inu_med": 0.9725238084793091,
  "inu_range": 0.26957610845565805,
  "provenance": {
    "md5sum": "eb1ee0c86bf6f6f94f367fb31ff7d826",
    "settings": {
      "testing": false
    },
    "software": "mriqc",
    "version": "21.0.0rc2",
    "warnings": {
      "large_rot_frame": true,
      "small_air_mask": false
    },
    "webapi_port": null,
    "webapi_url": "https://mriqc.nimh.nih.gov/api/v1"
  },
  "qi_1": 0.0,
  "qi_2": 0.008187720928707981,
  "rpve_csf": 25.87317085294952,
  "rpve_gm": 12.706378320536514,
  "rpve_wm": 16.47471393118516,
  "size_x": 192,
  "size_y": 256,
  "size_z": 256,
  "snr_csf": 3.2334016695792993,
  "snr_gm": 10.626909136478922,
  "snr_total": 12.121780351527805,
  "snr_wm": 22.5050302485252,
  "snrd_csf": 54.4705493510005,
  "snrd_gm": 118.70925727906418,
  "snrd_total": 107.50073082134661,
  "snrd_wm": 149.32238583397515,
  "spacing_x": 1.0,
  "spacing_y": 1.0,
  "spacing_z": 1.0,
  "summary_bg_k": 235.7403340805759,
  "summary_bg_mad": 4.387395656796721,
  "summary_bg_mean": 5.380291202215402,
  "summary_bg_median": 2.9592534005641937,
  "summary_bg_n": 2146360.0,
  "summary_bg_p05": 0.0,
  "summary_bg_p95": 15.137719318270683,
  "summary_bg_stdv": 6.893401567020057,
  "summary_csf_k": 2.7322996054683415,
  "summary_csf_mad": 105.21312276972135,
  "summary_csf_mean": 391.1725450361123,
  "summary_csf_median": 364.7848903387785,
  "summary_csf_n": 24135.0,
  "summary_csf_p05": 254.47871983274817,
  "summary_csf_p95": 605.4120279081166,
  "summary_csf_stdv": 112.81534753826558,
  "summary_gm_k": 0.20717877475494273,
  "summary_gm_mad": 68.80617611764856,
  "summary_gm_mean": 801.925027906014,
  "summary_gm_median": 794.9863534457982,
  "summary_gm_n": 24642.0,
  "summary_gm_p05": 690.4763359945267,
  "summary_gm_p95": 942.1238470450044,
  "summary_gm_stdv": 74.80728519963442,
  "summary_wm_k": 0.5596413955018056,
  "summary_wm_mad": 41.68025873956884,
  "summary_wm_mean": 1002.6603763117648,
  "summary_wm_median": 1000.000014513731,
  "summary_wm_n": 225489.0,
  "summary_wm_p05": 934.7826222628355,
  "summary_wm_p95": 1080.6396696791053,
  "summary_wm_stdv": 44.43441248756846,
  "tpm_overlap_csf": 0.185082346200943,
  "tpm_overlap_gm": 0.4451994001865387,
  "tpm_overlap_wm": 0.5113412141799927,
  "wm2max": 0.39166388053048035
}