{
  "bids_meta": {
    "AcquisitionMatrixPE": 256,
    "AcquisitionNumber": 1,
    "AcquisitionTime": "17:24:49.560000",
    "BaseResolution": 256,
    "CoilString": "C:HEA;HEP",
    "ConversionSoftware": "dcm2niix",
    "ConversionSoftwareVersion": "v1.0.20181114  GCC7.3.0",
    "DeviceSerialNumber": "35383",
    "DwellTime": 1.03e-05,
    "EchoNumber": 1,
    "EchoTime": 0.00227,
    "FlipAngle": 9,
    "ImageOrientationPatientDICOM": [
      0.0314108,
      0.999507,
      0,
      0,
      0,
      -1
    ],
    "ImageType": [
      "ORIGINAL",
      "PRIMARY",
      "M",
      "ND",
      "NORM"
    ],
    "ImagingFrequency": 123.255,
    "InPlanePhaseEncodingDirectionDICOM": "ROW",
    "InstitutionAddress": "Rue_Michel-Servet_1_Geneve_District_CH_1211",
    "InstitutionName": "BBL_-_University_of_Geneva",
    "InstitutionalDepartmentName": "Department",
    "InversionTime": 0.9,
    "MRAcquisitionType": "3D",
    "MagneticFieldStrength": 3,
    "Manufacturer": "Siemens",
    "ManufacturersModelName": "TrioTim",
    "Modality": "MR",
    "PartialFourier": 1,
    "PatientPosition": "HFS",
    "PercentPhaseFOV": 100,
    "PhaseEncodingSteps": 294,
    "PhaseOversampling": 0.15,
    "PhaseResolution": 1,
    "PixelBandwidth": 190,
    "ProcedureStepDescription": "CISA_fMRI",
    "ProtocolName": "T1",
    "PulseSequenceDetails": "%SiemensSeq%_tfl",
    "ReceiveCoilName": "32Ch_Head",
    "ReconMatrixPE": 256,
    "RepetitionTime": 1.9,
    "SAR": 0.137912,
    "ScanOptions": "IR",
    "ScanningSequence": "GR_IR",
    "SequenceName": "_tfl3d1_ns",
    "SequenceVariant": "SP_MP_OSP",
    "SeriesDescription": "T1",
    "SeriesNumber": 8,
    "ShimSetting": [
      -13850,
      9050,
      19176,
      -140,
      270,
      -85,
      30,
      50
    ],
    "SliceThickness": 1,
    "SoftwareVersions": "syngo_MR_B17",
    "StationName": "MRC35383",
    "TxRefAmp": 425.451,
    "dataset": "ds003487",
    "modality": "T1w",
    "run_id": 1,
    "session_id": "second",
    "subject_id": "01"
  },
  "cjv": 0.4806286594916668,
  "cnr": 2.6634141603931605,
  "efc": 0.5722697126293111,
  "fber": 16328.28507009117,
  "fwhm_avg": 3.7569433333333335,
  "fwhm_x": 3.73628,
  "fwhm_y": 3.79499,
  "fwhm_z": 3.73956,
  "icvs_csf": 0.18267827256874497,
  "icvs_gm": 0.4205336083291617,
  "icvs_wm": 0.39678811910209333,
  "inu_med": 1.5662983655929565,
  "inu_range": 0.3435472011566161,
  "provenance": {
    "md5sum": "83facfed5208fd8c2d7ae57ba87186a8",
    "settings": {
      "testing": false
    },
    "software": "mriqc",
    "version": "21.0.0rc2",
    "warnings": {
      "large_rot_frame": true,
      "small_air_mask": false
    },
    "webapi_port": null,
    "webapi_url": "https://mriqc.nimh.nih.gov/api/v1"
  },
  "qi_1": 0.0,
  "qi_2": 0.011406302050740605,
  "rpve_csf": 31.49937128788967,
  "rpve_gm": 14.853919136241624,
  "rpve_wm": 19.023013946186705,
  "size_x": 192,
  "size_y": 256,
  "size_z": 256,
  "snr_csf": 3.2415445649857086,
  "snr_gm": 12.593884474199198,
  "snr_total": 13.603013472761981,
  "snr_wm": 24.97361137910104,
  "snrd_csf": 61.32890987677359,
  "snrd_gm": 118.14177782732318,
  "snrd_total": 109.07287041057138,
  "snrd_wm": 147.7479235276174,
  "spacing_x": 1.0,
  "spacing_y": 1.0,
  "spacing_z": 1.0,
  "summary_bg_k": 12.947581679510357,
  "summary_bg_mad": 4.434149528223835,
  "summary_bg_mean": 4.860810385555466,
  "summary_bg_median": 2.990788407623768,
  "summary_bg_n": 1862029.0,
  "summary_bg_p05": 0.0,
  "summary_bg_p95": 14.95394203811884,
  "summary_bg_stdv": 5.086092104392173,
  "summary_csf_k": 2.328492088357999,
  "summary_csf_mad": 149.91859554924784,
  "summary_csf_mean": 433.3340930930443,
  "summary_csf_median": 415.09152309410274,
  "summary_csf_n": 15590.0,
  "summary_csf_p05": 263.9939019525424,
  "summary_csf_p95": 639.8492719270289,
  "summary_csf_stdv": 128.04951522643844,
  "summary_gm_k": 0.4063587103466513,
  "summary_gm_mad": 59.94970162158624,
  "summary_gm_mean": 802.7974446842488,
  "summary_gm_median": 799.6171886622906,
  "summary_gm_n": 21496.0,
  "summary_gm_p05": 704.5549791259691,
  "summary_gm_p95": 913.9998913118616,
  "summary_gm_stdv": 63.49102144578213,
  "summary_wm_k": 0.7255172044118945,
  "summary_wm_mad": 36.36002613143545,
  "summary_wm_mean": 1000.7556195698648,
  "summary_wm_median": 1000.000011973083,
  "summary_wm_n": 213138.0,
  "summary_wm_p05": 935.3391666002572,
  "summary_wm_p95": 1067.950724594295,
  "summary_wm_stdv": 40.042172951773416,
  "tpm_overlap_csf": 0.1793532818555832,
  "tpm_overlap_gm": 0.4525167942047119,
  "tpm_overlap_wm": 0.5187201499938965,
  "wm2max": 0.40664526172407084
}