{
  "bids_meta": {
    "AcquisitionMatrixPE": 256,
    "AcquisitionNumber": 1,
    "AcquisitionTime": "15:51:43.340000",
    "BaseResolution": 256,
    "CoilString": "C:HEA;HEP",
    "ConversionSoftware": "dcm2niix",
    "ConversionSoftwareVersion": "v1.0.20181114  GCC7.3.0",
    "DeviceSerialNumber": "35383",
    "DwellTime": 1.03e-05,
    "EchoNumber": 1,
    "EchoTime": 0.00227,
    "FlipAngle": 9,
    "ImageOrientationPatientDICOM": [
      -0.0296662,
      0.99956,
      4.63618e-08,
      -0.0244214,
      -0.000724765,
      -0.999701
    ],
    "ImageType": [
      "ORIGINAL",
      "PRIMARY",
      "M",
      "ND",
      "NORM"
    ],
    "ImagingFrequency": 123.228,
    "InPlanePhaseEncodingDirectionDICOM": "ROW",
    "InstitutionAddress": "Rue_Michel-Servet_1_Geneve_District_CH_1211",
    "InstitutionName": "BBL_-_University_of_Geneva",
    "InstitutionalDepartmentName": "Department",
    "InversionTime": 0.9,
    "MRAcquisitionType": "3D",
    "MagneticFieldStrength": 3,
    "Manufacturer": "Siemens",
    "ManufacturersModelName": "TrioTim",
    "Modality": "MR",
    "PartialFourier": 1,
    "PatientPosition": "HFS",
    "PercentPhaseFOV": 100,
    "PhaseEncodingSteps": 294,
    "PhaseOversampling": 0.15,
    "PhaseResolution": 1,
    "PixelBandwidth": 190,
    "ProcedureStepDescription": "CISA_fMRI",
    "ProtocolName": "T1",
    "PulseSequenceDetails": "%SiemensSeq%_tfl",
    "ReceiveCoilName": "32Ch_Head",
    "ReconMatrixPE": 256,
    "RepetitionTime": 1.9,
    "SAR": 0.148098,
    "ScanOptions": "IR",
    "ScanningSequence": "GR_IR",
    "SequenceName": "_tfl3d1_ns",
    "SequenceVariant": "SP_MP_OSP",
    "SeriesDescription": "T1",
    "SeriesNumber": 8,
    "ShimSetting": [
      -13868,
      8977,
      19243,
      44,
      61,
      23,
      -27,
      -27
    ],
    "SliceThickness": 1,
    "SoftwareVersions": "syngo_MR_B17",
    "StationName": "MRC35383",
    "TxRefAmp": 346.416,
    "dataset": "ds003487",
    "modality": "T1w",
    "run_id": 1,
    "session_id": "second",
    "subject_id": "15"
  },
  "cjv": 0.5053633845419506,
  "cnr": 2.576630575329179,
  "efc": 0.5952161821633439,
  "fber": 14450.570637119114,
  "fwhm_avg": 3.9646666666666666,
  "fwhm_x": 3.9855,
  "fwhm_y": 3.90836,
  "fwhm_z": 4.00014,
  "icvs_csf": 0.20331549284463488,
  "icvs_gm": 0.43086863096900646,
  "icvs_wm": 0.3658158761863587,
  "inu_med": 1.2805511951446533,
  "inu_range": 0.3582024574279785,
  "provenance": {
    "md5sum": "1323d7cc920720bbb1a3759a2775f7bd",
    "settings": {
      "testing": false
    },
    "software": "mriqc",
    "version": "21.0.0rc2",
    "warnings": {
      "large_rot_frame": true,
      "small_air_mask": false
    },
    "webapi_port": null,
    "webapi_url": "https://mriqc.nimh.nih.gov/api/v1"
  },
  "qi_1": 0.0,
  "qi_2": 0.010278541720191823,
  "rpve_csf": 32.05707548378829,
  "rpve_gm": 16.18347175831168,
  "rpve_wm": 22.34876323258086,
  "size_x": 192,
  "size_y": 256,
  "size_z": 256,
  "snr_csf": 3.954897378759929,
  "snr_gm": 12.427985909881576,
  "snr_total": 12.697379667593912,
  "snr_wm": 21.709255714140227,
  "snrd_csf": 61.479847728772725,
  "snrd_gm": 110.49394989952685,
  "snrd_total": 103.59437679838472,
  "snrd_wm": 138.80933276685457,
  "spacing_x": 1.0,
  "spacing_y": 1.0,
  "spacing_z": 1.0,
  "summary_bg_k": 17.22921719466977,
  "summary_bg_mad": 4.720080855874233,
  "summary_bg_mean": 5.293087372393635,
  "summary_bg_median": 3.1836461573839188,
  "summary_bg_n": 1800432.0,
  "summary_bg_p05": 0.0,
  "summary_bg_p95": 16.25335143506527,
  "summary_bg_stdv": 6.602529402701594,
  "summary_csf_k": -0.7017588702249045,
  "summary_csf_mad": 133.5286031596,
  "summary_csf_mean": 444.0966729362303,
  "summary_csf_median": 442.9457166865468,
  "summary_csf_n": 20966.0,
  "summary_csf_p05": 276.8306004088372,
  "summary_csf_p95": 625.4189096018672,
  "summary_csf_stdv": 111.99662360649815,
  "summary_gm_k": 0.1552610746062535,
  "summary_gm_mad": 61.11262581816112,
  "summary_gm_mean": 798.9380941204201,
  "summary_gm_median": 796.0790996700525,
  "summary_gm_n": 23408.0,
  "summary_gm_p05": 698.7558744404465,
  "summary_gm_p95": 910.4096977930515,
  "summary_gm_stdv": 64.05399079442076,
  "summary_wm_k": 0.4951908877343776,
  "summary_wm_mad": 41.98387708646028,
  "summary_wm_mean": 1000.5724512713182,
  "summary_wm_median": 1000.0837942287326,
  "summary_wm_n": 179587.0,
  "summary_wm_p05": 923.760066613555,
  "summary_wm_p95": 1077.5553100638076,
  "summary_wm_stdv": 46.06703348075951,
  "tpm_overlap_csf": 0.17432285845279694,
  "tpm_overlap_gm": 0.45081061124801636,
  "tpm_overlap_wm": 0.5069789886474609,
  "wm2max": 0.40776798524287766
}