{
  "aor": 0.0007041031941031941,
  "aqi": 0.035974273710073716,
  "bids_meta": {
    "AcquisitionMatrixPE": 100,
    "AcquisitionNumber": 1,
    "AcquisitionTime": "16:11:0.087500",
    "BandwidthPerPixelPhaseEncode": 14.493,
    "BaseResolution": 100,
    "CoilString": "C:HEA;HEP",
    "ConversionSoftware": "dcm2niix",
    "ConversionSoftwareVersion": "v1.0.20181114  GCC7.3.0",
    "DerivedVendorReportedEchoSpacing": 0.000689988,
    "DeviceSerialNumber": "35383",
    "DwellTime": 2.6e-06,
    "EchoNumber": 1,
    "EchoTime": 0.041,
    "EffectiveEchoSpacing": 0.000689988,
    "FlipAngle": 70,
    "ImageOrientationPatientDICOM": [
      0.999945,
      0.000529168,
      0.010445,
      -1.94335e-08,
      0.998719,
      -0.0505957
    ],
    "ImageType": [
      "ORIGINAL",
      "PRIMARY",
      "M",
      "ND",
      "MOSAIC"
    ],
    "ImagingFrequency": 123.22,
    "InPlanePhaseEncodingDirectionDICOM": "COL",
    "InstitutionAddress": "Rue_Michel-Servet_1_Geneve_District_CH_1211",
    "InstitutionName": "BBL_-_University_of_Geneva",
    "InstitutionalDepartmentName": "Department",
    "MRAcquisitionType": "2D",
    "MagneticFieldStrength": 3,
    "Manufacturer": "Siemens",
    "ManufacturersModelName": "TrioTim",
    "Modality": "MR",
    "PartialFourier": 1,
    "PatientPosition": "HFS",
    "PercentPhaseFOV": 100,
    "PhaseEncodingDirection": "j-",
    "PhaseEncodingSteps": 100,
    "PhaseResolution": 1,
    "PixelBandwidth": 1923,
    "ProcedureStepDescription": "CISA_fMRI",
    "ProtocolName": "RUN_2_TR2400_TE41_1800um",
    "PulseSequenceDetails": "%CustomerSeq%_cmrr_mbep2d_bold",
    "ReceiveCoilName": "32Ch_Head",
    "ReconMatrixPE": 100,
    "RepetitionTime": 2.4,
    "SAR": 0.0855237,
    "ScanOptions": "FS",
    "ScanningSequence": "EP",
    "SequenceName": "epfid2d1_100",
    "SequenceVariant": "SK_SS",
    "SeriesDescription": "RUN_2_TR2400_TE41_1800um",
    "SeriesNumber": 9,
    "ShimSetting": [
      -13870,
      8893,
      19680,
      761,
      33,
      -316,
      232,
      160
    ],
    "SliceThickness": 1.8,
    "SliceTiming": [
      1.205,
      0,
      1.2975,
      0.0925,
      1.39,
      0.185,
      1.4825,
      0.2775,
      1.575,
      0.37,
      1.6675,
      0.4625,
      1.76,
      0.555,
      1.8525,
      0.65,
      1.945,
      0.7425,
      2.04,
      0.835,
      2.1325,
      0.9275,
      2.225,
      1.02,
      2.3175,
      1.1125
    ],
    "SoftwareVersions": "syngo_MR_B17",
    "SpacingBetweenSlices": 1.8,
    "StationName": "MRC35383",
    "TaskName": "hedonic",
    "TotalReadoutTime": 0.0683088,
    "TxRefAmp": 406.87,
    "dataset": "ds003487",
    "modality": "bold",
    "run_id": 1,
    "session_id": "second",
    "subject_id": "23",
    "task_id": "hedonic"
  },
  "dummy_trs": 0,
  "dvars_nstd": 68.3828077926109,
  "dvars_std": 1.02867237866995,
  "dvars_vstd": 0.9593658198275865,
  "efc": 0.782458130819672,
  "fber": 28.04994773864746,
  "fd_mean": 0.30293673584324743,
  "fd_num": 234,
  "fd_perc": 57.4938574938575,
  "fwhm_avg": 2.5118759924679153,
  "fwhm_x": 2.2508000596258393,
  "fwhm_y": 2.632116736393948,
  "fwhm_z": 2.6527111813839586,
  "gcor": 0.00720898,
  "gsr_x": -0.0033380314707756042,
  "gsr_y": 0.11763755232095718,
  "provenance": {
    "md5sum": "320f7c568dc30b725995646086742ebe",
    "settings": {
      "fd_thres": 0.2,
      "testing": false
    },
    "software": "mriqc",
    "version": "21.0.0rc2",
    "webapi_port": null,
    "webapi_url": "https://mriqc.nimh.nih.gov/api/v1"
  },
  "size_t": 407,
  "size_x": 100,
  "size_y": 100,
  "size_z": 26,
  "snr": 2.802009490933466,
  "spacing_tr": 2.4000000953674316,
  "spacing_x": 1.7999999523162842,
  "spacing_y": 1.7999999523162842,
  "spacing_z": 1.7999999523162842,
  "summary_bg_k": 19.96407962987598,
  "summary_bg_mad": 15.499930227766336,
  "summary_bg_mean": 120.8195571899414,
  "summary_bg_median": 93.54299926757812,
  "summary_bg_n": 88747.0,
  "summary_bg_p05": 78.20466537475586,
  "summary_bg_p95": 261.7560119628906,
  "summary_bg_stdv": 73.21674346923828,
  "summary_fg_k": 1.6102745633109947,
  "summary_fg_mad": 164.84932266868836,
  "summary_fg_mean": 529.9061279296875,
  "summary_fg_median": 504.18426513671875,
  "summary_fg_n": 111685.0,
  "summary_fg_p05": 291.95920410156253,
  "summary_fg_p95": 851.6437255859373,
  "summary_fg_stdv": 179.9358673095703,
  "tsnr": 17.67758657108061
}