{
  "aor": 0.0013018502202643172,
  "aqi": 0.030405174669603522,
  "bids_meta": {
    "AcquisitionMatrixPE": 100,
    "AcquisitionNumber": 1,
    "AcquisitionTime": "15:44:50.642500",
    "BandwidthPerPixelPhaseEncode": 14.493,
    "BaseResolution": 100,
    "CoilString": "C:HEA;HEP",
    "ConversionSoftware": "dcm2niix",
    "ConversionSoftwareVersion": "v1.0.20181114  GCC7.3.0",
    "DerivedVendorReportedEchoSpacing": 0.000689988,
    "DeviceSerialNumber": "35383",
    "DwellTime": 2.6e-06,
    "EchoNumber": 1,
    "EchoTime": 0.041,
    "EffectiveEchoSpacing": 0.000689988,
    "FlipAngle": 70,
    "ImageOrientationPatientDICOM": [
      0.999945,
      0.000529168,
      0.010445,
      -1.94335e-08,
      0.998719,
      -0.0505957
    ],
    "ImageType": [
      "ORIGINAL",
      "PRIMARY",
      "M",
      "ND",
      "MOSAIC"
    ],
    "ImagingFrequency": 123.22,
    "InPlanePhaseEncodingDirectionDICOM": "COL",
    "InstitutionAddress": "Rue_Michel-Servet_1_Geneve_District_CH_1211",
    "InstitutionName": "BBL_-_University_of_Geneva",
    "InstitutionalDepartmentName": "Department",
    "MRAcquisitionType": "2D",
    "MagneticFieldStrength": 3,
    "Manufacturer": "Siemens",
    "ManufacturersModelName": "TrioTim",
    "Modality": "MR",
    "PartialFourier": 1,
    "PatientPosition": "HFS",
    "PercentPhaseFOV": 100,
    "PhaseEncodingDirection": "j-",
    "PhaseEncodingSteps": 100,
    "PhaseResolution": 1,
    "PixelBandwidth": 1923,
    "ProcedureStepDescription": "CISA_fMRI",
    "ProtocolName": "RUN_1_TR2400_TE41_1800um",
    "PulseSequenceDetails": "%CustomerSeq%_cmrr_mbep2d_bold",
    "ReceiveCoilName": "32Ch_Head",
    "ReconMatrixPE": 100,
    "RepetitionTime": 2.4,
    "SAR": 0.0855235,
    "ScanOptions": "FS",
    "ScanningSequence": "EP",
    "SequenceName": "epfid2d1_100",
    "SequenceVariant": "SK_SS",
    "SeriesDescription": "RUN_1_TR2400_TE41_1800um",
    "SeriesNumber": 7,
    "ShimSetting": [
      -13870,
      8893,
      19680,
      761,
      33,
      -316,
      232,
      160
    ],
    "SliceThickness": 1.8,
    "SliceTiming": [
      1.205,
      0,
      1.2975,
      0.0925,
      1.39,
      0.185,
      1.4825,
      0.28,
      1.575,
      0.3725,
      1.67,
      0.465,
      1.7625,
      0.5575,
      1.855,
      0.65,
      1.9475,
      0.7425,
      2.04,
      0.835,
      2.1325,
      0.9275,
      2.225,
      1.02,
      2.3175,
      1.1125
    ],
    "SoftwareVersions": "syngo_MR_B17",
    "SpacingBetweenSlices": 1.8,
    "StationName": "MRC35383",
    "TaskName": "PIT",
    "TotalReadoutTime": 0.0683088,
    "TxRefAmp": 406.87,
    "dataset": "ds003487",
    "modality": "bold",
    "run_id": 1,
    "session_id": "second",
    "subject_id": "23",
    "task_id": "PIT"
  },
  "dummy_trs": 0,
  "dvars_nstd": 65.29124785818985,
  "dvars_std": 1.0219006588520971,
  "dvars_vstd": 0.9717776885430462,
  "efc": 0.7915805710429018,
  "fber": 26.74083709716797,
  "fd_mean": 0.1931190681178975,
  "fd_num": 125,
  "fd_perc": 27.53303964757709,
  "fwhm_avg": 2.4896408066936986,
  "fwhm_x": 2.2522556152199535,
  "fwhm_y": 2.6131778470033495,
  "fwhm_z": 2.603488957857793,
  "gcor": 0.00711296,
  "gsr_x": -0.05208565667271614,
  "gsr_y": 0.10711229592561722,
  "provenance": {
    "md5sum": "2f387dbc163c46bb922c68f10ea22ebe",
    "settings": {
      "fd_thres": 0.2,
      "testing": false
    },
    "software": "mriqc",
    "version": "21.0.0rc2",
    "webapi_port": null,
    "webapi_url": "https://mriqc.nimh.nih.gov/api/v1"
  },
  "size_t": 454,
  "size_x": 100,
  "size_y": 100,
  "size_z": 26,
  "snr": 2.798464152631601,
  "spacing_tr": 2.4000000953674316,
  "spacing_x": 1.7999999523162842,
  "spacing_y": 1.7999999523162842,
  "spacing_z": 1.7999999523162842,
  "summary_bg_k": 20.12678260711607,
  "summary_bg_mad": 16.207387756103543,
  "summary_bg_mean": 127.09537506103516,
  "summary_bg_median": 94.71805572509766,
  "summary_bg_n": 91557.0,
  "summary_bg_p05": 80.01321411132812,
  "summary_bg_p95": 296.540087890625,
  "summary_bg_stdv": 88.250732421875,
  "summary_fg_k": 1.77966567091081,
  "summary_fg_mad": 164.64558250175932,
  "summary_fg_mean": 530.8619995117188,
  "summary_fg_median": 504.5165100097656,
  "summary_fg_n": 113518.0,
  "summary_fg_p05": 295.1300445556641,
  "summary_fg_p95": 854.7752685546875,
  "summary_fg_stdv": 180.28256225585938,
  "tsnr": 18.756566334923264
}