{
  "aor": 0.0008374100719424459,
  "aqi": 0.0262931757793765,
  "bids_meta": {
    "AcquisitionMatrixPE": 100,
    "AcquisitionNumber": 1,
    "AcquisitionTime": "15:52:15.272500",
    "BandwidthPerPixelPhaseEncode": 14.493,
    "BaseResolution": 100,
    "CoilString": "C:HEA;HEP",
    "ConversionSoftware": "dcm2niix",
    "ConversionSoftwareVersion": "v1.0.20181114  GCC7.3.0",
    "DerivedVendorReportedEchoSpacing": 0.000689988,
    "DeviceSerialNumber": "35383",
    "DwellTime": 2.6e-06,
    "EchoNumber": 1,
    "EchoTime": 0.041,
    "EffectiveEchoSpacing": 0.000689988,
    "FlipAngle": 70,
    "ImageOrientationPatientDICOM": [
      1,
      0,
      0,
      0,
      0.984808,
      -0.173648
    ],
    "ImageType": [
      "ORIGINAL",
      "PRIMARY",
      "M",
      "ND",
      "MOSAIC"
    ],
    "ImagingFrequency": 123.255,
    "InPlanePhaseEncodingDirectionDICOM": "COL",
    "InstitutionAddress": "Rue_Michel-Servet_1_Geneve_District_CH_1211",
    "InstitutionName": "BBL_-_University_of_Geneva",
    "InstitutionalDepartmentName": "Department",
    "MRAcquisitionType": "2D",
    "MagneticFieldStrength": 3,
    "Manufacturer": "Siemens",
    "ManufacturersModelName": "TrioTim",
    "Modality": "MR",
    "PartialFourier": 1,
    "PatientPosition": "HFS",
    "PercentPhaseFOV": 100,
    "PhaseEncodingDirection": "j-",
    "PhaseEncodingSteps": 100,
    "PhaseResolution": 1,
    "PixelBandwidth": 1923,
    "ProcedureStepDescription": "CISA_fMRI",
    "ProtocolName": "RUN_2_TR2400_TE41_1800um",
    "PulseSequenceDetails": "%CustomerSeq%_cmrr_mbep2d_bold",
    "ReceiveCoilName": "32Ch_Head",
    "ReconMatrixPE": 100,
    "RepetitionTime": 2.4,
    "SAR": 0.0831729,
    "ScanOptions": "FS",
    "ScanningSequence": "EP",
    "SequenceName": "epfid2d1_100",
    "SequenceVariant": "SK_SS",
    "SeriesDescription": "RUN_2_TR2400_TE41_1800um",
    "SeriesNumber": 9,
    "ShimSetting": [
      -13927,
      9016,
      19754,
      528,
      387,
      -411,
      -36,
      -93
    ],
    "SliceThickness": 1.8,
    "SliceTiming": [
      1.205,
      0,
      1.2975,
      0.0925,
      1.39,
      0.185,
      1.4825,
      0.2775,
      1.575,
      0.37,
      1.6675,
      0.4625,
      1.76,
      0.5575,
      1.8525,
      0.65,
      1.945,
      0.7425,
      2.04,
      0.835,
      2.1325,
      0.9275,
      2.225,
      1.02,
      2.3175,
      1.1125
    ],
    "SoftwareVersions": "syngo_MR_B17",
    "SpacingBetweenSlices": 1.8,
    "StationName": "MRC35383",
    "TaskName": "hedonic",
    "TotalReadoutTime": 0.0683088,
    "TxRefAmp": 547.086,
    "dataset": "ds003487",
    "modality": "bold",
    "run_id": 1,
    "session_id": "second",
    "subject_id": "04",
    "task_id": "hedonic"
  },
  "dummy_trs": 1,
  "dvars_nstd": 68.45143386052884,
  "dvars_std": 1.0432289540625002,
  "dvars_vstd": 0.9716491455288457,
  "efc": 0.807554268853699,
  "fber": 17.472774505615234,
  "fd_mean": 0.20963801126603035,
  "fd_num": 162,
  "fd_perc": 38.84892086330935,
  "fwhm_avg": 2.5229075889326324,
  "fwhm_x": 2.373394507317927,
  "fwhm_y": 2.65038913462856,
  "fwhm_z": 2.544939124851411,
  "gcor": 0.00505665,
  "gsr_x": -0.004092528950423002,
  "gsr_y": 0.08794195204973221,
  "provenance": {
    "md5sum": "d20d6674cb787923c5bf850c6426749b",
    "settings": {
      "fd_thres": 0.2,
      "testing": false
    },
    "software": "mriqc",
    "version": "21.0.0rc2",
    "webapi_port": null,
    "webapi_url": "https://mriqc.nimh.nih.gov/api/v1"
  },
  "size_t": 417,
  "size_x": 100,
  "size_y": 100,
  "size_z": 26,
  "snr": 2.6017580299266023,
  "spacing_tr": 2.4000000953674316,
  "spacing_x": 1.7999999523162842,
  "spacing_y": 1.7999998331069946,
  "spacing_z": 1.7999998331069946,
  "summary_bg_k": 7.855831109543933,
  "summary_bg_mad": 25.001572126605694,
  "summary_bg_mean": 126.88015747070312,
  "summary_bg_median": 103.23980712890625,
  "summary_bg_n": 82825.0,
  "summary_bg_p05": 82.9256591796875,
  "summary_bg_p95": 255.8081604003907,
  "summary_bg_stdv": 60.49293518066406,
  "summary_fg_k": 1.7670918839718928,
  "summary_fg_mad": 151.1489841352226,
  "summary_fg_mean": 476.9681701660156,
  "summary_fg_median": 451.9940185546875,
  "summary_fg_n": 115232.0,
  "summary_fg_p05": 227.61895294189452,
  "summary_fg_p95": 793.4554168701171,
  "summary_fg_stdv": 173.7256317138672,
  "tsnr": 17.8123614997603
}