{
  "aor": 0.0006510352422907489,
  "aqi": 0.019305020484581503,
  "bids_meta": {
    "AcquisitionMatrixPE": 100,
    "AcquisitionNumber": 1,
    "AcquisitionTime": "15:42:54.335000",
    "BandwidthPerPixelPhaseEncode": 14.493,
    "BaseResolution": 100,
    "CoilString": "C:HEA;HEP",
    "ConversionSoftware": "dcm2niix",
    "ConversionSoftwareVersion": "v1.0.20181114  GCC7.3.0",
    "DerivedVendorReportedEchoSpacing": 0.000689988,
    "DeviceSerialNumber": "35383",
    "DwellTime": 2.6e-06,
    "EchoNumber": 1,
    "EchoTime": 0.041,
    "EffectiveEchoSpacing": 0.000689988,
    "FlipAngle": 70,
    "ImageOrientationPatientDICOM": [
      0.999211,
      0.00566991,
      0.0393147,
      -4.52786e-09,
      0.98976,
      -0.142742
    ],
    "ImageType": [
      "ORIGINAL",
      "PRIMARY",
      "M",
      "ND",
      "MOSAIC"
    ],
    "ImagingFrequency": 123.22,
    "InPlanePhaseEncodingDirectionDICOM": "COL",
    "InstitutionAddress": "Rue_Michel-Servet_1_Geneve_District_CH_1211",
    "InstitutionName": "BBL_-_University_of_Geneva",
    "InstitutionalDepartmentName": "Department",
    "MRAcquisitionType": "2D",
    "MagneticFieldStrength": 3,
    "Manufacturer": "Siemens",
    "ManufacturersModelName": "TrioTim",
    "Modality": "MR",
    "PartialFourier": 1,
    "PatientPosition": "HFS",
    "PercentPhaseFOV": 100,
    "PhaseEncodingDirection": "j-",
    "PhaseEncodingSteps": 100,
    "PhaseResolution": 1,
    "PixelBandwidth": 1923,
    "ProcedureStepDescription": "CISA_fMRI",
    "ProtocolName": "RUN_1_TR2400_TE41_1800um",
    "PulseSequenceDetails": "%CustomerSeq%_cmrr_mbep2d_bold",
    "ReceiveCoilName": "32Ch_Head",
    "ReconMatrixPE": 100,
    "RepetitionTime": 2.4,
    "SAR": 0.0838743,
    "ScanOptions": "FS",
    "ScanningSequence": "EP",
    "SequenceName": "epfid2d1_100",
    "SequenceVariant": "SK_SS",
    "SeriesDescription": "RUN_1_TR2400_TE41_1800um",
    "SeriesNumber": 7,
    "ShimSetting": [
      -13845,
      9008,
      19675,
      304,
      -67,
      -128,
      162,
      -19
    ],
    "SliceThickness": 1.8,
    "SliceTiming": [
      1.205,
      0,
      1.2975,
      0.0925,
      1.39,
      0.185,
      1.4825,
      0.2775,
      1.575,
      0.37,
      1.6675,
      0.4625,
      1.76,
      0.555,
      1.8525,
      0.6475,
      1.945,
      0.74,
      2.0375,
      0.8325,
      2.13,
      0.925,
      2.2225,
      1.0175,
      2.315,
      1.11
    ],
    "SoftwareVersions": "syngo_MR_B17",
    "SpacingBetweenSlices": 1.8,
    "StationName": "MRC35383",
    "TaskName": "PIT",
    "TotalReadoutTime": 0.0683088,
    "TxRefAmp": 362.375,
    "dataset": "ds003487",
    "modality": "bold",
    "run_id": 1,
    "session_id": "second",
    "subject_id": "26",
    "task_id": "PIT"
  },
  "dummy_trs": 0,
  "dvars_nstd": 60.7444893539073,
  "dvars_std": 1.0947196791832225,
  "dvars_vstd": 0.9850400411258279,
  "efc": 0.7889909681716294,
  "fber": 23.51055145263672,
  "fd_mean": 0.0971608239831759,
  "fd_num": 44,
  "fd_perc": 9.691629955947137,
  "fwhm_avg": 2.45118710197132,
  "fwhm_x": 2.2636111710763287,
  "fwhm_y": 2.5464389563464844,
  "fwhm_z": 2.543511178491147,
  "gcor": 0.00531332,
  "gsr_x": -0.027768243104219437,
  "gsr_y": 0.09143393486738205,
  "provenance": {
    "md5sum": "9a26aa49d6df6b73d9dcd9323052c01c",
    "settings": {
      "fd_thres": 0.2,
      "testing": false
    },
    "software": "mriqc",
    "version": "21.0.0rc2",
    "webapi_port": null,
    "webapi_url": "https://mriqc.nimh.nih.gov/api/v1"
  },
  "size_t": 454,
  "size_x": 100,
  "size_y": 100,
  "size_z": 26,
  "snr": 2.758655751589111,
  "spacing_tr": 2.4000000953674316,
  "spacing_x": 1.7999999523162842,
  "spacing_y": 1.7999999523162842,
  "spacing_z": 1.7999999523162842,
  "summary_bg_k": 31.948507134728963,
  "summary_bg_mad": 16.445785921670744,
  "summary_bg_mean": 126.15656280517578,
  "summary_bg_median": 96.68502044677734,
  "summary_bg_n": 97883.0,
  "summary_bg_p05": 83.6962501525879,
  "summary_bg_p95": 277.3039489746092,
  "summary_bg_stdv": 76.4041976928711,
  "summary_fg_k": 1.8789406129098039,
  "summary_fg_mad": 155.69282421385887,
  "summary_fg_mean": 523.4857788085938,
  "summary_fg_median": 493.51318359375,
  "summary_fg_n": 104705.0,
  "summary_fg_p05": 291.6435974121094,
  "summary_fg_p95": 857.5867553710937,
  "summary_fg_stdv": 178.89540100097656,
  "tsnr": 21.47278686001664
}