{
  "aor": 0.0012599019607843138,
  "aqi": 0.015211645000000001,
  "bids_meta": {
    "AcquisitionMatrixPE": 100,
    "AcquisitionNumber": 1,
    "AcquisitionTime": "16:09:48.820000",
    "BandwidthPerPixelPhaseEncode": 14.493,
    "BaseResolution": 100,
    "CoilString": "C:HEA;HEP",
    "ConversionSoftware": "dcm2niix",
    "ConversionSoftwareVersion": "v1.0.20181114  GCC7.3.0",
    "DerivedVendorReportedEchoSpacing": 0.000689988,
    "DeviceSerialNumber": "35383",
    "DwellTime": 2.6e-06,
    "EchoNumber": 1,
    "EchoTime": 0.041,
    "EffectiveEchoSpacing": 0.000689988,
    "FlipAngle": 70,
    "ImageOrientationPatientDICOM": [
      0.999211,
      0.00566991,
      0.0393147,
      -4.52786e-09,
      0.98976,
      -0.142742
    ],
    "ImageType": [
      "ORIGINAL",
      "PRIMARY",
      "M",
      "ND",
      "MOSAIC"
    ],
    "ImagingFrequency": 123.22,
    "InPlanePhaseEncodingDirectionDICOM": "COL",
    "InstitutionAddress": "Rue_Michel-Servet_1_Geneve_District_CH_1211",
    "InstitutionName": "BBL_-_University_of_Geneva",
    "InstitutionalDepartmentName": "Department",
    "MRAcquisitionType": "2D",
    "MagneticFieldStrength": 3,
    "Manufacturer": "Siemens",
    "ManufacturersModelName": "TrioTim",
    "Modality": "MR",
    "PartialFourier": 1,
    "PatientPosition": "HFS",
    "PercentPhaseFOV": 100,
    "PhaseEncodingDirection": "j-",
    "PhaseEncodingSteps": 100,
    "PhaseResolution": 1,
    "PixelBandwidth": 1923,
    "ProcedureStepDescription": "CISA_fMRI",
    "ProtocolName": "RUN_2_TR2400_TE41_1800um",
    "PulseSequenceDetails": "%CustomerSeq%_cmrr_mbep2d_bold",
    "ReceiveCoilName": "32Ch_Head",
    "ReconMatrixPE": 100,
    "RepetitionTime": 2.4,
    "SAR": 0.0838745,
    "ScanOptions": "FS",
    "ScanningSequence": "EP",
    "SequenceName": "epfid2d1_100",
    "SequenceVariant": "SK_SS",
    "SeriesDescription": "RUN_2_TR2400_TE41_1800um",
    "SeriesNumber": 9,
    "ShimSetting": [
      -13845,
      9008,
      19675,
      304,
      -67,
      -128,
      162,
      -19
    ],
    "SliceThickness": 1.8,
    "SliceTiming": [
      1.205,
      0,
      1.2975,
      0.095,
      1.39,
      0.1875,
      1.4825,
      0.28,
      1.5775,
      0.3725,
      1.67,
      0.465,
      1.7625,
      0.5575,
      1.855,
      0.65,
      1.9475,
      0.7425,
      2.04,
      0.835,
      2.1325,
      0.9275,
      2.225,
      1.02,
      2.3175,
      1.1125
    ],
    "SoftwareVersions": "syngo_MR_B17",
    "SpacingBetweenSlices": 1.8,
    "StationName": "MRC35383",
    "TaskName": "hedonic",
    "TotalReadoutTime": 0.0683088,
    "TxRefAmp": 362.375,
    "dataset": "ds003487",
    "modality": "bold",
    "run_id": 1,
    "session_id": "second",
    "subject_id": "26",
    "task_id": "hedonic"
  },
  "dummy_trs": 1,
  "dvars_nstd": 61.34339168108104,
  "dvars_std": 1.0991633838083537,
  "dvars_vstd": 1.0033892145208843,
  "efc": 0.7886779240615605,
  "fber": 22.735382080078125,
  "fd_mean": 0.1688712153913603,
  "fd_num": 117,
  "fd_perc": 28.676470588235293,
  "fwhm_avg": 2.4203259900426684,
  "fwhm_x": 2.2553556153020757,
  "fwhm_y": 2.525927844692014,
  "fwhm_z": 2.479694510133916,
  "gcor": 0.00707621,
  "gsr_x": -0.026824459433555603,
  "gsr_y": 0.09340710937976837,
  "provenance": {
    "md5sum": "f5fbd06d6917e6a448d421ce8a9b620d",
    "settings": {
      "fd_thres": 0.2,
      "testing": false
    },
    "software": "mriqc",
    "version": "21.0.0rc2",
    "webapi_port": null,
    "webapi_url": "https://mriqc.nimh.nih.gov/api/v1"
  },
  "size_t": 408,
  "size_x": 100,
  "size_y": 100,
  "size_z": 26,
  "snr": 2.7631949038537567,
  "spacing_tr": 2.4000000953674316,
  "spacing_x": 1.7999999523162842,
  "spacing_y": 1.7999999523162842,
  "spacing_z": 1.7999999523162842,
  "summary_bg_k": 29.83733354640298,
  "summary_bg_mad": 18.490737921930766,
  "summary_bg_mean": 127.0405044555664,
  "summary_bg_median": 97.79534912109375,
  "summary_bg_n": 98626.0,
  "summary_bg_p05": 81.69608306884766,
  "summary_bg_p95": 277.7389678955078,
  "summary_bg_stdv": 76.84574890136719,
  "summary_fg_k": 1.8946651918783077,
  "summary_fg_mad": 153.52201639706897,
  "summary_fg_mean": 519.3291625976562,
  "summary_fg_median": 489.8309020996094,
  "summary_fg_n": 103540.0,
  "summary_fg_p05": 289.7323593139649,
  "summary_fg_p95": 850.0416961669916,
  "summary_fg_stdv": 177.26890563964844,
  "tsnr": 23.129016414750367
}