{
  "aor": 0.0010286563876651983,
  "aqi": 0.01907314561674009,
  "bids_meta": {
    "AcquisitionMatrixPE": 100,
    "AcquisitionNumber": 1,
    "AcquisitionTime": "09:38:52.770000",
    "BandwidthPerPixelPhaseEncode": 14.493,
    "BaseResolution": 100,
    "CoilString": "C:HEA;HEP",
    "ConversionSoftware": "dcm2niix",
    "ConversionSoftwareVersion": "v1.0.20181114  GCC7.3.0",
    "DerivedVendorReportedEchoSpacing": 0.000689988,
    "DeviceSerialNumber": "35383",
    "DwellTime": 2.6e-06,
    "EchoNumber": 1,
    "EchoTime": 0.041,
    "EffectiveEchoSpacing": 0.000689988,
    "FlipAngle": 70,
    "ImageOrientationPatientDICOM": [
      0.997868,
      0.0113578,
      0.0642712,
      -4.42977e-08,
      0.984742,
      -0.174019
    ],
    "ImageType": [
      "ORIGINAL",
      "PRIMARY",
      "M",
      "ND",
      "MOSAIC"
    ],
    "ImagingFrequency": 123.228,
    "InPlanePhaseEncodingDirectionDICOM": "COL",
    "InstitutionAddress": "Rue_Michel-Servet_1_Geneve_District_CH_1211",
    "InstitutionName": "BBL_-_University_of_Geneva",
    "InstitutionalDepartmentName": "Department",
    "MRAcquisitionType": "2D",
    "MagneticFieldStrength": 3,
    "Manufacturer": "Siemens",
    "ManufacturersModelName": "TrioTim",
    "Modality": "MR",
    "PartialFourier": 1,
    "PatientPosition": "HFS",
    "PercentPhaseFOV": 100,
    "PhaseEncodingDirection": "j-",
    "PhaseEncodingSteps": 100,
    "PhaseResolution": 1,
    "PixelBandwidth": 1923,
    "ProcedureStepDescription": "CISA_fMRI",
    "ProtocolName": "RUN_1_TR2400_TE41_1800um",
    "PulseSequenceDetails": "%CustomerSeq%_cmrr_mbep2d_bold",
    "ReceiveCoilName": "32Ch_Head",
    "ReconMatrixPE": 100,
    "RepetitionTime": 2.4,
    "SAR": 0.0721645,
    "ScanOptions": "FS",
    "ScanningSequence": "EP",
    "SequenceName": "epfid2d1_100",
    "SequenceVariant": "SK_SS",
    "SeriesDescription": "RUN_1_TR2400_TE41_1800um",
    "SeriesNumber": 7,
    "ShimSetting": [
      -13819,
      9025,
      19739,
      829,
      206,
      233,
      238,
      -86
    ],
    "SliceThickness": 1.8,
    "SliceTiming": [
      1.205,
      0,
      1.2975,
      0.095,
      1.39,
      0.1875,
      1.4825,
      0.28,
      1.5775,
      0.3725,
      1.67,
      0.465,
      1.7625,
      0.5575,
      1.855,
      0.65,
      1.9475,
      0.7425,
      2.04,
      0.835,
      2.1325,
      0.9275,
      2.225,
      1.02,
      2.3175,
      1.1125
    ],
    "SoftwareVersions": "syngo_MR_B17",
    "SpacingBetweenSlices": 1.8,
    "StationName": "MRC35383",
    "TaskName": "PIT",
    "TotalReadoutTime": 0.0683088,
    "TxRefAmp": 321.537,
    "dataset": "ds003487",
    "modality": "bold",
    "run_id": 1,
    "session_id": "second",
    "subject_id": "11",
    "task_id": "PIT"
  },
  "dummy_trs": 0,
  "dvars_nstd": 57.62698984876377,
  "dvars_std": 1.113333753399558,
  "dvars_vstd": 0.9926316371964681,
  "efc": 0.7688710487400804,
  "fber": 35.200645446777344,
  "fd_mean": 0.14228825939632928,
  "fd_num": 87,
  "fd_perc": 19.162995594713657,
  "fwhm_avg": 2.62065377312732,
  "fwhm_x": 2.451566731611006,
  "fwhm_y": 2.712666738527794,
  "fwhm_z": 2.69772784924316,
  "gcor": 0.00719123,
  "gsr_x": -0.03853536769747734,
  "gsr_y": 0.07847362011671066,
  "provenance": {
    "md5sum": "579df50774e57d91172ec370debf7180",
    "settings": {
      "fd_thres": 0.2,
      "testing": false
    },
    "software": "mriqc",
    "version": "21.0.0rc2",
    "webapi_port": null,
    "webapi_url": "https://mriqc.nimh.nih.gov/api/v1"
  },
  "size_t": 454,
  "size_x": 100,
  "size_y": 100,
  "size_z": 26,
  "snr": 2.8820568204034345,
  "spacing_tr": 2.4000000953674316,
  "spacing_x": 1.7999999523162842,
  "spacing_y": 1.7999999523162842,
  "spacing_z": 1.7999999523162842,
  "summary_bg_k": 26.85571035538483,
  "summary_bg_mad": 13.470774537916954,
  "summary_bg_mean": 111.28587341308594,
  "summary_bg_median": 89.83699798583984,
  "summary_bg_n": 99095.0,
  "summary_bg_p05": 77.16299438476562,
  "summary_bg_p95": 215.52950286865214,
  "summary_bg_stdv": 59.88166046142578,
  "summary_fg_k": 3.4070332796095313,
  "summary_fg_mad": 165.00641479828587,
  "summary_fg_mean": 573.2623901367188,
  "summary_fg_median": 550.118896484375,
  "summary_fg_n": 107325.0,
  "summary_fg_p05": 311.1211303710938,
  "summary_fg_p95": 911.2797119140621,
  "summary_fg_stdv": 190.8762969970703,
  "tsnr": 23.318529504933394
}