{
  "aor": 0.0015992665036674819,
  "aqi": 0.020072549193154033,
  "bids_meta": {
    "AcquisitionMatrixPE": 100,
    "AcquisitionNumber": 1,
    "AcquisitionTime": "10:05:1.065000",
    "BandwidthPerPixelPhaseEncode": 14.493,
    "BaseResolution": 100,
    "CoilString": "C:HEA;HEP",
    "ConversionSoftware": "dcm2niix",
    "ConversionSoftwareVersion": "v1.0.20181114  GCC7.3.0",
    "DerivedVendorReportedEchoSpacing": 0.000689988,
    "DeviceSerialNumber": "35383",
    "DwellTime": 2.6e-06,
    "EchoNumber": 1,
    "EchoTime": 0.041,
    "EffectiveEchoSpacing": 0.000689988,
    "FlipAngle": 70,
    "ImageOrientationPatientDICOM": [
      0.997868,
      0.0113578,
      0.0642712,
      -4.42977e-08,
      0.984742,
      -0.174019
    ],
    "ImageType": [
      "ORIGINAL",
      "PRIMARY",
      "M",
      "ND",
      "MOSAIC"
    ],
    "ImagingFrequency": 123.228,
    "InPlanePhaseEncodingDirectionDICOM": "COL",
    "InstitutionAddress": "Rue_Michel-Servet_1_Geneve_District_CH_1211",
    "InstitutionName": "BBL_-_University_of_Geneva",
    "InstitutionalDepartmentName": "Department",
    "MRAcquisitionType": "2D",
    "MagneticFieldStrength": 3,
    "Manufacturer": "Siemens",
    "ManufacturersModelName": "TrioTim",
    "Modality": "MR",
    "PartialFourier": 1,
    "PatientPosition": "HFS",
    "PercentPhaseFOV": 100,
    "PhaseEncodingDirection": "j-",
    "PhaseEncodingSteps": 100,
    "PhaseResolution": 1,
    "PixelBandwidth": 1923,
    "ProcedureStepDescription": "CISA_fMRI",
    "ProtocolName": "RUN_2_TR2400_TE41_1800um",
    "PulseSequenceDetails": "%CustomerSeq%_cmrr_mbep2d_bold",
    "ReceiveCoilName": "32Ch_Head",
    "ReconMatrixPE": 100,
    "RepetitionTime": 2.4,
    "SAR": 0.0721647,
    "ScanOptions": "FS",
    "ScanningSequence": "EP",
    "SequenceName": "epfid2d1_100",
    "SequenceVariant": "SK_SS",
    "SeriesDescription": "RUN_2_TR2400_TE41_1800um",
    "SeriesNumber": 9,
    "ShimSetting": [
      -13819,
      9025,
      19739,
      829,
      206,
      233,
      238,
      -86
    ],
    "SliceThickness": 1.8,
    "SliceTiming": [
      1.205,
      0,
      1.2975,
      0.0925,
      1.39,
      0.185,
      1.4825,
      0.2775,
      1.575,
      0.37,
      1.6675,
      0.4625,
      1.76,
      0.5575,
      1.8525,
      0.65,
      1.9475,
      0.7425,
      2.04,
      0.835,
      2.1325,
      0.9275,
      2.225,
      1.02,
      2.3175,
      1.1125
    ],
    "SoftwareVersions": "syngo_MR_B17",
    "SpacingBetweenSlices": 1.8,
    "StationName": "MRC35383",
    "TaskName": "hedonic",
    "TotalReadoutTime": 0.0683088,
    "TxRefAmp": 321.537,
    "dataset": "ds003487",
    "modality": "bold",
    "run_id": 1,
    "session_id": "second",
    "subject_id": "11",
    "task_id": "hedonic"
  },
  "dummy_trs": 1,
  "dvars_nstd": 57.30778223867643,
  "dvars_std": 1.0939125390441182,
  "dvars_vstd": 0.9959896158823538,
  "efc": 0.7711474538976969,
  "fber": 33.85964584350586,
  "fd_mean": 0.15797554366814562,
  "fd_num": 88,
  "fd_perc": 21.5158924205379,
  "fwhm_avg": 2.56044451227306,
  "fwhm_x": 2.429411175468529,
  "fwhm_y": 2.689322293464933,
  "fwhm_z": 2.5626000678857186,
  "gcor": 0.00592655,
  "gsr_x": -0.0418691486120224,
  "gsr_y": 0.08835440874099731,
  "provenance": {
    "md5sum": "00b55171f1fa7e4402860961af93ef16",
    "settings": {
      "fd_thres": 0.2,
      "testing": false
    },
    "software": "mriqc",
    "version": "21.0.0rc2",
    "webapi_port": null,
    "webapi_url": "https://mriqc.nimh.nih.gov/api/v1"
  },
  "size_t": 409,
  "size_x": 100,
  "size_y": 100,
  "size_z": 26,
  "snr": 2.8678015060850095,
  "spacing_tr": 2.4000000953674316,
  "spacing_x": 1.7999999523162842,
  "spacing_y": 1.7999999523162842,
  "spacing_z": 1.7999999523162842,
  "summary_bg_k": 27.208224117363375,
  "summary_bg_mad": 12.527814551470565,
  "summary_bg_mean": 114.59899139404297,
  "summary_bg_median": 89.88020324707031,
  "summary_bg_n": 99893.0,
  "summary_bg_p05": 80.45966339111328,
  "summary_bg_p95": 220.56088867187492,
  "summary_bg_stdv": 63.11430358886719,
  "summary_fg_k": 3.449304996200741,
  "summary_fg_mad": 165.71975423239718,
  "summary_fg_mean": 568.802001953125,
  "summary_fg_median": 546.2469482421875,
  "summary_fg_n": 106268.0,
  "summary_fg_p05": 304.41175384521483,
  "summary_fg_p95": 905.5533447265625,
  "summary_fg_stdv": 190.47496032714844,
  "tsnr": 24.04238181328401
}