{
  "bids_meta": {
    "AcquisitionMatrixPE": 256,
    "AcquisitionNumber": 1,
    "AcquisitionTime": "10:01:55.210000",
    "BaseResolution": 256,
    "CoilString": "C:HEA;HEP",
    "ConversionSoftware": "dcm2niix",
    "ConversionSoftwareVersion": "v1.0.20181114  GCC7.3.0",
    "DeviceSerialNumber": "35383",
    "DwellTime": 1.03e-05,
    "EchoNumber": 1,
    "EchoTime": 0.00227,
    "FlipAngle": 9,
    "ImageOrientationPatientDICOM": [
      -0.0087265,
      0.999962,
      2.32487e-08,
      -0.0191967,
      -0.000167503,
      -0.999816
    ],
    "ImageType": [
      "ORIGINAL",
      "PRIMARY",
      "M",
      "ND",
      "NORM"
    ],
    "ImagingFrequency": 123.228,
    "InPlanePhaseEncodingDirectionDICOM": "ROW",
    "InstitutionAddress": "Rue_Michel-Servet_1_Geneve_District_CH_1211",
    "InstitutionName": "BBL_-_University_of_Geneva",
    "InstitutionalDepartmentName": "Department",
    "InversionTime": 0.9,
    "MRAcquisitionType": "3D",
    "MagneticFieldStrength": 3,
    "Manufacturer": "Siemens",
    "ManufacturersModelName": "TrioTim",
    "Modality": "MR",
    "PartialFourier": 1,
    "PatientPosition": "HFS",
    "PercentPhaseFOV": 100,
    "PhaseEncodingSteps": 294,
    "PhaseOversampling": 0.15,
    "PhaseResolution": 1,
    "PixelBandwidth": 190,
    "ProcedureStepDescription": "CISA_fMRI",
    "ProtocolName": "T1",
    "PulseSequenceDetails": "%SiemensSeq%_tfl",
    "ReceiveCoilName": "32Ch_Head",
    "ReconMatrixPE": 256,
    "RepetitionTime": 1.9,
    "SAR": 0.128455,
    "ScanOptions": "IR",
    "ScanningSequence": "GR_IR",
    "SequenceName": "_tfl3d1_ns",
    "SequenceVariant": "SP_MP_OSP",
    "SeriesDescription": "T1",
    "SeriesNumber": 8,
    "ShimSetting": [
      -13868,
      8977,
      19243,
      44,
      61,
      23,
      -27,
      -27
    ],
    "SliceThickness": 1,
    "SoftwareVersions": "syngo_MR_B17",
    "StationName": "MRC35383",
    "TxRefAmp": 311.614,
    "dataset": "ds003487",
    "modality": "T1w",
    "run_id": 1,
    "session_id": "second",
    "subject_id": "20"
  },
  "cjv": 0.42064364883772287,
  "cnr": 3.0354665199287925,
  "efc": 0.5792435499390837,
  "fber": 14515.01134215501,
  "fwhm_avg": 3.78122,
  "fwhm_x": 3.73638,
  "fwhm_y": 3.82613,
  "fwhm_z": 3.78115,
  "icvs_csf": 0.20124390072192794,
  "icvs_gm": 0.4202523176384359,
  "icvs_wm": 0.3785037816396362,
  "inu_med": 0.9697732925415039,
  "inu_range": 0.251924729347229,
  "provenance": {
    "md5sum": "c75b7e9b33c9c9d0a5fdae7dbd00f76f",
    "settings": {
      "testing": false
    },
    "software": "mriqc",
    "version": "21.0.0rc2",
    "warnings": {
      "large_rot_frame": true,
      "small_air_mask": false
    },
    "webapi_port": null,
    "webapi_url": "https://mriqc.nimh.nih.gov/api/v1"
  },
  "qi_1": 0.0,
  "qi_2": 0.008424767576189832,
  "rpve_csf": 33.664298535256904,
  "rpve_gm": 16.945282265809215,
  "rpve_wm": 22.390973272367727,
  "size_x": 192,
  "size_y": 256,
  "size_z": 256,
  "snr_csf": 3.5400402882606774,
  "snr_gm": 12.029917492677598,
  "snr_total": 13.457647443210549,
  "snr_wm": 24.802984548693374,
  "snrd_csf": 52.15767171290371,
  "snrd_gm": 109.50165174565471,
  "snrd_total": 101.30743964688254,
  "snrd_wm": 142.2629954820892,
  "spacing_x": 1.0,
  "spacing_y": 1.0,
  "spacing_z": 1.0,
  "summary_bg_k": 15.560901473603014,
  "summary_bg_mad": 4.605107415587497,
  "summary_bg_mean": 5.096969225474299,
  "summary_bg_median": 3.106097750365734,
  "summary_bg_n": 1539532.0,
  "summary_bg_p05": 0.0,
  "summary_bg_p95": 15.693967580795288,
  "summary_bg_stdv": 6.045669561662142,
  "summary_csf_k": 8.64882926269708,
  "summary_csf_mad": 95.4953853548144,
  "summary_csf_mean": 388.0964625871701,
  "summary_csf_median": 366.62852042913437,
  "summary_csf_n": 15601.0,
  "summary_csf_p05": 259.495394513011,
  "summary_csf_p95": 586.3440665602684,
  "summary_csf_stdv": 103.56288070949184,
  "summary_gm_k": 0.2603722618849411,
  "summary_gm_mad": 60.835892700655876,
  "summary_gm_mean": 769.2410811725773,
  "summary_gm_median": 769.7128197178245,
  "summary_gm_n": 12118.0,
  "summary_gm_p05": 662.8358106337488,
  "summary_gm_p95": 876.6279738619924,
  "summary_gm_stdv": 63.98057679623468,
  "summary_wm_k": 1.0535961010995605,
  "summary_wm_mad": 36.032945743017954,
  "summary_wm_mean": 1000.8541211189844,
  "summary_wm_median": 999.9999967887998,
  "summary_wm_n": 164564.0,
  "summary_wm_p05": 935.4258593469858,
  "summary_wm_p95": 1068.1624945264314,
  "summary_wm_stdv": 40.31760599170645,
  "tpm_overlap_csf": 0.17174355685710907,
  "tpm_overlap_gm": 0.43963417410850525,
  "tpm_overlap_wm": 0.49776801466941833,
  "wm2max": 0.3902015253411544
}