{
  "bids_meta": {
    "AcquisitionMatrixPE": 256,
    "AcquisitionNumber": 1,
    "AcquisitionTime": "12:03:15.792500",
    "BaseResolution": 256,
    "CoilString": "C:HEA;HEP",
    "ConversionSoftware": "dcm2niix",
    "ConversionSoftwareVersion": "v1.0.20181114  GCC7.3.0",
    "DeviceSerialNumber": "35383",
    "DwellTime": 1.03e-05,
    "EchoNumber": 1,
    "EchoTime": 0.00227,
    "FlipAngle": 9,
    "ImageOrientationPatientDICOM": [
      0,
      1,
      0,
      0,
      0,
      -1
    ],
    "ImageType": [
      "ORIGINAL",
      "PRIMARY",
      "M",
      "ND",
      "NORM"
    ],
    "ImagingFrequency": 123.255,
    "InPlanePhaseEncodingDirectionDICOM": "ROW",
    "InstitutionAddress": "Rue_Michel-Servet_1_Geneve_District_CH_1211",
    "InstitutionName": "BBL_-_University_of_Geneva",
    "InstitutionalDepartmentName": "Department",
    "InversionTime": 0.9,
    "MRAcquisitionType": "3D",
    "MagneticFieldStrength": 3,
    "Manufacturer": "Siemens",
    "ManufacturersModelName": "TrioTim",
    "Modality": "MR",
    "PartialFourier": 1,
    "PatientPosition": "HFS",
    "PercentPhaseFOV": 100,
    "PhaseEncodingSteps": 294,
    "PhaseOversampling": 0.15,
    "PhaseResolution": 1,
    "PixelBandwidth": 190,
    "ProcedureStepDescription": "CISA_fMRI",
    "ProtocolName": "T1",
    "PulseSequenceDetails": "%SiemensSeq%_tfl",
    "ReceiveCoilName": "32Ch_Head",
    "ReconMatrixPE": 256,
    "RepetitionTime": 1.9,
    "SAR": 0.145715,
    "ScanOptions": "IR",
    "ScanningSequence": "GR_IR",
    "SequenceName": "_tfl3d1_ns",
    "SequenceVariant": "SP_MP_OSP",
    "SeriesDescription": "T1",
    "SeriesNumber": 8,
    "ShimSetting": [
      -13850,
      9050,
      19176,
      -140,
      270,
      -85,
      30,
      50
    ],
    "SliceThickness": 1,
    "SoftwareVersions": "syngo_MR_B17",
    "StationName": "MRC35383",
    "TxRefAmp": 549.432,
    "dataset": "ds003487",
    "modality": "T1w",
    "run_id": 1,
    "session_id": "second",
    "subject_id": "09"
  },
  "cjv": 0.5370416704803573,
  "cnr": 2.3977845148965757,
  "efc": 0.5927995351638422,
  "fber": 6580.909818405663,
  "fwhm_avg": 3.788396666666667,
  "fwhm_x": 3.47887,
  "fwhm_y": 3.94336,
  "fwhm_z": 3.94296,
  "icvs_csf": 0.22387382924004642,
  "icvs_gm": 0.4050332659017487,
  "icvs_wm": 0.37109290485820484,
  "inu_med": 1.4050768613815308,
  "inu_range": 0.4110709190368651,
  "provenance": {
    "md5sum": "06156e1031479bd90b147cabc172f9a2",
    "settings": {
      "testing": false
    },
    "software": "mriqc",
    "version": "21.0.0rc2",
    "warnings": {
      "large_rot_frame": true,
      "small_air_mask": false
    },
    "webapi_port": null,
    "webapi_url": "https://mriqc.nimh.nih.gov/api/v1"
  },
  "qi_1": 0.0,
  "qi_2": 0.01586072634302263,
  "rpve_csf": 22.26624650109647,
  "rpve_gm": 12.429791262783437,
  "rpve_wm": 15.970668368756588,
  "size_x": 192,
  "size_y": 256,
  "size_z": 256,
  "snr_csf": 2.0119877695220865,
  "snr_gm": 11.225650468931576,
  "snr_total": 11.308132382416133,
  "snr_wm": 20.686758908794737,
  "snrd_csf": 37.51352161396271,
  "snrd_gm": 77.09691515826806,
  "snrd_total": 70.5797903039308,
  "snrd_wm": 97.12893413956164,
  "spacing_x": 1.0,
  "spacing_y": 1.0,
  "spacing_z": 1.0,
  "summary_bg_k": 13.06330551370608,
  "summary_bg_mad": 6.745017619345124,
  "summary_bg_mean": 7.261862845715561,
  "summary_bg_median": 4.549445249140263,
  "summary_bg_n": 2410226.0,
  "summary_bg_p05": 0.0,
  "summary_bg_p95": 22.587596587836742,
  "summary_bg_stdv": 7.872727408394423,
  "summary_csf_k": 17.891631345236753,
  "summary_csf_mad": 105.19860813329501,
  "summary_csf_mean": 433.203660722209,
  "summary_csf_median": 386.2239572033286,
  "summary_csf_n": 44591.0,
  "summary_csf_p05": 268.8163438439369,
  "summary_csf_p95": 670.843637175858,
  "summary_csf_stdv": 191.95923170640393,
  "summary_gm_k": 0.15866846266125156,
  "summary_gm_mad": 65.67517155678148,
  "summary_gm_mean": 798.6895050709068,
  "summary_gm_median": 793.7584737315774,
  "summary_gm_n": 20086.0,
  "summary_gm_p05": 688.8019736856222,
  "summary_gm_p95": 926.5503953676671,
  "summary_gm_stdv": 70.70759210651208,
  "summary_wm_k": 0.5459132451195527,
  "summary_wm_mad": 45.08511777141214,
  "summary_wm_mean": 1003.0143835366291,
  "summary_wm_median": 999.9999916926026,
  "summary_wm_n": 246510.0,
  "summary_wm_p05": 928.9647939428687,
  "summary_wm_p95": 1088.2392758186897,
  "summary_wm_stdv": 48.340001823588885,
  "tpm_overlap_csf": 0.17048713564872742,
  "tpm_overlap_gm": 0.4212585687637329,
  "tpm_overlap_wm": 0.49094030261039734,
  "wm2max": 0.3823950612223437
}