{
  "aor": 0.0009555528255528255,
  "aqi": 0.023527438574938574,
  "bids_meta": {
    "AcquisitionMatrixPE": 100,
    "AcquisitionNumber": 1,
    "AcquisitionTime": "14:07:11.635000",
    "BandwidthPerPixelPhaseEncode": 14.493,
    "BaseResolution": 100,
    "CoilString": "C:HEA;HEP",
    "ConversionSoftware": "dcm2niix",
    "ConversionSoftwareVersion": "v1.0.20181114  GCC7.3.0",
    "DerivedVendorReportedEchoSpacing": 0.000689988,
    "DeviceSerialNumber": "35383",
    "DwellTime": 2.6e-06,
    "EchoNumber": 1,
    "EchoTime": 0.041,
    "EffectiveEchoSpacing": 0.000689988,
    "FlipAngle": 70,
    "ImageOrientationPatientDICOM": [
      0.996238,
      -0.00924383,
      -0.0861678,
      -3.09413e-08,
      0.994295,
      -0.106665
    ],
    "ImageType": [
      "ORIGINAL",
      "PRIMARY",
      "M",
      "ND",
      "MOSAIC"
    ],
    "ImagingFrequency": 123.228,
    "InPlanePhaseEncodingDirectionDICOM": "COL",
    "InstitutionAddress": "Rue_Michel-Servet_1_Geneve_District_CH_1211",
    "InstitutionName": "BBL_-_University_of_Geneva",
    "InstitutionalDepartmentName": "Department",
    "MRAcquisitionType": "2D",
    "MagneticFieldStrength": 3,
    "Manufacturer": "Siemens",
    "ManufacturersModelName": "TrioTim",
    "Modality": "MR",
    "PartialFourier": 1,
    "PatientPosition": "HFS",
    "PercentPhaseFOV": 100,
    "PhaseEncodingDirection": "j-",
    "PhaseEncodingSteps": 100,
    "PhaseResolution": 1,
    "PixelBandwidth": 1923,
    "ProcedureStepDescription": "CISA_fMRI",
    "ProtocolName": "RUN_2_TR2400_TE41_1800um",
    "PulseSequenceDetails": "%CustomerSeq%_cmrr_mbep2d_bold",
    "ReceiveCoilName": "32Ch_Head",
    "ReconMatrixPE": 100,
    "RepetitionTime": 2.4,
    "SAR": 0.0806624,
    "ScanOptions": "FS",
    "ScanningSequence": "EP",
    "SequenceName": "epfid2d1_100",
    "SequenceVariant": "SK_SS",
    "SeriesDescription": "RUN_2_TR2400_TE41_1800um",
    "SeriesNumber": 9,
    "ShimSetting": [
      -13878,
      8920,
      19731,
      660,
      311,
      -336,
      -19,
      34
    ],
    "SliceThickness": 1.8,
    "SliceTiming": [
      1.205,
      0,
      1.2975,
      0.0925,
      1.39,
      0.185,
      1.4825,
      0.2775,
      1.575,
      0.37,
      1.6675,
      0.4625,
      1.76,
      0.5575,
      1.8525,
      0.65,
      1.945,
      0.7425,
      2.04,
      0.835,
      2.1325,
      0.9275,
      2.225,
      1.02,
      2.3175,
      1.1125
    ],
    "SoftwareVersions": "syngo_MR_B17",
    "SpacingBetweenSlices": 1.8,
    "StationName": "MRC35383",
    "TaskName": "hedonic",
    "TotalReadoutTime": 0.0683088,
    "TxRefAmp": 355.847,
    "dataset": "ds003487",
    "modality": "bold",
    "run_id": 1,
    "session_id": "second",
    "subject_id": "17",
    "task_id": "hedonic"
  },
  "dummy_trs": 0,
  "dvars_nstd": 68.74926412044337,
  "dvars_std": 1.063157827019704,
  "dvars_vstd": 0.9932550693842367,
  "efc": 0.7964436606036399,
  "fber": 18.44217300415039,
  "fd_mean": 0.31101028246772106,
  "fd_num": 255,
  "fd_perc": 62.65356265356265,
  "fwhm_avg": 2.447633341775463,
  "fwhm_x": 2.178688946604436,
  "fwhm_y": 2.6094667357939283,
  "fwhm_z": 2.554744342928025,
  "gcor": 0.012907,
  "gsr_x": -0.0581786185503006,
  "gsr_y": 0.1035040020942688,
  "provenance": {
    "md5sum": "b2d5de0fe4007de8b2ac600f8a55e377",
    "settings": {
      "fd_thres": 0.2,
      "testing": false
    },
    "software": "mriqc",
    "version": "21.0.0rc2",
    "webapi_port": null,
    "webapi_url": "https://mriqc.nimh.nih.gov/api/v1"
  },
  "size_t": 407,
  "size_x": 100,
  "size_y": 100,
  "size_z": 26,
  "snr": 2.688330725637726,
  "spacing_tr": 2.4000000953674316,
  "spacing_x": 1.7999999523162842,
  "spacing_y": 1.7999999523162842,
  "spacing_z": 1.8000000715255737,
  "summary_bg_k": 37.950388416878305,
  "summary_bg_mad": 30.491703386400786,
  "summary_bg_mean": 138.02764892578125,
  "summary_bg_median": 105.92874145507812,
  "summary_bg_n": 92304.0,
  "summary_bg_p05": 81.62444534301758,
  "summary_bg_p95": 277.9816848754882,
  "summary_bg_stdv": 106.13409423828125,
  "summary_fg_k": 3.48749746580288,
  "summary_fg_mad": 144.214918531708,
  "summary_fg_mean": 494.1072998046875,
  "summary_fg_median": 465.78375244140625,
  "summary_fg_n": 108324.0,
  "summary_fg_p05": 267.31953277587894,
  "summary_fg_p95": 800.8526947021481,
  "summary_fg_stdv": 173.26052856445312,
  "tsnr": 20.012893091887236
}