{
  "aor": 0.005889955947136563,
  "aqi": 0.04854914647577092,
  "bids_meta": {
    "AcquisitionMatrixPE": 100,
    "AcquisitionNumber": 1,
    "AcquisitionTime": "13:41:21.342500",
    "BandwidthPerPixelPhaseEncode": 14.493,
    "BaseResolution": 100,
    "CoilString": "C:HEA;HEP",
    "ConversionSoftware": "dcm2niix",
    "ConversionSoftwareVersion": "v1.0.20181114  GCC7.3.0",
    "DerivedVendorReportedEchoSpacing": 0.000689988,
    "DeviceSerialNumber": "35383",
    "DwellTime": 2.6e-06,
    "EchoNumber": 1,
    "EchoTime": 0.041,
    "EffectiveEchoSpacing": 0.000689988,
    "FlipAngle": 70,
    "ImageOrientationPatientDICOM": [
      0.996238,
      -0.00924383,
      -0.0861678,
      -3.09413e-08,
      0.994295,
      -0.106665
    ],
    "ImageType": [
      "ORIGINAL",
      "PRIMARY",
      "M",
      "ND",
      "MOSAIC"
    ],
    "ImagingFrequency": 123.228,
    "InPlanePhaseEncodingDirectionDICOM": "COL",
    "InstitutionAddress": "Rue_Michel-Servet_1_Geneve_District_CH_1211",
    "InstitutionName": "BBL_-_University_of_Geneva",
    "InstitutionalDepartmentName": "Department",
    "MRAcquisitionType": "2D",
    "MagneticFieldStrength": 3,
    "Manufacturer": "Siemens",
    "ManufacturersModelName": "TrioTim",
    "Modality": "MR",
    "PartialFourier": 1,
    "PatientPosition": "HFS",
    "PercentPhaseFOV": 100,
    "PhaseEncodingDirection": "j-",
    "PhaseEncodingSteps": 100,
    "PhaseResolution": 1,
    "PixelBandwidth": 1923,
    "ProcedureStepDescription": "CISA_fMRI",
    "ProtocolName": "RUN_1_TR2400_TE41_1800um",
    "PulseSequenceDetails": "%CustomerSeq%_cmrr_mbep2d_bold",
    "ReceiveCoilName": "32Ch_Head",
    "ReconMatrixPE": 100,
    "RepetitionTime": 2.4,
    "SAR": 0.0806622,
    "ScanOptions": "FS",
    "ScanningSequence": "EP",
    "SequenceName": "epfid2d1_100",
    "SequenceVariant": "SK_SS",
    "SeriesDescription": "RUN_1_TR2400_TE41_1800um",
    "SeriesNumber": 7,
    "ShimSetting": [
      -13878,
      8920,
      19731,
      660,
      311,
      -336,
      -19,
      34
    ],
    "SliceThickness": 1.8,
    "SliceTiming": [
      1.205,
      0,
      1.2975,
      0.095,
      1.39,
      0.1875,
      1.4825,
      0.28,
      1.5775,
      0.3725,
      1.67,
      0.465,
      1.7625,
      0.5575,
      1.855,
      0.65,
      1.9475,
      0.7425,
      2.04,
      0.835,
      2.1325,
      0.9275,
      2.225,
      1.02,
      2.3175,
      1.1125
    ],
    "SoftwareVersions": "syngo_MR_B17",
    "SpacingBetweenSlices": 1.8,
    "StationName": "MRC35383",
    "TaskName": "PIT",
    "TotalReadoutTime": 0.0683088,
    "TxRefAmp": 355.847,
    "dataset": "ds003487",
    "modality": "bold",
    "run_id": 1,
    "session_id": "second",
    "subject_id": "17",
    "task_id": "PIT"
  },
  "dummy_trs": 0,
  "dvars_nstd": 64.23669479913912,
  "dvars_std": 1.0514510531125838,
  "dvars_vstd": 1.0105424505077265,
  "efc": 0.7957493723909256,
  "fber": 19.635984420776367,
  "fd_mean": 0.2317938960857511,
  "fd_num": 212,
  "fd_perc": 46.69603524229075,
  "fwhm_avg": 2.5305185262201526,
  "fwhm_x": 2.2138889475369172,
  "fwhm_y": 2.689916737925125,
  "fwhm_z": 2.687749893198415,
  "gcor": 0.0100312,
  "gsr_x": -0.062113676220178604,
  "gsr_y": 0.10068798810243607,
  "provenance": {
    "md5sum": "745e103d07d1e16707218aa3025bb2a0",
    "settings": {
      "fd_thres": 0.2,
      "testing": false
    },
    "software": "mriqc",
    "version": "21.0.0rc2",
    "webapi_port": null,
    "webapi_url": "https://mriqc.nimh.nih.gov/api/v1"
  },
  "size_t": 454,
  "size_x": 100,
  "size_y": 100,
  "size_z": 26,
  "snr": 2.6893424953169496,
  "spacing_tr": 2.4000000953674316,
  "spacing_x": 1.7999999523162842,
  "spacing_y": 1.7999999523162842,
  "spacing_z": 1.8000000715255737,
  "summary_bg_k": 33.27859724367374,
  "summary_bg_mad": 28.084539104028746,
  "summary_bg_mean": 137.21490478515625,
  "summary_bg_median": 104.22026062011719,
  "summary_bg_n": 92098.0,
  "summary_bg_p05": 82.42510986328125,
  "summary_bg_p95": 284.0509887695312,
  "summary_bg_stdv": 110.02458953857422,
  "summary_fg_k": 3.020336665730871,
  "summary_fg_mad": 147.6430289531409,
  "summary_fg_mean": 507.5360107421875,
  "summary_fg_median": 476.18060302734375,
  "summary_fg_n": 109199.0,
  "summary_fg_p05": 278.9920562744141,
  "summary_fg_p95": 822.4702209472655,
  "summary_fg_stdv": 177.061279296875,
  "tsnr": 16.963566400518175
}