{
  "bids_meta": {
    "AcquisitionMatrixPE": 256,
    "AcquisitionNumber": 1,
    "AcquisitionTime": "14:03:59.402500",
    "BaseResolution": 256,
    "CoilString": "C:HEA;HEP",
    "ConversionSoftware": "dcm2niix",
    "ConversionSoftwareVersion": "v1.0.20181114  GCC7.3.0",
    "DeviceSerialNumber": "35383",
    "DwellTime": 1.03e-05,
    "EchoNumber": 1,
    "EchoTime": 0.00227,
    "FlipAngle": 9,
    "ImageOrientationPatientDICOM": [
      -0.0157074,
      0.999877,
      2.69819e-08,
      0.0418705,
      0.000657784,
      -0.999123
    ],
    "ImageType": [
      "ORIGINAL",
      "PRIMARY",
      "M",
      "ND",
      "NORM"
    ],
    "ImagingFrequency": 123.22,
    "InPlanePhaseEncodingDirectionDICOM": "ROW",
    "InstitutionAddress": "Rue_Michel-Servet_1_Geneve_District_CH_1211",
    "InstitutionName": "BBL_-_University_of_Geneva",
    "InstitutionalDepartmentName": "Department",
    "InversionTime": 0.9,
    "MRAcquisitionType": "3D",
    "MagneticFieldStrength": 3,
    "Manufacturer": "Siemens",
    "ManufacturersModelName": "TrioTim",
    "Modality": "MR",
    "PartialFourier": 1,
    "PatientPosition": "HFS",
    "PercentPhaseFOV": 100,
    "PhaseEncodingSteps": 294,
    "PhaseOversampling": 0.15,
    "PhaseResolution": 1,
    "PixelBandwidth": 190,
    "ProcedureStepDescription": "CISA_fMRI",
    "ProtocolName": "T1",
    "PulseSequenceDetails": "%SiemensSeq%_tfl",
    "ReceiveCoilName": "32Ch_Head",
    "ReconMatrixPE": 256,
    "RepetitionTime": 1.9,
    "SAR": 0.171066,
    "ScanOptions": "IR",
    "ScanningSequence": "GR_IR",
    "SequenceName": "_tfl3d1_ns",
    "SequenceVariant": "SP_MP_OSP",
    "SeriesDescription": "T1",
    "SeriesNumber": 9,
    "ShimSetting": [
      -13883,
      8934,
      19219,
      8,
      9,
      -4,
      -1,
      6
    ],
    "SliceThickness": 1,
    "SoftwareVersions": "syngo_MR_B17",
    "StationName": "MRC35383",
    "TxRefAmp": 401.312,
    "dataset": "ds003487",
    "modality": "T1w",
    "run_id": 1,
    "session_id": "second",
    "subject_id": "25"
  },
  "cjv": 0.3871883569157154,
  "cnr": 3.4418897426309063,
  "efc": 0.6170956699065171,
  "fber": 9967.631868676848,
  "fwhm_avg": 4.10182,
  "fwhm_x": 4.07282,
  "fwhm_y": 4.05793,
  "fwhm_z": 4.17471,
  "icvs_csf": 0.20764332473416383,
  "icvs_gm": 0.40732448538761906,
  "icvs_wm": 0.3850321898782171,
  "inu_med": 1.5056676864624023,
  "inu_range": 0.3983643412590028,
  "provenance": {
    "md5sum": "81575f575e4f2522b2255c38c4476bd7",
    "settings": {
      "testing": false
    },
    "software": "mriqc",
    "version": "21.0.0rc2",
    "warnings": {
      "large_rot_frame": true,
      "small_air_mask": false
    },
    "webapi_port": null,
    "webapi_url": "https://mriqc.nimh.nih.gov/api/v1"
  },
  "qi_1": 0.0,
  "qi_2": 0.006943350237108198,
  "rpve_csf": 29.632497066944765,
  "rpve_gm": 15.612989375252806,
  "rpve_wm": 19.94959256488737,
  "size_x": 192,
  "size_y": 256,
  "size_z": 256,
  "snr_csf": 3.8178775675341403,
  "snr_gm": 13.339232899126749,
  "snr_total": 14.048073666300658,
  "snr_wm": 24.98711053224108,
  "snrd_csf": 43.86464471214493,
  "snrd_gm": 93.00698788000764,
  "snrd_total": 86.43683418139985,
  "snrd_wm": 122.43886995204699,
  "spacing_x": 1.0,
  "spacing_y": 1.0,
  "spacing_z": 1.0,
  "summary_bg_k": 7.573803589755558,
  "summary_bg_mad": 5.35072204023461,
  "summary_bg_mean": 5.785872169854943,
  "summary_bg_median": 3.6090071722865105,
  "summary_bg_n": 1563348.0,
  "summary_bg_p05": 0.0,
  "summary_bg_p95": 15.096832819283009,
  "summary_bg_stdv": 5.761343369272933,
  "summary_csf_k": 0.3325700853198139,
  "summary_csf_mad": 89.53039132110868,
  "summary_csf_mean": 377.81636388580694,
  "summary_csf_median": 358.2575007081032,
  "summary_csf_n": 26534.0,
  "summary_csf_p05": 256.52670487351713,
  "summary_csf_p95": 554.246922598034,
  "summary_csf_stdv": 93.83505452793885,
  "summary_gm_k": 0.15715471080189714,
  "summary_gm_mad": 56.521711692619114,
  "summary_gm_mean": 759.9247336253585,
  "summary_gm_median": 759.61976313591,
  "summary_gm_n": 22194.0,
  "summary_gm_p05": 666.3447186127305,
  "summary_gm_p95": 853.4056600827721,
  "summary_gm_stdv": 56.945002423224636,
  "summary_wm_k": 0.8182149092762527,
  "summary_wm_mad": 36.55070689456036,
  "summary_wm_mean": 998.8356171432669,
  "summary_wm_median": 999.9999732449651,
  "summary_wm_n": 216456.0,
  "summary_wm_p05": 930.8696950152516,
  "summary_wm_p95": 1061.9122371301055,
  "summary_wm_stdv": 40.02054027070377,
  "tpm_overlap_csf": 0.15071122348308563,
  "tpm_overlap_gm": 0.4124401807785034,
  "tpm_overlap_wm": 0.48120835423469543,
  "wm2max": 0.4426514631388065
}