{
  "aor": 0.0027368215158924203,
  "aqi": 0.02797912616136919,
  "bids_meta": {
    "AcquisitionMatrixPE": 100,
    "AcquisitionNumber": 1,
    "AcquisitionTime": "12:04:44.197500",
    "BandwidthPerPixelPhaseEncode": 14.493,
    "BaseResolution": 100,
    "CoilString": "C:HEA;HEP",
    "ConversionSoftware": "dcm2niix",
    "ConversionSoftwareVersion": "v1.0.20181114  GCC7.3.0",
    "DerivedVendorReportedEchoSpacing": 0.000689988,
    "DeviceSerialNumber": "35383",
    "DwellTime": 2.6e-06,
    "EchoNumber": 1,
    "EchoTime": 0.041,
    "EffectiveEchoSpacing": 0.000689988,
    "FlipAngle": 70,
    "ImageOrientationPatientDICOM": [
      0.999962,
      -9.13766e-05,
      0.00872558,
      -4.31112e-09,
      0.999945,
      0.0104722
    ],
    "ImageType": [
      "ORIGINAL",
      "PRIMARY",
      "M",
      "ND",
      "MOSAIC"
    ],
    "ImagingFrequency": 123.228,
    "InPlanePhaseEncodingDirectionDICOM": "COL",
    "InstitutionAddress": "Rue_Michel-Servet_1_Geneve_District_CH_1211",
    "InstitutionName": "BBL_-_University_of_Geneva",
    "InstitutionalDepartmentName": "Department",
    "MRAcquisitionType": "2D",
    "MagneticFieldStrength": 3,
    "Manufacturer": "Siemens",
    "ManufacturersModelName": "TrioTim",
    "Modality": "MR",
    "PartialFourier": 1,
    "PatientPosition": "HFS",
    "PercentPhaseFOV": 100,
    "PhaseEncodingDirection": "j-",
    "PhaseEncodingSteps": 100,
    "PhaseResolution": 1,
    "PixelBandwidth": 1923,
    "ProcedureStepDescription": "CISA_fMRI",
    "ProtocolName": "RUN_2_TR2400_TE41_1800um",
    "PulseSequenceDetails": "%CustomerSeq%_cmrr_mbep2d_bold",
    "ReceiveCoilName": "32Ch_Head",
    "ReconMatrixPE": 100,
    "RepetitionTime": 2.4,
    "SAR": 0.0726689,
    "ScanOptions": "FS",
    "ScanningSequence": "EP",
    "SequenceName": "epfid2d1_100",
    "SequenceVariant": "SK_SS",
    "SeriesDescription": "RUN_2_TR2400_TE41_1800um",
    "SeriesNumber": 9,
    "ShimSetting": [
      -13833,
      8980,
      19560,
      782,
      151,
      328,
      109,
      -246
    ],
    "SliceThickness": 1.8,
    "SliceTiming": [
      1.205,
      0,
      1.2975,
      0.0925,
      1.39,
      0.185,
      1.4825,
      0.2775,
      1.575,
      0.37,
      1.6675,
      0.4625,
      1.76,
      0.555,
      1.8525,
      0.6475,
      1.945,
      0.74,
      2.0375,
      0.8325,
      2.13,
      0.925,
      2.2225,
      1.02,
      2.315,
      1.1125
    ],
    "SoftwareVersions": "syngo_MR_B17",
    "SpacingBetweenSlices": 1.8,
    "StationName": "MRC35383",
    "TaskName": "hedonic",
    "TotalReadoutTime": 0.0683088,
    "TxRefAmp": 332.476,
    "dataset": "ds003487",
    "modality": "bold",
    "run_id": 1,
    "session_id": "second",
    "subject_id": "12",
    "task_id": "hedonic"
  },
  "dummy_trs": 0,
  "dvars_nstd": 57.459923828357844,
  "dvars_std": 1.1012338247794116,
  "dvars_vstd": 0.9994913528186264,
  "efc": 0.7674385416888029,
  "fber": 33.188018798828125,
  "fd_mean": 0.15127563544510705,
  "fd_num": 98,
  "fd_perc": 23.96088019559902,
  "fwhm_avg": 2.6301445141194804,
  "fwhm_x": 2.4530500649836346,
  "fwhm_y": 2.7752611846304256,
  "fwhm_z": 2.6621222927443795,
  "gcor": 0.00732358,
  "gsr_x": -0.026154538616538048,
  "gsr_y": 0.0733904168009758,
  "provenance": {
    "md5sum": "b873adb6c02e9c395ade2d6274646781",
    "settings": {
      "fd_thres": 0.2,
      "testing": false
    },
    "software": "mriqc",
    "version": "21.0.0rc2",
    "webapi_port": null,
    "webapi_url": "https://mriqc.nimh.nih.gov/api/v1"
  },
  "size_t": 409,
  "size_x": 100,
  "size_y": 100,
  "size_z": 26,
  "snr": 2.879031747652459,
  "spacing_tr": 2.4000000953674316,
  "spacing_x": 1.7999999523162842,
  "spacing_y": 1.7999999523162842,
  "spacing_z": 1.7999999523162842,
  "summary_bg_k": 11.463108271021287,
  "summary_bg_mad": 10.776963495594202,
  "summary_bg_mean": 108.84292602539062,
  "summary_bg_median": 85.17359924316406,
  "summary_bg_n": 103275.0,
  "summary_bg_p05": 77.0530601501465,
  "summary_bg_p95": 223.10367584228464,
  "summary_bg_stdv": 54.01128005981445,
  "summary_fg_k": 1.8833376797598245,
  "summary_fg_mad": 152.76603314609545,
  "summary_fg_mean": 536.8800048828125,
  "summary_fg_median": 507.4156799316406,
  "summary_fg_n": 103263.0,
  "summary_fg_p05": 313.4242248535156,
  "summary_fg_p95": 860.6034545898438,
  "summary_fg_stdv": 176.24440002441406,
  "tsnr": 22.671826001256704
}