{
  "aor": 0.0026868502202643165,
  "aqi": 0.04734023215859031,
  "bids_meta": {
    "AcquisitionMatrixPE": 100,
    "AcquisitionNumber": 1,
    "AcquisitionTime": "13:55:8.675000",
    "BandwidthPerPixelPhaseEncode": 14.493,
    "BaseResolution": 100,
    "CoilString": "C:HEA;HEP",
    "ConversionSoftware": "dcm2niix",
    "ConversionSoftwareVersion": "v1.0.20181114  GCC7.3.0",
    "DerivedVendorReportedEchoSpacing": 0.000689988,
    "DeviceSerialNumber": "35383",
    "DwellTime": 2.6e-06,
    "EchoNumber": 1,
    "EchoTime": 0.041,
    "EffectiveEchoSpacing": 0.000689988,
    "FlipAngle": 70,
    "ImageOrientationPatientDICOM": [
      1,
      0,
      0,
      0,
      0.984808,
      -0.173648
    ],
    "ImageType": [
      "ORIGINAL",
      "PRIMARY",
      "M",
      "ND",
      "MOSAIC"
    ],
    "ImagingFrequency": 123.255,
    "InPlanePhaseEncodingDirectionDICOM": "COL",
    "InstitutionAddress": "Rue_Michel-Servet_1_Geneve_District_CH_1211",
    "InstitutionName": "BBL_-_University_of_Geneva",
    "InstitutionalDepartmentName": "Department",
    "MRAcquisitionType": "2D",
    "MagneticFieldStrength": 3,
    "Manufacturer": "Siemens",
    "ManufacturersModelName": "TrioTim",
    "Modality": "MR",
    "PartialFourier": 1,
    "PatientPosition": "HFS",
    "PercentPhaseFOV": 100,
    "PhaseEncodingDirection": "j-",
    "PhaseEncodingSteps": 100,
    "PhaseResolution": 1,
    "PixelBandwidth": 1923,
    "ProcedureStepDescription": "CISA_fMRI",
    "ProtocolName": "RUN_1_TR2400_TE41_1800um",
    "PulseSequenceDetails": "%CustomerSeq%_cmrr_mbep2d_bold",
    "ReceiveCoilName": "32Ch_Head",
    "ReconMatrixPE": 100,
    "RepetitionTime": 2.4,
    "SAR": 0.0712811,
    "ScanOptions": "FS",
    "ScanningSequence": "EP",
    "SequenceName": "epfid2d1_100",
    "SequenceVariant": "SK_SS",
    "SeriesDescription": "RUN_1_TR2400_TE41_1800um",
    "SeriesNumber": 7,
    "ShimSetting": [
      -13805,
      8962,
      19745,
      506,
      781,
      -748,
      561,
      -88
    ],
    "SliceThickness": 1.8,
    "SliceTiming": [
      1.205,
      0,
      1.2975,
      0.0925,
      1.39,
      0.1875,
      1.4825,
      0.28,
      1.575,
      0.3725,
      1.67,
      0.465,
      1.7625,
      0.5575,
      1.855,
      0.65,
      1.9475,
      0.7425,
      2.04,
      0.835,
      2.1325,
      0.9275,
      2.225,
      1.02,
      2.3175,
      1.1125
    ],
    "SoftwareVersions": "syngo_MR_B17",
    "SpacingBetweenSlices": 1.8,
    "StationName": "MRC35383",
    "TaskName": "PIT",
    "TotalReadoutTime": 0.0683088,
    "TxRefAmp": 434.37,
    "dataset": "ds003487",
    "modality": "bold",
    "run_id": 1,
    "session_id": "second",
    "subject_id": "07",
    "task_id": "PIT"
  },
  "dummy_trs": 0,
  "dvars_nstd": 71.60989956717448,
  "dvars_std": 1.0719951317880798,
  "dvars_vstd": 0.9975099336203094,
  "efc": 0.7317158003069874,
  "fber": 33.46156311035156,
  "fd_mean": 0.2783698052207015,
  "fd_num": 277,
  "fd_perc": 61.013215859030836,
  "fwhm_avg": 2.6897316686844785,
  "fwhm_x": 2.8168611857324493,
  "fwhm_y": 2.9753502758695274,
  "fwhm_z": 2.276983544451459,
  "gcor": 0.00694792,
  "gsr_x": -0.03267129510641098,
  "gsr_y": 0.0894971564412117,
  "provenance": {
    "md5sum": "d00397353cd8c50597dd8b6ef1ff8482",
    "settings": {
      "fd_thres": 0.2,
      "testing": false
    },
    "software": "mriqc",
    "version": "21.0.0rc2",
    "webapi_port": null,
    "webapi_url": "https://mriqc.nimh.nih.gov/api/v1"
  },
  "size_t": 454,
  "size_x": 100,
  "size_y": 100,
  "size_z": 26,
  "snr": 2.6703863856167325,
  "spacing_tr": 2.4000000953674316,
  "spacing_x": 1.7999999523162842,
  "spacing_y": 1.7999998331069946,
  "spacing_z": 1.7999998331069946,
  "summary_bg_k": 59.71776043714412,
  "summary_bg_mad": 9.00010762938196,
  "summary_bg_mean": 110.16878509521484,
  "summary_bg_median": 88.60572052001953,
  "summary_bg_n": 125521.0,
  "summary_bg_p05": 79.65858459472656,
  "summary_bg_p95": 215.39205932617188,
  "summary_bg_stdv": 63.91234588623047,
  "summary_fg_k": 4.812207415578701,
  "summary_fg_mad": 159.37317790214263,
  "summary_fg_mean": 563.4849853515625,
  "summary_fg_median": 538.8964233398438,
  "summary_fg_n": 81275.0,
  "summary_fg_p05": 291.7400817871094,
  "summary_fg_p95": 922.0107543945317,
  "summary_fg_stdv": 201.8034210205078,
  "tsnr": 16.74553685670253
}