{
  "bids_meta": {
    "AcquisitionMatrixPE": 256,
    "AcquisitionNumber": 1,
    "AcquisitionTime": "16:00:9.120000",
    "BaseResolution": 256,
    "CoilString": "C:HEA;HEP",
    "ConversionSoftware": "dcm2niix",
    "ConversionSoftwareVersion": "v1.0.20181114  GCC7.3.0",
    "DeviceSerialNumber": "35383",
    "DwellTime": 1.03e-05,
    "EchoNumber": 1,
    "EchoTime": 0.00227,
    "FlipAngle": 9,
    "ImageOrientationPatientDICOM": [
      -0.0191975,
      0.999816,
      -6.57537e-08,
      -0.0383807,
      -0.000737014,
      -0.999263
    ],
    "ImageType": [
      "ORIGINAL",
      "PRIMARY",
      "M",
      "ND",
      "NORM"
    ],
    "ImagingFrequency": 123.228,
    "InPlanePhaseEncodingDirectionDICOM": "ROW",
    "InstitutionAddress": "Rue_Michel-Servet_1_Geneve_District_CH_1211",
    "InstitutionName": "BBL_-_University_of_Geneva",
    "InstitutionalDepartmentName": "Department",
    "InversionTime": 0.9,
    "MRAcquisitionType": "3D",
    "MagneticFieldStrength": 3,
    "Manufacturer": "Siemens",
    "ManufacturersModelName": "TrioTim",
    "Modality": "MR",
    "PartialFourier": 1,
    "PatientPosition": "HFS",
    "PercentPhaseFOV": 100,
    "PhaseEncodingSteps": 294,
    "PhaseOversampling": 0.15,
    "PhaseResolution": 1,
    "PixelBandwidth": 190,
    "ProcedureStepDescription": "CISA_fMRI",
    "ProtocolName": "T1",
    "PulseSequenceDetails": "%SiemensSeq%_tfl",
    "ReceiveCoilName": "32Ch_Head",
    "ReconMatrixPE": 256,
    "RepetitionTime": 1.9,
    "SAR": 0.165336,
    "ScanOptions": "IR",
    "ScanningSequence": "GR_IR",
    "SequenceName": "_tfl3d1_ns",
    "SequenceVariant": "SP_MP_OSP",
    "SeriesDescription": "T1",
    "SeriesNumber": 8,
    "ShimSetting": [
      -13868,
      8977,
      19243,
      44,
      61,
      23,
      -27,
      -27
    ],
    "SliceThickness": 1,
    "SoftwareVersions": "syngo_MR_B17",
    "StationName": "MRC35383",
    "TxRefAmp": 383.46,
    "dataset": "ds003487",
    "modality": "T1w",
    "run_id": 1,
    "session_id": "second",
    "subject_id": "18"
  },
  "cjv": 0.6225645679439108,
  "cnr": 1.98046286159078,
  "efc": 0.6144125316960447,
  "fber": 7138.254076508152,
  "fwhm_avg": 3.9117599999999997,
  "fwhm_x": 3.86727,
  "fwhm_y": 3.99284,
  "fwhm_z": 3.87517,
  "icvs_csf": 0.189943120710358,
  "icvs_gm": 0.4222846633180851,
  "icvs_wm": 0.38777221597155687,
  "inu_med": 0.9904746413230896,
  "inu_range": 0.31852301955223083,
  "provenance": {
    "md5sum": "d2addda72e63a4528c375e54f829cca3",
    "settings": {
      "testing": false
    },
    "software": "mriqc",
    "version": "21.0.0rc2",
    "warnings": {
      "large_rot_frame": true,
      "small_air_mask": false
    },
    "webapi_port": null,
    "webapi_url": "https://mriqc.nimh.nih.gov/api/v1"
  },
  "qi_1": 0.0,
  "qi_2": 0.01669328811094221,
  "rpve_csf": 25.9449548336699,
  "rpve_gm": 12.467765163370606,
  "rpve_wm": 15.972046557932533,
  "size_x": 192,
  "size_y": 256,
  "size_z": 256,
  "snr_csf": 3.0779249788480856,
  "snr_gm": 9.85804587689794,
  "snr_total": 11.093785303205868,
  "snr_wm": 20.345385053871578,
  "snrd_csf": 51.93595509414791,
  "snrd_gm": 106.1402417494129,
  "snrd_total": 96.3893619217538,
  "snrd_wm": 131.09188892170062,
  "spacing_x": 1.0,
  "spacing_y": 1.0,
  "spacing_z": 1.0,
  "summary_bg_k": 18.560213904703662,
  "summary_bg_mad": 4.997910169824982,
  "summary_bg_mean": 7.236959162723381,
  "summary_bg_median": 6.292606472969055,
  "summary_bg_n": 1858040.0,
  "summary_bg_p05": 0.0,
  "summary_bg_p95": 22.698330491781235,
  "summary_bg_stdv": 8.680713463043276,
  "summary_csf_k": 3.9595794391369896,
  "summary_csf_mad": 144.82833025448392,
  "summary_csf_mean": 414.90739210981815,
  "summary_csf_median": 396.2094718515873,
  "summary_csf_n": 22527.0,
  "summary_csf_p05": 243.91341280937195,
  "summary_csf_p95": 624.9906643331051,
  "summary_csf_stdv": 128.72330559540168,
  "summary_gm_k": 0.0642960918494242,
  "summary_gm_mad": 74.19119985429084,
  "summary_gm_mean": 822.1936512002459,
  "summary_gm_median": 809.7236115038395,
  "summary_gm_n": 27692.0,
  "summary_gm_p05": 703.7980692088604,
  "summary_gm_p95": 979.2082247748968,
  "summary_gm_stdv": 82.13686579581459,
  "summary_wm_k": 1.3771462479688497,
  "summary_wm_mad": 44.314803505781505,
  "summary_wm_mean": 1005.0751855776266,
  "summary_wm_median": 1000.0749573111534,
  "summary_wm_n": 236081.0,
  "summary_wm_p05": 934.4520612359047,
  "summary_wm_p95": 1092.815990805626,
  "summary_wm_stdv": 49.154775718668205,
  "tpm_overlap_csf": 0.17170415818691254,
  "tpm_overlap_gm": 0.4366022050380707,
  "tpm_overlap_wm": 0.4875844717025757,
  "wm2max": 0.36888088268469443
}