{
  "bids_meta": {
    "AcquisitionMatrixPE": 256,
    "AcquisitionNumber": 1,
    "AcquisitionTime": "17:05:7.647500",
    "BaseResolution": 256,
    "CoilString": "C:HEA;HEP",
    "ConversionSoftware": "dcm2niix",
    "ConversionSoftwareVersion": "v1.0.20181114  GCC7.3.0",
    "DeviceSerialNumber": "35383",
    "DwellTime": 1.03e-05,
    "EchoNumber": 1,
    "EchoTime": 0.00227,
    "FlipAngle": 9,
    "ImageOrientationPatientDICOM": [
      -0.0226873,
      0.999743,
      4.47045e-09,
      0.0296586,
      0.000673053,
      -0.99956
    ],
    "ImageType": [
      "ORIGINAL",
      "PRIMARY",
      "M",
      "ND",
      "NORM"
    ],
    "ImagingFrequency": 123.228,
    "InPlanePhaseEncodingDirectionDICOM": "ROW",
    "InstitutionAddress": "Rue_Michel-Servet_1_Geneve_District_CH_1211",
    "InstitutionName": "BBL_-_University_of_Geneva",
    "InstitutionalDepartmentName": "Department",
    "InversionTime": 0.9,
    "MRAcquisitionType": "3D",
    "MagneticFieldStrength": 3,
    "Manufacturer": "Siemens",
    "ManufacturersModelName": "TrioTim",
    "Modality": "MR",
    "PartialFourier": 1,
    "PatientPosition": "HFS",
    "PercentPhaseFOV": 100,
    "PhaseEncodingSteps": 294,
    "PhaseOversampling": 0.15,
    "PhaseResolution": 1,
    "PixelBandwidth": 190,
    "ProcedureStepDescription": "CISA_fMRI",
    "ProtocolName": "T1",
    "PulseSequenceDetails": "%SiemensSeq%_tfl",
    "ReceiveCoilName": "32Ch_Head",
    "ReconMatrixPE": 256,
    "RepetitionTime": 1.9,
    "SAR": 0.120283,
    "ScanOptions": "IR",
    "ScanningSequence": "GR_IR",
    "SequenceName": "_tfl3d1_ns",
    "SequenceVariant": "SP_MP_OSP",
    "SeriesDescription": "T1",
    "SeriesNumber": 8,
    "ShimSetting": [
      -13868,
      8977,
      19243,
      44,
      61,
      23,
      -27,
      -27
    ],
    "SliceThickness": 1,
    "SoftwareVersions": "syngo_MR_B17",
    "StationName": "MRC35383",
    "TxRefAmp": 341.777,
    "dataset": "ds003487",
    "modality": "T1w",
    "run_id": 1,
    "session_id": "second",
    "subject_id": "13"
  },
  "cjv": 0.44574229232446183,
  "cnr": 2.98852427839153,
  "efc": 0.5800508020091385,
  "fber": 8751.79341940858,
  "fwhm_avg": 3.8941700000000004,
  "fwhm_x": 3.86012,
  "fwhm_y": 3.9228,
  "fwhm_z": 3.89959,
  "icvs_csf": 0.19910280153956872,
  "icvs_gm": 0.42080827176842334,
  "icvs_wm": 0.38008892669200794,
  "inu_med": 0.8293841481208801,
  "inu_range": 0.22984349727630593,
  "provenance": {
    "md5sum": "8a8eea5a769a27c5291365d6028962d7",
    "settings": {
      "testing": false
    },
    "software": "mriqc",
    "version": "21.0.0rc2",
    "warnings": {
      "large_rot_frame": true,
      "small_air_mask": false
    },
    "webapi_port": null,
    "webapi_url": "https://mriqc.nimh.nih.gov/api/v1"
  },
  "qi_1": 0.0,
  "qi_2": 0.007798576617619752,
  "rpve_csf": 32.06902670752503,
  "rpve_gm": 16.16999316241983,
  "rpve_wm": 21.45980017112512,
  "size_x": 192,
  "size_y": 256,
  "size_z": 256,
  "snr_csf": 3.5419685779115544,
  "snr_gm": 12.957102859744522,
  "snr_total": 14.123868600323293,
  "snr_wm": 25.872534363313807,
  "snrd_csf": 45.26142103861606,
  "snrd_gm": 86.02285221903936,
  "snrd_total": 80.31444825063052,
  "snrd_wm": 109.65907149423616,
  "spacing_x": 1.0,
  "spacing_y": 1.0,
  "spacing_z": 1.0,
  "summary_bg_k": 10.071107822511674,
  "summary_bg_mad": 5.974793115520221,
  "summary_bg_mean": 6.2060524501841305,
  "summary_bg_median": 4.029936715960503,
  "summary_bg_n": 1675266.0,
  "summary_bg_p05": 0.0,
  "summary_bg_p95": 16.61320850253105,
  "summary_bg_stdv": 6.5331825719295855,
  "summary_csf_k": -0.667465887761642,
  "summary_csf_mad": 144.1266420927531,
  "summary_csf_mean": 422.52452698745077,
  "summary_csf_median": 412.7806607633829,
  "summary_csf_n": 21515.0,
  "summary_csf_p05": 263.8950600102544,
  "summary_csf_p95": 617.7317280322313,
  "summary_csf_stdv": 116.53719074993484,
  "summary_gm_k": 0.07656192850957133,
  "summary_gm_mad": 59.99180026195814,
  "summary_gm_mean": 784.3117633820084,
  "summary_gm_median": 784.5217619091272,
  "summary_gm_n": 19795.0,
  "summary_gm_p05": 684.8425108939409,
  "summary_gm_p95": 883.7897948920727,
  "summary_gm_stdv": 60.5460922855279,
  "summary_wm_k": 0.6077323688970351,
  "summary_wm_mad": 36.092627799877256,
  "summary_wm_mean": 1000.5743721195421,
  "summary_wm_median": 1000.08225440979,
  "summary_wm_n": 196930.0,
  "summary_wm_p05": 937.8238443285227,
  "summary_wm_p95": 1064.2322674393654,
  "summary_wm_stdv": 38.65410713851665,
  "tpm_overlap_csf": 0.1857282519340515,
  "tpm_overlap_gm": 0.45842424035072327,
  "tpm_overlap_wm": 0.5138915777206421,
  "wm2max": 0.37136574639628633
}