{
  "aor": 0.0010865365853658538,
  "aqi": 0.017880014902439026,
  "bids_meta": {
    "AcquisitionMatrixPE": 100,
    "AcquisitionNumber": 1,
    "AcquisitionTime": "17:10:14.822500",
    "BandwidthPerPixelPhaseEncode": 14.493,
    "BaseResolution": 100,
    "CoilString": "C:HEA;HEP",
    "ConversionSoftware": "dcm2niix",
    "ConversionSoftwareVersion": "v1.0.20181114  GCC7.3.0",
    "DerivedVendorReportedEchoSpacing": 0.000689988,
    "DeviceSerialNumber": "35383",
    "DwellTime": 2.6e-06,
    "EchoNumber": 1,
    "EchoTime": 0.041,
    "EffectiveEchoSpacing": 0.000689988,
    "FlipAngle": 70,
    "ImageOrientationPatientDICOM": [
      1,
      -2e-16,
      0,
      2e-16,
      0.989016,
      -0.147809
    ],
    "ImageType": [
      "ORIGINAL",
      "PRIMARY",
      "M",
      "ND",
      "MOSAIC"
    ],
    "ImagingFrequency": 123.255,
    "InPlanePhaseEncodingDirectionDICOM": "COL",
    "InstitutionAddress": "Rue_Michel-Servet_1_Geneve_District_CH_1211",
    "InstitutionName": "BBL_-_University_of_Geneva",
    "InstitutionalDepartmentName": "Department",
    "MRAcquisitionType": "2D",
    "MagneticFieldStrength": 3,
    "Manufacturer": "Siemens",
    "ManufacturersModelName": "TrioTim",
    "Modality": "MR",
    "PartialFourier": 1,
    "PatientPosition": "HFS",
    "PercentPhaseFOV": 100,
    "PhaseEncodingDirection": "j-",
    "PhaseEncodingSteps": 100,
    "PhaseResolution": 1,
    "PixelBandwidth": 1923,
    "ProcedureStepDescription": "CISA_fMRI",
    "ProtocolName": "RUN_2_TR2400_TE41_1800um",
    "PulseSequenceDetails": "%CustomerSeq%_cmrr_mbep2d_bold",
    "ReceiveCoilName": "32Ch_Head",
    "ReconMatrixPE": 100,
    "RepetitionTime": 2.4,
    "SAR": 0.0890597,
    "ScanOptions": "FS",
    "ScanningSequence": "EP",
    "SequenceName": "epfid2d1_100",
    "SequenceVariant": "SK_SS",
    "SeriesDescription": "RUN_2_TR2400_TE41_1800um",
    "SeriesNumber": 9,
    "ShimSetting": [
      -13883,
      8956,
      19654,
      560,
      175,
      -361,
      460,
      -46
    ],
    "SliceThickness": 1.8,
    "SliceTiming": [
      1.205,
      0,
      1.2975,
      0.0925,
      1.39,
      0.185,
      1.4825,
      0.2775,
      1.575,
      0.37,
      1.6675,
      0.4625,
      1.76,
      0.5575,
      1.8525,
      0.65,
      1.9475,
      0.7425,
      2.04,
      0.835,
      2.1325,
      0.9275,
      2.225,
      1.02,
      2.3175,
      1.1125
    ],
    "SoftwareVersions": "syngo_MR_B17",
    "SpacingBetweenSlices": 1.8,
    "StationName": "MRC35383",
    "TaskName": "hedonic",
    "TotalReadoutTime": 0.0683088,
    "TxRefAmp": 544.242,
    "dataset": "ds003487",
    "modality": "bold",
    "run_id": 1,
    "session_id": "second",
    "subject_id": "02",
    "task_id": "hedonic"
  },
  "dummy_trs": 0,
  "dvars_nstd": 59.75194012364301,
  "dvars_std": 1.052704581980439,
  "dvars_vstd": 0.9876431047677264,
  "efc": 0.7871923469710147,
  "fber": 22.909812927246094,
  "fd_mean": 0.2000639168361431,
  "fd_num": 163,
  "fd_perc": 39.75609756097561,
  "fwhm_avg": 3.090038970746967,
  "fwhm_x": 2.81171118559602,
  "fwhm_y": 3.167877861697882,
  "fwhm_z": 3.2905278649469976,
  "gcor": 0.00828182,
  "gsr_x": -0.05450625717639923,
  "gsr_y": 0.1214214637875557,
  "provenance": {
    "md5sum": "78e427209ed045e6d7ebd214d1d5f7b4",
    "settings": {
      "fd_thres": 0.2,
      "testing": false
    },
    "software": "mriqc",
    "version": "21.0.0rc2",
    "webapi_port": null,
    "webapi_url": "https://mriqc.nimh.nih.gov/api/v1"
  },
  "size_t": 410,
  "size_x": 100,
  "size_y": 100,
  "size_z": 26,
  "snr": 2.111709987042372,
  "spacing_tr": 2.4000000953674316,
  "spacing_x": 1.7999999523162842,
  "spacing_y": 1.7999999523162842,
  "spacing_z": 1.7999999523162842,
  "summary_bg_k": 24.42351384166002,
  "summary_bg_mad": 28.458730113476864,
  "summary_bg_mean": 150.60546875,
  "summary_bg_median": 114.19268035888672,
  "summary_bg_n": 78649.0,
  "summary_bg_p05": 92.89268493652344,
  "summary_bg_p95": 339.1258544921873,
  "summary_bg_stdv": 93.60773468017578,
  "summary_fg_k": 7.229377901994205,
  "summary_fg_mad": 203.86142467884278,
  "summary_fg_mean": 610.4778442382812,
  "summary_fg_median": 557.5878295898438,
  "summary_fg_n": 128153.0,
  "summary_fg_p05": 315.9487731933594,
  "summary_fg_p95": 1095.6185302734373,
  "summary_fg_stdv": 264.04461669921875,
  "tsnr": 22.121219052001834
}