{
  "bids_meta": {
    "AcquisitionMatrixPE": 256,
    "AcquisitionNumber": 1,
    "AcquisitionTime": "11:05:18.642500",
    "BaseResolution": 256,
    "CoilString": "C:HEA;HEP",
    "ConversionSoftware": "dcm2niix",
    "ConversionSoftwareVersion": "v1.0.20181114  GCC7.3.0",
    "DeviceSerialNumber": "35383",
    "DwellTime": 1.03e-05,
    "EchoNumber": 1,
    "EchoTime": 0.00227,
    "FlipAngle": 9,
    "ImageOrientationPatientDICOM": [
      -0.0383878,
      0.999263,
      2.23642e-09,
      -0.00697613,
      -0.000267993,
      -0.999976
    ],
    "ImageType": [
      "ORIGINAL",
      "PRIMARY",
      "M",
      "ND",
      "NORM"
    ],
    "ImagingFrequency": 123.22,
    "InPlanePhaseEncodingDirectionDICOM": "ROW",
    "InstitutionAddress": "Rue_Michel-Servet_1_Geneve_District_CH_1211",
    "InstitutionName": "BBL_-_University_of_Geneva",
    "InstitutionalDepartmentName": "Department",
    "InversionTime": 0.9,
    "MRAcquisitionType": "3D",
    "MagneticFieldStrength": 3,
    "Manufacturer": "Siemens",
    "ManufacturersModelName": "TrioTim",
    "Modality": "MR",
    "PartialFourier": 1,
    "PatientPosition": "HFS",
    "PercentPhaseFOV": 100,
    "PhaseEncodingSteps": 294,
    "PhaseOversampling": 0.15,
    "PhaseResolution": 1,
    "PixelBandwidth": 190,
    "ProcedureStepDescription": "CISA_fMRI",
    "ProtocolName": "T1",
    "PulseSequenceDetails": "%SiemensSeq%_tfl",
    "ReceiveCoilName": "32Ch_Head",
    "ReconMatrixPE": 256,
    "RepetitionTime": 1.9,
    "SAR": 0.13054,
    "ScanOptions": "IR",
    "ScanningSequence": "GR_IR",
    "SequenceName": "_tfl3d1_ns",
    "SequenceVariant": "SP_MP_OSP",
    "SeriesDescription": "T1",
    "SeriesNumber": 8,
    "ShimSetting": [
      -13883,
      8934,
      19219,
      8,
      9,
      -4,
      -1,
      6
    ],
    "SliceThickness": 1,
    "SoftwareVersions": "syngo_MR_B17",
    "StationName": "MRC35383",
    "TxRefAmp": 359.166,
    "dataset": "ds003487",
    "modality": "T1w",
    "run_id": 1,
    "session_id": "second",
    "subject_id": "21"
  },
  "cjv": 0.4503350830849869,
  "cnr": 3.0040184283519604,
  "efc": 0.6234264463113869,
  "fber": 8211.811791383221,
  "fwhm_avg": 3.941713333333333,
  "fwhm_x": 3.82833,
  "fwhm_y": 3.98167,
  "fwhm_z": 4.01514,
  "icvs_csf": 0.19795961193472192,
  "icvs_gm": 0.4422498183642438,
  "icvs_wm": 0.3597905697010343,
  "inu_med": 1.2439717054367065,
  "inu_range": 0.48770445585250854,
  "provenance": {
    "md5sum": "4216ba25550e99786fdbabae106ec18a",
    "settings": {
      "testing": false
    },
    "software": "mriqc",
    "version": "21.0.0rc2",
    "warnings": {
      "large_rot_frame": true,
      "small_air_mask": false
    },
    "webapi_port": null,
    "webapi_url": "https://mriqc.nimh.nih.gov/api/v1"
  },
  "qi_1": 0.0,
  "qi_2": 0.02114121255517673,
  "rpve_csf": 27.375072570450847,
  "rpve_gm": 13.271903588269021,
  "rpve_wm": 18.501248578131666,
  "size_x": 192,
  "size_y": 256,
  "size_z": 256,
  "snr_csf": 3.411100267780939,
  "snr_gm": 13.642468526421727,
  "snr_total": 11.879216404579703,
  "snr_wm": 18.58408041953644,
  "snrd_csf": 40.274458330037724,
  "snrd_gm": 79.58098296980286,
  "snrd_total": 74.59168225714173,
  "snrd_wm": 103.91960547158463,
  "spacing_x": 1.0,
  "spacing_y": 1.0,
  "spacing_z": 1.0,
  "summary_bg_k": 4.577802702077996,
  "summary_bg_mad": 6.304261647377522,
  "summary_bg_mean": 5.879043128451876,
  "summary_bg_median": 4.31965446472168,
  "summary_bg_n": 1833945.0,
  "summary_bg_p05": 0.0,
  "summary_bg_p95": 17.07613405585289,
  "summary_bg_stdv": 5.672370790195693,
  "summary_csf_k": 2.940114983104845,
  "summary_csf_mad": 127.58624762549748,
  "summary_csf_mean": 399.88872609482314,
  "summary_csf_median": 387.5539990067482,
  "summary_csf_n": 22434.0,
  "summary_csf_p05": 246.0178206861019,
  "summary_csf_p95": 593.6183906242248,
  "summary_csf_stdv": 113.61300778015934,
  "summary_gm_k": 0.06578513812027564,
  "summary_gm_mad": 54.8370695676648,
  "summary_gm_mean": 765.566041765721,
  "summary_gm_median": 765.7937430739403,
  "summary_gm_n": 28767.0,
  "summary_gm_p05": 673.2586450874805,
  "summary_gm_p95": 858.6663140654564,
  "summary_gm_stdv": 56.13210184018617,
  "summary_wm_k": 0.35371050205010723,
  "summary_wm_mad": 50.63422846941312,
  "summary_wm_mean": 999.579499579284,
  "summary_wm_median": 1000.0000085830688,
  "summary_wm_n": 196138.0,
  "summary_wm_p05": 908.6798134148121,
  "summary_wm_p95": 1087.3380222916603,
  "summary_wm_stdv": 53.80935923539209,
  "tpm_overlap_csf": 0.17424526810646057,
  "tpm_overlap_gm": 0.4497612416744232,
  "tpm_overlap_wm": 0.4853858947753906,
  "wm2max": 0.43426337437618534
}