{
  "bids_meta": {
    "AcquisitionMatrixPE": 256,
    "AcquisitionNumber": 1,
    "AcquisitionTime": "11:24:34.325000",
    "BaseResolution": 256,
    "CoilString": "C:HEA;HEP",
    "ConversionSoftware": "dcm2niix",
    "ConversionSoftwareVersion": "v1.0.20181114  GCC7.3.0",
    "DeviceSerialNumber": "35383",
    "DwellTime": 1.03e-05,
    "EchoNumber": 1,
    "EchoTime": 0.00227,
    "FlipAngle": 9,
    "ImageOrientationPatientDICOM": [
      -0.0191975,
      0.999816,
      1.80977e-08,
      0.0296608,
      0.000569535,
      -0.99956
    ],
    "ImageType": [
      "ORIGINAL",
      "PRIMARY",
      "M",
      "ND",
      "NORM"
    ],
    "ImagingFrequency": 123.255,
    "InPlanePhaseEncodingDirectionDICOM": "ROW",
    "InstitutionAddress": "Rue_Michel-Servet_1_Geneve_District_CH_1211",
    "InstitutionName": "BBL_-_University_of_Geneva",
    "InstitutionalDepartmentName": "Department",
    "InversionTime": 0.9,
    "MRAcquisitionType": "3D",
    "MagneticFieldStrength": 3,
    "Manufacturer": "Siemens",
    "ManufacturersModelName": "TrioTim",
    "Modality": "MR",
    "PartialFourier": 1,
    "PatientPosition": "HFS",
    "PercentPhaseFOV": 100,
    "PhaseEncodingSteps": 294,
    "PhaseOversampling": 0.15,
    "PhaseResolution": 1,
    "PixelBandwidth": 190,
    "ProcedureStepDescription": "CISA_fMRI",
    "ProtocolName": "T1",
    "PulseSequenceDetails": "%SiemensSeq%_tfl",
    "ReceiveCoilName": "32Ch_Head",
    "ReconMatrixPE": 256,
    "RepetitionTime": 1.9,
    "SAR": 0.1518,
    "ScanOptions": "IR",
    "ScanningSequence": "GR_IR",
    "SequenceName": "_tfl3d1_ns",
    "SequenceVariant": "SP_MP_OSP",
    "SeriesDescription": "T1",
    "SeriesNumber": 8,
    "ShimSetting": [
      -13850,
      9050,
      19176,
      -140,
      270,
      -85,
      30,
      50
    ],
    "SliceThickness": 1,
    "SoftwareVersions": "syngo_MR_B17",
    "StationName": "MRC35383",
    "TxRefAmp": 471.138,
    "dataset": "ds003487",
    "modality": "T1w",
    "run_id": 1,
    "session_id": "second",
    "subject_id": "05"
  },
  "cjv": 0.5128744054057165,
  "cnr": 2.388770396544721,
  "efc": 0.5891879284623449,
  "fber": 20273.876549586777,
  "fwhm_avg": 3.75712,
  "fwhm_x": 3.70228,
  "fwhm_y": 3.74617,
  "fwhm_z": 3.82291,
  "icvs_csf": 0.18463777060109993,
  "icvs_gm": 0.45105543946238263,
  "icvs_wm": 0.36430678993651744,
  "inu_med": 0.9411444067955017,
  "inu_range": 0.20925181210041033,
  "provenance": {
    "md5sum": "b13308c158a0b0ebaa840e8b51e9943e",
    "settings": {
      "testing": false
    },
    "software": "mriqc",
    "version": "21.0.0rc2",
    "warnings": {
      "large_rot_frame": true,
      "small_air_mask": false
    },
    "webapi_port": null,
    "webapi_url": "https://mriqc.nimh.nih.gov/api/v1"
  },
  "qi_1": 0.0,
  "qi_2": 0.01394807820721305,
  "rpve_csf": 30.87667964862282,
  "rpve_gm": 14.018899356552811,
  "rpve_wm": 19.97715835414859,
  "size_x": 192,
  "size_y": 256,
  "size_z": 256,
  "snr_csf": 3.4635956180145806,
  "snr_gm": 10.141101567225531,
  "snr_total": 13.30619986334876,
  "snr_wm": 26.313902404806175,
  "snrd_csf": 64.61531256298942,
  "snrd_gm": 130.62657297277016,
  "snrd_total": 120.05151482405586,
  "snrd_wm": 164.912658936408,
  "spacing_x": 1.0,
  "spacing_y": 1.0,
  "spacing_z": 1.0,
  "summary_bg_k": 27.24981804494344,
  "summary_bg_mad": 3.9726262799031633,
  "summary_bg_mean": 4.704128460832354,
  "summary_bg_median": 2.679495707154274,
  "summary_bg_n": 1850604.0,
  "summary_bg_p05": 0.0,
  "summary_bg_p95": 13.39747853577137,
  "summary_bg_stdv": 5.494574672469323,
  "summary_csf_k": 0.08548899281492028,
  "summary_csf_mad": 120.35251888888448,
  "summary_csf_mean": 413.3514129496561,
  "summary_csf_median": 391.8153495416045,
  "summary_csf_n": 18277.0,
  "summary_csf_p05": 268.3027769677341,
  "summary_csf_p95": 618.1109415367246,
  "summary_csf_stdv": 113.12077788411976,
  "summary_gm_k": -0.05378539519261771,
  "summary_gm_mad": 70.9655512728156,
  "summary_gm_mean": 803.8439005927443,
  "summary_gm_median": 792.0954696126282,
  "summary_gm_n": 27085.0,
  "summary_gm_p05": 694.3547739312053,
  "summary_gm_p95": 956.2145816758275,
  "summary_gm_stdv": 78.10599685111164,
  "summary_wm_k": 0.7624374406298844,
  "summary_wm_mad": 35.66334955822158,
  "summary_wm_mean": 1001.6644835377068,
  "summary_wm_median": 999.9999774359167,
  "summary_wm_n": 188277.0,
  "summary_wm_p05": 942.5735126212239,
  "summary_wm_p95": 1065.3431341126561,
  "summary_wm_stdv": 38.002623342868304,
  "tpm_overlap_csf": 0.1803586184978485,
  "tpm_overlap_gm": 0.46537917852401733,
  "tpm_overlap_wm": 0.5000304579734802,
  "wm2max": 0.4053567020488768
}