{
  "bids_meta": {
    "AcquisitionMatrixPE": 256,
    "AcquisitionNumber": 1,
    "AcquisitionTime": "11:57:15.580000",
    "BaseResolution": 256,
    "CoilString": "C:HEA;HEP",
    "ConversionSoftware": "dcm2niix",
    "ConversionSoftwareVersion": "v1.0.20181114  GCC7.3.0",
    "DeviceSerialNumber": "35383",
    "DwellTime": 1.03e-05,
    "EchoNumber": 1,
    "EchoTime": 0.00227,
    "FlipAngle": 9,
    "ImageOrientationPatientDICOM": [
      -0.0279216,
      0.99961,
      -4.29391e-09,
      0.0244226,
      0.000682181,
      -0.999701
    ],
    "ImageType": [
      "ORIGINAL",
      "PRIMARY",
      "M",
      "ND",
      "NORM"
    ],
    "ImagingFrequency": 123.228,
    "InPlanePhaseEncodingDirectionDICOM": "ROW",
    "InstitutionAddress": "Rue_Michel-Servet_1_Geneve_District_CH_1211",
    "InstitutionName": "BBL_-_University_of_Geneva",
    "InstitutionalDepartmentName": "Department",
    "InversionTime": 0.9,
    "MRAcquisitionType": "3D",
    "MagneticFieldStrength": 3,
    "Manufacturer": "Siemens",
    "ManufacturersModelName": "TrioTim",
    "Modality": "MR",
    "PartialFourier": 1,
    "PatientPosition": "HFS",
    "PercentPhaseFOV": 100,
    "PhaseEncodingSteps": 294,
    "PhaseOversampling": 0.15,
    "PhaseResolution": 1,
    "PixelBandwidth": 190,
    "ProcedureStepDescription": "CISA_fMRI",
    "ProtocolName": "T1",
    "PulseSequenceDetails": "%SiemensSeq%_tfl",
    "ReceiveCoilName": "32Ch_Head",
    "ReconMatrixPE": 256,
    "RepetitionTime": 1.9,
    "SAR": 0.130927,
    "ScanOptions": "IR",
    "ScanningSequence": "GR_IR",
    "SequenceName": "_tfl3d1_ns",
    "SequenceVariant": "SP_MP_OSP",
    "SeriesDescription": "T1",
    "SeriesNumber": 8,
    "ShimSetting": [
      -13868,
      8977,
      19243,
      44,
      61,
      23,
      -27,
      -27
    ],
    "SliceThickness": 1,
    "SoftwareVersions": "syngo_MR_B17",
    "StationName": "MRC35383",
    "TxRefAmp": 332.476,
    "dataset": "ds003487",
    "modality": "T1w",
    "run_id": 1,
    "session_id": "second",
    "subject_id": "12"
  },
  "cjv": 0.42571194263435835,
  "cnr": 3.148196425721599,
  "efc": 0.5754983653701367,
  "fber": 9088.888894322463,
  "fwhm_avg": 3.825423333333333,
  "fwhm_x": 3.81458,
  "fwhm_y": 3.84068,
  "fwhm_z": 3.82101,
  "icvs_csf": 0.19314754130063325,
  "icvs_gm": 0.4423912858299886,
  "icvs_wm": 0.3644611728693782,
  "inu_med": 0.7920997142791748,
  "inu_range": 0.21075876951217654,
  "provenance": {
    "md5sum": "3805e6983cc89b4ab967cfaaf631dd2a",
    "settings": {
      "testing": false
    },
    "software": "mriqc",
    "version": "21.0.0rc2",
    "warnings": {
      "large_rot_frame": true,
      "small_air_mask": false
    },
    "webapi_port": null,
    "webapi_url": "https://mriqc.nimh.nih.gov/api/v1"
  },
  "qi_1": 0.0,
  "qi_2": 0.011870681630701117,
  "rpve_csf": 31.155498697014842,
  "rpve_gm": 14.945556156480981,
  "rpve_wm": 21.108124887180118,
  "size_x": 192,
  "size_y": 256,
  "size_z": 256,
  "snr_csf": 3.1280645584011815,
  "snr_gm": 13.062010412673567,
  "snr_total": 13.699500386631755,
  "snr_wm": 24.908426188820517,
  "snrd_csf": 46.640415362204045,
  "snrd_gm": 87.56747319805322,
  "snrd_total": 82.45781466958117,
  "snrd_wm": 113.16555544848626,
  "spacing_x": 1.0,
  "spacing_y": 1.0,
  "spacing_z": 1.0,
  "summary_bg_k": 10.36139162234921,
  "summary_bg_mad": 5.7891851757842945,
  "summary_bg_mean": 6.463378199123722,
  "summary_bg_median": 3.904746063053608,
  "summary_bg_n": 1851742.0,
  "summary_bg_p05": 0.0,
  "summary_bg_p95": 19.30374462157488,
  "summary_bg_stdv": 6.440348450570715,
  "summary_csf_k": 10.907388794270258,
  "summary_csf_mad": 138.04352820567337,
  "summary_csf_mean": 441.4260679036299,
  "summary_csf_median": 412.14319713413715,
  "summary_csf_n": 21567.0,
  "summary_csf_p05": 276.3735266290605,
  "summary_csf_p95": 640.8733221516013,
  "summary_csf_stdv": 131.753560190075,
  "summary_gm_k": -0.11879285082094793,
  "summary_gm_mad": 59.93029724227403,
  "summary_gm_mean": 774.6753825768094,
  "summary_gm_median": 773.7996775656939,
  "summary_gm_n": 22114.0,
  "summary_gm_p05": 678.6558650434017,
  "summary_gm_p95": 873.6181860789657,
  "summary_gm_stdv": 59.23913373398783,
  "summary_wm_k": 0.9373598760541744,
  "summary_wm_mad": 36.36586744225064,
  "summary_wm_mean": 1001.0051763465696,
  "summary_wm_median": 999.9999671056867,
  "summary_wm_n": 197897.0,
  "summary_wm_p05": 936.6440873220563,
  "summary_wm_p95": 1067.9755464568734,
  "summary_wm_stdv": 40.14695400484796,
  "tpm_overlap_csf": 0.1680954545736313,
  "tpm_overlap_gm": 0.4568183422088623,
  "tpm_overlap_wm": 0.5088834762573242,
  "wm2max": 0.38716065154902585
}