{
  "aor": 0.0012967180616740087,
  "aqi": 0.025383091629955945,
  "bids_meta": {
    "AcquisitionMatrixPE": 100,
    "AcquisitionNumber": 1,
    "AcquisitionTime": "11:05:35.410000",
    "BandwidthPerPixelPhaseEncode": 14.493,
    "BaseResolution": 100,
    "CoilString": "C:HEA;HEP",
    "ConversionSoftware": "dcm2niix",
    "ConversionSoftwareVersion": "v1.0.20181114  GCC7.3.0",
    "DerivedVendorReportedEchoSpacing": 0.000689988,
    "DeviceSerialNumber": "35383",
    "DwellTime": 2.6e-06,
    "EchoNumber": 1,
    "EchoTime": 0.041,
    "EffectiveEchoSpacing": 0.000689988,
    "FlipAngle": 70,
    "ImageOrientationPatientDICOM": [
      0.999848,
      0.000730301,
      0.0174218,
      -1.27801e-10,
      0.999123,
      -0.041882
    ],
    "ImageType": [
      "ORIGINAL",
      "PRIMARY",
      "M",
      "ND",
      "MOSAIC"
    ],
    "ImagingFrequency": 123.255,
    "InPlanePhaseEncodingDirectionDICOM": "COL",
    "InstitutionAddress": "Rue_Michel-Servet_1_Geneve_District_CH_1211",
    "InstitutionName": "BBL_-_University_of_Geneva",
    "InstitutionalDepartmentName": "Department",
    "MRAcquisitionType": "2D",
    "MagneticFieldStrength": 3,
    "Manufacturer": "Siemens",
    "ManufacturersModelName": "TrioTim",
    "Modality": "MR",
    "PartialFourier": 1,
    "PatientPosition": "HFS",
    "PercentPhaseFOV": 100,
    "PhaseEncodingDirection": "j-",
    "PhaseEncodingSteps": 100,
    "PhaseResolution": 1,
    "PixelBandwidth": 1923,
    "ProcedureStepDescription": "CISA_fMRI",
    "ProtocolName": "RUN_1_TR2400_TE41_1800um",
    "PulseSequenceDetails": "%CustomerSeq%_cmrr_mbep2d_bold",
    "ReceiveCoilName": "32Ch_Head",
    "ReconMatrixPE": 100,
    "RepetitionTime": 2.4,
    "SAR": 0.0842539,
    "ScanOptions": "FS",
    "ScanningSequence": "EP",
    "SequenceName": "epfid2d1_100",
    "SequenceVariant": "SK_SS",
    "SeriesDescription": "RUN_1_TR2400_TE41_1800um",
    "SeriesNumber": 7,
    "ShimSetting": [
      -13848,
      8848,
      19706,
      495,
      318,
      -752,
      981,
      -76
    ],
    "SliceThickness": 1.8,
    "SliceTiming": [
      1.205,
      0,
      1.2975,
      0.0925,
      1.39,
      0.185,
      1.4825,
      0.2775,
      1.575,
      0.37,
      1.6675,
      0.4625,
      1.76,
      0.555,
      1.8525,
      0.65,
      1.945,
      0.7425,
      2.04,
      0.835,
      2.1325,
      0.9275,
      2.225,
      1.02,
      2.3175,
      1.1125
    ],
    "SoftwareVersions": "syngo_MR_B17",
    "SpacingBetweenSlices": 1.8,
    "StationName": "MRC35383",
    "TaskName": "PIT",
    "TotalReadoutTime": 0.0683088,
    "TxRefAmp": 471.138,
    "dataset": "ds003487",
    "modality": "bold",
    "run_id": 1,
    "session_id": "second",
    "subject_id": "05",
    "task_id": "PIT"
  },
  "dummy_trs": 0,
  "dvars_nstd": 52.81957737507725,
  "dvars_std": 1.0377679854746142,
  "dvars_vstd": 0.9822690444812363,
  "efc": 0.7587238421869559,
  "fber": 32.994384765625,
  "fd_mean": 0.17948872900092885,
  "fd_num": 140,
  "fd_perc": 30.837004405286343,
  "fwhm_avg": 2.682425996985948,
  "fwhm_x": 2.630855625249429,
  "fwhm_y": 2.918322299531362,
  "fwhm_z": 2.498100066177052,
  "gcor": 0.0086336,
  "gsr_x": -0.04564071074128151,
  "gsr_y": 0.10056733340024948,
  "provenance": {
    "md5sum": "31f509744ab4c6c97f410db8adf41218",
    "settings": {
      "fd_thres": 0.2,
      "testing": false
    },
    "software": "mriqc",
    "version": "21.0.0rc2",
    "webapi_port": null,
    "webapi_url": "https://mriqc.nimh.nih.gov/api/v1"
  },
  "size_t": 454,
  "size_x": 100,
  "size_y": 100,
  "size_z": 26,
  "snr": 2.7689908794370988,
  "spacing_tr": 2.4000000953674316,
  "spacing_x": 1.7999999523162842,
  "spacing_y": 1.7999999523162842,
  "spacing_z": 1.7999999523162842,
  "summary_bg_k": 41.74269536080706,
  "summary_bg_mad": 14.460269448122283,
  "summary_bg_mean": 120.35879516601562,
  "summary_bg_median": 92.29735565185547,
  "summary_bg_n": 109091.0,
  "summary_bg_p05": 78.63876342773438,
  "summary_bg_p95": 265.2411804199219,
  "summary_bg_stdv": 79.64334869384766,
  "summary_fg_k": 3.2751318380602976,
  "summary_fg_mad": 164.09209516841645,
  "summary_fg_mean": 581.096435546875,
  "summary_fg_median": 548.6519775390625,
  "summary_fg_n": 97397.0,
  "summary_fg_p05": 330.05153198242186,
  "summary_fg_p95": 950.996435546875,
  "summary_fg_stdv": 198.14047241210938,
  "tsnr": 20.60933604463935
}