{
  "bids_meta": {
    "AcquisitionMatrixPE": 256,
    "AcquisitionNumber": 1,
    "AcquisitionTime": "18:34:10.717500",
    "BaseResolution": 256,
    "CoilString": "C:HEA;HEP",
    "ConversionSoftware": "dcm2niix",
    "ConversionSoftwareVersion": "v1.0.20181114  GCC7.3.0",
    "DeviceSerialNumber": "35383",
    "DwellTime": 1.03e-05,
    "EchoNumber": 1,
    "EchoTime": 0.00227,
    "FlipAngle": 9,
    "ImageOrientationPatientDICOM": [
      0.012217,
      0.999925,
      3.62824e-08,
      0.0680102,
      -0.000830905,
      -0.997684
    ],
    "ImageType": [
      "ORIGINAL",
      "PRIMARY",
      "M",
      "ND",
      "NORM"
    ],
    "ImagingFrequency": 123.228,
    "InPlanePhaseEncodingDirectionDICOM": "ROW",
    "InstitutionAddress": "Rue_Michel-Servet_1_Geneve_District_CH_1211",
    "InstitutionName": "BBL_-_University_of_Geneva",
    "InstitutionalDepartmentName": "Department",
    "InversionTime": 0.9,
    "MRAcquisitionType": "3D",
    "MagneticFieldStrength": 3,
    "Manufacturer": "Siemens",
    "ManufacturersModelName": "TrioTim",
    "Modality": "MR",
    "PartialFourier": 1,
    "PatientPosition": "HFS",
    "PercentPhaseFOV": 100,
    "PhaseEncodingSteps": 294,
    "PhaseOversampling": 0.15,
    "PhaseResolution": 1,
    "PixelBandwidth": 190,
    "ProcedureStepDescription": "CISA_fMRI",
    "ProtocolName": "T1",
    "PulseSequenceDetails": "%SiemensSeq%_tfl",
    "ReceiveCoilName": "32Ch_Head",
    "ReconMatrixPE": 256,
    "RepetitionTime": 1.9,
    "SAR": 0.151125,
    "ScanOptions": "IR",
    "ScanningSequence": "GR_IR",
    "SequenceName": "_tfl3d1_ns",
    "SequenceVariant": "SP_MP_OSP",
    "SeriesDescription": "T1",
    "SeriesNumber": 8,
    "ShimSetting": [
      -13868,
      8977,
      19243,
      44,
      61,
      23,
      -27,
      -27
    ],
    "SliceThickness": 1,
    "SoftwareVersions": "syngo_MR_B17",
    "StationName": "MRC35383",
    "TxRefAmp": 375.007,
    "dataset": "ds003487",
    "modality": "T1w",
    "run_id": 1,
    "session_id": "second",
    "subject_id": "16"
  },
  "cjv": 0.5555931920002066,
  "cnr": 2.407886182150885,
  "efc": 0.6089189767174402,
  "fber": 7383.719387755102,
  "fwhm_avg": 4.016826666666667,
  "fwhm_x": 3.87894,
  "fwhm_y": 4.23906,
  "fwhm_z": 3.93248,
  "icvs_csf": 0.21391690954197254,
  "icvs_gm": 0.4211597525939488,
  "icvs_wm": 0.36492333786407866,
  "inu_med": 1.1279544830322266,
  "inu_range": 0.3868227154016495,
  "provenance": {
    "md5sum": "6e9699b73fe011b7f75651ad163eeef0",
    "settings": {
      "testing": false
    },
    "software": "mriqc",
    "version": "21.0.0rc2",
    "warnings": {
      "large_rot_frame": true,
      "small_air_mask": false
    },
    "webapi_port": null,
    "webapi_url": "https://mriqc.nimh.nih.gov/api/v1"
  },
  "qi_1": 0.0,
  "qi_2": 0.007695955185860558,
  "rpve_csf": 25.15227688024192,
  "rpve_gm": 13.350429495160101,
  "rpve_wm": 18.22596575383435,
  "size_x": 192,
  "size_y": 256,
  "size_z": 256,
  "snr_csf": 3.7292403654813002,
  "snr_gm": 11.877736355945038,
  "snr_total": 11.675605505482606,
  "snr_wm": 19.419839795021478,
  "snrd_csf": 41.59309263272792,
  "snrd_gm": 79.39160463909735,
  "snrd_total": 73.5863405015446,
  "snrd_wm": 99.77432423280854,
  "spacing_x": 1.0,
  "spacing_y": 1.0,
  "spacing_z": 1.0,
  "summary_bg_k": 13.326022771041643,
  "summary_bg_mad": 6.566181946056205,
  "summary_bg_mean": 7.20667881822612,
  "summary_bg_median": 4.428822420537472,
  "summary_bg_n": 1748476.0,
  "summary_bg_p05": 0.0,
  "summary_bg_p95": 22.00351456552744,
  "summary_bg_stdv": 7.662830435278491,
  "summary_csf_k": 1.015604049158278,
  "summary_csf_mad": 120.69267767512835,
  "summary_csf_mean": 424.4926732758567,
  "summary_csf_median": 416.871697679162,
  "summary_csf_n": 26779.0,
  "summary_csf_p05": 260.8787302002311,
  "summary_csf_p95": 612.7943657115102,
  "summary_csf_stdv": 111.7825275916731,
  "summary_gm_k": 0.07637994778679635,
  "summary_gm_mad": 65.66181946056206,
  "summary_gm_mean": 797.3009395330572,
  "summary_gm_median": 795.7117615565658,
  "summary_gm_n": 25920.0,
  "summary_gm_p05": 689.8418160751462,
  "summary_gm_p95": 911.5676471147685,
  "summary_gm_stdv": 66.99057700772582,
  "summary_wm_k": 0.6002035985825129,
  "summary_wm_mad": 47.83932560698093,
  "summary_wm_mean": 1002.5135605724697,
  "summary_wm_median": 999.9999830499291,
  "summary_wm_n": 212822.0,
  "summary_wm_p05": 921.8980511575937,
  "summary_wm_p95": 1091.388382203877,
  "summary_wm_stdv": 51.493608815578305,
  "tpm_overlap_csf": 0.16559581458568573,
  "tpm_overlap_gm": 0.44874656200408936,
  "tpm_overlap_wm": 0.48508837819099426,
  "wm2max": 0.4066081237673306
}