{
  "aor": 0.0007703201970443351,
  "aqi": 0.01717193381773399,
  "bids_meta": {
    "AcquisitionMatrixPE": 100,
    "AcquisitionNumber": 1,
    "AcquisitionTime": "11:31:27.097500",
    "BandwidthPerPixelPhaseEncode": 14.493,
    "BaseResolution": 100,
    "CoilString": "C:HEA;HEP",
    "ConversionSoftware": "dcm2niix",
    "ConversionSoftwareVersion": "v1.0.20181114  GCC7.3.0",
    "DerivedVendorReportedEchoSpacing": 0.000689988,
    "DeviceSerialNumber": "35383",
    "DwellTime": 2.6e-06,
    "EchoNumber": 1,
    "EchoTime": 0.041,
    "EffectiveEchoSpacing": 0.000689988,
    "FlipAngle": 70,
    "ImageOrientationPatientDICOM": [
      0.999848,
      0.000730301,
      0.0174218,
      -1.27801e-10,
      0.999123,
      -0.041882
    ],
    "ImageType": [
      "ORIGINAL",
      "PRIMARY",
      "M",
      "ND",
      "MOSAIC"
    ],
    "ImagingFrequency": 123.255,
    "InPlanePhaseEncodingDirectionDICOM": "COL",
    "InstitutionAddress": "Rue_Michel-Servet_1_Geneve_District_CH_1211",
    "InstitutionName": "BBL_-_University_of_Geneva",
    "InstitutionalDepartmentName": "Department",
    "MRAcquisitionType": "2D",
    "MagneticFieldStrength": 3,
    "Manufacturer": "Siemens",
    "ManufacturersModelName": "TrioTim",
    "Modality": "MR",
    "PartialFourier": 1,
    "PatientPosition": "HFS",
    "PercentPhaseFOV": 100,
    "PhaseEncodingDirection": "j-",
    "PhaseEncodingSteps": 100,
    "PhaseResolution": 1,
    "PixelBandwidth": 1923,
    "ProcedureStepDescription": "CISA_fMRI",
    "ProtocolName": "RUN_2_TR2400_TE41_1800um",
    "PulseSequenceDetails": "%CustomerSeq%_cmrr_mbep2d_bold",
    "ReceiveCoilName": "32Ch_Head",
    "ReconMatrixPE": 100,
    "RepetitionTime": 2.4,
    "SAR": 0.0842542,
    "ScanOptions": "FS",
    "ScanningSequence": "EP",
    "SequenceName": "epfid2d1_100",
    "SequenceVariant": "SK_SS",
    "SeriesDescription": "RUN_2_TR2400_TE41_1800um",
    "SeriesNumber": 9,
    "ShimSetting": [
      -13848,
      8848,
      19706,
      495,
      318,
      -752,
      981,
      -76
    ],
    "SliceThickness": 1.8,
    "SliceTiming": [
      1.205,
      0,
      1.2975,
      0.0925,
      1.39,
      0.185,
      1.4825,
      0.2775,
      1.575,
      0.37,
      1.6675,
      0.4625,
      1.76,
      0.555,
      1.8525,
      0.6475,
      1.945,
      0.74,
      2.0375,
      0.8325,
      2.13,
      0.925,
      2.2225,
      1.0175,
      2.315,
      1.11
    ],
    "SoftwareVersions": "syngo_MR_B17",
    "SpacingBetweenSlices": 1.8,
    "StationName": "MRC35383",
    "TaskName": "hedonic",
    "TotalReadoutTime": 0.0683088,
    "TxRefAmp": 471.138,
    "dataset": "ds003487",
    "modality": "bold",
    "run_id": 1,
    "session_id": "second",
    "subject_id": "05",
    "task_id": "hedonic"
  },
  "dummy_trs": 1,
  "dvars_nstd": 56.834178679629645,
  "dvars_std": 1.0793960800246905,
  "dvars_vstd": 0.9788584126419763,
  "efc": 0.7634338657733644,
  "fber": 33.00590133666992,
  "fd_mean": 0.14235636349307812,
  "fd_num": 83,
  "fd_perc": 20.44334975369458,
  "fwhm_avg": 2.6913408120369247,
  "fwhm_x": 2.5684889569306097,
  "fwhm_y": 2.8547056311794288,
  "fwhm_z": 2.650827848000734,
  "gcor": 0.013371,
  "gsr_x": -0.04130234941840172,
  "gsr_y": 0.09731142222881317,
  "provenance": {
    "md5sum": "8e451f2975943266b57bdc6be4d1b29b",
    "settings": {
      "fd_thres": 0.2,
      "testing": false
    },
    "software": "mriqc",
    "version": "21.0.0rc2",
    "webapi_port": null,
    "webapi_url": "https://mriqc.nimh.nih.gov/api/v1"
  },
  "size_t": 406,
  "size_x": 100,
  "size_y": 100,
  "size_z": 26,
  "snr": 2.7923482031280957,
  "spacing_tr": 2.4000000953674316,
  "spacing_x": 1.7999999523162842,
  "spacing_y": 1.7999999523162842,
  "spacing_z": 1.7999999523162842,
  "summary_bg_k": 36.64130633865012,
  "summary_bg_mad": 10.464029141376164,
  "summary_bg_mean": 118.46049499511719,
  "summary_bg_median": 90.72782897949219,
  "summary_bg_n": 106926.0,
  "summary_bg_p05": 82.3497543334961,
  "summary_bg_p95": 244.70873641967773,
  "summary_bg_stdv": 67.53448486328125,
  "summary_fg_k": 3.3484604587927542,
  "summary_fg_mad": 161.11426725670543,
  "summary_fg_mean": 569.5477905273438,
  "summary_fg_median": 539.44580078125,
  "summary_fg_n": 98469.0,
  "summary_fg_p05": 319.5591125488281,
  "summary_fg_p95": 928.4615600585934,
  "summary_fg_stdv": 193.18617248535156,
  "tsnr": 23.97437354939757
}