{
  "aor": 0.00448731234866828,
  "aqi": 0.043328872639225184,
  "bids_meta": {
    "AcquisitionMatrixPE": 100,
    "AcquisitionNumber": 1,
    "AcquisitionTime": "12:10:40.440000",
    "BandwidthPerPixelPhaseEncode": 14.493,
    "BaseResolution": 100,
    "CoilString": "C:HEA;HEP",
    "ConversionSoftware": "dcm2niix",
    "ConversionSoftwareVersion": "v1.0.20181114  GCC7.3.0",
    "DerivedVendorReportedEchoSpacing": 0.000689988,
    "DeviceSerialNumber": "35383",
    "DwellTime": 2.6e-06,
    "EchoNumber": 1,
    "EchoTime": 0.041,
    "EffectiveEchoSpacing": 0.000689988,
    "FlipAngle": 70,
    "ImageOrientationPatientDICOM": [
      1,
      2e-16,
      0,
      -2e-16,
      0.973579,
      -0.228351
    ],
    "ImageType": [
      "ORIGINAL",
      "PRIMARY",
      "M",
      "ND",
      "MOSAIC"
    ],
    "ImagingFrequency": 123.255,
    "InPlanePhaseEncodingDirectionDICOM": "COL",
    "InstitutionAddress": "Rue_Michel-Servet_1_Geneve_District_CH_1211",
    "InstitutionName": "BBL_-_University_of_Geneva",
    "InstitutionalDepartmentName": "Department",
    "MRAcquisitionType": "2D",
    "MagneticFieldStrength": 3,
    "Manufacturer": "Siemens",
    "ManufacturersModelName": "TrioTim",
    "Modality": "MR",
    "PartialFourier": 1,
    "PatientPosition": "HFS",
    "PercentPhaseFOV": 100,
    "PhaseEncodingDirection": "j-",
    "PhaseEncodingSteps": 100,
    "PhaseResolution": 1,
    "PixelBandwidth": 1923,
    "ProcedureStepDescription": "CISA_fMRI",
    "ProtocolName": "RUN_2_TR2400_TE41_1800um",
    "PulseSequenceDetails": "%CustomerSeq%_cmrr_mbep2d_bold",
    "ReceiveCoilName": "32Ch_Head",
    "ReconMatrixPE": 100,
    "RepetitionTime": 2.4,
    "SAR": 0.0808768,
    "ScanOptions": "FS",
    "ScanningSequence": "EP",
    "SequenceName": "epfid2d1_100",
    "SequenceVariant": "SK_SS",
    "SeriesDescription": "RUN_2_TR2400_TE41_1800um",
    "SeriesNumber": 9,
    "ShimSetting": [
      -13854,
      9142,
      19555,
      652,
      636,
      -399,
      -461,
      52
    ],
    "SliceThickness": 1.8,
    "SliceTiming": [
      1.205,
      0,
      1.2975,
      0.095,
      1.39,
      0.1875,
      1.4825,
      0.28,
      1.5775,
      0.3725,
      1.67,
      0.465,
      1.7625,
      0.5575,
      1.855,
      0.65,
      1.9475,
      0.7425,
      2.04,
      0.835,
      2.1325,
      0.9275,
      2.225,
      1.02,
      2.3175,
      1.1125
    ],
    "SoftwareVersions": "syngo_MR_B17",
    "SpacingBetweenSlices": 1.8,
    "StationName": "MRC35383",
    "TaskName": "hedonic",
    "TotalReadoutTime": 0.0683088,
    "TxRefAmp": 549.432,
    "dataset": "ds003487",
    "modality": "bold",
    "run_id": 1,
    "session_id": "second",
    "subject_id": "09",
    "task_id": "hedonic"
  },
  "dummy_trs": 0,
  "dvars_nstd": 70.86685998237864,
  "dvars_std": 1.0276099695145626,
  "dvars_vstd": 0.9801245285679606,
  "efc": 0.8041557126921036,
  "fber": 21.397371292114258,
  "fd_mean": 0.2948908300516889,
  "fd_num": 213,
  "fd_perc": 51.573849878934624,
  "fwhm_avg": 2.6849630937312696,
  "fwhm_x": 2.502583399629153,
  "fwhm_y": 2.7016502504925164,
  "fwhm_z": 2.8506556310721405,
  "gcor": 0.0185965,
  "gsr_x": -0.025875411927700043,
  "gsr_y": 0.15031416714191437,
  "provenance": {
    "md5sum": "6d8fd6f11ecb2b40055696d858c89fc2",
    "settings": {
      "fd_thres": 0.2,
      "testing": false
    },
    "software": "mriqc",
    "version": "21.0.0rc2",
    "webapi_port": null,
    "webapi_url": "https://mriqc.nimh.nih.gov/api/v1"
  },
  "size_t": 413,
  "size_x": 100,
  "size_y": 100,
  "size_z": 26,
  "snr": 2.5111551167180806,
  "spacing_tr": 2.4000000953674316,
  "spacing_x": 1.7999999523162842,
  "spacing_y": 1.7999998331069946,
  "spacing_z": 1.7999999523162842,
  "summary_bg_k": 5.312319469671486,
  "summary_bg_mad": 35.912722253350196,
  "summary_bg_mean": 138.71868896484375,
  "summary_bg_median": 110.7215576171875,
  "summary_bg_n": 79331.0,
  "summary_bg_p05": 83.44552612304688,
  "summary_bg_p95": 293.96490478515625,
  "summary_bg_stdv": 72.48523712158203,
  "summary_fg_k": 6.489642451550324,
  "summary_fg_mad": 168.2628188165441,
  "summary_fg_mean": 544.6383056640625,
  "summary_fg_median": 513.006103515625,
  "summary_fg_n": 125124.0,
  "summary_fg_p05": 296.61815948486327,
  "summary_fg_p95": 897.3690368652343,
  "summary_fg_stdv": 204.29006958007812,
  "tsnr": 16.136329711123835
}