{
  "aor": 0.0007442997542997544,
  "aqi": 0.022692759705159708,
  "bids_meta": {
    "AcquisitionMatrixPE": 100,
    "AcquisitionNumber": 1,
    "AcquisitionTime": "10:08:47.385000",
    "BandwidthPerPixelPhaseEncode": 14.493,
    "BaseResolution": 100,
    "CoilString": "C:HEA;HEP",
    "ConversionSoftware": "dcm2niix",
    "ConversionSoftwareVersion": "v1.0.20181114  GCC7.3.0",
    "DerivedVendorReportedEchoSpacing": 0.000689988,
    "DeviceSerialNumber": "35383",
    "DwellTime": 2.6e-06,
    "EchoNumber": 1,
    "EchoTime": 0.041,
    "EffectiveEchoSpacing": 0.000689988,
    "FlipAngle": 70,
    "ImageOrientationPatientDICOM": [
      0.999945,
      -0.000419983,
      -0.0104549,
      4.67766e-08,
      0.999194,
      -0.040134
    ],
    "ImageType": [
      "ORIGINAL",
      "PRIMARY",
      "M",
      "ND",
      "MOSAIC"
    ],
    "ImagingFrequency": 123.228,
    "InPlanePhaseEncodingDirectionDICOM": "COL",
    "InstitutionAddress": "Rue_Michel-Servet_1_Geneve_District_CH_1211",
    "InstitutionName": "BBL_-_University_of_Geneva",
    "InstitutionalDepartmentName": "Department",
    "MRAcquisitionType": "2D",
    "MagneticFieldStrength": 3,
    "Manufacturer": "Siemens",
    "ManufacturersModelName": "TrioTim",
    "Modality": "MR",
    "PartialFourier": 1,
    "PatientPosition": "HFS",
    "PercentPhaseFOV": 100,
    "PhaseEncodingDirection": "j-",
    "PhaseEncodingSteps": 100,
    "PhaseResolution": 1,
    "PixelBandwidth": 1923,
    "ProcedureStepDescription": "CISA_fMRI",
    "ProtocolName": "RUN_2_TR2400_TE41_1800um",
    "PulseSequenceDetails": "%CustomerSeq%_cmrr_mbep2d_bold",
    "ReceiveCoilName": "32Ch_Head",
    "ReconMatrixPE": 100,
    "RepetitionTime": 2.4,
    "SAR": 0.0712969,
    "ScanOptions": "FS",
    "ScanningSequence": "EP",
    "SequenceName": "epfid2d1_100",
    "SequenceVariant": "SK_SS",
    "SeriesDescription": "RUN_2_TR2400_TE41_1800um",
    "SeriesNumber": 9,
    "ShimSetting": [
      -13904,
      8969,
      19794,
      690,
      -163,
      280,
      575,
      -9
    ],
    "SliceThickness": 1.8,
    "SliceTiming": [
      1.205,
      0,
      1.2975,
      0.0925,
      1.39,
      0.185,
      1.4825,
      0.2775,
      1.575,
      0.37,
      1.6675,
      0.4625,
      1.76,
      0.555,
      1.8525,
      0.6475,
      1.945,
      0.74,
      2.0375,
      0.8325,
      2.13,
      0.9275,
      2.2225,
      1.02,
      2.315,
      1.1125
    ],
    "SoftwareVersions": "syngo_MR_B17",
    "SpacingBetweenSlices": 1.8,
    "StationName": "MRC35383",
    "TaskName": "hedonic",
    "TotalReadoutTime": 0.0683088,
    "TxRefAmp": 311.614,
    "dataset": "ds003487",
    "modality": "bold",
    "run_id": 1,
    "session_id": "second",
    "subject_id": "20",
    "task_id": "hedonic"
  },
  "dummy_trs": 0,
  "dvars_nstd": 66.25700104039403,
  "dvars_std": 1.1127875372167486,
  "dvars_vstd": 0.9843485785960593,
  "efc": 0.7655245641944385,
  "fber": 32.244964599609375,
  "fd_mean": 0.23844783948410195,
  "fd_num": 239,
  "fd_perc": 58.72235872235872,
  "fwhm_avg": 2.4710426035154773,
  "fwhm_x": 2.289622282876499,
  "fwhm_y": 2.6530445147261226,
  "fwhm_z": 2.4704610129438107,
  "gcor": 0.0109727,
  "gsr_x": -0.04877995699644089,
  "gsr_y": 0.11547629535198212,
  "provenance": {
    "md5sum": "4c57d5ded2ebaa72349009d4770a1efe",
    "settings": {
      "fd_thres": 0.2,
      "testing": false
    },
    "software": "mriqc",
    "version": "21.0.0rc2",
    "webapi_port": null,
    "webapi_url": "https://mriqc.nimh.nih.gov/api/v1"
  },
  "size_t": 407,
  "size_x": 100,
  "size_y": 100,
  "size_z": 26,
  "snr": 3.082349246287842,
  "spacing_tr": 2.4000000953674316,
  "spacing_x": 1.7999999523162842,
  "spacing_y": 1.7999999523162842,
  "spacing_z": 1.8000000715255737,
  "summary_bg_k": 17.69187669307029,
  "summary_bg_mad": 10.709706165338813,
  "summary_bg_mean": 115.49247741699219,
  "summary_bg_median": 87.73709869384766,
  "summary_bg_n": 112911.0,
  "summary_bg_p05": 78.99877166748047,
  "summary_bg_p95": 243.7506103515625,
  "summary_bg_stdv": 66.5771713256836,
  "summary_fg_k": 2.0146310938685836,
  "summary_fg_mad": 149.49877022486965,
  "summary_fg_mean": 538.5926513671875,
  "summary_fg_median": 518.7788696289062,
  "summary_fg_n": 91579.0,
  "summary_fg_p05": 305.9481506347656,
  "summary_fg_p95": 838.8501281738269,
  "summary_fg_stdv": 168.30540466308594,
  "tsnr": 21.964768195408396
}