{
  "aor": 0.0003911302211302211,
  "aqi": 0.020439238157248154,
  "bids_meta": {
    "AcquisitionMatrixPE": 100,
    "AcquisitionNumber": 1,
    "AcquisitionTime": "19:10:29.512500",
    "BandwidthPerPixelPhaseEncode": 14.493,
    "BaseResolution": 100,
    "CoilString": "C:HEA;HEP",
    "ConversionSoftware": "dcm2niix",
    "ConversionSoftwareVersion": "v1.0.20181114  GCC7.3.0",
    "DerivedVendorReportedEchoSpacing": 0.000689988,
    "DeviceSerialNumber": "35383",
    "DwellTime": 2.6e-06,
    "EchoNumber": 1,
    "EchoTime": 0.041,
    "EffectiveEchoSpacing": 0.000689988,
    "FlipAngle": 70,
    "ImageOrientationPatientDICOM": [
      0.999339,
      0.00462143,
      0.0360517,
      9.17928e-10,
      0.991884,
      -0.127149
    ],
    "ImageType": [
      "ORIGINAL",
      "PRIMARY",
      "M",
      "ND",
      "MOSAIC"
    ],
    "ImagingFrequency": 123.228,
    "InPlanePhaseEncodingDirectionDICOM": "COL",
    "InstitutionAddress": "Rue_Michel-Servet_1_Geneve_District_CH_1211",
    "InstitutionName": "BBL_-_University_of_Geneva",
    "InstitutionalDepartmentName": "Department",
    "MRAcquisitionType": "2D",
    "MagneticFieldStrength": 3,
    "Manufacturer": "Siemens",
    "ManufacturersModelName": "TrioTim",
    "Modality": "MR",
    "PartialFourier": 1,
    "PatientPosition": "HFS",
    "PercentPhaseFOV": 100,
    "PhaseEncodingDirection": "j-",
    "PhaseEncodingSteps": 100,
    "PhaseResolution": 1,
    "PixelBandwidth": 1923,
    "ProcedureStepDescription": "CISA_fMRI",
    "ProtocolName": "RUN_2_TR2400_TE41_1800um",
    "PulseSequenceDetails": "%CustomerSeq%_cmrr_mbep2d_bold",
    "ReceiveCoilName": "32Ch_Head",
    "ReconMatrixPE": 100,
    "RepetitionTime": 2.4,
    "SAR": 0.0738689,
    "ScanOptions": "FS",
    "ScanningSequence": "EP",
    "SequenceName": "epfid2d1_100",
    "SequenceVariant": "SK_SS",
    "SeriesDescription": "RUN_2_TR2400_TE41_1800um",
    "SeriesNumber": 9,
    "ShimSetting": [
      -13808,
      8943,
      19721,
      626,
      54,
      -757,
      55,
      -44
    ],
    "SliceThickness": 1.8,
    "SliceTiming": [
      1.205,
      0,
      1.2975,
      0.0925,
      1.39,
      0.185,
      1.4825,
      0.2775,
      1.575,
      0.37,
      1.6675,
      0.465,
      1.76,
      0.5575,
      1.8525,
      0.65,
      1.9475,
      0.7425,
      2.04,
      0.835,
      2.1325,
      0.9275,
      2.225,
      1.02,
      2.3175,
      1.1125
    ],
    "SoftwareVersions": "syngo_MR_B17",
    "SpacingBetweenSlices": 1.8,
    "StationName": "MRC35383",
    "TaskName": "hedonic",
    "TotalReadoutTime": 0.0683088,
    "TxRefAmp": 321.01,
    "dataset": "ds003487",
    "modality": "bold",
    "run_id": 1,
    "session_id": "second",
    "subject_id": "14",
    "task_id": "hedonic"
  },
  "dummy_trs": 0,
  "dvars_nstd": 55.237953251748756,
  "dvars_std": 1.0587362819704438,
  "dvars_vstd": 0.959022135369457,
  "efc": 0.7629321964586022,
  "fber": 32.697017669677734,
  "fd_mean": 0.09006597201809587,
  "fd_num": 24,
  "fd_perc": 5.896805896805897,
  "fwhm_avg": 2.397796359816208,
  "fwhm_x": 2.2532167263565257,
  "fwhm_y": 2.506622288625036,
  "fwhm_z": 2.433550064467061,
  "gcor": 0.00434413,
  "gsr_x": -0.04537580907344818,
  "gsr_y": 0.10356878489255905,
  "provenance": {
    "md5sum": "463e51a68f9d3b511e43138bb578d009",
    "settings": {
      "fd_thres": 0.2,
      "testing": false
    },
    "software": "mriqc",
    "version": "21.0.0rc2",
    "webapi_port": null,
    "webapi_url": "https://mriqc.nimh.nih.gov/api/v1"
  },
  "size_t": 407,
  "size_x": 100,
  "size_y": 100,
  "size_z": 26,
  "snr": 3.1211494751777002,
  "spacing_tr": 2.4000000953674316,
  "spacing_x": 1.7999999523162842,
  "spacing_y": 1.7999999523162842,
  "spacing_z": 1.7999999523162842,
  "summary_bg_k": 43.24585429558693,
  "summary_bg_mad": 8.527688793506362,
  "summary_bg_mean": 110.57544708251953,
  "summary_bg_median": 83.35134887695312,
  "summary_bg_n": 115071.0,
  "summary_bg_p05": 76.9041748046875,
  "summary_bg_p95": 232.66339111328125,
  "summary_bg_stdv": 69.8191909790039,
  "summary_fg_k": 1.9944994217734173,
  "summary_fg_mad": 140.28992280865066,
  "summary_fg_mean": 511.38995361328125,
  "summary_fg_median": 493.0663146972656,
  "summary_fg_n": 92693.0,
  "summary_fg_p05": 289.946923828125,
  "summary_fg_p95": 788.5306884765624,
  "summary_fg_stdv": 157.9750213623047,
  "tsnr": 23.243816913396586
}