{
  "aor": 0.0020264757709251104,
  "aqi": 0.04553738303964757,
  "bids_meta": {
    "AcquisitionMatrixPE": 100,
    "AcquisitionNumber": 1,
    "AcquisitionTime": "17:05:40.392500",
    "BandwidthPerPixelPhaseEncode": 14.493,
    "BaseResolution": 100,
    "CoilString": "C:HEA;HEP",
    "ConversionSoftware": "dcm2niix",
    "ConversionSoftwareVersion": "v1.0.20181114  GCC7.3.0",
    "DerivedVendorReportedEchoSpacing": 0.000689988,
    "DeviceSerialNumber": "35383",
    "DwellTime": 2.6e-06,
    "EchoNumber": 1,
    "EchoTime": 0.041,
    "EffectiveEchoSpacing": 0.000689988,
    "FlipAngle": 70,
    "ImageOrientationPatientDICOM": [
      0.999303,
      -0.00866017,
      -0.0363247,
      3.34423e-08,
      0.972737,
      -0.23191
    ],
    "ImageType": [
      "ORIGINAL",
      "PRIMARY",
      "M",
      "ND",
      "MOSAIC"
    ],
    "ImagingFrequency": 123.255,
    "InPlanePhaseEncodingDirectionDICOM": "COL",
    "InstitutionAddress": "Rue_Michel-Servet_1_Geneve_District_CH_1211",
    "InstitutionName": "BBL_-_University_of_Geneva",
    "InstitutionalDepartmentName": "Department",
    "MRAcquisitionType": "2D",
    "MagneticFieldStrength": 3,
    "Manufacturer": "Siemens",
    "ManufacturersModelName": "TrioTim",
    "Modality": "MR",
    "PartialFourier": 1,
    "PatientPosition": "HFS",
    "PercentPhaseFOV": 100,
    "PhaseEncodingDirection": "j-",
    "PhaseEncodingSteps": 100,
    "PhaseResolution": 1,
    "PixelBandwidth": 1923,
    "ProcedureStepDescription": "CISA_fMRI",
    "ProtocolName": "RUN_1_TR2400_TE41_1800um",
    "PulseSequenceDetails": "%CustomerSeq%_cmrr_mbep2d_bold",
    "ReceiveCoilName": "32Ch_Head",
    "ReconMatrixPE": 100,
    "RepetitionTime": 2.4,
    "SAR": 0.076546,
    "ScanOptions": "FS",
    "ScanningSequence": "EP",
    "SequenceName": "epfid2d1_100",
    "SequenceVariant": "SK_SS",
    "SeriesDescription": "RUN_1_TR2400_TE41_1800um",
    "SeriesNumber": 7,
    "ShimSetting": [
      -13936,
      9107,
      19699,
      757,
      466,
      -51,
      207,
      38
    ],
    "SliceThickness": 1.8,
    "SliceTiming": [
      1.205,
      0,
      1.2975,
      0.0925,
      1.39,
      0.185,
      1.4825,
      0.2775,
      1.575,
      0.37,
      1.6675,
      0.465,
      1.76,
      0.5575,
      1.8525,
      0.65,
      1.9475,
      0.7425,
      2.04,
      0.835,
      2.1325,
      0.9275,
      2.225,
      1.02,
      2.3175,
      1.1125
    ],
    "SoftwareVersions": "syngo_MR_B17",
    "SpacingBetweenSlices": 1.8,
    "StationName": "MRC35383",
    "TaskName": "PIT",
    "TotalReadoutTime": 0.0683088,
    "TxRefAmp": 425.451,
    "dataset": "ds003487",
    "modality": "bold",
    "run_id": 1,
    "session_id": "second",
    "subject_id": "01",
    "task_id": "PIT"
  },
  "dummy_trs": 0,
  "dvars_nstd": 69.59588376320089,
  "dvars_std": 1.0205495204856514,
  "dvars_vstd": 0.9609293011258281,
  "efc": 0.7575113722738893,
  "fber": 32.41468048095703,
  "fd_mean": 0.28579008365346104,
  "fd_num": 243,
  "fd_perc": 53.52422907488987,
  "fwhm_avg": 2.7605129766273677,
  "fwhm_x": 2.6530111813919066,
  "fwhm_y": 2.9348889666368954,
  "fwhm_z": 2.6936387818533007,
  "gcor": 0.0106704,
  "gsr_x": -0.056515324860811234,
  "gsr_y": 0.11943423748016357,
  "provenance": {
    "md5sum": "57ec7e53c7600d635067d9d12bd48c4d",
    "settings": {
      "fd_thres": 0.2,
      "testing": false
    },
    "software": "mriqc",
    "version": "21.0.0rc2",
    "webapi_port": null,
    "webapi_url": "https://mriqc.nimh.nih.gov/api/v1"
  },
  "size_t": 454,
  "size_x": 100,
  "size_y": 100,
  "size_z": 26,
  "snr": 2.5359363220017688,
  "spacing_tr": 2.4000000953674316,
  "spacing_x": 1.7999999523162842,
  "spacing_y": 1.7999999523162842,
  "spacing_z": 1.8000000715255737,
  "summary_bg_k": 29.03916872018977,
  "summary_bg_mad": 7.021140431685816,
  "summary_bg_mean": 107.67567443847656,
  "summary_bg_median": 85.56607818603516,
  "summary_bg_n": 106482.0,
  "summary_bg_p05": 79.72907257080078,
  "summary_bg_p95": 210.1122100830078,
  "summary_bg_stdv": 52.4736213684082,
  "summary_fg_k": 2.9153613712274966,
  "summary_fg_mad": 163.9418350986027,
  "summary_fg_mean": 542.1513671875,
  "summary_fg_median": 509.9669494628906,
  "summary_fg_n": 99571.0,
  "summary_fg_p05": 276.30174255371094,
  "summary_fg_p95": 929.2642822265625,
  "summary_fg_stdv": 201.09510803222656,
  "tsnr": 17.13081243383931
}