{
  "bids_meta": {
    "AcquisitionMatrixPE": 256,
    "AcquisitionNumber": 1,
    "AcquisitionTime": "16:03:46.125000",
    "BaseResolution": 256,
    "CoilString": "C:HEA;HEP",
    "ConversionSoftware": "dcm2niix",
    "ConversionSoftwareVersion": "v1.0.20181114  GCC7.3.0",
    "DeviceSerialNumber": "35383",
    "DwellTime": 1.03e-05,
    "EchoNumber": 1,
    "EchoTime": 0.00227,
    "FlipAngle": 9,
    "ImageOrientationPatientDICOM": [
      -0.0279216,
      0.99961,
      1.09388e-08,
      0.0174456,
      0.00048731,
      -0.999848
    ],
    "ImageType": [
      "ORIGINAL",
      "PRIMARY",
      "M",
      "ND",
      "NORM"
    ],
    "ImagingFrequency": 123.22,
    "InPlanePhaseEncodingDirectionDICOM": "ROW",
    "InstitutionAddress": "Rue_Michel-Servet_1_Geneve_District_CH_1211",
    "InstitutionName": "BBL_-_University_of_Geneva",
    "InstitutionalDepartmentName": "Department",
    "InversionTime": 0.9,
    "MRAcquisitionType": "3D",
    "MagneticFieldStrength": 3,
    "Manufacturer": "Siemens",
    "ManufacturersModelName": "TrioTim",
    "Modality": "MR",
    "PartialFourier": 1,
    "PatientPosition": "HFS",
    "PercentPhaseFOV": 100,
    "PhaseEncodingSteps": 294,
    "PhaseOversampling": 0.15,
    "PhaseResolution": 1,
    "PixelBandwidth": 190,
    "ProcedureStepDescription": "CISA_fMRI",
    "ProtocolName": "T1",
    "PulseSequenceDetails": "%SiemensSeq%_tfl",
    "ReceiveCoilName": "32Ch_Head",
    "ReconMatrixPE": 256,
    "RepetitionTime": 1.9,
    "SAR": 0.154087,
    "ScanOptions": "IR",
    "ScanningSequence": "GR_IR",
    "SequenceName": "_tfl3d1_ns",
    "SequenceVariant": "SP_MP_OSP",
    "SeriesDescription": "T1",
    "SeriesNumber": 8,
    "ShimSetting": [
      -13883,
      8934,
      19219,
      8,
      9,
      -4,
      -1,
      6
    ],
    "SliceThickness": 1,
    "SoftwareVersions": "syngo_MR_B17",
    "StationName": "MRC35383",
    "TxRefAmp": 406.87,
    "dataset": "ds003487",
    "modality": "T1w",
    "run_id": 1,
    "session_id": "second",
    "subject_id": "23"
  },
  "cjv": 0.44239384805277604,
  "cnr": 2.8545078525544847,
  "efc": 0.585664907369428,
  "fber": 13793.550219138056,
  "fwhm_avg": 3.6992099999999994,
  "fwhm_x": 3.58627,
  "fwhm_y": 3.75664,
  "fwhm_z": 3.75472,
  "icvs_csf": 0.21047146337621797,
  "icvs_gm": 0.4181779239356168,
  "icvs_wm": 0.3713506126881652,
  "inu_med": 1.519819974899292,
  "inu_range": 0.3617324471473693,
  "provenance": {
    "md5sum": "ad1c3fdf986761972c1f8e090de8e2bc",
    "settings": {
      "testing": false
    },
    "software": "mriqc",
    "version": "21.0.0rc2",
    "warnings": {
      "large_rot_frame": true,
      "small_air_mask": false
    },
    "webapi_port": null,
    "webapi_url": "https://mriqc.nimh.nih.gov/api/v1"
  },
  "qi_1": 0.0,
  "qi_2": 0.006452843273708546,
  "rpve_csf": 25.441269440393654,
  "rpve_gm": 13.545803584485999,
  "rpve_wm": 18.232995280679955,
  "size_x": 192,
  "size_y": 256,
  "size_z": 256,
  "snr_csf": 1.9894573084500848,
  "snr_gm": 11.18443654720987,
  "snr_total": 12.6942045624503,
  "snr_wm": 24.90871983169094,
  "snrd_csf": 53.79027036471361,
  "snrd_gm": 107.77162517122015,
  "snrd_total": 100.41089323632114,
  "snrd_wm": 139.67078417302966,
  "spacing_x": 1.0,
  "spacing_y": 1.0,
  "spacing_z": 1.0,
  "summary_bg_k": 13.31477500979262,
  "summary_bg_mad": 4.690575567085694,
  "summary_bg_mean": 5.209153148383777,
  "summary_bg_median": 3.163745142519474,
  "summary_bg_n": 2276126.0,
  "summary_bg_p05": 0.0,
  "summary_bg_p95": 15.73321908712387,
  "summary_bg_stdv": 5.515694275866041,
  "summary_csf_k": 14.59266459509206,
  "summary_csf_mad": 111.0525458585694,
  "summary_csf_mean": 427.74526474097763,
  "summary_csf_median": 385.12184113264084,
  "summary_csf_n": 26452.0,
  "summary_csf_p05": 256.9089315664023,
  "summary_csf_p95": 660.5044791325906,
  "summary_csf_stdv": 193.57769568238706,
  "summary_gm_k": 0.8605479745430884,
  "summary_gm_mad": 63.893245562464585,
  "summary_gm_mean": 774.7398390491829,
  "summary_gm_median": 771.6117882728577,
  "summary_gm_n": 22894.0,
  "summary_gm_p05": 667.6058043781668,
  "summary_gm_p95": 891.7485970631242,
  "summary_gm_stdv": 68.98827070971528,
  "summary_wm_k": 0.6939333749072971,
  "summary_wm_mad": 37.14428759881374,
  "summary_wm_mean": 999.8367600829854,
  "summary_wm_median": 999.9999849125743,
  "summary_wm_n": 225601.0,
  "summary_wm_p05": 933.4758302941918,
  "summary_wm_p95": 1064.8140070214868,
  "summary_wm_stdv": 40.146493893099986,
  "tpm_overlap_csf": 0.16585774719715118,
  "tpm_overlap_gm": 0.44256100058555603,
  "tpm_overlap_wm": 0.5012626051902771,
  "wm2max": 0.40468528322779335
}