{
  "bids_meta": {
    "AcquisitionMatrixPE": 256,
    "AcquisitionNumber": 1,
    "AcquisitionTime": "13:54:41.947500",
    "BaseResolution": 256,
    "CoilString": "C:HEA;HEP",
    "ConversionSoftware": "dcm2niix",
    "ConversionSoftwareVersion": "v1.0.20181114  GCC7.3.0",
    "DeviceSerialNumber": "35383",
    "DwellTime": 1.03e-05,
    "EchoNumber": 1,
    "EchoTime": 0.00227,
    "FlipAngle": 9,
    "ImageOrientationPatientDICOM": [
      0.0226873,
      0.999743,
      0,
      0,
      0,
      -1
    ],
    "ImageType": [
      "ORIGINAL",
      "PRIMARY",
      "M",
      "ND",
      "NORM"
    ],
    "ImagingFrequency": 123.255,
    "InPlanePhaseEncodingDirectionDICOM": "ROW",
    "InstitutionAddress": "Rue_Michel-Servet_1_Geneve_District_CH_1211",
    "InstitutionName": "BBL_-_University_of_Geneva",
    "InstitutionalDepartmentName": "Department",
    "InversionTime": 0.9,
    "MRAcquisitionType": "3D",
    "MagneticFieldStrength": 3,
    "Manufacturer": "Siemens",
    "ManufacturersModelName": "TrioTim",
    "Modality": "MR",
    "PartialFourier": 1,
    "PatientPosition": "HFS",
    "PercentPhaseFOV": 100,
    "PhaseEncodingSteps": 294,
    "PhaseOversampling": 0.15,
    "PhaseResolution": 1,
    "PixelBandwidth": 190,
    "ProcedureStepDescription": "CISA_fMRI",
    "ProtocolName": "T1",
    "PulseSequenceDetails": "%SiemensSeq%_tfl",
    "ReceiveCoilName": "32Ch_Head",
    "ReconMatrixPE": 256,
    "RepetitionTime": 1.9,
    "SAR": 0.137341,
    "ScanOptions": "IR",
    "ScanningSequence": "GR_IR",
    "SequenceName": "_tfl3d1_ns",
    "SequenceVariant": "SP_MP_OSP",
    "SeriesDescription": "T1",
    "SeriesNumber": 8,
    "ShimSetting": [
      -13850,
      9050,
      19176,
      -140,
      270,
      -85,
      30,
      50
    ],
    "SliceThickness": 1,
    "SoftwareVersions": "syngo_MR_B17",
    "StationName": "MRC35383",
    "TxRefAmp": 458.492,
    "dataset": "ds003487",
    "modality": "T1w",
    "run_id": 1,
    "session_id": "second",
    "subject_id": "10"
  },
  "cjv": 0.5170150546100571,
  "cnr": 2.610486914291238,
  "efc": 0.5712952247107083,
  "fber": 10128.565934583845,
  "fwhm_avg": 3.9013166666666663,
  "fwhm_x": 3.87378,
  "fwhm_y": 3.95376,
  "fwhm_z": 3.87641,
  "icvs_csf": 0.21901587744814863,
  "icvs_gm": 0.43122838644481,
  "icvs_wm": 0.34975573610704136,
  "inu_med": 0.8739582896232605,
  "inu_range": 0.27563583850860596,
  "provenance": {
    "md5sum": "d6a171010e87fa18ae885fed19cfa27d",
    "settings": {
      "testing": false
    },
    "software": "mriqc",
    "version": "21.0.0rc2",
    "warnings": {
      "large_rot_frame": true,
      "small_air_mask": false
    },
    "webapi_port": null,
    "webapi_url": "https://mriqc.nimh.nih.gov/api/v1"
  },
  "qi_1": 0.0,
  "qi_2": 0.006284806989269888,
  "rpve_csf": 31.195810544220233,
  "rpve_gm": 16.393575250002964,
  "rpve_wm": 23.391583745601537,
  "size_x": 192,
  "size_y": 256,
  "size_z": 256,
  "snr_csf": 3.779776003596393,
  "snr_gm": 11.82454933600209,
  "snr_total": 12.556150897416162,
  "snr_wm": 22.064127352650004,
  "snrd_csf": 43.6250932399711,
  "snrd_gm": 97.248867234446,
  "snrd_total": 88.07041332404361,
  "snrd_wm": 123.33727949771372,
  "spacing_x": 1.0,
  "spacing_y": 1.0,
  "spacing_z": 1.0,
  "summary_bg_k": 15.277373637405915,
  "summary_bg_mad": 5.311746682108067,
  "summary_bg_mean": 7.626989545105254,
  "summary_bg_median": 7.165437385439873,
  "summary_bg_n": 1570363.0,
  "summary_bg_p05": 0.0,
  "summary_bg_p95": 21.56656154245138,
  "summary_bg_stdv": 8.06991663139664,
  "summary_csf_k": 4.873640025333165,
  "summary_csf_mad": 84.88379501800148,
  "summary_csf_mean": 375.0395728876243,
  "summary_csf_median": 353.705659173429,
  "summary_csf_n": 22339.0,
  "summary_csf_p05": 255.77801490575075,
  "summary_csf_p95": 553.0734170153737,
  "summary_csf_stdv": 93.57637647670418,
  "summary_gm_k": 0.02059788965321996,
  "summary_gm_mad": 65.9281499955766,
  "summary_gm_mean": 787.8183428929749,
  "summary_gm_median": 788.479109942913,
  "summary_gm_n": 19738.0,
  "summary_gm_p05": 679.3712758723647,
  "summary_gm_p95": 899.8349243696778,
  "summary_gm_stdv": 66.67984661850716,
  "summary_wm_k": 0.29451685556897145,
  "summary_wm_mad": 43.43134051841302,
  "summary_wm_mean": 1000.5295108081563,
  "summary_wm_median": 1000.0000115856528,
  "summary_wm_n": 154631.0,
  "summary_wm_p05": 926.3786549195647,
  "summary_wm_p95": 1075.4478522911668,
  "summary_wm_stdv": 45.322289981978614,
  "tpm_overlap_csf": 0.1695973128080368,
  "tpm_overlap_gm": 0.4371780455112457,
  "tpm_overlap_wm": 0.4783173203468323,
  "wm2max": 0.36800495388698135
}