{
  "aor": 0.004631323529411765,
  "aqi": 0.10613498431372548,
  "bids_meta": {
    "AcquisitionMatrixPE": 100,
    "AcquisitionNumber": 1,
    "AcquisitionTime": "14:01:30.842500",
    "BandwidthPerPixelPhaseEncode": 14.493,
    "BaseResolution": 100,
    "CoilString": "C:HEA;HEP",
    "ConversionSoftware": "dcm2niix",
    "ConversionSoftwareVersion": "v1.0.20181114  GCC7.3.0",
    "DerivedVendorReportedEchoSpacing": 0.000689988,
    "DeviceSerialNumber": "35383",
    "DwellTime": 2.6e-06,
    "EchoNumber": 1,
    "EchoTime": 0.041,
    "EffectiveEchoSpacing": 0.000689988,
    "FlipAngle": 70,
    "ImageOrientationPatientDICOM": [
      1,
      0,
      0,
      0,
      0.984808,
      -0.173648
    ],
    "ImageType": [
      "ORIGINAL",
      "PRIMARY",
      "M",
      "ND",
      "MOSAIC"
    ],
    "ImagingFrequency": 123.255,
    "InPlanePhaseEncodingDirectionDICOM": "COL",
    "InstitutionAddress": "Rue_Michel-Servet_1_Geneve_District_CH_1211",
    "InstitutionName": "BBL_-_University_of_Geneva",
    "InstitutionalDepartmentName": "Department",
    "MRAcquisitionType": "2D",
    "MagneticFieldStrength": 3,
    "Manufacturer": "Siemens",
    "ManufacturersModelName": "TrioTim",
    "Modality": "MR",
    "PartialFourier": 1,
    "PatientPosition": "HFS",
    "PercentPhaseFOV": 100,
    "PhaseEncodingDirection": "j-",
    "PhaseEncodingSteps": 100,
    "PhaseResolution": 1,
    "PixelBandwidth": 1923,
    "ProcedureStepDescription": "CISA_fMRI",
    "ProtocolName": "RUN_2_TR2400_TE41_1800um",
    "PulseSequenceDetails": "%CustomerSeq%_cmrr_mbep2d_bold",
    "ReceiveCoilName": "32Ch_Head",
    "ReconMatrixPE": 100,
    "RepetitionTime": 2.4,
    "SAR": 0.0762291,
    "ScanOptions": "FS",
    "ScanningSequence": "EP",
    "SequenceName": "epfid2d1_100",
    "SequenceVariant": "SK_SS",
    "SeriesDescription": "RUN_2_TR2400_TE41_1800um",
    "SeriesNumber": 9,
    "ShimSetting": [
      -13841,
      9072,
      19687,
      209,
      430,
      -580,
      89,
      32
    ],
    "SliceThickness": 1.8,
    "SliceTiming": [
      1.205,
      0,
      1.2975,
      0.0925,
      1.39,
      0.185,
      1.4825,
      0.2775,
      1.575,
      0.37,
      1.6675,
      0.4625,
      1.76,
      0.555,
      1.8525,
      0.6475,
      1.945,
      0.74,
      2.0375,
      0.835,
      2.13,
      0.9275,
      2.2225,
      1.02,
      2.3175,
      1.1125
    ],
    "SoftwareVersions": "syngo_MR_B17",
    "SpacingBetweenSlices": 1.8,
    "StationName": "MRC35383",
    "TaskName": "hedonic",
    "TotalReadoutTime": 0.0683088,
    "TxRefAmp": 458.492,
    "dataset": "ds003487",
    "modality": "bold",
    "run_id": 1,
    "session_id": "second",
    "subject_id": "10",
    "task_id": "hedonic"
  },
  "dummy_trs": 0,
  "dvars_nstd": 68.12635475189187,
  "dvars_std": 0.9087098750122857,
  "dvars_vstd": 0.876234144152334,
  "efc": 0.7777533297552175,
  "fber": 27.001968383789062,
  "fd_mean": 0.24299741385136256,
  "fd_num": 252,
  "fd_perc": 61.76470588235294,
  "fwhm_avg": 2.829852058415936,
  "fwhm_x": 2.5283389558669978,
  "fwhm_y": 3.1614891820169064,
  "fwhm_z": 2.7997280373639035,
  "gcor": 0.0184903,
  "gsr_x": -0.0260947123169899,
  "gsr_y": 0.09044025838375092,
  "provenance": {
    "md5sum": "5558d035e442caa247017256500c3656",
    "settings": {
      "fd_thres": 0.2,
      "testing": false
    },
    "software": "mriqc",
    "version": "21.0.0rc2",
    "webapi_port": null,
    "webapi_url": "https://mriqc.nimh.nih.gov/api/v1"
  },
  "size_t": 408,
  "size_x": 100,
  "size_y": 100,
  "size_z": 26,
  "snr": 2.774414761486706,
  "spacing_tr": 2.4000000953674316,
  "spacing_x": 1.7999999523162842,
  "spacing_y": 1.7999998331069946,
  "spacing_z": 1.7999998331069946,
  "summary_bg_k": 14.80872049587191,
  "summary_bg_mad": 13.292541481604447,
  "summary_bg_mean": 108.60468292236328,
  "summary_bg_median": 86.58824157714844,
  "summary_bg_n": 102444.0,
  "summary_bg_p05": 75.76017227172852,
  "summary_bg_p95": 205.09927520751933,
  "summary_bg_stdv": 49.86777877807617,
  "summary_fg_k": 3.977749146707252,
  "summary_fg_mad": 148.02404071101554,
  "summary_fg_mean": 499.9623718261719,
  "summary_fg_median": 476.058837890625,
  "summary_fg_n": 103003.0,
  "summary_fg_p05": 272.5115417480469,
  "summary_fg_p95": 796.7225830078123,
  "summary_fg_stdv": 171.5880889892578,
  "tsnr": 13.018600206822157
}