{
  "aor": 0.010058854625550659,
  "aqi": 0.09345352334801761,
  "bids_meta": {
    "AcquisitionMatrixPE": 100,
    "AcquisitionNumber": 1,
    "AcquisitionTime": "13:35:44.277500",
    "BandwidthPerPixelPhaseEncode": 14.493,
    "BaseResolution": 100,
    "CoilString": "C:HEA;HEP",
    "ConversionSoftware": "dcm2niix",
    "ConversionSoftwareVersion": "v1.0.20181114  GCC7.3.0",
    "DerivedVendorReportedEchoSpacing": 0.000689988,
    "DeviceSerialNumber": "35383",
    "DwellTime": 2.6e-06,
    "EchoNumber": 1,
    "EchoTime": 0.041,
    "EffectiveEchoSpacing": 0.000689988,
    "FlipAngle": 70,
    "ImageOrientationPatientDICOM": [
      1,
      0,
      0,
      0,
      0.984808,
      -0.173648
    ],
    "ImageType": [
      "ORIGINAL",
      "PRIMARY",
      "M",
      "ND",
      "MOSAIC"
    ],
    "ImagingFrequency": 123.255,
    "InPlanePhaseEncodingDirectionDICOM": "COL",
    "InstitutionAddress": "Rue_Michel-Servet_1_Geneve_District_CH_1211",
    "InstitutionName": "BBL_-_University_of_Geneva",
    "InstitutionalDepartmentName": "Department",
    "MRAcquisitionType": "2D",
    "MagneticFieldStrength": 3,
    "Manufacturer": "Siemens",
    "ManufacturersModelName": "TrioTim",
    "Modality": "MR",
    "PartialFourier": 1,
    "PatientPosition": "HFS",
    "PercentPhaseFOV": 100,
    "PhaseEncodingDirection": "j-",
    "PhaseEncodingSteps": 100,
    "PhaseResolution": 1,
    "PixelBandwidth": 1923,
    "ProcedureStepDescription": "CISA_fMRI",
    "ProtocolName": "RUN_1_TR2400_TE41_1800um",
    "PulseSequenceDetails": "%CustomerSeq%_cmrr_mbep2d_bold",
    "ReceiveCoilName": "32Ch_Head",
    "ReconMatrixPE": 100,
    "RepetitionTime": 2.4,
    "SAR": 0.0762289,
    "ScanOptions": "FS",
    "ScanningSequence": "EP",
    "SequenceName": "epfid2d1_100",
    "SequenceVariant": "SK_SS",
    "SeriesDescription": "RUN_1_TR2400_TE41_1800um",
    "SeriesNumber": 7,
    "ShimSetting": [
      -13841,
      9072,
      19687,
      209,
      430,
      -580,
      89,
      32
    ],
    "SliceThickness": 1.8,
    "SliceTiming": [
      1.205,
      0,
      1.2975,
      0.0925,
      1.39,
      0.185,
      1.4825,
      0.2775,
      1.575,
      0.3725,
      1.6675,
      0.465,
      1.76,
      0.5575,
      1.855,
      0.65,
      1.9475,
      0.7425,
      2.04,
      0.835,
      2.1325,
      0.9275,
      2.225,
      1.02,
      2.3175,
      1.1125
    ],
    "SoftwareVersions": "syngo_MR_B17",
    "SpacingBetweenSlices": 1.8,
    "StationName": "MRC35383",
    "TaskName": "PIT",
    "TotalReadoutTime": 0.0683088,
    "TxRefAmp": 458.492,
    "dataset": "ds003487",
    "modality": "bold",
    "run_id": 1,
    "session_id": "second",
    "subject_id": "10",
    "task_id": "PIT"
  },
  "dummy_trs": 0,
  "dvars_nstd": 60.790922817660096,
  "dvars_std": 0.8239972865121418,
  "dvars_vstd": 0.8294422845695358,
  "efc": 0.7774207779896143,
  "fber": 25.47529411315918,
  "fd_mean": 0.20466024268541247,
  "fd_num": 87,
  "fd_perc": 19.162995594713657,
  "fwhm_avg": 2.786422423877532,
  "fwhm_x": 2.5682945124810144,
  "fwhm_y": 3.0347280591527146,
  "fwhm_z": 2.7562446999988675,
  "gcor": 0.188122,
  "gsr_x": -0.030037181451916695,
  "gsr_y": 0.09057870507240295,
  "provenance": {
    "md5sum": "aaf6b3d4e6cce659a98bd9e6a3d0044c",
    "settings": {
      "fd_thres": 0.2,
      "testing": false
    },
    "software": "mriqc",
    "version": "21.0.0rc2",
    "webapi_port": null,
    "webapi_url": "https://mriqc.nimh.nih.gov/api/v1"
  },
  "size_t": 454,
  "size_x": 100,
  "size_y": 100,
  "size_z": 26,
  "snr": 2.7184529704265374,
  "spacing_tr": 2.4000000953674316,
  "spacing_x": 1.7999999523162842,
  "spacing_y": 1.7999998331069946,
  "spacing_z": 1.7999998331069946,
  "summary_bg_k": 12.966198755906857,
  "summary_bg_mad": 17.180549066428487,
  "summary_bg_mean": 109.98046112060547,
  "summary_bg_median": 88.27091979980469,
  "summary_bg_n": 103548.0,
  "summary_bg_p05": 73.28931541442871,
  "summary_bg_p95": 213.90076370239254,
  "summary_bg_stdv": 51.31495666503906,
  "summary_fg_k": 4.02818506233607,
  "summary_fg_mad": 149.01134121791284,
  "summary_fg_mean": 496.9586486816406,
  "summary_fg_median": 471.72686767578125,
  "summary_fg_n": 101953.0,
  "summary_fg_p05": 269.7422790527344,
  "summary_fg_p95": 793.7744140624998,
  "summary_fg_stdv": 173.52684020996094,
  "tsnr": 11.133155814022757
}