{
  "aor": 0.002764338235294118,
  "aqi": 0.019828492720588235,
  "bids_meta": {
    "AcquisitionMatrixPE": 100,
    "AcquisitionNumber": 1,
    "AcquisitionTime": "14:23:7.242500",
    "BandwidthPerPixelPhaseEncode": 14.493,
    "BaseResolution": 100,
    "CoilString": "C:HEA;HEP",
    "ConversionSoftware": "dcm2niix",
    "ConversionSoftwareVersion": "v1.0.20181114  GCC7.3.0",
    "DerivedVendorReportedEchoSpacing": 0.000689988,
    "DeviceSerialNumber": "35383",
    "DwellTime": 2.6e-06,
    "EchoNumber": 1,
    "EchoTime": 0.041,
    "EffectiveEchoSpacing": 0.000689988,
    "FlipAngle": 70,
    "ImageOrientationPatientDICOM": [
      1,
      0,
      0,
      0,
      0.984808,
      -0.173648
    ],
    "ImageType": [
      "ORIGINAL",
      "PRIMARY",
      "M",
      "ND",
      "MOSAIC"
    ],
    "ImagingFrequency": 123.255,
    "InPlanePhaseEncodingDirectionDICOM": "COL",
    "InstitutionAddress": "Rue_Michel-Servet_1_Geneve_District_CH_1211",
    "InstitutionName": "BBL_-_University_of_Geneva",
    "InstitutionalDepartmentName": "Department",
    "MRAcquisitionType": "2D",
    "MagneticFieldStrength": 3,
    "Manufacturer": "Siemens",
    "ManufacturersModelName": "TrioTim",
    "Modality": "MR",
    "PartialFourier": 1,
    "PatientPosition": "HFS",
    "PercentPhaseFOV": 100,
    "PhaseEncodingDirection": "j-",
    "PhaseEncodingSteps": 100,
    "PhaseResolution": 1,
    "PixelBandwidth": 1923,
    "ProcedureStepDescription": "CISA_fMRI",
    "ProtocolName": "RUN_2_TR2400_TE41_1800um",
    "PulseSequenceDetails": "%CustomerSeq%_cmrr_mbep2d_bold",
    "ReceiveCoilName": "32Ch_Head",
    "ReconMatrixPE": 100,
    "RepetitionTime": 2.4,
    "SAR": 0.0712813,
    "ScanOptions": "FS",
    "ScanningSequence": "EP",
    "SequenceName": "epfid2d1_100",
    "SequenceVariant": "SK_SS",
    "SeriesDescription": "RUN_2_TR2400_TE41_1800um",
    "SeriesNumber": 9,
    "ShimSetting": [
      -13805,
      8962,
      19745,
      506,
      781,
      -748,
      561,
      -88
    ],
    "SliceThickness": 1.8,
    "SliceTiming": [
      1.205,
      0,
      1.2975,
      0.0925,
      1.39,
      0.185,
      1.4825,
      0.2775,
      1.575,
      0.37,
      1.6675,
      0.4625,
      1.76,
      0.555,
      1.8525,
      0.6475,
      1.945,
      0.74,
      2.0375,
      0.8325,
      2.13,
      0.925,
      2.2225,
      1.0175,
      2.315,
      1.1125
    ],
    "SoftwareVersions": "syngo_MR_B17",
    "SpacingBetweenSlices": 1.8,
    "StationName": "MRC35383",
    "TaskName": "hedonic",
    "TotalReadoutTime": 0.0683088,
    "TxRefAmp": 434.37,
    "dataset": "ds003487",
    "modality": "bold",
    "run_id": 1,
    "session_id": "second",
    "subject_id": "07",
    "task_id": "hedonic"
  },
  "dummy_trs": 0,
  "dvars_nstd": 67.21123006002456,
  "dvars_std": 1.1072763228501228,
  "dvars_vstd": 1.0257936286977885,
  "efc": 0.7287918024270691,
  "fber": 33.551048278808594,
  "fd_mean": 0.2763592879446686,
  "fd_num": 245,
  "fd_perc": 60.049019607843135,
  "fwhm_avg": 2.6905224116819544,
  "fwhm_x": 2.717955627556791,
  "fwhm_y": 2.8694947104992203,
  "fwhm_z": 2.4841168969898524,
  "gcor": 0.00421115,
  "gsr_x": -0.03179951384663582,
  "gsr_y": 0.09444676339626312,
  "provenance": {
    "md5sum": "fd77124cd5c07761c24ece3df46d1241",
    "settings": {
      "fd_thres": 0.2,
      "testing": false
    },
    "software": "mriqc",
    "version": "21.0.0rc2",
    "webapi_port": null,
    "webapi_url": "https://mriqc.nimh.nih.gov/api/v1"
  },
  "size_t": 408,
  "size_x": 100,
  "size_y": 100,
  "size_z": 26,
  "snr": 2.7831844331535445,
  "spacing_tr": 2.4000000953674316,
  "spacing_x": 1.7999999523162842,
  "spacing_y": 1.7999998331069946,
  "spacing_z": 1.7999998331069946,
  "summary_bg_k": 60.60253882194741,
  "summary_bg_mad": 9.404341603707024,
  "summary_bg_mean": 111.9030990600586,
  "summary_bg_median": 88.54656982421875,
  "summary_bg_n": 128153.0,
  "summary_bg_p05": 79.75245666503906,
  "summary_bg_p95": 220.5632385253906,
  "summary_bg_stdv": 69.82979583740234,
  "summary_fg_k": 3.7990025946727606,
  "summary_fg_mad": 154.99550166162473,
  "summary_fg_mean": 549.5051879882812,
  "summary_fg_median": 528.1605224609375,
  "summary_fg_n": 78308.0,
  "summary_fg_p05": 286.1409317016602,
  "summary_fg_p95": 884.8714965820309,
  "summary_fg_stdv": 189.7672119140625,
  "tsnr": 21.5298503782833
}