{
  "aor": 0.0020542951541850218,
  "aqi": 0.04143445925110132,
  "bids_meta": {
    "AcquisitionMatrixPE": 100,
    "AcquisitionNumber": 1,
    "AcquisitionTime": "10:45:52.560000",
    "BandwidthPerPixelPhaseEncode": 14.493,
    "BaseResolution": 100,
    "CoilString": "C:HEA;HEP",
    "ConversionSoftware": "dcm2niix",
    "ConversionSoftwareVersion": "v1.0.20181114  GCC7.3.0",
    "DerivedVendorReportedEchoSpacing": 0.000689988,
    "DeviceSerialNumber": "35383",
    "DwellTime": 2.6e-06,
    "EchoNumber": 1,
    "EchoTime": 0.041,
    "EffectiveEchoSpacing": 0.000689988,
    "FlipAngle": 70,
    "ImageOrientationPatientDICOM": [
      0.999393,
      0.00200687,
      0.0347838,
      -3.16359e-08,
      0.99834,
      -0.057599
    ],
    "ImageType": [
      "ORIGINAL",
      "PRIMARY",
      "M",
      "ND",
      "MOSAIC"
    ],
    "ImagingFrequency": 123.22,
    "InPlanePhaseEncodingDirectionDICOM": "COL",
    "InstitutionAddress": "Rue_Michel-Servet_1_Geneve_District_CH_1211",
    "InstitutionName": "BBL_-_University_of_Geneva",
    "InstitutionalDepartmentName": "Department",
    "MRAcquisitionType": "2D",
    "MagneticFieldStrength": 3,
    "Manufacturer": "Siemens",
    "ManufacturersModelName": "TrioTim",
    "Modality": "MR",
    "PartialFourier": 1,
    "PatientPosition": "HFS",
    "PercentPhaseFOV": 100,
    "PhaseEncodingDirection": "j-",
    "PhaseEncodingSteps": 100,
    "PhaseResolution": 1,
    "PixelBandwidth": 1923,
    "ProcedureStepDescription": "CISA_fMRI",
    "ProtocolName": "RUN_1_TR2400_TE41_1800um",
    "PulseSequenceDetails": "%CustomerSeq%_cmrr_mbep2d_bold",
    "ReceiveCoilName": "32Ch_Head",
    "ReconMatrixPE": 100,
    "RepetitionTime": 2.4,
    "SAR": 0.072454,
    "ScanOptions": "FS",
    "ScanningSequence": "EP",
    "SequenceName": "epfid2d1_100",
    "SequenceVariant": "SK_SS",
    "SeriesDescription": "RUN_1_TR2400_TE41_1800um",
    "SeriesNumber": 7,
    "ShimSetting": [
      -13877,
      8889,
      19617,
      710,
      98,
      -185,
      -19,
      -84
    ],
    "SliceThickness": 1.8,
    "SliceTiming": [
      1.2025,
      0,
      1.295,
      0.0925,
      1.3875,
      0.185,
      1.4825,
      0.2775,
      1.575,
      0.37,
      1.6675,
      0.4625,
      1.76,
      0.555,
      1.8525,
      0.6475,
      1.945,
      0.74,
      2.0375,
      0.8325,
      2.13,
      0.925,
      2.2225,
      1.0175,
      2.315,
      1.11
    ],
    "SoftwareVersions": "syngo_MR_B17",
    "SpacingBetweenSlices": 1.8,
    "StationName": "MRC35383",
    "TaskName": "PIT",
    "TotalReadoutTime": 0.0683088,
    "TxRefAmp": 359.166,
    "dataset": "ds003487",
    "modality": "bold",
    "run_id": 1,
    "session_id": "second",
    "subject_id": "21",
    "task_id": "PIT"
  },
  "dummy_trs": 0,
  "dvars_nstd": 60.085146687063975,
  "dvars_std": 0.9864105767991164,
  "dvars_vstd": 0.9594737176379691,
  "efc": 0.799043631717027,
  "fber": 25.755603790283203,
  "fd_mean": 0.19804675583388168,
  "fd_num": 144,
  "fd_perc": 31.718061674008812,
  "fwhm_avg": 2.5251037705961097,
  "fwhm_x": 2.2719945046317447,
  "fwhm_y": 2.758494517519594,
  "fwhm_z": 2.5448222896369908,
  "gcor": 0.00634845,
  "gsr_x": -0.07570408284664154,
  "gsr_y": 0.13091117143630981,
  "provenance": {
    "md5sum": "2aff1619ba4b76cf1baecd7ea2b616ef",
    "settings": {
      "fd_thres": 0.2,
      "testing": false
    },
    "software": "mriqc",
    "version": "21.0.0rc2",
    "webapi_port": null,
    "webapi_url": "https://mriqc.nimh.nih.gov/api/v1"
  },
  "size_t": 454,
  "size_x": 100,
  "size_y": 100,
  "size_z": 26,
  "snr": 2.866586565734151,
  "spacing_tr": 2.4000000953674316,
  "spacing_x": 1.7999999523162842,
  "spacing_y": 1.7999999523162842,
  "spacing_z": 1.7999999523162842,
  "summary_bg_k": 24.629798726371668,
  "summary_bg_mad": 17.06299013044728,
  "summary_bg_mean": 131.2114715576172,
  "summary_bg_median": 98.28854370117188,
  "summary_bg_n": 90876.0,
  "summary_bg_p05": 84.9096908569336,
  "summary_bg_p95": 288.1839065551758,
  "summary_bg_stdv": 92.12167358398438,
  "summary_fg_k": 0.9745682444954236,
  "summary_fg_mad": 161.42727513474566,
  "summary_fg_mean": 539.299560546875,
  "summary_fg_median": 518.5264282226562,
  "summary_fg_n": 116411.0,
  "summary_fg_p05": 271.44493103027344,
  "summary_fg_p95": 862.8964538574219,
  "summary_fg_stdv": 180.88558959960938,
  "tsnr": 18.09304098918801
}