{
  "aor": 0.006568679706601467,
  "aqi": 0.04243148117359413,
  "bids_meta": {
    "AcquisitionMatrixPE": 100,
    "AcquisitionNumber": 1,
    "AcquisitionTime": "11:12:46.405000",
    "BandwidthPerPixelPhaseEncode": 14.493,
    "BaseResolution": 100,
    "CoilString": "C:HEA;HEP",
    "ConversionSoftware": "dcm2niix",
    "ConversionSoftwareVersion": "v1.0.20181114  GCC7.3.0",
    "DerivedVendorReportedEchoSpacing": 0.000689988,
    "DeviceSerialNumber": "35383",
    "DwellTime": 2.6e-06,
    "EchoNumber": 1,
    "EchoTime": 0.041,
    "EffectiveEchoSpacing": 0.000689988,
    "FlipAngle": 70,
    "ImageOrientationPatientDICOM": [
      0.999393,
      0.00200687,
      0.0347838,
      -3.16359e-08,
      0.99834,
      -0.057599
    ],
    "ImageType": [
      "ORIGINAL",
      "PRIMARY",
      "M",
      "ND",
      "MOSAIC"
    ],
    "ImagingFrequency": 123.22,
    "InPlanePhaseEncodingDirectionDICOM": "COL",
    "InstitutionAddress": "Rue_Michel-Servet_1_Geneve_District_CH_1211",
    "InstitutionName": "BBL_-_University_of_Geneva",
    "InstitutionalDepartmentName": "Department",
    "MRAcquisitionType": "2D",
    "MagneticFieldStrength": 3,
    "Manufacturer": "Siemens",
    "ManufacturersModelName": "TrioTim",
    "Modality": "MR",
    "PartialFourier": 1,
    "PatientPosition": "HFS",
    "PercentPhaseFOV": 100,
    "PhaseEncodingDirection": "j-",
    "PhaseEncodingSteps": 100,
    "PhaseResolution": 1,
    "PixelBandwidth": 1923,
    "ProcedureStepDescription": "CISA_fMRI",
    "ProtocolName": "RUN_2_TR2400_TE41_1800um",
    "PulseSequenceDetails": "%CustomerSeq%_cmrr_mbep2d_bold",
    "ReceiveCoilName": "32Ch_Head",
    "ReconMatrixPE": 100,
    "RepetitionTime": 2.4,
    "SAR": 0.0724541,
    "ScanOptions": "FS",
    "ScanningSequence": "EP",
    "SequenceName": "epfid2d1_100",
    "SequenceVariant": "SK_SS",
    "SeriesDescription": "RUN_2_TR2400_TE41_1800um",
    "SeriesNumber": 9,
    "ShimSetting": [
      -13877,
      8889,
      19617,
      710,
      98,
      -185,
      -19,
      -84
    ],
    "SliceThickness": 1.8,
    "SliceTiming": [
      1.205,
      0,
      1.2975,
      0.0925,
      1.39,
      0.185,
      1.4825,
      0.2775,
      1.575,
      0.37,
      1.6675,
      0.4625,
      1.76,
      0.555,
      1.8525,
      0.65,
      1.945,
      0.7425,
      2.0375,
      0.835,
      2.1325,
      0.9275,
      2.225,
      1.02,
      2.3175,
      1.1125
    ],
    "SoftwareVersions": "syngo_MR_B17",
    "SpacingBetweenSlices": 1.8,
    "StationName": "MRC35383",
    "TaskName": "hedonic",
    "TotalReadoutTime": 0.0683088,
    "TxRefAmp": 359.166,
    "dataset": "ds003487",
    "modality": "bold",
    "run_id": 1,
    "session_id": "second",
    "subject_id": "21",
    "task_id": "hedonic"
  },
  "dummy_trs": 0,
  "dvars_nstd": 94.22294799953434,
  "dvars_std": 1.0833608903676475,
  "dvars_vstd": 1.009439404999999,
  "efc": 0.7917126701276218,
  "fber": 26.4809513092041,
  "fd_mean": 0.6536322078039574,
  "fd_num": 326,
  "fd_perc": 79.70660146699267,
  "fwhm_avg": 2.5520408083467347,
  "fwhm_x": 2.2533278374705805,
  "fwhm_y": 2.7294000723044096,
  "fwhm_z": 2.673394515265213,
  "gcor": 0.0462998,
  "gsr_x": -0.05866886302828789,
  "gsr_y": 0.1307917833328247,
  "provenance": {
    "md5sum": "a73146aace05f90d190849da0c8eff45",
    "settings": {
      "fd_thres": 0.2,
      "testing": false
    },
    "software": "mriqc",
    "version": "21.0.0rc2",
    "webapi_port": null,
    "webapi_url": "https://mriqc.nimh.nih.gov/api/v1"
  },
  "size_t": 409,
  "size_x": 100,
  "size_y": 100,
  "size_z": 26,
  "snr": 2.8282942565345626,
  "spacing_tr": 2.4000000953674316,
  "spacing_x": 1.7999999523162842,
  "spacing_y": 1.7999999523162842,
  "spacing_z": 1.7999999523162842,
  "summary_bg_k": 25.361729792345624,
  "summary_bg_mad": 12.509682445786174,
  "summary_bg_mean": 127.29979705810547,
  "summary_bg_median": 95.03668212890625,
  "summary_bg_n": 90120.0,
  "summary_bg_p05": 84.69927215576172,
  "summary_bg_p95": 282.26248321533205,
  "summary_bg_stdv": 92.4288558959961,
  "summary_fg_k": 1.0279131164137167,
  "summary_fg_mad": 158.08381891103076,
  "summary_fg_mean": 526.6185302734375,
  "summary_fg_median": 506.86065673828125,
  "summary_fg_n": 113148.0,
  "summary_fg_p05": 253.36932907104492,
  "summary_fg_p95": 847.5511260986326,
  "summary_fg_stdv": 179.20993041992188,
  "tsnr": 15.554280710057355
}