{
  "aor": 0.0005881277533039648,
  "aqi": 0.02445958744493392,
  "bids_meta": {
    "AcquisitionMatrixPE": 100,
    "AcquisitionNumber": 1,
    "AcquisitionTime": "15:24:54.620000",
    "BandwidthPerPixelPhaseEncode": 14.493,
    "BaseResolution": 100,
    "CoilString": "C:HEA;HEP",
    "ConversionSoftware": "dcm2niix",
    "ConversionSoftwareVersion": "v1.0.20181114  GCC7.3.0",
    "DerivedVendorReportedEchoSpacing": 0.000689988,
    "DeviceSerialNumber": "35383",
    "DwellTime": 2.6e-06,
    "EchoNumber": 1,
    "EchoTime": 0.041,
    "EffectiveEchoSpacing": 0.000689988,
    "FlipAngle": 70,
    "ImageOrientationPatientDICOM": [
      1,
      0,
      0,
      0,
      0.984808,
      -0.173648
    ],
    "ImageType": [
      "ORIGINAL",
      "PRIMARY",
      "M",
      "ND",
      "MOSAIC"
    ],
    "ImagingFrequency": 123.255,
    "InPlanePhaseEncodingDirectionDICOM": "COL",
    "InstitutionAddress": "Rue_Michel-Servet_1_Geneve_District_CH_1211",
    "InstitutionName": "BBL_-_University_of_Geneva",
    "InstitutionalDepartmentName": "Department",
    "MRAcquisitionType": "2D",
    "MagneticFieldStrength": 3,
    "Manufacturer": "Siemens",
    "ManufacturersModelName": "TrioTim",
    "Modality": "MR",
    "PartialFourier": 1,
    "PatientPosition": "HFS",
    "PercentPhaseFOV": 100,
    "PhaseEncodingDirection": "j-",
    "PhaseEncodingSteps": 100,
    "PhaseResolution": 1,
    "PixelBandwidth": 1923,
    "ProcedureStepDescription": "CISA_fMRI",
    "ProtocolName": "RUN_1_TR2400_TE41_1800um",
    "PulseSequenceDetails": "%CustomerSeq%_cmrr_mbep2d_bold",
    "ReceiveCoilName": "32Ch_Head",
    "ReconMatrixPE": 100,
    "RepetitionTime": 2.4,
    "SAR": 0.0831727,
    "ScanOptions": "FS",
    "ScanningSequence": "EP",
    "SequenceName": "epfid2d1_100",
    "SequenceVariant": "SK_SS",
    "SeriesDescription": "RUN_1_TR2400_TE41_1800um",
    "SeriesNumber": 7,
    "ShimSetting": [
      -13927,
      9016,
      19754,
      528,
      387,
      -411,
      -36,
      -93
    ],
    "SliceThickness": 1.8,
    "SliceTiming": [
      1.205,
      0,
      1.2975,
      0.0925,
      1.39,
      0.185,
      1.4825,
      0.2775,
      1.575,
      0.37,
      1.6675,
      0.4625,
      1.76,
      0.555,
      1.8525,
      0.6475,
      1.945,
      0.74,
      2.0375,
      0.835,
      2.13,
      0.9275,
      2.2225,
      1.02,
      2.3175,
      1.1125
    ],
    "SoftwareVersions": "syngo_MR_B17",
    "SpacingBetweenSlices": 1.8,
    "StationName": "MRC35383",
    "TaskName": "PIT",
    "TotalReadoutTime": 0.0683088,
    "TxRefAmp": 547.086,
    "dataset": "ds003487",
    "modality": "bold",
    "run_id": 1,
    "session_id": "second",
    "subject_id": "04",
    "task_id": "PIT"
  },
  "dummy_trs": 0,
  "dvars_nstd": 67.89630360220747,
  "dvars_std": 1.0555734458719659,
  "dvars_vstd": 0.9812586826269312,
  "efc": 0.8039164751055322,
  "fber": 17.79746437072754,
  "fd_mean": 0.16100542017203082,
  "fd_num": 116,
  "fd_perc": 25.550660792951543,
  "fwhm_avg": 2.5230168487800406,
  "fwhm_x": 2.347211173290973,
  "fwhm_y": 2.6413335782333887,
  "fwhm_z": 2.58050579481576,
  "gcor": 0.00788694,
  "gsr_x": -0.027999909594655037,
  "gsr_y": 0.09820517897605896,
  "provenance": {
    "md5sum": "ea2e64da8f1076cef4b65507b7369106",
    "settings": {
      "fd_thres": 0.2,
      "testing": false
    },
    "software": "mriqc",
    "version": "21.0.0rc2",
    "webapi_port": null,
    "webapi_url": "https://mriqc.nimh.nih.gov/api/v1"
  },
  "size_t": 454,
  "size_x": 100,
  "size_y": 100,
  "size_z": 26,
  "snr": 2.6407730975999213,
  "spacing_tr": 2.4000000953674316,
  "spacing_x": 1.7999999523162842,
  "spacing_y": 1.7999998331069946,
  "spacing_z": 1.7999998331069946,
  "summary_bg_k": 36.82056593945751,
  "summary_bg_mad": 22.98033438683683,
  "summary_bg_mean": 132.78089904785156,
  "summary_bg_median": 102.3612289428711,
  "summary_bg_n": 89302.0,
  "summary_bg_p05": 84.08149719238281,
  "summary_bg_p95": 280.9490097045898,
  "summary_bg_stdv": 88.67365264892578,
  "summary_fg_k": 1.559343469381015,
  "summary_fg_mad": 148.18344035749368,
  "summary_fg_mean": 473.1637268066406,
  "summary_fg_median": 449.7676086425781,
  "summary_fg_n": 110494.0,
  "summary_fg_p05": 224.19602966308594,
  "summary_fg_p95": 783.6660400390624,
  "summary_fg_stdv": 170.3158721923828,
  "tsnr": 17.79896493803244
}