{
  "bids_meta": {
    "AcquisitionMatrixPE": 256,
    "AcquisitionNumber": 1,
    "AcquisitionTime": "19:19:45.785000",
    "BaseResolution": 256,
    "CoilString": "C:HEA;HEP",
    "ConversionSoftware": "dcm2niix",
    "ConversionSoftwareVersion": "v1.0.20181114  GCC7.3.0",
    "DeviceSerialNumber": "35383",
    "DwellTime": 1.03e-05,
    "EchoNumber": 1,
    "EchoTime": 0.00227,
    "FlipAngle": 9,
    "ImageOrientationPatientDICOM": [
      0.00698133,
      0.999976,
      0,
      0,
      0,
      -1
    ],
    "ImageType": [
      "ORIGINAL",
      "PRIMARY",
      "M",
      "ND",
      "NORM"
    ],
    "ImagingFrequency": 123.255,
    "InPlanePhaseEncodingDirectionDICOM": "ROW",
    "InstitutionAddress": "Rue_Michel-Servet_1_Geneve_District_CH_1211",
    "InstitutionName": "BBL_-_University_of_Geneva",
    "InstitutionalDepartmentName": "Department",
    "InversionTime": 0.9,
    "MRAcquisitionType": "3D",
    "MagneticFieldStrength": 3,
    "Manufacturer": "Siemens",
    "ManufacturersModelName": "TrioTim",
    "Modality": "MR",
    "PartialFourier": 1,
    "PatientPosition": "HFS",
    "PercentPhaseFOV": 100,
    "PhaseEncodingSteps": 294,
    "PhaseOversampling": 0.15,
    "PhaseResolution": 1,
    "PixelBandwidth": 190,
    "ProcedureStepDescription": "CISA_fMRI",
    "ProtocolName": "T1",
    "PulseSequenceDetails": "%SiemensSeq%_tfl",
    "ReceiveCoilName": "32Ch_Head",
    "ReconMatrixPE": 256,
    "RepetitionTime": 1.9,
    "SAR": 0.130744,
    "ScanOptions": "IR",
    "ScanningSequence": "GR_IR",
    "SequenceName": "_tfl3d1_ns",
    "SequenceVariant": "SP_MP_OSP",
    "SeriesDescription": "T1",
    "SeriesNumber": 8,
    "ShimSetting": [
      -13850,
      9050,
      19176,
      -140,
      270,
      -85,
      30,
      50
    ],
    "SliceThickness": 1,
    "SoftwareVersions": "syngo_MR_B17",
    "StationName": "MRC35383",
    "TxRefAmp": 479.413,
    "dataset": "ds003487",
    "modality": "T1w",
    "run_id": 1,
    "session_id": "second",
    "subject_id": "03"
  },
  "cjv": 0.691421313684473,
  "cnr": 1.8591642063496263,
  "efc": 0.5963353552876879,
  "fber": 13545.52546358506,
  "fwhm_avg": 3.7069000000000005,
  "fwhm_x": 3.55737,
  "fwhm_y": 3.90015,
  "fwhm_z": 3.66318,
  "icvs_csf": 0.2048834824961908,
  "icvs_gm": 0.42152573210837263,
  "icvs_wm": 0.3735907853954366,
  "inu_med": 1.5342004299163818,
  "inu_range": 0.40676870346069327,
  "provenance": {
    "md5sum": "a7720be0b337076f7a811a16ea8abd71",
    "settings": {
      "testing": false
    },
    "software": "mriqc",
    "version": "21.0.0rc2",
    "warnings": {
      "large_rot_frame": true,
      "small_air_mask": false
    },
    "webapi_port": null,
    "webapi_url": "https://mriqc.nimh.nih.gov/api/v1"
  },
  "qi_1": 0.0,
  "qi_2": 0.005635743348461659,
  "rpve_csf": 27.066619598432887,
  "rpve_gm": 13.685456498294073,
  "rpve_wm": 18.093097485597436,
  "size_x": 192,
  "size_y": 256,
  "size_z": 256,
  "snr_csf": 3.3250422955358676,
  "snr_gm": 10.056982523951211,
  "snr_total": 11.584048383601726,
  "snr_wm": 21.3701203313181,
  "snrd_csf": 48.0638063913511,
  "snrd_gm": 109.43480379112903,
  "snrd_total": 96.7650830106508,
  "snrd_wm": 132.79663884947223,
  "spacing_x": 1.0,
  "spacing_y": 1.0,
  "spacing_z": 1.0,
  "summary_bg_k": 89.28626735806854,
  "summary_bg_mad": 4.933649940531781,
  "summary_bg_mean": 6.410301061073734,
  "summary_bg_median": 3.3822487145662308,
  "summary_bg_n": 2544108.0,
  "summary_bg_p05": 0.0,
  "summary_bg_p95": 17.020348370075226,
  "summary_bg_stdv": 7.073047187097132,
  "summary_csf_k": 5.7451832749715575,
  "summary_csf_mad": 86.86459075624809,
  "summary_csf_mean": 391.98479368743693,
  "summary_csf_median": 361.95516485720873,
  "summary_csf_n": 27581.0,
  "summary_csf_p05": 265.7792860865593,
  "summary_csf_p95": 602.6948999762535,
  "summary_csf_stdv": 108.85533805323216,
  "summary_gm_k": 0.094550039340628,
  "summary_gm_mad": 78.21048348351202,
  "summary_gm_mean": 833.172425710132,
  "summary_gm_median": 824.1230859830976,
  "summary_gm_n": 22873.0,
  "summary_gm_p05": 710.6540968492627,
  "summary_gm_p95": 984.1252711415291,
  "summary_gm_stdv": 81.94357190430392,
  "summary_wm_k": 0.656475594913557,
  "summary_wm_mad": 43.432295378124046,
  "summary_wm_mean": 1002.4353791557614,
  "summary_wm_median": 1000.0545715391636,
  "summary_wm_n": 201054.0,
  "summary_wm_p05": 929.8456345126033,
  "summary_wm_p95": 1083.1924270391464,
  "summary_wm_stdv": 46.796745596266206,
  "tpm_overlap_csf": 0.1611555814743042,
  "tpm_overlap_gm": 0.4255247712135315,
  "tpm_overlap_wm": 0.46219146251678467,
  "wm2max": 0.42641483101114186
}