{
  "aor": 0.0008301101321585903,
  "aqi": 0.017880210066079295,
  "bids_meta": {
    "AcquisitionMatrixPE": 100,
    "AcquisitionNumber": 1,
    "AcquisitionTime": "16:42:24.945000",
    "BandwidthPerPixelPhaseEncode": 14.493,
    "BaseResolution": 100,
    "CoilString": "C:HEA;HEP",
    "ConversionSoftware": "dcm2niix",
    "ConversionSoftwareVersion": "v1.0.20181114  GCC7.3.0",
    "DerivedVendorReportedEchoSpacing": 0.000689988,
    "DeviceSerialNumber": "35383",
    "DwellTime": 2.6e-06,
    "EchoNumber": 1,
    "EchoTime": 0.041,
    "EffectiveEchoSpacing": 0.000689988,
    "FlipAngle": 70,
    "ImageOrientationPatientDICOM": [
      1,
      -2e-16,
      0,
      2e-16,
      0.989016,
      -0.147809
    ],
    "ImageType": [
      "ORIGINAL",
      "PRIMARY",
      "M",
      "ND",
      "MOSAIC"
    ],
    "ImagingFrequency": 123.255,
    "InPlanePhaseEncodingDirectionDICOM": "COL",
    "InstitutionAddress": "Rue_Michel-Servet_1_Geneve_District_CH_1211",
    "InstitutionName": "BBL_-_University_of_Geneva",
    "InstitutionalDepartmentName": "Department",
    "MRAcquisitionType": "2D",
    "MagneticFieldStrength": 3,
    "Manufacturer": "Siemens",
    "ManufacturersModelName": "TrioTim",
    "Modality": "MR",
    "PartialFourier": 1,
    "PatientPosition": "HFS",
    "PercentPhaseFOV": 100,
    "PhaseEncodingDirection": "j-",
    "PhaseEncodingSteps": 100,
    "PhaseResolution": 1,
    "PixelBandwidth": 1923,
    "ProcedureStepDescription": "CISA_fMRI",
    "ProtocolName": "RUN_1_TR2400_TE41_1800um",
    "PulseSequenceDetails": "%CustomerSeq%_cmrr_mbep2d_bold",
    "ReceiveCoilName": "32Ch_Head",
    "ReconMatrixPE": 100,
    "RepetitionTime": 2.4,
    "SAR": 0.0890595,
    "ScanOptions": "FS",
    "ScanningSequence": "EP",
    "SequenceName": "epfid2d1_100",
    "SequenceVariant": "SK_SS",
    "SeriesDescription": "RUN_1_TR2400_TE41_1800um",
    "SeriesNumber": 7,
    "ShimSetting": [
      -13883,
      8956,
      19654,
      560,
      175,
      -361,
      460,
      -46
    ],
    "SliceThickness": 1.8,
    "SliceTiming": [
      1.205,
      0,
      1.2975,
      0.0925,
      1.39,
      0.185,
      1.4825,
      0.2775,
      1.575,
      0.37,
      1.6675,
      0.465,
      1.76,
      0.5575,
      1.855,
      0.65,
      1.9475,
      0.7425,
      2.04,
      0.835,
      2.1325,
      0.9275,
      2.225,
      1.02,
      2.3175,
      1.1125
    ],
    "SoftwareVersions": "syngo_MR_B17",
    "SpacingBetweenSlices": 1.8,
    "StationName": "MRC35383",
    "TaskName": "PIT",
    "TotalReadoutTime": 0.0683088,
    "TxRefAmp": 544.242,
    "dataset": "ds003487",
    "modality": "bold",
    "run_id": 1,
    "session_id": "second",
    "subject_id": "02",
    "task_id": "PIT"
  },
  "dummy_trs": 0,
  "dvars_nstd": 52.763554486754984,
  "dvars_std": 1.0099533337086097,
  "dvars_vstd": 0.9671201859823393,
  "efc": 0.786749507830029,
  "fber": 23.327627182006836,
  "fd_mean": 0.07610133043090812,
  "fd_num": 18,
  "fd_perc": 3.9647577092511015,
  "fwhm_avg": 3.135557490471314,
  "fwhm_x": 2.849111186586782,
  "fwhm_y": 3.1860445288458012,
  "fwhm_z": 3.3715167559813595,
  "gcor": 0.0113833,
  "gsr_x": -0.06321099400520325,
  "gsr_y": 0.12073661386966705,
  "provenance": {
    "md5sum": "2ce2d6f4a52df968be2aa49bae946655",
    "settings": {
      "fd_thres": 0.2,
      "testing": false
    },
    "software": "mriqc",
    "version": "21.0.0rc2",
    "webapi_port": null,
    "webapi_url": "https://mriqc.nimh.nih.gov/api/v1"
  },
  "size_t": 454,
  "size_x": 100,
  "size_y": 100,
  "size_z": 26,
  "snr": 2.0819499513957065,
  "spacing_tr": 2.4000000953674316,
  "spacing_x": 1.7999999523162842,
  "spacing_y": 1.7999999523162842,
  "spacing_z": 1.7999999523162842,
  "summary_bg_k": 15.630992872369411,
  "summary_bg_mad": 27.9865714388182,
  "summary_bg_mean": 150.26101684570312,
  "summary_bg_median": 113.53524017333984,
  "summary_bg_n": 78524.0,
  "summary_bg_p05": 91.95186882019043,
  "summary_bg_p95": 343.99172515869134,
  "summary_bg_stdv": 93.4667739868164,
  "summary_fg_k": 7.499373624534636,
  "summary_fg_mad": 207.93496114541068,
  "summary_fg_mean": 620.7716674804688,
  "summary_fg_median": 565.1949462890625,
  "summary_fg_n": 127950.0,
  "summary_fg_p05": 322.3587890625,
  "summary_fg_p95": 1121.9122497558587,
  "summary_fg_stdv": 271.4727783203125,
  "tsnr": 21.18355785816675
}