{
  "bids_meta": {
    "AcquisitionMatrixPE": 256,
    "AcquisitionNumber": 1,
    "AcquisitionTime": "14:14:27.425000",
    "BaseResolution": 256,
    "CoilString": "C:HEA;HEP",
    "ConversionSoftware": "dcm2niix",
    "ConversionSoftwareVersion": "v1.0.20181114  GCC7.3.0",
    "DeviceSerialNumber": "35383",
    "DwellTime": 1.03e-05,
    "EchoNumber": 1,
    "EchoTime": 0.00227,
    "FlipAngle": 9,
    "ImageOrientationPatientDICOM": [
      -0.0314107,
      0.999507,
      8.7092e-09,
      -0.0209321,
      -0.000657808,
      -0.999781
    ],
    "ImageType": [
      "ORIGINAL",
      "PRIMARY",
      "M",
      "ND",
      "NORM"
    ],
    "ImagingFrequency": 123.255,
    "InPlanePhaseEncodingDirectionDICOM": "ROW",
    "InstitutionAddress": "Rue_Michel-Servet_1_Geneve_District_CH_1211",
    "InstitutionName": "BBL_-_University_of_Geneva",
    "InstitutionalDepartmentName": "Department",
    "InversionTime": 0.9,
    "MRAcquisitionType": "3D",
    "MagneticFieldStrength": 3,
    "Manufacturer": "Siemens",
    "ManufacturersModelName": "TrioTim",
    "Modality": "MR",
    "PartialFourier": 1,
    "PatientPosition": "HFS",
    "PercentPhaseFOV": 100,
    "PhaseEncodingSteps": 294,
    "PhaseOversampling": 0.15,
    "PhaseResolution": 1,
    "PixelBandwidth": 190,
    "ProcedureStepDescription": "CISA_fMRI",
    "ProtocolName": "T1",
    "PulseSequenceDetails": "%SiemensSeq%_tfl",
    "ReceiveCoilName": "32Ch_Head",
    "ReconMatrixPE": 256,
    "RepetitionTime": 1.9,
    "SAR": 0.128427,
    "ScanOptions": "IR",
    "ScanningSequence": "GR_IR",
    "SequenceName": "_tfl3d1_ns",
    "SequenceVariant": "SP_MP_OSP",
    "SeriesDescription": "T1",
    "SeriesNumber": 8,
    "ShimSetting": [
      -13850,
      9050,
      19176,
      -140,
      270,
      -85,
      30,
      50
    ],
    "SliceThickness": 1,
    "SoftwareVersions": "syngo_MR_B17",
    "StationName": "MRC35383",
    "TxRefAmp": 434.37,
    "dataset": "ds003487",
    "modality": "T1w",
    "run_id": 1,
    "session_id": "second",
    "subject_id": "07"
  },
  "cjv": 0.4214184487752286,
  "cnr": 3.175122794021785,
  "efc": 0.6008754052398225,
  "fber": 14995.11570247934,
  "fwhm_avg": 3.718453333333333,
  "fwhm_x": 3.66783,
  "fwhm_y": 3.69669,
  "fwhm_z": 3.79084,
  "icvs_csf": 0.19908875700606846,
  "icvs_gm": 0.4379640761598439,
  "icvs_wm": 0.3629471668340876,
  "inu_med": 0.8073290586471558,
  "inu_range": 0.19796196222305296,
  "provenance": {
    "md5sum": "def5f4a93db97ced6c7e6426207a95a8",
    "settings": {
      "testing": false
    },
    "software": "mriqc",
    "version": "21.0.0rc2",
    "warnings": {
      "large_rot_frame": true,
      "small_air_mask": false
    },
    "webapi_port": null,
    "webapi_url": "https://mriqc.nimh.nih.gov/api/v1"
  },
  "qi_1": 0.0,
  "qi_2": 0.016318249439810598,
  "rpve_csf": 32.15796672923148,
  "rpve_gm": 15.870957410292629,
  "rpve_wm": 22.376848449082146,
  "size_x": 192,
  "size_y": 256,
  "size_z": 256,
  "snr_csf": 3.462285798812782,
  "snr_gm": 15.157749209621928,
  "snr_total": 14.187818996161178,
  "snr_wm": 23.943421980048825,
  "snrd_csf": 53.9006801250863,
  "snrd_gm": 110.28131458083996,
  "snrd_total": 101.40758708492478,
  "snrd_wm": 140.04076654884813,
  "spacing_x": 1.0,
  "spacing_y": 1.0,
  "spacing_z": 1.0,
  "summary_bg_k": 17.39327200281724,
  "summary_bg_mad": 4.6781830915098945,
  "summary_bg_mean": 5.170670444783539,
  "summary_bg_median": 3.155386544764042,
  "summary_bg_n": 1550501.0,
  "summary_bg_p05": 0.0,
  "summary_bg_p95": 15.841328367590904,
  "summary_bg_stdv": 6.009887121299534,
  "summary_csf_k": 1.9734957971153042,
  "summary_csf_mad": 110.08051233695731,
  "summary_csf_mean": 409.7185368382841,
  "summary_csf_median": 384.8927628174424,
  "summary_csf_n": 18779.0,
  "summary_csf_p05": 269.49576918035746,
  "summary_csf_p95": 612.9885726176201,
  "summary_csf_stdv": 111.16428194811398,
  "summary_gm_k": 0.24668198196979585,
  "summary_gm_mad": 50.60075588776008,
  "summary_gm_mean": 787.7427745760042,
  "summary_gm_median": 787.4943276718259,
  "summary_gm_n": 15451.0,
  "summary_gm_p05": 702.9428474009037,
  "summary_gm_p95": 873.1083360649645,
  "summary_gm_stdv": 51.95156832095562,
  "summary_wm_k": 0.5317599390745462,
  "summary_wm_mad": 38.95303472114361,
  "summary_wm_mean": 1001.3775078241102,
  "summary_wm_median": 999.9999521151185,
  "summary_wm_n": 173505.0,
  "summary_wm_p05": 935.1535388380289,
  "summary_wm_p95": 1072.5094470009208,
  "summary_wm_stdv": 41.765002144765795,
  "tpm_overlap_csf": 0.1798432469367981,
  "tpm_overlap_gm": 0.45790785551071167,
  "tpm_overlap_wm": 0.4945119619369507,
  "wm2max": 0.3834605032471541
}