{
  "bids_meta": {
    "AcquisitionMatrixPE": 256,
    "AcquisitionNumber": 1,
    "AcquisitionTime": "11:03:59.752500",
    "BaseResolution": 256,
    "CoilString": "C:HEA;HEP",
    "ConversionSoftware": "dcm2niix",
    "ConversionSoftwareVersion": "v1.0.20181114  GCC7.3.0",
    "DeviceSerialNumber": "35383",
    "DwellTime": 1.03e-05,
    "EchoNumber": 1,
    "EchoTime": 0.00227,
    "FlipAngle": 9,
    "ImageOrientationPatientDICOM": [
      0,
      1,
      0,
      -0.0436194,
      0,
      -0.999048
    ],
    "ImageType": [
      "ORIGINAL",
      "PRIMARY",
      "M",
      "ND",
      "NORM"
    ],
    "ImagingFrequency": 123.22,
    "InPlanePhaseEncodingDirectionDICOM": "ROW",
    "InstitutionAddress": "Rue_Michel-Servet_1_Geneve_District_CH_1211",
    "InstitutionName": "BBL_-_University_of_Geneva",
    "InstitutionalDepartmentName": "Department",
    "InversionTime": 0.9,
    "MRAcquisitionType": "3D",
    "MagneticFieldStrength": 3,
    "Manufacturer": "Siemens",
    "ManufacturersModelName": "TrioTim",
    "Modality": "MR",
    "PartialFourier": 1,
    "PatientPosition": "HFS",
    "PercentPhaseFOV": 100,
    "PhaseEncodingSteps": 294,
    "PhaseOversampling": 0.15,
    "PhaseResolution": 1,
    "PixelBandwidth": 190,
    "ProcedureStepDescription": "CISA_fMRI",
    "ProtocolName": "T1",
    "PulseSequenceDetails": "%SiemensSeq%_tfl",
    "ReceiveCoilName": "32Ch_Head",
    "ReconMatrixPE": 256,
    "RepetitionTime": 1.9,
    "SAR": 0.142816,
    "ScanOptions": "IR",
    "ScanningSequence": "GR_IR",
    "SequenceName": "_tfl3d1_ns",
    "SequenceVariant": "SP_MP_OSP",
    "SeriesDescription": "T1",
    "SeriesNumber": 8,
    "ShimSetting": [
      -13883,
      8934,
      19219,
      8,
      9,
      -4,
      -1,
      6
    ],
    "SliceThickness": 1,
    "SoftwareVersions": "syngo_MR_B17",
    "StationName": "MRC35383",
    "TxRefAmp": 413.854,
    "dataset": "ds003487",
    "modality": "T1w",
    "run_id": 1,
    "session_id": "second",
    "subject_id": "24"
  },
  "cjv": 0.44555386097202254,
  "cnr": 2.8656981761959153,
  "efc": 0.6031325864199737,
  "fber": 7298.626624,
  "fwhm_avg": 3.8034366666666664,
  "fwhm_x": 3.73279,
  "fwhm_y": 3.85553,
  "fwhm_z": 3.82199,
  "icvs_csf": 0.19554537051251966,
  "icvs_gm": 0.40671991323694,
  "icvs_wm": 0.39773471625054035,
  "inu_med": 0.9066552519798279,
  "inu_range": 0.2973049819469451,
  "provenance": {
    "md5sum": "c01f89e53b213bb275d9d10f46fb7665",
    "settings": {
      "testing": false
    },
    "software": "mriqc",
    "version": "21.0.0rc2",
    "warnings": {
      "large_rot_frame": true,
      "small_air_mask": false
    },
    "webapi_port": null,
    "webapi_url": "https://mriqc.nimh.nih.gov/api/v1"
  },
  "qi_1": 0.0,
  "qi_2": 0.0115267571540475,
  "rpve_csf": 30.77369880010438,
  "rpve_gm": 15.6274875019651,
  "rpve_wm": 19.449375789205227,
  "size_x": 192,
  "size_y": 256,
  "size_z": 256,
  "snr_csf": 2.8952207234110263,
  "snr_gm": 12.055268694226156,
  "snr_total": 11.722540288531158,
  "snr_wm": 20.217131447956298,
  "snrd_csf": 36.76745220586167,
  "snrd_gm": 71.05895808805505,
  "snrd_total": 66.80145265330533,
  "snrd_wm": 92.57794766599929,
  "spacing_x": 1.0,
  "spacing_y": 1.0,
  "spacing_z": 1.0,
  "summary_bg_k": 13.881836884739077,
  "summary_bg_mad": 7.076592107208147,
  "summary_bg_mean": 7.4734867657522495,
  "summary_bg_median": 4.773088842630386,
  "summary_bg_n": 2039387.0,
  "summary_bg_p05": 0.0,
  "summary_bg_p95": 23.562390953302383,
  "summary_bg_stdv": 8.883635644106146,
  "summary_csf_k": 15.505540822444786,
  "summary_csf_mad": 142.65511073260868,
  "summary_csf_mean": 420.7869701912007,
  "summary_csf_median": 397.1512970328331,
  "summary_csf_n": 12703.0,
  "summary_csf_p05": 245.02613691985607,
  "summary_csf_p95": 648.1324305087327,
  "summary_csf_stdv": 137.16939137962902,
  "summary_gm_k": 0.5213590505881891,
  "summary_gm_mad": 58.29763974033378,
  "summary_gm_mean": 768.3501085322043,
  "summary_gm_median": 767.5581438839436,
  "summary_gm_n": 17094.0,
  "summary_gm_p05": 665.6034509390593,
  "summary_gm_p95": 876.278500854969,
  "summary_gm_stdv": 63.668070113197565,
  "summary_wm_k": 0.7212266236711016,
  "summary_wm_mad": 45.267724114363226,
  "summary_wm_mean": 1001.8901667139553,
  "summary_wm_median": 999.9999941885471,
  "summary_wm_n": 213959.0,
  "summary_wm_p05": 924.0851525962353,
  "summary_wm_p95": 1087.279333025217,
  "summary_wm_stdv": 49.46288546739385,
  "tpm_overlap_csf": 0.16833268105983734,
  "tpm_overlap_gm": 0.4279903769493103,
  "tpm_overlap_wm": 0.48523908853530884,
  "wm2max": 0.34389331683630625
}