{
  "aor": 0.0018401541850220267,
  "aqi": 0.04125156762114538,
  "bids_meta": {
    "AcquisitionMatrixPE": 100,
    "AcquisitionNumber": 1,
    "AcquisitionTime": "13:44:42.437500",
    "BandwidthPerPixelPhaseEncode": 14.493,
    "BaseResolution": 100,
    "CoilString": "C:HEA;HEP",
    "ConversionSoftware": "dcm2niix",
    "ConversionSoftwareVersion": "v1.0.20181114  GCC7.3.0",
    "DerivedVendorReportedEchoSpacing": 0.000689988,
    "DeviceSerialNumber": "35383",
    "DwellTime": 2.6e-06,
    "EchoNumber": 1,
    "EchoTime": 0.041,
    "EffectiveEchoSpacing": 0.000689988,
    "FlipAngle": 70,
    "ImageOrientationPatientDICOM": [
      0.999787,
      0.00358211,
      0.0203108,
      1.8499e-08,
      0.984801,
      -0.173685
    ],
    "ImageType": [
      "ORIGINAL",
      "PRIMARY",
      "M",
      "ND",
      "MOSAIC"
    ],
    "ImagingFrequency": 123.22,
    "InPlanePhaseEncodingDirectionDICOM": "COL",
    "InstitutionAddress": "Rue_Michel-Servet_1_Geneve_District_CH_1211",
    "InstitutionName": "BBL_-_University_of_Geneva",
    "InstitutionalDepartmentName": "Department",
    "MRAcquisitionType": "2D",
    "MagneticFieldStrength": 3,
    "Manufacturer": "Siemens",
    "ManufacturersModelName": "TrioTim",
    "Modality": "MR",
    "PartialFourier": 1,
    "PatientPosition": "HFS",
    "PercentPhaseFOV": 100,
    "PhaseEncodingDirection": "j-",
    "PhaseEncodingSteps": 100,
    "PhaseResolution": 1,
    "PixelBandwidth": 1923,
    "ProcedureStepDescription": "CISA_fMRI",
    "ProtocolName": "RUN_1_TR2400_TE41_1800um",
    "PulseSequenceDetails": "%CustomerSeq%_cmrr_mbep2d_bold",
    "ReceiveCoilName": "32Ch_Head",
    "ReconMatrixPE": 100,
    "RepetitionTime": 2.4,
    "SAR": 0.087156,
    "ScanOptions": "FS",
    "ScanningSequence": "EP",
    "SequenceName": "epfid2d1_100",
    "SequenceVariant": "SK_SS",
    "SeriesDescription": "RUN_1_TR2400_TE41_1800um",
    "SeriesNumber": 7,
    "ShimSetting": [
      -13852,
      8980,
      19698,
      821,
      -116,
      -151,
      -191,
      117
    ],
    "SliceThickness": 1.8,
    "SliceTiming": [
      1.205,
      0,
      1.2975,
      0.0925,
      1.39,
      0.185,
      1.4825,
      0.2775,
      1.575,
      0.37,
      1.6675,
      0.4625,
      1.76,
      0.555,
      1.8525,
      0.6475,
      1.945,
      0.7425,
      2.0375,
      0.835,
      2.13,
      0.9275,
      2.225,
      1.02,
      2.3175,
      1.1125
    ],
    "SoftwareVersions": "syngo_MR_B17",
    "SpacingBetweenSlices": 1.8,
    "StationName": "MRC35383",
    "TaskName": "PIT",
    "TotalReadoutTime": 0.0683088,
    "TxRefAmp": 375.549,
    "dataset": "ds003487",
    "modality": "bold",
    "run_id": 1,
    "session_id": "second",
    "subject_id": "22",
    "task_id": "PIT"
  },
  "dummy_trs": 0,
  "dvars_nstd": 69.00913374962475,
  "dvars_std": 1.012836664746137,
  "dvars_vstd": 0.9591324492052982,
  "efc": 0.7735756193991544,
  "fber": 26.022233963012695,
  "fd_mean": 0.30457496776827314,
  "fd_num": 278,
  "fd_perc": 61.23348017621145,
  "fwhm_avg": 2.670257478145073,
  "fwhm_x": 2.4455889536748714,
  "fwhm_y": 2.855961186768245,
  "fwhm_z": 2.709222293992103,
  "gcor": 0.0074916,
  "gsr_x": -0.04040240868926048,
  "gsr_y": 0.09850814193487167,
  "provenance": {
    "md5sum": "f0a4d61d4fef7b89d3a658b4cf94db3e",
    "settings": {
      "fd_thres": 0.2,
      "testing": false
    },
    "software": "mriqc",
    "version": "21.0.0rc2",
    "webapi_port": null,
    "webapi_url": "https://mriqc.nimh.nih.gov/api/v1"
  },
  "size_t": 454,
  "size_x": 100,
  "size_y": 100,
  "size_z": 26,
  "snr": 2.916684571906092,
  "spacing_tr": 2.4000000953674316,
  "spacing_x": 1.7999999523162842,
  "spacing_y": 1.7999999523162842,
  "spacing_z": 1.7999999523162842,
  "summary_bg_k": 21.08373850074014,
  "summary_bg_mad": 12.817645458489372,
  "summary_bg_mean": 117.24507141113281,
  "summary_bg_median": 88.0110092163086,
  "summary_bg_n": 108772.0,
  "summary_bg_p05": 76.6409683227539,
  "summary_bg_p95": 278.2176071166988,
  "summary_bg_stdv": 83.39745330810547,
  "summary_fg_k": 0.9483726148033615,
  "summary_fg_mad": 138.40124286458698,
  "summary_fg_mean": 479.5728454589844,
  "summary_fg_median": 464.4581298828125,
  "summary_fg_n": 96189.0,
  "summary_fg_p05": 231.25858459472656,
  "summary_fg_p95": 762.7246215820307,
  "summary_fg_stdv": 159.24098205566406,
  "tsnr": 17.185461031040177
}