{
  "aor": 0.002948697788697789,
  "aqi": 0.026017668304668305,
  "bids_meta": {
    "AcquisitionMatrixPE": 100,
    "AcquisitionNumber": 1,
    "AcquisitionTime": "14:10:40.485000",
    "BandwidthPerPixelPhaseEncode": 14.493,
    "BaseResolution": 100,
    "CoilString": "C:HEA;HEP",
    "ConversionSoftware": "dcm2niix",
    "ConversionSoftwareVersion": "v1.0.20181114  GCC7.3.0",
    "DerivedVendorReportedEchoSpacing": 0.000689988,
    "DeviceSerialNumber": "35383",
    "DwellTime": 2.6e-06,
    "EchoNumber": 1,
    "EchoTime": 0.041,
    "EffectiveEchoSpacing": 0.000689988,
    "FlipAngle": 70,
    "ImageOrientationPatientDICOM": [
      0.999787,
      0.00358211,
      0.0203108,
      1.8499e-08,
      0.984801,
      -0.173685
    ],
    "ImageType": [
      "ORIGINAL",
      "PRIMARY",
      "M",
      "ND",
      "MOSAIC"
    ],
    "ImagingFrequency": 123.22,
    "InPlanePhaseEncodingDirectionDICOM": "COL",
    "InstitutionAddress": "Rue_Michel-Servet_1_Geneve_District_CH_1211",
    "InstitutionName": "BBL_-_University_of_Geneva",
    "InstitutionalDepartmentName": "Department",
    "MRAcquisitionType": "2D",
    "MagneticFieldStrength": 3,
    "Manufacturer": "Siemens",
    "ManufacturersModelName": "TrioTim",
    "Modality": "MR",
    "PartialFourier": 1,
    "PatientPosition": "HFS",
    "PercentPhaseFOV": 100,
    "PhaseEncodingDirection": "j-",
    "PhaseEncodingSteps": 100,
    "PhaseResolution": 1,
    "PixelBandwidth": 1923,
    "ProcedureStepDescription": "CISA_fMRI",
    "ProtocolName": "RUN_2_TR2400_TE41_1800um",
    "PulseSequenceDetails": "%CustomerSeq%_cmrr_mbep2d_bold",
    "ReceiveCoilName": "32Ch_Head",
    "ReconMatrixPE": 100,
    "RepetitionTime": 2.4,
    "SAR": 0.0871563,
    "ScanOptions": "FS",
    "ScanningSequence": "EP",
    "SequenceName": "epfid2d1_100",
    "SequenceVariant": "SK_SS",
    "SeriesDescription": "RUN_2_TR2400_TE41_1800um",
    "SeriesNumber": 9,
    "ShimSetting": [
      -13852,
      8980,
      19698,
      821,
      -116,
      -151,
      -191,
      117
    ],
    "SliceThickness": 1.8,
    "SliceTiming": [
      1.205,
      0,
      1.2975,
      0.0925,
      1.39,
      0.185,
      1.4825,
      0.2775,
      1.575,
      0.37,
      1.6675,
      0.4625,
      1.76,
      0.555,
      1.8525,
      0.6475,
      1.945,
      0.74,
      2.0375,
      0.8325,
      2.13,
      0.9275,
      2.2225,
      1.02,
      2.315,
      1.1125
    ],
    "SoftwareVersions": "syngo_MR_B17",
    "SpacingBetweenSlices": 1.8,
    "StationName": "MRC35383",
    "TaskName": "hedonic",
    "TotalReadoutTime": 0.0683088,
    "TxRefAmp": 375.549,
    "dataset": "ds003487",
    "modality": "bold",
    "run_id": 1,
    "session_id": "second",
    "subject_id": "22",
    "task_id": "hedonic"
  },
  "dummy_trs": 0,
  "dvars_nstd": 71.93852128633006,
  "dvars_std": 1.0932729243349768,
  "dvars_vstd": 1.0133640441133007,
  "efc": 0.779331683412241,
  "fber": 25.09239387512207,
  "fd_mean": 0.3448481732206392,
  "fd_num": 291,
  "fd_perc": 71.4987714987715,
  "fwhm_avg": 2.6403204403149756,
  "fwhm_x": 2.4063167304122905,
  "fwhm_y": 2.781244518122263,
  "fwhm_z": 2.7334000724103733,
  "gcor": 0.0142033,
  "gsr_x": -0.04752862825989723,
  "gsr_y": 0.10592193901538849,
  "provenance": {
    "md5sum": "05e8aa382ac4807b6337f8c6942c3270",
    "settings": {
      "fd_thres": 0.2,
      "testing": false
    },
    "software": "mriqc",
    "version": "21.0.0rc2",
    "webapi_port": null,
    "webapi_url": "https://mriqc.nimh.nih.gov/api/v1"
  },
  "size_t": 407,
  "size_x": 100,
  "size_y": 100,
  "size_z": 26,
  "snr": 2.8814210059953984,
  "spacing_tr": 2.4000000953674316,
  "spacing_x": 1.7999999523162842,
  "spacing_y": 1.7999999523162842,
  "spacing_z": 1.7999999523162842,
  "summary_bg_k": 20.588119455947204,
  "summary_bg_mad": 14.11932251765509,
  "summary_bg_mean": 118.97510528564453,
  "summary_bg_median": 89.02210998535156,
  "summary_bg_n": 108138.0,
  "summary_bg_p05": 77.24569702148438,
  "summary_bg_p95": 279.7501266479492,
  "summary_bg_stdv": 84.13888549804688,
  "summary_fg_k": 1.0189085154080333,
  "summary_fg_mad": 138.69251031397752,
  "summary_fg_mean": 479.7437438964844,
  "summary_fg_median": 463.5048828125,
  "summary_fg_n": 98372.0,
  "summary_fg_p05": 230.0696548461914,
  "summary_fg_p95": 767.3349884033203,
  "summary_fg_stdv": 160.8590087890625,
  "tsnr": 19.665952098730486
}