{
  "aor": 0.00925878587196468,
  "aqi": 0.04024365695364238,
  "bids_meta": {
    "AcquisitionMatrixPE": 100,
    "AcquisitionNumber": 1,
    "AcquisitionTime": "18:59:50.115000",
    "BandwidthPerPixelPhaseEncode": 14.493,
    "BaseResolution": 100,
    "CoilString": "C:HEA;HEP",
    "ConversionSoftware": "dcm2niix",
    "ConversionSoftwareVersion": "v1.0.20181114  GCC7.3.0",
    "DerivedVendorReportedEchoSpacing": 0.000689988,
    "DeviceSerialNumber": "35383",
    "DwellTime": 2.6e-06,
    "EchoNumber": 1,
    "EchoTime": 0.041,
    "EffectiveEchoSpacing": 0.000689988,
    "FlipAngle": 70,
    "ImageOrientationPatientDICOM": [
      1,
      -1e-16,
      0,
      1e-16,
      0.977416,
      -0.211325
    ],
    "ImageType": [
      "ORIGINAL",
      "PRIMARY",
      "M",
      "ND",
      "MOSAIC"
    ],
    "ImagingFrequency": 123.255,
    "InPlanePhaseEncodingDirectionDICOM": "COL",
    "InstitutionAddress": "Rue_Michel-Servet_1_Geneve_District_CH_1211",
    "InstitutionName": "BBL_-_University_of_Geneva",
    "InstitutionalDepartmentName": "Department",
    "MRAcquisitionType": "2D",
    "MagneticFieldStrength": 3,
    "Manufacturer": "Siemens",
    "ManufacturersModelName": "TrioTim",
    "Modality": "MR",
    "PartialFourier": 1,
    "PatientPosition": "HFS",
    "PercentPhaseFOV": 100,
    "PhaseEncodingDirection": "j-",
    "PhaseEncodingSteps": 100,
    "PhaseResolution": 1,
    "PixelBandwidth": 1923,
    "ProcedureStepDescription": "CISA_fMRI",
    "ProtocolName": "RUN_1_TR2400_TE41_1800um",
    "PulseSequenceDetails": "%CustomerSeq%_cmrr_mbep2d_bold",
    "ReceiveCoilName": "32Ch_Head",
    "ReconMatrixPE": 100,
    "RepetitionTime": 2.4,
    "SAR": 0.0725672,
    "ScanOptions": "FS",
    "ScanningSequence": "EP",
    "SequenceName": "epfid2d1_100",
    "SequenceVariant": "SK_SS",
    "SeriesDescription": "RUN_1_TR2400_TE41_1800um",
    "SeriesNumber": 7,
    "ShimSetting": [
      -13873,
      8987,
      19729,
      776,
      292,
      -261,
      330,
      136
    ],
    "SliceThickness": 1.8,
    "SliceTiming": [
      1.205,
      0,
      1.2975,
      0.0925,
      1.39,
      0.185,
      1.4825,
      0.2775,
      1.575,
      0.37,
      1.6675,
      0.465,
      1.76,
      0.5575,
      1.855,
      0.65,
      1.9475,
      0.7425,
      2.04,
      0.835,
      2.1325,
      0.9275,
      2.225,
      1.02,
      2.3175,
      1.1125
    ],
    "SoftwareVersions": "syngo_MR_B17",
    "SpacingBetweenSlices": 1.8,
    "StationName": "MRC35383",
    "TaskName": "PIT",
    "TotalReadoutTime": 0.0683088,
    "TxRefAmp": 479.413,
    "dataset": "ds003487",
    "modality": "bold",
    "run_id": 1,
    "session_id": "second",
    "subject_id": "03",
    "task_id": "PIT"
  },
  "dummy_trs": 1,
  "dvars_nstd": 65.69768233842912,
  "dvars_std": 1.0303080468362829,
  "dvars_vstd": 1.0268429796460181,
  "efc": 0.7987384981916825,
  "fber": 20.556598663330078,
  "fd_mean": 0.15689056217983674,
  "fd_num": 85,
  "fd_perc": 18.763796909492275,
  "fwhm_avg": 2.899533209164019,
  "fwhm_x": 2.620983402765682,
  "fwhm_y": 3.0511109898708533,
  "fwhm_z": 3.026505234855521,
  "gcor": 0.00969849,
  "gsr_x": -0.039109714329242706,
  "gsr_y": 0.09868893772363663,
  "provenance": {
    "md5sum": "0abd45ad0b10c9f7ac8833827445614b",
    "settings": {
      "fd_thres": 0.2,
      "testing": false
    },
    "software": "mriqc",
    "version": "21.0.0rc2",
    "webapi_port": null,
    "webapi_url": "https://mriqc.nimh.nih.gov/api/v1"
  },
  "size_t": 453,
  "size_x": 100,
  "size_y": 100,
  "size_z": 26,
  "snr": 2.228745965831595,
  "spacing_tr": 2.4000000953674316,
  "spacing_x": 1.7999999523162842,
  "spacing_y": 1.8000000715255737,
  "spacing_z": 1.8000001907348633,
  "summary_bg_k": 22.65454973240258,
  "summary_bg_mad": 22.258669793783717,
  "summary_bg_mean": 128.66224670410156,
  "summary_bg_median": 105.35761260986328,
  "summary_bg_n": 71579.0,
  "summary_bg_p05": 85.56269149780273,
  "summary_bg_p95": 256.3584899902343,
  "summary_bg_stdv": 66.42611694335938,
  "summary_fg_k": 5.143938821598507,
  "summary_fg_mad": 179.8989025185892,
  "summary_fg_mean": 540.9782104492188,
  "summary_fg_median": 501.8167724609375,
  "summary_fg_n": 128877.0,
  "summary_fg_p05": 240.07284545898438,
  "summary_fg_p95": 944.4891845703124,
  "summary_fg_stdv": 225.1556854248047,
  "tsnr": 15.816973819863051
}