{
  "aor": 0.004057272727272727,
  "aqi": 0.027429859680589683,
  "bids_meta": {
    "AcquisitionMatrixPE": 100,
    "AcquisitionNumber": 1,
    "AcquisitionTime": "19:27:27.330000",
    "BandwidthPerPixelPhaseEncode": 14.493,
    "BaseResolution": 100,
    "CoilString": "C:HEA;HEP",
    "ConversionSoftware": "dcm2niix",
    "ConversionSoftwareVersion": "v1.0.20181114  GCC7.3.0",
    "DerivedVendorReportedEchoSpacing": 0.000689988,
    "DeviceSerialNumber": "35383",
    "DwellTime": 2.6e-06,
    "EchoNumber": 1,
    "EchoTime": 0.041,
    "EffectiveEchoSpacing": 0.000689988,
    "FlipAngle": 70,
    "ImageOrientationPatientDICOM": [
      1,
      -1e-16,
      0,
      1e-16,
      0.977416,
      -0.211325
    ],
    "ImageType": [
      "ORIGINAL",
      "PRIMARY",
      "M",
      "ND",
      "MOSAIC"
    ],
    "ImagingFrequency": 123.255,
    "InPlanePhaseEncodingDirectionDICOM": "COL",
    "InstitutionAddress": "Rue_Michel-Servet_1_Geneve_District_CH_1211",
    "InstitutionName": "BBL_-_University_of_Geneva",
    "InstitutionalDepartmentName": "Department",
    "MRAcquisitionType": "2D",
    "MagneticFieldStrength": 3,
    "Manufacturer": "Siemens",
    "ManufacturersModelName": "TrioTim",
    "Modality": "MR",
    "PartialFourier": 1,
    "PatientPosition": "HFS",
    "PercentPhaseFOV": 100,
    "PhaseEncodingDirection": "j-",
    "PhaseEncodingSteps": 100,
    "PhaseResolution": 1,
    "PixelBandwidth": 1923,
    "ProcedureStepDescription": "CISA_fMRI",
    "ProtocolName": "RUN_2_TR2400_TE41_1800um",
    "PulseSequenceDetails": "%CustomerSeq%_cmrr_mbep2d_bold",
    "ReceiveCoilName": "32Ch_Head",
    "ReconMatrixPE": 100,
    "RepetitionTime": 2.4,
    "SAR": 0.0725674,
    "ScanOptions": "FS",
    "ScanningSequence": "EP",
    "SequenceName": "epfid2d1_100",
    "SequenceVariant": "SK_SS",
    "SeriesDescription": "RUN_2_TR2400_TE41_1800um",
    "SeriesNumber": 9,
    "ShimSetting": [
      -13873,
      8987,
      19729,
      776,
      292,
      -261,
      330,
      136
    ],
    "SliceThickness": 1.8,
    "SliceTiming": [
      1.205,
      0,
      1.2975,
      0.0925,
      1.39,
      0.185,
      1.4825,
      0.2775,
      1.575,
      0.3725,
      1.6675,
      0.465,
      1.76,
      0.5575,
      1.855,
      0.65,
      1.9475,
      0.7425,
      2.04,
      0.835,
      2.1325,
      0.9275,
      2.225,
      1.02,
      2.3175,
      1.1125
    ],
    "SoftwareVersions": "syngo_MR_B17",
    "SpacingBetweenSlices": 1.8,
    "StationName": "MRC35383",
    "TaskName": "hedonic",
    "TotalReadoutTime": 0.0683088,
    "TxRefAmp": 479.413,
    "dataset": "ds003487",
    "modality": "bold",
    "run_id": 1,
    "session_id": "second",
    "subject_id": "03",
    "task_id": "hedonic"
  },
  "dummy_trs": 1,
  "dvars_nstd": 66.13489309790643,
  "dvars_std": 1.0499583086945818,
  "dvars_vstd": 0.9993448006403947,
  "efc": 0.809886739320528,
  "fber": 20.565927505493164,
  "fd_mean": 0.15694479294693522,
  "fd_num": 84,
  "fd_perc": 20.63882063882064,
  "fwhm_avg": 2.7430147016447637,
  "fwhm_x": 2.5452445118703975,
  "fwhm_y": 2.949549882795418,
  "fwhm_z": 2.734249710268475,
  "gcor": 0.017148,
  "gsr_x": -0.05246436595916748,
  "gsr_y": 0.10943733900785446,
  "provenance": {
    "md5sum": "0fab906565ec3740eec0f0f59fc705ad",
    "settings": {
      "fd_thres": 0.2,
      "testing": false
    },
    "software": "mriqc",
    "version": "21.0.0rc2",
    "webapi_port": null,
    "webapi_url": "https://mriqc.nimh.nih.gov/api/v1"
  },
  "size_t": 407,
  "size_x": 100,
  "size_y": 100,
  "size_z": 26,
  "snr": 2.251502496024299,
  "spacing_tr": 2.4000000953674316,
  "spacing_x": 1.7999999523162842,
  "spacing_y": 1.8000000715255737,
  "spacing_z": 1.8000001907348633,
  "summary_bg_k": 23.189806852233808,
  "summary_bg_mad": 24.74707789966052,
  "summary_bg_mean": 131.52783203125,
  "summary_bg_median": 106.16584777832031,
  "summary_bg_n": 66596.0,
  "summary_bg_p05": 85.52763748168945,
  "summary_bg_p95": 269.9643783569336,
  "summary_bg_stdv": 70.1182861328125,
  "summary_fg_k": 5.634424161566233,
  "summary_fg_mad": 182.62962251964444,
  "summary_fg_mean": 544.4541625976562,
  "summary_fg_median": 508.1732177734375,
  "summary_fg_n": 136434.0,
  "summary_fg_p05": 239.73831939697266,
  "summary_fg_p95": 942.1370666503905,
  "summary_fg_stdv": 225.70321655273438,
  "tsnr": 18.360998995194677
}